{
  "bids_meta": {
    "EchoTime": 0.00336,
    "FlipAngle": 9,
    "ImageType": [
      "ORIGINAL",
      "PRIMARY",
      "M",
      "ND",
      "NORM"
    ],
    "MagneticFieldStrength": 3,
    "Manufacturer": "Siemens",
    "ManufacturersModelName": "TrioTim",
    "PhaseEncodingDirection": "i-",
    "RepetitionTime": 2.3,
    "ScanningSequence": "GR_IR",
    "SequenceName": "_tfl3d1",
    "SequenceVariant": "SP_MP",
    "SoftwareVersions": "syngo_MR_B17",
    "dataset": "ds001486",
    "modality": "T1w",
    "session_id": "T1",
    "subject_id": "071"
  },
  "cjv": 0.3800647805560012,
  "cnr": 3.408827263799251,
  "efc": 0.6200234862611296,
  "fber": 34.43402099609375,
  "fwhm_avg": 3.797460117699718,
  "fwhm_x": 3.85235,
  "fwhm_y": 3.92398,
  "fwhm_z": 3.616050353099155,
  "icvs_csf": 0.24412717800870964,
  "icvs_gm": 0.4295528295177486,
  "icvs_wm": 0.32631999247354176,
  "inu_med": 1.1773396730422974,
  "inu_range": 0.3145857095718383,
  "provenance": {
    "md5sum": "5bfbca669c5fd643bff51a3198a5bcba",
    "settings": {
      "testing": false
    },
    "software": "mriqc",
    "version": "21.0.0rc2",
    "warnings": {
      "large_rot_frame": true,
      "small_air_mask": false
    },
    "webapi_port": null,
    "webapi_url": "https://mriqc.nimh.nih.gov/api/v1"
  },
  "qi_1": 0.0,
  "qi_2": 0.0028932305881515623,
  "rpve_csf": 20.038076426756888,
  "rpve_gm": 11.434370064417667,
  "rpve_wm": 17.553346569258355,
  "size_x": 256,
  "size_y": 256,
  "size_z": 160,
  "snr_csf": 3.685726973818393,
  "snr_gm": 10.310480358234445,
  "snr_total": 10.510070095923895,
  "snr_wm": 17.534002955718847,
  "snrd_csf": 8.150713664259298,
  "snrd_gm": 14.979069398901006,
  "snrd_total": 15.00403663814904,
  "snrd_wm": 21.88232685128682,
  "spacing_x": 1.0,
  "spacing_y": 1.0,
  "spacing_z": 0.999969482421875,
  "summary_bg_k": 0.25759660213668445,
  "summary_bg_mad": 29.93916055138895,
  "summary_bg_mean": 109.31988525390625,
  "summary_bg_median": 107.46971893310547,
  "summary_bg_n": 3857521.0,
  "summary_bg_p05": 63.339107513427734,
  "summary_bg_p95": 161.6600341796875,
  "summary_bg_stdv": 30.073368072509766,
  "summary_csf_k": -0.03780678495016909,
  "summary_csf_mad": 100.65501746787704,
  "summary_csf_mean": 368.4223937988281,
  "summary_csf_median": 372.4804992675781,
  "summary_csf_n": 31473.0,
  "summary_csf_p05": 194.00574645996093,
  "summary_csf_p95": 527.695947265625,
  "summary_csf_stdv": 101.05864715576172,
  "summary_gm_k": 0.09489492500432828,
  "summary_gm_mad": 65.54470027568675,
  "summary_gm_mean": 686.3025512695312,
  "summary_gm_median": 684.5303955078125,
  "summary_gm_n": 23535.0,
  "summary_gm_p05": 580.35478515625,
  "summary_gm_p95": 799.4518188476562,
  "summary_gm_stdv": 66.39029693603516,
  "summary_wm_k": 0.48598198092229605,
  "summary_wm_mad": 54.35541518532809,
  "summary_wm_mean": 1000.1544189453125,
  "summary_wm_median": 1000.0032348632812,
  "summary_wm_n": 177621.0,
  "summary_wm_p05": 906.8936157226562,
  "summary_wm_p95": 1093.6871337890625,
  "summary_wm_stdv": 57.032066345214844,
  "tpm_overlap_csf": 0.15734608471393585,
  "tpm_overlap_gm": 0.4567744731903076,
  "tpm_overlap_wm": 0.4933566749095917,
  "wm2max": 0.4850743941740812
}