{
  "bids_meta": {
    "EchoTime": 0.00336,
    "FlipAngle": 9,
    "ImageType": [
      "ORIGINAL",
      "PRIMARY",
      "M",
      "ND",
      "NORM"
    ],
    "MagneticFieldStrength": 3,
    "Manufacturer": "Siemens",
    "ManufacturersModelName": "TrioTim",
    "PhaseEncodingDirection": "i-",
    "RepetitionTime": 2.3,
    "ScanningSequence": "GR_IR",
    "SequenceName": "_tfl3d1",
    "SequenceVariant": "SP_MP",
    "SoftwareVersions": "syngo_MR_B17",
    "dataset": "ds001486",
    "modality": "T1w",
    "session_id": "T2",
    "subject_id": "050"
  },
  "cjv": 0.3002450549967381,
  "cnr": 4.212851347583976,
  "efc": 0.6321207742814469,
  "fber": 80.45334354715843,
  "fwhm_avg": 3.5745034011024277,
  "fwhm_x": 3.554,
  "fwhm_y": 3.75858,
  "fwhm_z": 3.410930203307283,
  "icvs_csf": 0.232203466928371,
  "icvs_gm": 0.44008973836972987,
  "icvs_wm": 0.3277067947018992,
  "inu_med": 1.2879457473754883,
  "inu_range": 0.46459004282951355,
  "provenance": {
    "md5sum": "cbdde6ef87bdb6e1524c5de146fb5245",
    "settings": {
      "testing": false
    },
    "software": "mriqc",
    "version": "21.0.0rc2",
    "warnings": {
      "large_rot_frame": true,
      "small_air_mask": false
    },
    "webapi_port": null,
    "webapi_url": "https://mriqc.nimh.nih.gov/api/v1"
  },
  "qi_1": 0.0,
  "qi_2": 0.007408139402189849,
  "rpve_csf": 23.99795855285618,
  "rpve_gm": 13.155545940442861,
  "rpve_wm": 20.32007154267302,
  "size_x": 256,
  "size_y": 256,
  "size_z": 160,
  "snr_csf": 3.4269719491126156,
  "snr_gm": 10.662045146701239,
  "snr_total": 10.999054423726065,
  "snr_wm": 18.908146175364337,
  "snrd_csf": 12.645942831309434,
  "snrd_gm": 22.488797240954923,
  "snrd_total": 23.235950171639114,
  "snrd_wm": 34.57311044265299,
  "spacing_x": 1.0,
  "spacing_y": 1.0,
  "spacing_z": 0.9999999403953552,
  "summary_bg_k": 0.2816141396800611,
  "summary_bg_mad": 18.94930353753093,
  "summary_bg_mean": 61.41646153507799,
  "summary_bg_median": 59.95414286479354,
  "summary_bg_n": 2302524.0,
  "summary_bg_p05": 32.58695478737354,
  "summary_bg_p95": 95.02902384102345,
  "summary_bg_stdv": 19.098427316656498,
  "summary_csf_k": -0.33303871223618353,
  "summary_csf_mad": 116.58884466603,
  "summary_csf_mean": 361.96087977476856,
  "summary_csf_median": 365.77393262833357,
  "summary_csf_n": 21304.0,
  "summary_csf_p05": 194.65095455814154,
  "summary_csf_p95": 535.2236583793534,
  "summary_csf_stdv": 106.73135156297106,
  "summary_gm_k": 0.5410479351379829,
  "summary_gm_mad": 57.13721295667723,
  "summary_gm_mean": 650.4622809077958,
  "summary_gm_median": 650.4707412198186,
  "summary_gm_n": 19449.0,
  "summary_gm_p05": 548.4364977568388,
  "summary_gm_p95": 749.646308708936,
  "summary_gm_stdv": 61.00649636936251,
  "summary_wm_k": 0.9467755788452332,
  "summary_wm_mad": 47.807212359953986,
  "summary_wm_mean": 996.4913650225014,
  "summary_wm_median": 999.9999793209136,
  "summary_wm_n": 152703.0,
  "summary_wm_p05": 902.5805950239301,
  "summary_wm_p95": 1076.3939481787384,
  "summary_wm_stdv": 52.887083467157694,
  "tpm_overlap_csf": 0.16226240992546082,
  "tpm_overlap_gm": 0.4638790488243103,
  "tpm_overlap_wm": 0.49163031578063965,
  "wm2max": 0.6107800488647875
}