{
  "bids_meta": {
    "EchoTime": 0.00336,
    "FlipAngle": 9,
    "ImageType": [
      "ORIGINAL",
      "PRIMARY",
      "M",
      "ND",
      "NORM"
    ],
    "MagneticFieldStrength": 3,
    "Manufacturer": "Siemens",
    "ManufacturersModelName": "TrioTim",
    "PhaseEncodingDirection": "i-",
    "RepetitionTime": 2.3,
    "ScanningSequence": "GR_IR",
    "SequenceName": "_tfl3d1",
    "SequenceVariant": "SP_MP",
    "SoftwareVersions": "syngo_MR_B17",
    "dataset": "ds001486",
    "modality": "T1w",
    "session_id": "T2",
    "subject_id": "095"
  },
  "cjv": 0.31868185849693165,
  "cnr": 3.938131147408029,
  "efc": 0.6690377042877914,
  "fber": 53.37629664230585,
  "fwhm_avg": 4.041245999766026,
  "fwhm_x": 4.11351,
  "fwhm_y": 4.16548,
  "fwhm_z": 3.8447479992980798,
  "icvs_csf": 0.22955044017183726,
  "icvs_gm": 0.4386415721502703,
  "icvs_wm": 0.33180798767789244,
  "inu_med": 1.2610256671905518,
  "inu_range": 0.6061581373214722,
  "provenance": {
    "md5sum": "fe8b80fa9e3d2d07f19ea48771c3f83a",
    "settings": {
      "testing": false
    },
    "software": "mriqc",
    "version": "21.0.0rc2",
    "warnings": {
      "large_rot_frame": true,
      "small_air_mask": false
    },
    "webapi_port": null,
    "webapi_url": "https://mriqc.nimh.nih.gov/api/v1"
  },
  "qi_1": 0.0,
  "qi_2": 0.004824116355745334,
  "rpve_csf": 21.362770272631767,
  "rpve_gm": 11.464520614227794,
  "rpve_wm": 17.24214000692956,
  "size_x": 256,
  "size_y": 256,
  "size_z": 160,
  "snr_csf": 3.5874129724222503,
  "snr_gm": 10.405163521863036,
  "snr_total": 9.975458051264388,
  "snr_wm": 15.933797659507873,
  "snrd_csf": 10.533896099016117,
  "snrd_gm": 17.43374828401403,
  "snrd_total": 18.397445510888613,
  "snrd_wm": 27.224692149635697,
  "spacing_x": 1.0,
  "spacing_y": 1.0,
  "spacing_z": 0.9999771118164062,
  "summary_bg_k": 1.1701641677720565,
  "summary_bg_mad": 24.064051649251276,
  "summary_bg_mean": 77.45626688363234,
  "summary_bg_median": 75.35491925105453,
  "summary_bg_n": 2343321.0,
  "summary_bg_p05": 40.98857468739152,
  "summary_bg_p95": 120.8448791205883,
  "summary_bg_stdv": 24.766605419547133,
  "summary_csf_k": 0.05607440743463732,
  "summary_csf_mad": 110.40586896676486,
  "summary_csf_mean": 381.2891914420741,
  "summary_csf_median": 386.92435419000685,
  "summary_csf_n": 24174.0,
  "summary_csf_p05": 201.0604287173599,
  "summary_csf_p95": 549.2274236636235,
  "summary_csf_stdv": 107.85386410168263,
  "summary_gm_k": 0.6700000052526711,
  "summary_gm_mad": 57.24035752301904,
  "summary_gm_mean": 641.3665686023885,
  "summary_gm_median": 640.3653247095644,
  "summary_gm_n": 29012.0,
  "summary_gm_p05": 542.1377420017495,
  "summary_gm_p95": 744.3062039947135,
  "summary_gm_stdv": 61.54197260371902,
  "summary_wm_k": 0.6276955488551383,
  "summary_wm_mad": 57.36869913181505,
  "summary_wm_mean": 996.3591091819933,
  "summary_wm_median": 1000.0000312328339,
  "summary_wm_n": 177982.0,
  "summary_wm_p05": 884.8251661397517,
  "summary_wm_p95": 1093.1007959134877,
  "summary_wm_stdv": 62.7595029964023,
  "tpm_overlap_csf": 0.14502030611038208,
  "tpm_overlap_gm": 0.46091505885124207,
  "tpm_overlap_wm": 0.4870801568031311,
  "wm2max": 0.5848965848965849
}