{
  "bids_meta": {
    "EchoTime": 0.00336,
    "FlipAngle": 9,
    "ImageType": [
      "ORIGINAL",
      "PRIMARY",
      "M",
      "ND",
      "NORM"
    ],
    "MagneticFieldStrength": 3,
    "Manufacturer": "Siemens",
    "ManufacturersModelName": "TrioTim",
    "PhaseEncodingDirection": "i-",
    "RepetitionTime": 2.3,
    "ScanningSequence": "GR_IR",
    "SequenceName": "_tfl3d1",
    "SequenceVariant": "SP_MP",
    "SoftwareVersions": "syngo_MR_B17",
    "dataset": "ds001486",
    "modality": "T1w",
    "session_id": "T1",
    "subject_id": "117"
  },
  "cjv": 0.3064154350342965,
  "cnr": 4.15739644584083,
  "efc": 0.6132740150676846,
  "fber": 45.213951110839844,
  "fwhm_avg": 3.4902615476617354,
  "fwhm_x": 3.50982,
  "fwhm_y": 3.63737,
  "fwhm_z": 3.323594642985207,
  "icvs_csf": 0.22960755331249819,
  "icvs_gm": 0.4343945830779745,
  "icvs_wm": 0.33599786360952727,
  "inu_med": 1.085031509399414,
  "inu_range": 0.23587445616722102,
  "provenance": {
    "md5sum": "5c97344dada7c6332c13559d6b4c28a6",
    "settings": {
      "testing": false
    },
    "software": "mriqc",
    "version": "21.0.0rc2",
    "warnings": {
      "large_rot_frame": true,
      "small_air_mask": false
    },
    "webapi_port": null,
    "webapi_url": "https://mriqc.nimh.nih.gov/api/v1"
  },
  "qi_1": 0.0,
  "qi_2": 0.0036699101571450927,
  "rpve_csf": 23.49837770617828,
  "rpve_gm": 13.12310165888153,
  "rpve_wm": 20.759515043874234,
  "size_x": 256,
  "size_y": 256,
  "size_z": 160,
  "snr_csf": 3.8739866616294987,
  "snr_gm": 10.45133218620122,
  "snr_total": 12.417744293790227,
  "snr_wm": 22.927914033539963,
  "snrd_csf": 10.24149513684017,
  "snrd_gm": 18.233235824975353,
  "snrd_total": 18.661180896622753,
  "snrd_wm": 27.508811728052734,
  "spacing_x": 1.0,
  "spacing_y": 1.0,
  "spacing_z": 1.0000076293945312,
  "summary_bg_k": 14.783110607827549,
  "summary_bg_mad": 23.815146486540574,
  "summary_bg_mean": 88.0211181640625,
  "summary_bg_median": 86.15388488769531,
  "summary_bg_n": 4261656.0,
  "summary_bg_p05": 50.98697853088379,
  "summary_bg_p95": 130.1878547668457,
  "summary_bg_stdv": 25.571929931640625,
  "summary_csf_k": 0.23932163843621979,
  "summary_csf_mad": 96.6601401796805,
  "summary_csf_mean": 368.31036376953125,
  "summary_csf_median": 372.29302978515625,
  "summary_csf_n": 17128.0,
  "summary_csf_p05": 208.20878372192382,
  "summary_csf_p95": 518.0471557617187,
  "summary_csf_stdv": 96.09794616699219,
  "summary_gm_k": 0.20925103538028544,
  "summary_gm_mad": 61.56536479236254,
  "summary_gm_mean": 663.1988525390625,
  "summary_gm_median": 662.8042602539062,
  "summary_gm_n": 24871.0,
  "summary_gm_p05": 558.1953430175781,
  "summary_gm_p95": 767.28857421875,
  "summary_gm_stdv": 63.41688537597656,
  "summary_wm_k": 0.5393211061859358,
  "summary_wm_mad": 41.751938965159525,
  "summary_wm_mean": 998.8796997070312,
  "summary_wm_median": 999.9847412109375,
  "summary_wm_n": 163317.0,
  "summary_wm_p05": 926.0450561523437,
  "summary_wm_p95": 1068.129296875,
  "summary_wm_stdv": 43.614158630371094,
  "tpm_overlap_csf": 0.1398855298757553,
  "tpm_overlap_gm": 0.434765100479126,
  "tpm_overlap_wm": 0.45997384190559387,
  "wm2max": 0.6435976885171878
}