{
  "bids_meta": {
    "EchoTime": 0.00336,
    "FlipAngle": 9,
    "ImageType": [
      "ORIGINAL",
      "PRIMARY",
      "M",
      "ND",
      "NORM"
    ],
    "MagneticFieldStrength": 3,
    "Manufacturer": "Siemens",
    "ManufacturersModelName": "TrioTim",
    "PhaseEncodingDirection": "i-",
    "RepetitionTime": 2.3,
    "ScanningSequence": "GR_IR",
    "SequenceName": "_tfl3d1",
    "SequenceVariant": "SP_MP",
    "SoftwareVersions": "syngo_MR_B17",
    "dataset": "ds001486",
    "modality": "T1w",
    "session_id": "T2",
    "subject_id": "013"
  },
  "cjv": 0.34429789577887077,
  "cnr": 3.7438538522322276,
  "efc": 0.6656726917828194,
  "fber": 43.93935175173011,
  "fwhm_avg": 3.979835065491082,
  "fwhm_x": 4.08158,
  "fwhm_y": 4.08416024343492,
  "fwhm_z": 3.7737649530383264,
  "icvs_csf": 0.2704851692120723,
  "icvs_gm": 0.3810290625036426,
  "icvs_wm": 0.3484857682842852,
  "inu_med": 1.080622673034668,
  "inu_range": 0.2743825733661652,
  "provenance": {
    "md5sum": "65122149ae749cf416790d8d9710ccb7",
    "settings": {
      "testing": false
    },
    "software": "mriqc",
    "version": "21.0.0rc2",
    "warnings": {
      "large_rot_frame": true,
      "small_air_mask": false
    },
    "webapi_port": null,
    "webapi_url": "https://mriqc.nimh.nih.gov/api/v1"
  },
  "qi_1": 0.0,
  "qi_2": 0.004267859372544885,
  "rpve_csf": 19.411218097903195,
  "rpve_gm": 12.88761693162421,
  "rpve_wm": 17.99679816149154,
  "size_x": 256,
  "size_y": 256,
  "size_z": 160,
  "snr_csf": 4.075370725488751,
  "snr_gm": 10.442778159916239,
  "snr_total": 12.665925519827224,
  "snr_wm": 23.479627674076685,
  "snrd_csf": 10.731646391657108,
  "snrd_gm": 19.843055953944884,
  "snrd_total": 19.74082211094341,
  "snrd_wm": 28.647763987228238,
  "spacing_x": 1.0,
  "spacing_y": 0.9999999403953552,
  "spacing_z": 0.9999350905418396,
  "summary_bg_k": 0.1978782205116567,
  "summary_bg_mad": 22.868675207365396,
  "summary_bg_mean": 83.68457491818008,
  "summary_bg_median": 82.33264961838722,
  "summary_bg_n": 2227167.0,
  "summary_bg_p05": 48.438929438591,
  "summary_bg_p95": 123.53280049562454,
  "summary_bg_stdv": 22.93668295295143,
  "summary_csf_k": 0.28039882729886845,
  "summary_csf_mad": 89.14269776555261,
  "summary_csf_mean": 372.47777908578,
  "summary_csf_median": 374.6067905500531,
  "summary_csf_n": 40858.0,
  "summary_csf_p05": 219.0576166510582,
  "summary_csf_p95": 519.3028705172242,
  "summary_csf_stdv": 91.91855943962383,
  "summary_gm_k": 0.13342330638376731,
  "summary_gm_mad": 64.94503156477673,
  "summary_gm_mean": 694.5190630246299,
  "summary_gm_median": 692.6563953310251,
  "summary_gm_n": 16550.0,
  "summary_gm_p05": 587.4725454457105,
  "summary_gm_p95": 807.089983522892,
  "summary_gm_stdv": 66.32674353827126,
  "summary_wm_k": 0.4085170212500828,
  "summary_wm_mad": 40.87274187281315,
  "summary_wm_mean": 999.2965680632648,
  "summary_wm_median": 1000.0000495761633,
  "summary_wm_n": 195293.0,
  "summary_wm_p05": 928.018176779151,
  "summary_wm_p95": 1067.7198377996683,
  "summary_wm_stdv": 42.59000624704186,
  "tpm_overlap_csf": 0.15799473226070404,
  "tpm_overlap_gm": 0.4402613341808319,
  "tpm_overlap_wm": 0.4972892701625824,
  "wm2max": 0.6406128109560544
}