{
  "bids_meta": {
    "EchoTime": 0.00336,
    "FlipAngle": 9,
    "ImageType": [
      "ORIGINAL",
      "PRIMARY",
      "M",
      "ND",
      "NORM"
    ],
    "MagneticFieldStrength": 3,
    "Manufacturer": "Siemens",
    "ManufacturersModelName": "TrioTim",
    "PhaseEncodingDirection": "i-",
    "RepetitionTime": 2.3,
    "ScanningSequence": "GR_IR",
    "SequenceName": "_tfl3d1",
    "SequenceVariant": "SP_MP",
    "SoftwareVersions": "syngo_MR_B17",
    "dataset": "ds001486",
    "modality": "T1w",
    "session_id": "T1",
    "subject_id": "069"
  },
  "cjv": 0.32575203433428757,
  "cnr": 3.8662001549808602,
  "efc": 0.6394509540714666,
  "fber": 23.029062271118164,
  "fwhm_avg": 3.4900649619984194,
  "fwhm_x": 3.5303102104228863,
  "fwhm_y": 3.65458,
  "fwhm_z": 3.285304675572373,
  "icvs_csf": 0.22197897336276656,
  "icvs_gm": 0.44875955149422314,
  "icvs_wm": 0.3292614751430103,
  "inu_med": 1.186600923538208,
  "inu_range": 0.3142753005027772,
  "provenance": {
    "md5sum": "595e2020f190ff7bb1195344b51ca80e",
    "settings": {
      "testing": false
    },
    "software": "mriqc",
    "version": "21.0.0rc2",
    "warnings": {
      "large_rot_frame": true,
      "small_air_mask": false
    },
    "webapi_port": null,
    "webapi_url": "https://mriqc.nimh.nih.gov/api/v1"
  },
  "qi_1": 0.0,
  "qi_2": 0.004731579177365822,
  "rpve_csf": 25.173911781214315,
  "rpve_gm": 13.176984474867226,
  "rpve_wm": 20.708866746421943,
  "size_x": 256,
  "size_y": 256,
  "size_z": 160,
  "snr_csf": 3.500313029881721,
  "snr_gm": 11.204584428979961,
  "snr_total": 11.490715194356447,
  "snr_wm": 19.76724812420766,
  "snrd_csf": 8.497507098676495,
  "snrd_gm": 15.284827990908592,
  "snrd_total": 15.472845301234855,
  "snrd_wm": 22.636200814119476,
  "spacing_x": 0.9999999403953552,
  "spacing_y": 1.0,
  "spacing_z": 1.0000381469726562,
  "summary_bg_k": 2.9818199399777887,
  "summary_bg_mad": 28.942313258965996,
  "summary_bg_mean": 106.62455749511719,
  "summary_bg_median": 104.89530944824219,
  "summary_bg_n": 3557000.0,
  "summary_bg_p05": 62.07783660888672,
  "summary_bg_p95": 157.23442764282225,
  "summary_bg_stdv": 29.414505004882812,
  "summary_csf_k": -0.3610081365066229,
  "summary_csf_mad": 118.83641804719778,
  "summary_csf_mean": 370.6678466796875,
  "summary_csf_median": 375.3989562988281,
  "summary_csf_n": 20800.0,
  "summary_csf_p05": 197.58403091430665,
  "summary_csf_p95": 538.6325683593749,
  "summary_csf_stdv": 107.24467468261719,
  "summary_gm_k": 0.33894742798074606,
  "summary_gm_mad": 57.03729274574377,
  "summary_gm_mean": 676.8130493164062,
  "summary_gm_median": 675.24609375,
  "summary_gm_n": 22924.0,
  "summary_gm_p05": 580.025601196289,
  "summary_gm_p95": 779.3049987792969,
  "summary_gm_stdv": 60.26384735107422,
  "summary_wm_k": 0.38502641215085154,
  "summary_wm_mad": 48.75575039752626,
  "summary_wm_mean": 998.7388916015625,
  "summary_wm_median": 1000.0116577148438,
  "summary_wm_n": 147597.0,
  "summary_wm_p05": 913.374658203125,
  "summary_wm_p95": 1079.0276855468749,
  "summary_wm_stdv": 50.589149475097656,
  "tpm_overlap_csf": 0.15952904522418976,
  "tpm_overlap_gm": 0.4552641212940216,
  "tpm_overlap_wm": 0.47860461473464966,
  "wm2max": 0.5532253340655504
}