{
  "bids_meta": {
    "EchoTime": 0.00336,
    "FlipAngle": 9,
    "ImageType": [
      "ORIGINAL",
      "PRIMARY",
      "M",
      "ND",
      "NORM"
    ],
    "MagneticFieldStrength": 3,
    "Manufacturer": "Siemens",
    "ManufacturersModelName": "TrioTim",
    "PhaseEncodingDirection": "i-",
    "RepetitionTime": 2.3,
    "ScanningSequence": "GR_IR",
    "SequenceName": "_tfl3d1",
    "SequenceVariant": "SP_MP",
    "SoftwareVersions": "syngo_MR_B17",
    "dataset": "ds001486",
    "modality": "T1w",
    "session_id": "T2",
    "subject_id": "106"
  },
  "cjv": 0.2719617649455981,
  "cnr": 4.672990435711553,
  "efc": 0.6007622353288856,
  "fber": 62.503265380859375,
  "fwhm_avg": 3.875391493417974,
  "fwhm_x": 3.88907,
  "fwhm_y": 4.05922,
  "fwhm_z": 3.6778844802539217,
  "icvs_csf": 0.22196142901965857,
  "icvs_gm": 0.4299679323719374,
  "icvs_wm": 0.34807063860840404,
  "inu_med": 1.3317588567733765,
  "inu_range": 0.5767642259597778,
  "provenance": {
    "md5sum": "0420fef665c4bda99c7185c9c2862d57",
    "settings": {
      "testing": false
    },
    "software": "mriqc",
    "version": "21.0.0rc2",
    "warnings": {
      "large_rot_frame": true,
      "small_air_mask": false
    },
    "webapi_port": null,
    "webapi_url": "https://mriqc.nimh.nih.gov/api/v1"
  },
  "qi_1": 0.0,
  "qi_2": 0.006024563118851299,
  "rpve_csf": 17.643243077718726,
  "rpve_gm": 9.410931353918151,
  "rpve_wm": 13.739385604147106,
  "size_x": 256,
  "size_y": 256,
  "size_z": 160,
  "snr_csf": 3.5187380155894843,
  "snr_gm": 10.58258159924792,
  "snr_total": 11.051374903700136,
  "snr_wm": 19.052805096263,
  "snrd_csf": 10.923298246480723,
  "snrd_gm": 19.786782007040266,
  "snrd_total": 20.8751554100598,
  "snrd_wm": 31.915385976658413,
  "spacing_x": 1.0,
  "spacing_y": 1.0,
  "spacing_z": 0.99993896484375,
  "summary_bg_k": 0.36363334773129097,
  "summary_bg_mad": 20.527036733888504,
  "summary_bg_mean": 72.75145721435547,
  "summary_bg_median": 71.5420150756836,
  "summary_bg_n": 4022449.0,
  "summary_bg_p05": 41.03772125244141,
  "summary_bg_p95": 108.53150787353513,
  "summary_bg_stdv": 20.656408309936523,
  "summary_csf_k": -0.07472309699551616,
  "summary_csf_mad": 104.91360773918393,
  "summary_csf_mean": 339.1466979980469,
  "summary_csf_median": 342.25384521484375,
  "summary_csf_n": 30451.0,
  "summary_csf_p05": 182.83924865722656,
  "summary_csf_p95": 491.6374816894531,
  "summary_csf_stdv": 97.26448059082031,
  "summary_gm_k": 0.3796652134728,
  "summary_gm_mad": 55.49193511717142,
  "summary_gm_mean": 618.8208618164062,
  "summary_gm_median": 619.9686279296875,
  "summary_gm_n": 39768.0,
  "summary_gm_p05": 520.9086334228516,
  "summary_gm_p95": 713.3491760253906,
  "summary_gm_stdv": 58.58313751220703,
  "summary_wm_k": 0.8978484877605668,
  "summary_wm_mad": 47.858714521546894,
  "summary_wm_mean": 996.9537353515625,
  "summary_wm_median": 999.9876708984375,
  "summary_wm_n": 234889.0,
  "summary_wm_p05": 904.8448608398438,
  "summary_wm_p95": 1077.049365234375,
  "summary_wm_stdv": 52.48495101928711,
  "tpm_overlap_csf": 0.13818195462226868,
  "tpm_overlap_gm": 0.42163053154945374,
  "tpm_overlap_wm": 0.4359739124774933,
  "wm2max": 0.6190505396705991
}