{
  "bids_meta": {
    "EchoTime": 0.00336,
    "FlipAngle": 9,
    "ImageType": [
      "ORIGINAL",
      "PRIMARY",
      "M",
      "ND",
      "NORM"
    ],
    "MagneticFieldStrength": 3,
    "Manufacturer": "Siemens",
    "ManufacturersModelName": "TrioTim",
    "PhaseEncodingDirection": "i-",
    "RepetitionTime": 2.3,
    "ScanningSequence": "GR_IR",
    "SequenceName": "_tfl3d1",
    "SequenceVariant": "SP_MP",
    "SoftwareVersions": "syngo_MR_B17",
    "dataset": "ds001486",
    "modality": "T1w",
    "session_id": "T2",
    "subject_id": "053"
  },
  "cjv": 0.3347735384027204,
  "cnr": 3.846796419919477,
  "efc": 0.6759609001228881,
  "fber": 59.75941945492815,
  "fwhm_avg": 3.6584126101696643,
  "fwhm_x": 3.60241,
  "fwhm_y": 3.90917,
  "fwhm_z": 3.4636578305089922,
  "icvs_csf": 0.23421715692526004,
  "icvs_gm": 0.4240514977914894,
  "icvs_wm": 0.3417313452832506,
  "inu_med": 1.3821487426757812,
  "inu_range": 0.5400287926197052,
  "provenance": {
    "md5sum": "71d8fa3daea1995b3c9b7f49ab547300",
    "settings": {
      "testing": false
    },
    "software": "mriqc",
    "version": "21.0.0rc2",
    "warnings": {
      "large_rot_frame": true,
      "small_air_mask": false
    },
    "webapi_port": null,
    "webapi_url": "https://mriqc.nimh.nih.gov/api/v1"
  },
  "qi_1": 0.0,
  "qi_2": 0.005008871584633016,
  "rpve_csf": 25.335983524348325,
  "rpve_gm": 14.247799481874562,
  "rpve_wm": 20.820257559774966,
  "size_x": 256,
  "size_y": 256,
  "size_z": 160,
  "snr_csf": 3.5414715448484655,
  "snr_gm": 9.866192744464842,
  "snr_total": 10.600933621755237,
  "snr_wm": 18.3951365759524,
  "snrd_csf": 11.480738628383515,
  "snrd_gm": 19.869119198685475,
  "snrd_total": 20.51524270617308,
  "snrd_wm": 30.195870291450245,
  "spacing_x": 1.0,
  "spacing_y": 1.0,
  "spacing_z": 0.9999313354492188,
  "summary_bg_k": 4.71860896223927,
  "summary_bg_mad": 21.69622411403317,
  "summary_bg_mean": 71.51607611747234,
  "summary_bg_median": 69.7965391986072,
  "summary_bg_n": 1870088.0,
  "summary_bg_p05": 38.35273588076234,
  "summary_bg_p95": 110.16211370006204,
  "summary_bg_stdv": 22.37862788858366,
  "summary_csf_k": -0.46753601612598494,
  "summary_csf_mad": 118.24038866606926,
  "summary_csf_mean": 374.81496295329833,
  "summary_csf_median": 380.2088951356709,
  "summary_csf_n": 23522.0,
  "summary_csf_p05": 201.88499360326676,
  "summary_csf_p95": 544.8781346736477,
  "summary_csf_stdv": 107.35673243456552,
  "summary_gm_k": 0.543155305309333,
  "summary_gm_mad": 62.87065686575784,
  "summary_gm_mean": 660.870128220058,
  "summary_gm_median": 658.007825313136,
  "summary_gm_n": 17788.0,
  "summary_gm_p05": 555.3802561797202,
  "summary_gm_p95": 774.3988585285842,
  "summary_gm_stdv": 66.69131105180827,
  "summary_wm_k": 0.4720594251423318,
  "summary_wm_mad": 51.619269267588216,
  "summary_wm_mean": 996.536737769972,
  "summary_wm_median": 999.9999871775508,
  "summary_wm_n": 153077.0,
  "summary_wm_p05": 900.5004780627787,
  "summary_wm_p95": 1079.588714260608,
  "summary_wm_stdv": 54.36201665115753,
  "tpm_overlap_csf": 0.1634771078824997,
  "tpm_overlap_gm": 0.4550817608833313,
  "tpm_overlap_wm": 0.5020243525505066,
  "wm2max": 0.6704843886781442
}