{
  "bids_meta": {
    "EchoTime": 0.00336,
    "FlipAngle": 9,
    "ImageType": [
      "ORIGINAL",
      "PRIMARY",
      "M",
      "ND",
      "NORM"
    ],
    "MagneticFieldStrength": 3,
    "Manufacturer": "Siemens",
    "ManufacturersModelName": "TrioTim",
    "PhaseEncodingDirection": "i-",
    "RepetitionTime": 2.3,
    "ScanningSequence": "GR_IR",
    "SequenceName": "_tfl3d1",
    "SequenceVariant": "SP_MP",
    "SoftwareVersions": "syngo_MR_B17",
    "dataset": "ds001486",
    "modality": "T1w",
    "session_id": "T1",
    "subject_id": "131"
  },
  "cjv": 0.285286369064388,
  "cnr": 4.325354343418175,
  "efc": 0.6202758785577681,
  "fber": 79.52433087813289,
  "fwhm_avg": 4.000208084411042,
  "fwhm_x": 4.04796,
  "fwhm_y": 4.12811,
  "fwhm_z": 3.8245542532331287,
  "icvs_csf": 0.22049109723545102,
  "icvs_gm": 0.4460648904885463,
  "icvs_wm": 0.3334440122760027,
  "inu_med": 1.4191874265670776,
  "inu_range": 0.5478642940521239,
  "provenance": {
    "md5sum": "0df9c16bacf914f4c86f1dd3b1169d6a",
    "settings": {
      "testing": false
    },
    "software": "mriqc",
    "version": "21.0.0rc2",
    "warnings": {
      "large_rot_frame": true,
      "small_air_mask": false
    },
    "webapi_port": null,
    "webapi_url": "https://mriqc.nimh.nih.gov/api/v1"
  },
  "qi_1": 8.536778397682264e-06,
  "qi_2": 0.005554698997956898,
  "rpve_csf": 25.467930607308464,
  "rpve_gm": 13.335917456056578,
  "rpve_wm": 20.477268259310517,
  "size_x": 256,
  "size_y": 256,
  "size_z": 160,
  "snr_csf": 3.6993410955514943,
  "snr_gm": 10.789230723875496,
  "snr_total": 11.323293579221717,
  "snr_wm": 19.481308918238156,
  "snrd_csf": 12.803528144281168,
  "snrd_gm": 21.92906164711553,
  "snrd_total": 22.925562658344962,
  "snrd_wm": 34.044098183638184,
  "spacing_x": 1.0,
  "spacing_y": 1.0,
  "spacing_z": 0.9999465942382812,
  "summary_bg_k": 133.7671711062735,
  "summary_bg_mad": 19.243757754711762,
  "summary_bg_mean": 63.17085698212022,
  "summary_bg_median": 61.114067846909165,
  "summary_bg_n": 2607458.0,
  "summary_bg_p05": 33.46933952718973,
  "summary_bg_p95": 97.48092970065773,
  "summary_bg_stdv": 23.87293233796348,
  "summary_csf_k": -0.12002613538923734,
  "summary_csf_mad": 104.81053483261006,
  "summary_csf_mean": 370.79114940988546,
  "summary_csf_median": 376.08657136559486,
  "summary_csf_n": 19192.0,
  "summary_csf_p05": 197.52084468053653,
  "summary_csf_p95": 528.1769269555807,
  "summary_csf_stdv": 101.660475073944,
  "summary_gm_k": 0.36457920698243385,
  "summary_gm_mad": 55.89018482291001,
  "summary_gm_mean": 645.5316725656023,
  "summary_gm_median": 644.1369531266391,
  "summary_gm_n": 25418.0,
  "summary_gm_p05": 548.1254811773076,
  "summary_gm_p95": 746.357401490025,
  "summary_gm_stdv": 59.700668064750126,
  "summary_wm_k": 1.2287222625617398,
  "summary_wm_mad": 45.63269207894064,
  "summary_wm_mean": 995.8086904990053,
  "summary_wm_median": 1000.0000013150275,
  "summary_wm_n": 154183.0,
  "summary_wm_p05": 903.4356347993016,
  "summary_wm_p95": 1071.2553973048925,
  "summary_wm_stdv": 51.33108676665506,
  "tpm_overlap_csf": 0.1487812101840973,
  "tpm_overlap_gm": 0.4551813304424286,
  "tpm_overlap_wm": 0.4748818278312683,
  "wm2max": 0.7272747524651583
}