{
  "bids_meta": {
    "EchoTime": 0.00336,
    "FlipAngle": 9,
    "ImageType": [
      "ORIGINAL",
      "PRIMARY",
      "M",
      "ND",
      "NORM"
    ],
    "MagneticFieldStrength": 3,
    "Manufacturer": "Siemens",
    "ManufacturersModelName": "TrioTim",
    "PhaseEncodingDirection": "i-",
    "RepetitionTime": 2.3,
    "ScanningSequence": "GR_IR",
    "SequenceName": "_tfl3d1",
    "SequenceVariant": "SP_MP",
    "SoftwareVersions": "syngo_MR_B17",
    "dataset": "ds001486",
    "modality": "T1w",
    "session_id": "T2",
    "subject_id": "048"
  },
  "cjv": 0.3182896206797089,
  "cnr": 3.9681471267706017,
  "efc": 0.6383250789656275,
  "fber": 34.21730041503906,
  "fwhm_avg": 3.7106544892228928,
  "fwhm_x": 3.6866,
  "fwhm_y": 3.9369602346611163,
  "fwhm_z": 3.5084032330075607,
  "icvs_csf": 0.22967872904917647,
  "icvs_gm": 0.42842975016297863,
  "icvs_wm": 0.3418915207878449,
  "inu_med": 1.516336441040039,
  "inu_range": 0.6073694705963133,
  "provenance": {
    "md5sum": "17a0db4638d12931016a8328e226af1d",
    "settings": {
      "testing": false
    },
    "software": "mriqc",
    "version": "21.0.0rc2",
    "warnings": {
      "large_rot_frame": true,
      "small_air_mask": false
    },
    "webapi_port": null,
    "webapi_url": "https://mriqc.nimh.nih.gov/api/v1"
  },
  "qi_1": 0.0,
  "qi_2": 0.004380675496813339,
  "rpve_csf": 21.010247326960094,
  "rpve_gm": 11.639611551008755,
  "rpve_wm": 17.054940589045966,
  "size_x": 256,
  "size_y": 256,
  "size_z": 160,
  "snr_csf": 2.970943539903594,
  "snr_gm": 9.944003792021547,
  "snr_total": 10.097472678738773,
  "snr_wm": 17.377470704291177,
  "snrd_csf": 7.73692016120062,
  "snrd_gm": 16.123776418550094,
  "snrd_total": 16.332621728428794,
  "snrd_wm": 25.137168605535667,
  "spacing_x": 1.0,
  "spacing_y": 0.9999999403953552,
  "spacing_z": 1.0000076293945312,
  "summary_bg_k": 0.38273047459858,
  "summary_bg_mad": 26.06271317368247,
  "summary_bg_mean": 92.02493286132812,
  "summary_bg_median": 90.41213989257812,
  "summary_bg_n": 4154599.0,
  "summary_bg_p05": 51.735141372680665,
  "summary_bg_p95": 137.71532592773434,
  "summary_bg_stdv": 26.327302932739258,
  "summary_csf_k": -0.12407827791045456,
  "summary_csf_mad": 110.79193912439104,
  "summary_csf_mean": 317.5521240234375,
  "summary_csf_median": 307.79107666015625,
  "summary_csf_n": 25175.0,
  "summary_csf_p05": 166.88668823242188,
  "summary_csf_p95": 496.5725280761718,
  "summary_csf_stdv": 103.598388671875,
  "summary_gm_k": 0.3577972788797408,
  "summary_gm_mad": 59.951279357091266,
  "summary_gm_mean": 642.2286987304688,
  "summary_gm_median": 641.43798828125,
  "summary_gm_n": 20962.0,
  "summary_gm_p05": 535.9831817626953,
  "summary_gm_p95": 750.3320343017579,
  "summary_gm_stdv": 64.50346374511719,
  "summary_wm_k": 0.6979529590283451,
  "summary_wm_mad": 54.178415066956696,
  "summary_wm_mean": 999.0794067382812,
  "summary_wm_median": 1000.0098266601562,
  "summary_wm_n": 195460.0,
  "summary_wm_p05": 903.3058685302734,
  "summary_wm_p95": 1090.8557250976562,
  "summary_wm_stdv": 57.54619216918945,
  "tpm_overlap_csf": 0.16694428026676178,
  "tpm_overlap_gm": 0.44469428062438965,
  "tpm_overlap_wm": 0.4821729063987732,
  "wm2max": 0.7342963260823973
}