{
  "bids_meta": {
    "EchoTime": 0.00336,
    "FlipAngle": 9,
    "ImageType": [
      "ORIGINAL",
      "PRIMARY",
      "M",
      "ND",
      "NORM"
    ],
    "MagneticFieldStrength": 3,
    "Manufacturer": "Siemens",
    "ManufacturersModelName": "TrioTim",
    "PhaseEncodingDirection": "i-",
    "RepetitionTime": 2.3,
    "ScanningSequence": "GR_IR",
    "SequenceName": "_tfl3d1",
    "SequenceVariant": "SP_MP",
    "SoftwareVersions": "syngo_MR_B17",
    "dataset": "ds001486",
    "modality": "T1w",
    "session_id": "T2",
    "subject_id": "083"
  },
  "cjv": 0.31899523593043005,
  "cnr": 4.02238827137979,
  "efc": 0.6016663537441547,
  "fber": 61.37303161621094,
  "fwhm_avg": 3.8189458879424407,
  "fwhm_x": 3.86867,
  "fwhm_y": 3.98443,
  "fwhm_z": 3.6037376638273235,
  "icvs_csf": 0.21753506041948087,
  "icvs_gm": 0.41972199491267564,
  "icvs_wm": 0.3627429446678435,
  "inu_med": 1.3736530542373657,
  "inu_range": 0.5028007507324219,
  "provenance": {
    "md5sum": "fcd2134707be68b3caa80c2cad313602",
    "settings": {
      "testing": false
    },
    "software": "mriqc",
    "version": "21.0.0rc2",
    "warnings": {
      "large_rot_frame": true,
      "small_air_mask": false
    },
    "webapi_port": null,
    "webapi_url": "https://mriqc.nimh.nih.gov/api/v1"
  },
  "qi_1": 0.0,
  "qi_2": 0.00557694925488002,
  "rpve_csf": 23.04055384124282,
  "rpve_gm": 12.497410330341822,
  "rpve_wm": 17.40479887934767,
  "size_x": 256,
  "size_y": 256,
  "size_z": 160,
  "snr_csf": 3.558095764318806,
  "snr_gm": 10.216666254790876,
  "snr_total": 11.6968407105474,
  "snr_wm": 21.315760112532516,
  "snrd_csf": 11.62458360154023,
  "snrd_gm": 20.22971228632064,
  "snrd_total": 20.75092729870925,
  "snrd_wm": 30.39848600826688,
  "spacing_x": 1.0,
  "spacing_y": 1.0,
  "spacing_z": 0.999931275844574,
  "summary_bg_k": 0.40040441754176515,
  "summary_bg_mad": 21.55147525450276,
  "summary_bg_mean": 76.22762298583984,
  "summary_bg_median": 74.91416931152344,
  "summary_bg_n": 4281206.0,
  "summary_bg_p05": 42.89396858215332,
  "summary_bg_p95": 113.9439926147461,
  "summary_bg_stdv": 21.739770889282227,
  "summary_csf_k": 10.293718189387066,
  "summary_csf_mad": 108.0877555674628,
  "summary_csf_mean": 378.4673767089844,
  "summary_csf_median": 382.40423583984375,
  "summary_csf_n": 18172.0,
  "summary_csf_p05": 196.9422592163086,
  "summary_csf_p95": 536.5900634765625,
  "summary_csf_stdv": 107.47145080566406,
  "summary_gm_k": 0.27055803948828583,
  "summary_gm_mad": 62.29431389948972,
  "summary_gm_mean": 667.432861328125,
  "summary_gm_median": 665.47998046875,
  "summary_gm_n": 23168.0,
  "summary_gm_p05": 563.6431884765625,
  "summary_gm_p95": 778.2171447753906,
  "summary_gm_stdv": 65.13529968261719,
  "summary_wm_k": 0.5693131151467448,
  "summary_wm_mad": 44.413953782230365,
  "summary_wm_mean": 998.6967163085938,
  "summary_wm_median": 999.99365234375,
  "summary_wm_n": 201900.0,
  "summary_wm_p05": 919.5621551513672,
  "summary_wm_p95": 1072.8544982910155,
  "summary_wm_stdv": 46.913230895996094,
  "tpm_overlap_csf": 0.15421214699745178,
  "tpm_overlap_gm": 0.4481833875179291,
  "tpm_overlap_wm": 0.49069127440452576,
  "wm2max": 0.7098871574075827
}