{
  "bids_meta": {
    "EchoTime": 0.00336,
    "FlipAngle": 9,
    "ImageType": [
      "ORIGINAL",
      "PRIMARY",
      "M",
      "ND",
      "NORM"
    ],
    "MagneticFieldStrength": 3,
    "Manufacturer": "Siemens",
    "ManufacturersModelName": "TrioTim",
    "PhaseEncodingDirection": "i-",
    "RepetitionTime": 2.3,
    "ScanningSequence": "GR_IR",
    "SequenceName": "_tfl3d1",
    "SequenceVariant": "SP_MP",
    "SoftwareVersions": "syngo_MR_B17",
    "dataset": "ds001486",
    "modality": "T1w",
    "session_id": "T1",
    "subject_id": "013"
  },
  "cjv": 0.3476663939768232,
  "cnr": 3.6643085555210893,
  "efc": 0.6396313487782924,
  "fber": 30.577194213867188,
  "fwhm_avg": 3.7563173768775804,
  "fwhm_x": 3.802039546761567,
  "fwhm_y": 3.86814,
  "fwhm_z": 3.598772583871173,
  "icvs_csf": 0.2601680597060906,
  "icvs_gm": 0.3964160065193773,
  "icvs_wm": 0.3434159337745321,
  "inu_med": 1.109796404838562,
  "inu_range": 0.2809199333190918,
  "provenance": {
    "md5sum": "d4d8c56b8dc3d2621f6b936a9a1ba53a",
    "settings": {
      "testing": false
    },
    "software": "mriqc",
    "version": "21.0.0rc2",
    "warnings": {
      "large_rot_frame": true,
      "small_air_mask": false
    },
    "webapi_port": null,
    "webapi_url": "https://mriqc.nimh.nih.gov/api/v1"
  },
  "qi_1": 0.0,
  "qi_2": 0.0036293617168921223,
  "rpve_csf": 19.83170827652318,
  "rpve_gm": 12.626867918432087,
  "rpve_wm": 18.257984969469234,
  "size_x": 256,
  "size_y": 256,
  "size_z": 160,
  "snr_csf": 4.093340062369911,
  "snr_gm": 10.236481685169085,
  "snr_total": 11.890276182542351,
  "snr_wm": 21.341006800088056,
  "snrd_csf": 8.953326460242728,
  "snrd_gm": 16.44251418122626,
  "snrd_total": 16.474886972539995,
  "snrd_wm": 24.028820276151006,
  "spacing_x": 1.0000001192092896,
  "spacing_y": 1.0,
  "spacing_z": 0.9999770522117615,
  "summary_bg_k": 0.2980390415871077,
  "summary_bg_mad": 27.264420457403,
  "summary_bg_mean": 100.40848541259766,
  "summary_bg_median": 98.71275329589844,
  "summary_bg_n": 3707961.0,
  "summary_bg_p05": 58.303794860839844,
  "summary_bg_p95": 148.3080291748047,
  "summary_bg_stdv": 27.559661865234375,
  "summary_csf_k": 2.951990250301149,
  "summary_csf_mad": 86.85244688751452,
  "summary_csf_mean": 372.81097412109375,
  "summary_csf_median": 372.6052551269531,
  "summary_csf_n": 32739.0,
  "summary_csf_p05": 224.2702392578125,
  "summary_csf_p95": 518.4915283203125,
  "summary_csf_stdv": 91.02580261230469,
  "summary_gm_k": 0.20151540556204584,
  "summary_gm_mad": 64.32126387467382,
  "summary_gm_mean": 685.2711181640625,
  "summary_gm_median": 684.2783203125,
  "summary_gm_n": 17600.0,
  "summary_gm_p05": 574.6694732666016,
  "summary_gm_p95": 797.044091796875,
  "summary_gm_stdv": 66.84512329101562,
  "summary_wm_k": 0.3244462725753463,
  "summary_wm_mad": 45.442156156972175,
  "summary_wm_mean": 999.214599609375,
  "summary_wm_median": 999.9931030273438,
  "summary_wm_n": 192213.0,
  "summary_wm_p05": 921.1388061523437,
  "summary_wm_p95": 1074.666064453125,
  "summary_wm_stdv": 46.85770034790039,
  "tpm_overlap_csf": 0.15574975311756134,
  "tpm_overlap_gm": 0.45132389664649963,
  "tpm_overlap_wm": 0.49864378571510315,
  "wm2max": 0.5885352011758127
}