{
  "bids_meta": {
    "EchoTime": 0.00336,
    "FlipAngle": 9,
    "ImageType": [
      "ORIGINAL",
      "PRIMARY",
      "M",
      "ND",
      "NORM"
    ],
    "MagneticFieldStrength": 3,
    "Manufacturer": "Siemens",
    "ManufacturersModelName": "TrioTim",
    "PhaseEncodingDirection": "i-",
    "RepetitionTime": 2.3,
    "ScanningSequence": "GR_IR",
    "SequenceName": "_tfl3d1",
    "SequenceVariant": "SP_MP",
    "SoftwareVersions": "syngo_MR_B17",
    "dataset": "ds001486",
    "modality": "T1w",
    "session_id": "T1",
    "subject_id": "120"
  },
  "cjv": 0.4208045900708969,
  "cnr": 3.096898965975801,
  "efc": 0.6748680206486605,
  "fber": 32.32104566163502,
  "fwhm_avg": 3.5777341112891334,
  "fwhm_x": 3.65429,
  "fwhm_y": 3.64916,
  "fwhm_z": 3.429752333867399,
  "icvs_csf": 0.23760816595884862,
  "icvs_gm": 0.4441887524825056,
  "icvs_wm": 0.3182030815586458,
  "inu_med": 1.1272985935211182,
  "inu_range": 0.3282532483339311,
  "provenance": {
    "md5sum": "494a3d3cf75ef33c920ffcd2a2e3aaae",
    "settings": {
      "testing": false
    },
    "software": "mriqc",
    "version": "21.0.0rc2",
    "warnings": {
      "large_rot_frame": true,
      "small_air_mask": false
    },
    "webapi_port": null,
    "webapi_url": "https://mriqc.nimh.nih.gov/api/v1"
  },
  "qi_1": 0.0,
  "qi_2": 0.003334800716313196,
  "rpve_csf": 25.768790762719206,
  "rpve_gm": 14.131673035269953,
  "rpve_wm": 22.15014963950483,
  "size_x": 256,
  "size_y": 256,
  "size_z": 160,
  "snr_csf": 3.4375335173169637,
  "snr_gm": 9.481564523373969,
  "snr_total": 10.011968427262165,
  "snr_wm": 17.11680724109556,
  "snrd_csf": 7.634580660702798,
  "snrd_gm": 15.6337918602465,
  "snrd_total": 15.256114277642927,
  "snrd_wm": 22.499970311979478,
  "spacing_x": 1.0,
  "spacing_y": 1.0,
  "spacing_z": 0.9999847412109375,
  "summary_bg_k": 8.944546574882644,
  "summary_bg_mad": 29.11721064683589,
  "summary_bg_mean": 102.7825914879363,
  "summary_bg_median": 100.3937004134059,
  "summary_bg_n": 1983488.0,
  "summary_bg_p05": 58.18531382828951,
  "summary_bg_p95": 154.77934386581182,
  "summary_bg_stdv": 30.43934598275583,
  "summary_csf_k": 0.2465502644138322,
  "summary_csf_mad": 105.33778770137366,
  "summary_csf_mean": 339.5234903527895,
  "summary_csf_median": 339.31514248251915,
  "summary_csf_n": 20332.0,
  "summary_csf_p05": 184.33208134956658,
  "summary_csf_p95": 498.1894323136658,
  "summary_csf_stdv": 98.70646971395873,
  "summary_gm_k": -0.03574249660621964,
  "summary_gm_mad": 73.16632418948505,
  "summary_gm_mean": 696.7821459059904,
  "summary_gm_median": 694.8361080139875,
  "summary_gm_n": 26319.0,
  "summary_gm_p05": 578.6943761631846,
  "summary_gm_p95": 821.0080540738999,
  "summary_gm_stdv": 73.28146171447767,
  "summary_wm_k": 0.49944102333587237,
  "summary_wm_mad": 55.24804071450912,
  "summary_wm_mean": 998.7110108082036,
  "summary_wm_median": 999.9999962747097,
  "summary_wm_n": 129254.0,
  "summary_wm_p05": 900.2014249563217,
  "summary_wm_p95": 1091.8329935520887,
  "summary_wm_stdv": 58.4218840482193,
  "tpm_overlap_csf": 0.16279175877571106,
  "tpm_overlap_gm": 0.4607102870941162,
  "tpm_overlap_wm": 0.47968730330467224,
  "wm2max": 0.5423679525592359
}