{
  "bids_meta": {
    "EchoTime": 0.00336,
    "FlipAngle": 9,
    "ImageType": [
      "ORIGINAL",
      "PRIMARY",
      "M",
      "ND",
      "NORM"
    ],
    "MagneticFieldStrength": 3,
    "Manufacturer": "Siemens",
    "ManufacturersModelName": "TrioTim",
    "PhaseEncodingDirection": "i-",
    "RepetitionTime": 2.3,
    "ScanningSequence": "GR_IR",
    "SequenceName": "_tfl3d1",
    "SequenceVariant": "SP_MP",
    "SoftwareVersions": "syngo_MR_B17",
    "dataset": "ds001486",
    "modality": "T1w",
    "session_id": "T1",
    "subject_id": "064"
  },
  "cjv": 0.31255517915318154,
  "cnr": 4.075923411689762,
  "efc": 0.6229139488230145,
  "fber": 37.47418975830078,
  "fwhm_avg": 3.586811040500059,
  "fwhm_x": 3.59948,
  "fwhm_y": 3.73389,
  "fwhm_z": 3.4270631215001757,
  "icvs_csf": 0.2205935018317139,
  "icvs_gm": 0.45652514861586563,
  "icvs_wm": 0.3228813495524205,
  "inu_med": 1.1161344051361084,
  "inu_range": 0.33208175003528595,
  "provenance": {
    "md5sum": "cf471ee5b991e273d5186474853f7769",
    "settings": {
      "testing": false
    },
    "software": "mriqc",
    "version": "21.0.0rc2",
    "warnings": {
      "large_rot_frame": true,
      "small_air_mask": false
    },
    "webapi_port": null,
    "webapi_url": "https://mriqc.nimh.nih.gov/api/v1"
  },
  "qi_1": 0.0,
  "qi_2": 0.004820187621441875,
  "rpve_csf": 22.757131447951426,
  "rpve_gm": 11.739681843340179,
  "rpve_wm": 18.725510363714502,
  "size_x": 256,
  "size_y": 256,
  "size_z": 160,
  "snr_csf": 3.9866890861014097,
  "snr_gm": 10.904765626007205,
  "snr_total": 11.44973655015198,
  "snr_wm": 19.457754938347325,
  "snrd_csf": 9.67090269628786,
  "snrd_gm": 17.032242841940068,
  "snrd_total": 17.50225375317941,
  "snrd_wm": 25.8036157213103,
  "spacing_x": 1.0,
  "spacing_y": 1.0,
  "spacing_z": 1.0000457763671875,
  "summary_bg_k": 0.48567797761447196,
  "summary_bg_mad": 25.38926889661973,
  "summary_bg_mean": 93.09407806396484,
  "summary_bg_median": 91.52245330810547,
  "summary_bg_n": 3532481.0,
  "summary_bg_p05": 53.850521087646484,
  "summary_bg_p95": 137.29212951660156,
  "summary_bg_stdv": 25.50041961669922,
  "summary_csf_k": 0.1267365167775627,
  "summary_csf_mad": 96.49861399803788,
  "summary_csf_mean": 372.7328186035156,
  "summary_csf_median": 374.787841796875,
  "summary_csf_n": 28334.0,
  "summary_csf_p05": 219.2782112121582,
  "summary_csf_p95": 521.4168853759766,
  "summary_csf_stdv": 94.00814056396484,
  "summary_gm_k": 0.32856813144267694,
  "summary_gm_mad": 58.04300814225691,
  "summary_gm_mean": 661.552734375,
  "summary_gm_median": 660.0704956054688,
  "summary_gm_n": 39027.0,
  "summary_gm_p05": 563.7100036621093,
  "summary_gm_p95": 762.6271118164062,
  "summary_gm_stdv": 60.529685974121094,
  "summary_wm_k": 0.621974085537627,
  "summary_wm_mad": 48.203032236476936,
  "summary_wm_mean": 997.5113525390625,
  "summary_wm_median": 999.997802734375,
  "summary_wm_n": 166795.0,
  "summary_wm_p05": 908.3639648437501,
  "summary_wm_p95": 1077.0081665039063,
  "summary_wm_stdv": 51.393123626708984,
  "tpm_overlap_csf": 0.15414173901081085,
  "tpm_overlap_gm": 0.46498313546180725,
  "tpm_overlap_wm": 0.4726775288581848,
  "wm2max": 0.5884794061072985
}