{
  "bids_meta": {
    "EchoTime": 0.00336,
    "FlipAngle": 9,
    "ImageType": [
      "ORIGINAL",
      "PRIMARY",
      "M",
      "ND",
      "NORM"
    ],
    "MagneticFieldStrength": 3,
    "Manufacturer": "Siemens",
    "ManufacturersModelName": "TrioTim",
    "PhaseEncodingDirection": "i-",
    "RepetitionTime": 2.3,
    "ScanningSequence": "GR_IR",
    "SequenceName": "_tfl3d1",
    "SequenceVariant": "SP_MP",
    "SoftwareVersions": "syngo_MR_B17",
    "dataset": "ds001486",
    "modality": "T1w",
    "session_id": "T2",
    "subject_id": "047"
  },
  "cjv": 0.31986732435424337,
  "cnr": 3.9776640220190616,
  "efc": 0.6092860447368048,
  "fber": 51.11039733886719,
  "fwhm_avg": 3.946090088255417,
  "fwhm_x": 4.02242,
  "fwhm_y": 4.08267,
  "fwhm_z": 3.7331802647662506,
  "icvs_csf": 0.2476491783641836,
  "icvs_gm": 0.4159239891390669,
  "icvs_wm": 0.3364268324967495,
  "inu_med": 1.4927468299865723,
  "inu_range": 0.5941485047340391,
  "provenance": {
    "md5sum": "50b0817a84f3c77fb3351e3dda7e9a81",
    "settings": {
      "testing": false
    },
    "software": "mriqc",
    "version": "21.0.0rc2",
    "warnings": {
      "large_rot_frame": true,
      "small_air_mask": false
    },
    "webapi_port": null,
    "webapi_url": "https://mriqc.nimh.nih.gov/api/v1"
  },
  "qi_1": 0.0,
  "qi_2": 0.004413366432291222,
  "rpve_csf": 20.010446148007006,
  "rpve_gm": 11.744407252536098,
  "rpve_wm": 17.26054497946995,
  "size_x": 256,
  "size_y": 256,
  "size_z": 160,
  "snr_csf": 4.2523639205637975,
  "snr_gm": 10.311478516634622,
  "snr_total": 10.90860524999698,
  "snr_wm": 18.161973312792515,
  "snrd_csf": 11.16370835657857,
  "snrd_gm": 18.55760847672861,
  "snrd_total": 19.377714771168602,
  "snrd_wm": 28.411827480198625,
  "spacing_x": 1.0,
  "spacing_y": 1.0,
  "spacing_z": 0.9999008178710938,
  "summary_bg_k": 3.386140716693741,
  "summary_bg_mad": 23.058586356346883,
  "summary_bg_mean": 81.2579345703125,
  "summary_bg_median": 79.77001190185547,
  "summary_bg_n": 3818847.0,
  "summary_bg_p05": 45.56956787109375,
  "summary_bg_p95": 121.6914680480957,
  "summary_bg_stdv": 23.65043067932129,
  "summary_csf_k": 0.3072012356021383,
  "summary_csf_mad": 90.24458719286737,
  "summary_csf_mean": 392.1388854980469,
  "summary_csf_median": 392.9248046875,
  "summary_csf_n": 28645.0,
  "summary_csf_p05": 237.12722473144532,
  "summary_csf_p95": 539.8908081054686,
  "summary_csf_stdv": 92.39988708496094,
  "summary_gm_k": 0.44577126954106694,
  "summary_gm_mad": 59.95308917425253,
  "summary_gm_mean": 654.3278198242188,
  "summary_gm_median": 653.1651000976562,
  "summary_gm_n": 16014.0,
  "summary_gm_p05": 552.5470581054688,
  "summary_gm_p95": 760.8679534912109,
  "summary_gm_stdv": 63.34151840209961,
  "summary_wm_k": 0.7989883650914162,
  "summary_wm_mad": 50.98815986594259,
  "summary_wm_mean": 998.423828125,
  "summary_wm_median": 1000.0003051757812,
  "summary_wm_n": 183658.0,
  "summary_wm_p05": 904.9572692871094,
  "summary_wm_p95": 1084.9402282714843,
  "summary_wm_stdv": 55.05996322631836,
  "tpm_overlap_csf": 0.14786186814308167,
  "tpm_overlap_gm": 0.44937893748283386,
  "tpm_overlap_wm": 0.4860062897205353,
  "wm2max": 0.564319136027633
}