{
  "bids_meta": {
    "EchoTime": 0.00336,
    "FlipAngle": 9,
    "ImageType": [
      "ORIGINAL",
      "PRIMARY",
      "M",
      "ND",
      "NORM"
    ],
    "MagneticFieldStrength": 3,
    "Manufacturer": "Siemens",
    "ManufacturersModelName": "TrioTim",
    "PhaseEncodingDirection": "i-",
    "RepetitionTime": 2.3,
    "ScanningSequence": "GR_IR",
    "SequenceName": "_tfl3d1",
    "SequenceVariant": "SP_MP",
    "SoftwareVersions": "syngo_MR_B17",
    "dataset": "ds001486",
    "modality": "T1w",
    "session_id": "T2",
    "subject_id": "067"
  },
  "cjv": 0.3215131361262599,
  "cnr": 3.9507073779842865,
  "efc": 0.6468717149783112,
  "fber": 66.03562144743604,
  "fwhm_avg": 3.605219044447327,
  "fwhm_x": 3.60026,
  "fwhm_y": 3.84539,
  "fwhm_z": 3.3700071333419803,
  "icvs_csf": 0.2174776091335091,
  "icvs_gm": 0.44345880339652505,
  "icvs_wm": 0.33906358746996584,
  "inu_med": 1.4498865604400635,
  "inu_range": 0.5436237573623655,
  "provenance": {
    "md5sum": "2d28fb006271a8d6337696418fb4df5d",
    "settings": {
      "testing": false
    },
    "software": "mriqc",
    "version": "21.0.0rc2",
    "warnings": {
      "large_rot_frame": true,
      "small_air_mask": false
    },
    "webapi_port": null,
    "webapi_url": "https://mriqc.nimh.nih.gov/api/v1"
  },
  "qi_1": 0.0,
  "qi_2": 0.005199088575382915,
  "rpve_csf": 27.868549339172848,
  "rpve_gm": 14.354836113905172,
  "rpve_wm": 21.716231365831906,
  "size_x": 256,
  "size_y": 256,
  "size_z": 160,
  "snr_csf": 4.065970999901879,
  "snr_gm": 10.503929067497433,
  "snr_total": 11.020453372744475,
  "snr_wm": 18.491460050834114,
  "snrd_csf": 13.101570223693404,
  "snrd_gm": 20.59453067048685,
  "snrd_total": 21.612046171480547,
  "snrd_wm": 31.14003762026139,
  "spacing_x": 1.0,
  "spacing_y": 1.0,
  "spacing_z": 0.9999771118164062,
  "summary_bg_k": 1.2920591138968707,
  "summary_bg_mad": 21.03839432062702,
  "summary_bg_mean": 69.24352926253182,
  "summary_bg_median": 67.60724323242903,
  "summary_bg_n": 2267220.0,
  "summary_bg_p05": 37.18806141614914,
  "summary_bg_p95": 106.50791274011135,
  "summary_bg_stdv": 21.42514084323635,
  "summary_csf_k": 0.4305507305685765,
  "summary_csf_mad": 103.07604113985364,
  "summary_csf_mean": 412.2378212398394,
  "summary_csf_median": 420.7307211533189,
  "summary_csf_n": 14210.0,
  "summary_csf_p05": 231.87286385949702,
  "summary_csf_p95": 569.342288296111,
  "summary_csf_stdv": 103.47243422699692,
  "summary_gm_k": 0.5214575926377965,
  "summary_gm_mad": 59.064687503599416,
  "summary_gm_mean": 662.3906609680157,
  "summary_gm_median": 661.3521580137312,
  "summary_gm_n": 20769.0,
  "summary_gm_p05": 559.7781876325607,
  "summary_gm_p95": 766.5389159403741,
  "summary_gm_stdv": 62.960843695214635,
  "summary_wm_k": 0.7992621651687455,
  "summary_wm_mad": 49.81504862125478,
  "summary_wm_mean": 996.5697946834559,
  "summary_wm_median": 1000.0000199228525,
  "summary_wm_n": 143542.0,
  "summary_wm_p05": 900.95418529585,
  "summary_wm_p95": 1078.3314519189298,
  "summary_wm_stdv": 54.078830652993986,
  "tpm_overlap_csf": 0.14412306249141693,
  "tpm_overlap_gm": 0.46398958563804626,
  "tpm_overlap_wm": 0.498041033744812,
  "wm2max": 0.6239866879447351
}