{
  "bids_meta": {
    "EchoTime": 0.00336,
    "FlipAngle": 9,
    "ImageType": [
      "ORIGINAL",
      "PRIMARY",
      "M",
      "ND",
      "NORM"
    ],
    "MagneticFieldStrength": 3,
    "Manufacturer": "Siemens",
    "ManufacturersModelName": "TrioTim",
    "PhaseEncodingDirection": "i-",
    "RepetitionTime": 2.3,
    "ScanningSequence": "GR_IR",
    "SequenceName": "_tfl3d1",
    "SequenceVariant": "SP_MP",
    "SoftwareVersions": "syngo_MR_B17",
    "dataset": "ds001486",
    "modality": "T1w",
    "session_id": "T1",
    "subject_id": "055"
  },
  "cjv": 0.359288069430656,
  "cnr": 3.5731985102166095,
  "efc": 0.6775557002719169,
  "fber": 34.92336126188838,
  "fwhm_avg": 3.534957872471376,
  "fwhm_x": 3.67351,
  "fwhm_y": 3.57554,
  "fwhm_z": 3.3558236174141274,
  "icvs_csf": 0.22232557095813255,
  "icvs_gm": 0.459178024858579,
  "icvs_wm": 0.31849640418328845,
  "inu_med": 1.2663580179214478,
  "inu_range": 0.4016154527664184,
  "provenance": {
    "md5sum": "b1dcd736c4fc0dd7ba6a1c29377ab3e7",
    "settings": {
      "testing": false
    },
    "software": "mriqc",
    "version": "21.0.0rc2",
    "warnings": {
      "large_rot_frame": true,
      "small_air_mask": false
    },
    "webapi_port": null,
    "webapi_url": "https://mriqc.nimh.nih.gov/api/v1"
  },
  "qi_1": 0.0,
  "qi_2": 0.004133753742852569,
  "rpve_csf": 26.312678356128373,
  "rpve_gm": 13.516580211385449,
  "rpve_wm": 21.89717827502889,
  "size_x": 256,
  "size_y": 256,
  "size_z": 160,
  "snr_csf": 3.8617237792228583,
  "snr_gm": 10.223178527038153,
  "snr_total": 10.885723578715526,
  "snr_wm": 18.572268429885565,
  "snrd_csf": 9.438905761556967,
  "snrd_gm": 15.76018368955286,
  "snrd_total": 16.144114622294623,
  "snrd_wm": 23.233254415774045,
  "spacing_x": 1.0,
  "spacing_y": 1.0,
  "spacing_z": 0.9999542236328125,
  "summary_bg_k": 0.24762414973088864,
  "summary_bg_mad": 28.198218465395446,
  "summary_bg_mean": 102.72118647269488,
  "summary_bg_median": 100.98215075954795,
  "summary_bg_n": 2279562.0,
  "summary_bg_p05": 59.435654152184725,
  "summary_bg_p95": 152.03835203126073,
  "summary_bg_stdv": 28.311587902967684,
  "summary_csf_k": 0.19167648134506265,
  "summary_csf_mad": 103.08529045546203,
  "summary_csf_mean": 400.26520757990073,
  "summary_csf_median": 406.26705500483513,
  "summary_csf_n": 21086.0,
  "summary_csf_p05": 215.60527132451534,
  "summary_csf_p95": 560.4489880055189,
  "summary_csf_stdv": 105.20105645645849,
  "summary_gm_k": 0.10116032389945095,
  "summary_gm_mad": 64.71722270746496,
  "summary_gm_mean": 681.2491215689773,
  "summary_gm_median": 678.345941323787,
  "summary_gm_n": 28916.0,
  "summary_gm_p05": 576.1555903814733,
  "summary_gm_p95": 796.7203285852447,
  "summary_gm_stdv": 66.3525741855399,
  "summary_wm_k": 0.6253894496628538,
  "summary_wm_mad": 50.84924641300818,
  "summary_wm_mean": 999.5015749919671,
  "summary_wm_median": 1000.0000093355775,
  "summary_wm_n": 138385.0,
  "summary_wm_p05": 910.2034538164735,
  "summary_wm_p95": 1086.5227321013808,
  "summary_wm_stdv": 53.84352482282213,
  "tpm_overlap_csf": 0.1533714234828949,
  "tpm_overlap_gm": 0.47644659876823425,
  "tpm_overlap_wm": 0.4938057065010071,
  "wm2max": 0.5442460210918537
}