{
  "bids_meta": {
    "EchoTime": 0.00336,
    "FlipAngle": 9,
    "ImageType": [
      "ORIGINAL",
      "PRIMARY",
      "M",
      "ND",
      "NORM"
    ],
    "MagneticFieldStrength": 3,
    "Manufacturer": "Siemens",
    "ManufacturersModelName": "TrioTim",
    "PhaseEncodingDirection": "i-",
    "RepetitionTime": 2.3,
    "ScanningSequence": "GR_IR",
    "SequenceName": "_tfl3d1",
    "SequenceVariant": "SP_MP",
    "SoftwareVersions": "syngo_MR_B17",
    "dataset": "ds001486",
    "modality": "T1w",
    "session_id": "T1",
    "subject_id": "115"
  },
  "cjv": 0.3080003711413791,
  "cnr": 4.18044584234524,
  "efc": 0.6400932497473661,
  "fber": 79.05049417360286,
  "fwhm_avg": 3.9544774328446652,
  "fwhm_x": 4.03487,
  "fwhm_y": 4.13246,
  "fwhm_z": 3.696102298533995,
  "icvs_csf": 0.23802612116636074,
  "icvs_gm": 0.42328960363594975,
  "icvs_wm": 0.3386842751976895,
  "inu_med": 1.268872857093811,
  "inu_range": 0.4822324216365812,
  "provenance": {
    "md5sum": "263bec5a21429d9f1f53f548f03dc2da",
    "settings": {
      "testing": false
    },
    "software": "mriqc",
    "version": "21.0.0rc2",
    "warnings": {
      "large_rot_frame": true,
      "small_air_mask": false
    },
    "webapi_port": null,
    "webapi_url": "https://mriqc.nimh.nih.gov/api/v1"
  },
  "qi_1": 0.0,
  "qi_2": 0.006538779977143257,
  "rpve_csf": 21.461368621505848,
  "rpve_gm": 12.179789673010948,
  "rpve_wm": 18.080617066762066,
  "size_x": 256,
  "size_y": 256,
  "size_z": 160,
  "snr_csf": 3.4403322600767066,
  "snr_gm": 10.267331666533735,
  "snr_total": 11.342599407021682,
  "snr_wm": 20.320134294454608,
  "snrd_csf": 11.51291858600866,
  "snrd_gm": 22.04845239744398,
  "snrd_total": 22.431417466204007,
  "snrd_wm": 33.732881415159376,
  "spacing_x": 1.0,
  "spacing_y": 1.0,
  "spacing_z": 0.9999885559082031,
  "summary_bg_k": 0.838644774672411,
  "summary_bg_mad": 19.421298600697384,
  "summary_bg_mean": 62.60710062848861,
  "summary_bg_median": 61.05683697387576,
  "summary_bg_n": 2224622.0,
  "summary_bg_p05": 33.12610936909914,
  "summary_bg_p95": 97.15807949006557,
  "summary_bg_stdv": 19.775942276304278,
  "summary_csf_k": 0.010003786236021384,
  "summary_csf_mad": 107.17923431164523,
  "summary_csf_mean": 346.2386719523924,
  "summary_csf_median": 341.29661744087934,
  "summary_csf_n": 22171.0,
  "summary_csf_p05": 197.82415179535747,
  "summary_csf_p95": 509.3028303068131,
  "summary_csf_stdv": 99.20231379953849,
  "summary_gm_k": 0.5118628721752132,
  "summary_gm_mad": 60.33769548318357,
  "summary_gm_mean": 654.6810938158039,
  "summary_gm_median": 653.6189904268831,
  "summary_gm_n": 23394.0,
  "summary_gm_p05": 551.1833799736575,
  "summary_gm_p95": 761.2788458764553,
  "summary_gm_stdv": 63.658703322915585,
  "summary_wm_k": 0.6448251118067865,
  "summary_wm_mad": 46.34777699963037,
  "summary_wm_mean": 997.5841330754554,
  "summary_wm_median": 999.9999772012234,
  "summary_wm_n": 187863.0,
  "summary_wm_p05": 912.4333717375994,
  "summary_wm_p95": 1073.3569915145636,
  "summary_wm_stdv": 49.21214108100985,
  "tpm_overlap_csf": 0.15981000661849976,
  "tpm_overlap_gm": 0.4579419493675232,
  "tpm_overlap_wm": 0.5043612122535706,
  "wm2max": 0.5542822419697688
}