{
  "bids_meta": {
    "EchoTime": 0.00336,
    "FlipAngle": 9,
    "ImageType": [
      "ORIGINAL",
      "PRIMARY",
      "M",
      "ND",
      "NORM"
    ],
    "MagneticFieldStrength": 3,
    "Manufacturer": "Siemens",
    "ManufacturersModelName": "TrioTim",
    "PhaseEncodingDirection": "i-",
    "RepetitionTime": 2.3,
    "ScanningSequence": "GR_IR",
    "SequenceName": "_tfl3d1",
    "SequenceVariant": "SP_MP",
    "SoftwareVersions": "syngo_MR_B17",
    "dataset": "ds001486",
    "modality": "T1w",
    "session_id": "T1",
    "subject_id": "085"
  },
  "cjv": 0.34862083058309734,
  "cnr": 3.533863199218606,
  "efc": 0.6556930851088395,
  "fber": 12.038053512573242,
  "fwhm_avg": 3.604269971311726,
  "fwhm_x": 3.63841,
  "fwhm_y": 3.73517,
  "fwhm_z": 3.439229913935177,
  "icvs_csf": 0.21575874351369814,
  "icvs_gm": 0.47560498156468906,
  "icvs_wm": 0.30863627492161283,
  "inu_med": 1.2144362926483154,
  "inu_range": 0.4150203466415405,
  "provenance": {
    "md5sum": "ff50949774029aac1799f7230a1380e4",
    "settings": {
      "testing": false
    },
    "software": "mriqc",
    "version": "21.0.0rc2",
    "warnings": {
      "large_rot_frame": true,
      "small_air_mask": false
    },
    "webapi_port": null,
    "webapi_url": "https://mriqc.nimh.nih.gov/api/v1"
  },
  "qi_1": 0.0,
  "qi_2": 0.0036959895925501598,
  "rpve_csf": 27.63485270198918,
  "rpve_gm": 13.456425319773906,
  "rpve_wm": 22.298227402701915,
  "size_x": 256,
  "size_y": 256,
  "size_z": 160,
  "snr_csf": 3.6553081597277495,
  "snr_gm": 11.052409606506881,
  "snr_total": 10.247265521980871,
  "snr_wm": 16.034078799707984,
  "snrd_csf": 8.639129362675542,
  "snrd_gm": 14.777163836763995,
  "snrd_total": 15.113550828885716,
  "snrd_wm": 21.92435928721761,
  "spacing_x": 1.0,
  "spacing_y": 1.0,
  "spacing_z": 0.99993896484375,
  "summary_bg_k": 0.3572531175530078,
  "summary_bg_mad": 29.88219655623824,
  "summary_bg_mean": 108.72423553466797,
  "summary_bg_median": 106.87191772460938,
  "summary_bg_n": 3305838.0,
  "summary_bg_p05": 62.64091320037842,
  "summary_bg_p95": 160.92366485595704,
  "summary_bg_stdv": 30.023534774780273,
  "summary_csf_k": 0.16503961753058682,
  "summary_csf_mad": 106.78045676373992,
  "summary_csf_mean": 388.29541015625,
  "summary_csf_median": 394.04949951171875,
  "summary_csf_n": 18858.0,
  "summary_csf_p05": 203.9641441345215,
  "summary_csf_p95": 556.6089569091795,
  "summary_csf_stdv": 107.79913330078125,
  "summary_gm_k": 0.32097727420699984,
  "summary_gm_mad": 57.507211771665375,
  "summary_gm_mean": 676.00244140625,
  "summary_gm_median": 674.0186157226562,
  "summary_gm_n": 27247.0,
  "summary_gm_p05": 578.6152404785156,
  "summary_gm_p95": 781.1878967285156,
  "summary_gm_stdv": 60.98274230957031,
  "summary_wm_k": 0.8200362849451746,
  "summary_wm_mad": 56.14288110464823,
  "summary_wm_mean": 995.03515625,
  "summary_wm_median": 1000.0177612304688,
  "summary_wm_n": 120465.0,
  "summary_wm_p05": 880.991162109375,
  "summary_wm_p95": 1087.9566162109375,
  "summary_wm_stdv": 62.368011474609375,
  "tpm_overlap_csf": 0.1594783514738083,
  "tpm_overlap_gm": 0.4702379107475281,
  "tpm_overlap_wm": 0.46923771500587463,
  "wm2max": 0.6291941531877271
}