{
  "bids_meta": {
    "EchoTime": 0.00336,
    "FlipAngle": 9,
    "ImageType": [
      "ORIGINAL",
      "PRIMARY",
      "M",
      "ND",
      "NORM"
    ],
    "MagneticFieldStrength": 3,
    "Manufacturer": "Siemens",
    "ManufacturersModelName": "TrioTim",
    "PhaseEncodingDirection": "i-",
    "RepetitionTime": 2.3,
    "ScanningSequence": "GR_IR",
    "SequenceName": "_tfl3d1",
    "SequenceVariant": "SP_MP",
    "SoftwareVersions": "syngo_MR_B17",
    "dataset": "ds001486",
    "modality": "T1w",
    "session_id": "T1",
    "subject_id": "031"
  },
  "cjv": 0.34447161941775745,
  "cnr": 3.803293807867835,
  "efc": 0.5819530847202016,
  "fber": 62.06717300415039,
  "fwhm_avg": 3.369854015685556,
  "fwhm_x": 3.38847,
  "fwhm_y": 3.51137,
  "fwhm_z": 3.2097220470566694,
  "icvs_csf": 0.21666441798050584,
  "icvs_gm": 0.4541682857973668,
  "icvs_wm": 0.32916729622212737,
  "inu_med": 1.2364892959594727,
  "inu_range": 0.31670845746994036,
  "provenance": {
    "md5sum": "a84a45607d93615c638becf91624b25a",
    "settings": {
      "testing": false
    },
    "software": "mriqc",
    "version": "21.0.0rc2",
    "warnings": {
      "large_rot_frame": true,
      "small_air_mask": false
    },
    "webapi_port": null,
    "webapi_url": "https://mriqc.nimh.nih.gov/api/v1"
  },
  "qi_1": 0.0,
  "qi_2": 0.004517682586063579,
  "rpve_csf": 24.6745084461182,
  "rpve_gm": 12.625642296833941,
  "rpve_wm": 19.939537687288315,
  "size_x": 256,
  "size_y": 256,
  "size_z": 160,
  "snr_csf": 3.8349035371085796,
  "snr_gm": 10.52310732369004,
  "snr_total": 10.52993025316348,
  "snr_wm": 17.23177989869182,
  "snrd_csf": 10.818610153983236,
  "snrd_gm": 18.980764920206095,
  "snrd_total": 19.483139324825,
  "snrd_wm": 28.650042900285662,
  "spacing_x": 1.0,
  "spacing_y": 1.0,
  "spacing_z": 1.000030517578125,
  "summary_bg_k": 0.564199196739116,
  "summary_bg_mad": 22.866887129218863,
  "summary_bg_mean": 78.23320007324219,
  "summary_bg_median": 76.3841323852539,
  "summary_bg_n": 3833191.0,
  "summary_bg_p05": 43.31757926940918,
  "summary_bg_p95": 119.25963592529297,
  "summary_bg_stdv": 23.30727767944336,
  "summary_csf_k": 0.7932878425333842,
  "summary_csf_mad": 96.85784008183383,
  "summary_csf_mean": 377.2926940917969,
  "summary_csf_median": 377.6128845214844,
  "summary_csf_n": 19049.0,
  "summary_csf_p05": 219.66100463867187,
  "summary_csf_p95": 532.8667724609373,
  "summary_csf_stdv": 98.46479034423828,
  "summary_gm_k": 0.20699310498968293,
  "summary_gm_mad": 60.63661187063205,
  "summary_gm_mean": 664.07470703125,
  "summary_gm_median": 662.5048217773438,
  "summary_gm_n": 28210.0,
  "summary_gm_p05": 562.4531341552735,
  "summary_gm_p95": 770.7528411865235,
  "summary_gm_stdv": 62.956031799316406,
  "summary_wm_k": 0.3395757916040063,
  "summary_wm_mad": 55.62138228963066,
  "summary_wm_mean": 998.30419921875,
  "summary_wm_median": 1000.0014038085938,
  "summary_wm_n": 154176.0,
  "summary_wm_p05": 899.9906921386719,
  "summary_wm_p95": 1090.7601013183594,
  "summary_wm_stdv": 58.032203674316406,
  "tpm_overlap_csf": 0.15343253314495087,
  "tpm_overlap_gm": 0.45917242765426636,
  "tpm_overlap_wm": 0.49000900983810425,
  "wm2max": 0.5339422162484422
}