{
  "bids_meta": {
    "EchoTime": 0.00336,
    "FlipAngle": 9,
    "ImageType": [
      "ORIGINAL",
      "PRIMARY",
      "M",
      "ND",
      "NORM"
    ],
    "MagneticFieldStrength": 3,
    "Manufacturer": "Siemens",
    "ManufacturersModelName": "TrioTim",
    "PhaseEncodingDirection": "i-",
    "RepetitionTime": 2.3,
    "ScanningSequence": "GR_IR",
    "SequenceName": "_tfl3d1",
    "SequenceVariant": "SP_MP",
    "SoftwareVersions": "syngo_MR_B17",
    "dataset": "ds001486",
    "modality": "T1w",
    "session_id": "T1",
    "subject_id": "106"
  },
  "cjv": 0.32086717521035363,
  "cnr": 4.062156981923608,
  "efc": 0.7011070303500437,
  "fber": 40.6595390124155,
  "fwhm_avg": 3.840964003113007,
  "fwhm_x": 3.88885,
  "fwhm_y": 3.96389,
  "fwhm_z": 3.6701520093390205,
  "icvs_csf": 0.2300436972598024,
  "icvs_gm": 0.4472822551965317,
  "icvs_wm": 0.3226740475436659,
  "inu_med": 1.1226903200149536,
  "inu_range": 0.375364029407501,
  "provenance": {
    "md5sum": "fa51f691162eb6318feee3cac3689733",
    "settings": {
      "testing": false
    },
    "software": "mriqc",
    "version": "21.0.0rc2",
    "warnings": {
      "large_rot_frame": true,
      "small_air_mask": false
    },
    "webapi_port": null,
    "webapi_url": "https://mriqc.nimh.nih.gov/api/v1"
  },
  "qi_1": 0.0,
  "qi_2": 0.004371177279319533,
  "rpve_csf": 17.16508191864574,
  "rpve_gm": 9.227910546917082,
  "rpve_wm": 14.713840351339183,
  "size_x": 256,
  "size_y": 256,
  "size_z": 160,
  "snr_csf": 3.8840402481462606,
  "snr_gm": 10.240334258803562,
  "snr_total": 11.311196261394045,
  "snr_wm": 19.80921427723231,
  "snrd_csf": 9.11919788457249,
  "snrd_gm": 16.756825961925568,
  "snrd_total": 17.173458289477683,
  "snrd_wm": 25.644351021934988,
  "spacing_x": 1.0,
  "spacing_y": 1.0,
  "spacing_z": 0.9999313354492188,
  "summary_bg_k": 0.260241176822372,
  "summary_bg_mad": 25.54700496720489,
  "summary_bg_mean": 92.48852952367953,
  "summary_bg_median": 90.83300309255719,
  "summary_bg_n": 1720864.0,
  "summary_bg_p05": 53.269002355635166,
  "summary_bg_p95": 137.2587602287531,
  "summary_bg_stdv": 25.669583060544873,
  "summary_csf_k": 0.05421514219780432,
  "summary_csf_mad": 93.5020381799699,
  "summary_csf_mean": 354.51001759419796,
  "summary_csf_median": 355.6025915108621,
  "summary_csf_n": 41869.0,
  "summary_csf_p05": 204.85426876321435,
  "summary_csf_p95": 501.47694823890924,
  "summary_csf_stdv": 91.55372296815409,
  "summary_gm_k": 0.0729784968946321,
  "summary_gm_mad": 62.736145055178866,
  "summary_gm_mean": 656.1982078049225,
  "summary_gm_median": 653.4314544964582,
  "summary_gm_n": 50072.0,
  "summary_gm_p05": 555.0191880835221,
  "summary_gm_p95": 765.3603610172868,
  "summary_gm_stdv": 63.80894539487049,
  "summary_wm_k": 0.3888823110911557,
  "summary_wm_mad": 48.46631799492585,
  "summary_wm_mean": 998.6869438279896,
  "summary_wm_median": 999.9999776780605,
  "summary_wm_n": 210107.0,
  "summary_wm_p05": 913.3516928851604,
  "summary_wm_p95": 1078.6234497316182,
  "summary_wm_stdv": 50.481436766766706,
  "tpm_overlap_csf": 0.13115692138671875,
  "tpm_overlap_gm": 0.41657695174217224,
  "tpm_overlap_wm": 0.41283324360847473,
  "wm2max": 0.5394775699425097
}