{
  "bids_meta": {
    "EchoTime": 0.00336,
    "FlipAngle": 9,
    "ImageType": [
      "ORIGINAL",
      "PRIMARY",
      "M",
      "ND",
      "NORM"
    ],
    "MagneticFieldStrength": 3,
    "Manufacturer": "Siemens",
    "ManufacturersModelName": "TrioTim",
    "PhaseEncodingDirection": "i-",
    "RepetitionTime": 2.3,
    "ScanningSequence": "GR_IR",
    "SequenceName": "_tfl3d1",
    "SequenceVariant": "SP_MP",
    "SoftwareVersions": "syngo_MR_B17",
    "dataset": "ds001486",
    "modality": "T1w",
    "session_id": "T1",
    "subject_id": "003"
  },
  "cjv": 0.3253947603844653,
  "cnr": 3.79112838100796,
  "efc": 0.6415761762713668,
  "fber": 27.386255264282227,
  "fwhm_avg": 3.4520140338175054,
  "fwhm_x": 3.4785,
  "fwhm_y": 3.5929395716882264,
  "fwhm_z": 3.284602529764289,
  "icvs_csf": 0.23296431589519226,
  "icvs_gm": 0.4519613304535395,
  "icvs_wm": 0.3150743536512683,
  "inu_med": 1.1808340549468994,
  "inu_range": 0.3318727493286133,
  "provenance": {
    "md5sum": "5ae66869ec0111879cc2706fb36d59da",
    "settings": {
      "testing": false
    },
    "software": "mriqc",
    "version": "21.0.0rc2",
    "warnings": {
      "large_rot_frame": true,
      "small_air_mask": false
    },
    "webapi_port": null,
    "webapi_url": "https://mriqc.nimh.nih.gov/api/v1"
  },
  "qi_1": 0.0,
  "qi_2": 0.003130757081074287,
  "rpve_csf": 21.43621842052094,
  "rpve_gm": 11.543146765613125,
  "rpve_wm": 18.822124994126554,
  "size_x": 256,
  "size_y": 256,
  "size_z": 160,
  "snr_csf": 3.6296132375881016,
  "snr_gm": 10.963819765340189,
  "snr_total": 10.821075561219443,
  "snr_wm": 17.869793680730034,
  "snrd_csf": 7.675800189338622,
  "snrd_gm": 14.311799721491447,
  "snrd_total": 14.509514648782934,
  "snrd_wm": 21.540944035518734,
  "spacing_x": 1.0,
  "spacing_y": 1.0000001192092896,
  "spacing_z": 0.9999961853027344,
  "summary_bg_k": 10.338099030014892,
  "summary_bg_mad": 30.413219534066947,
  "summary_bg_mean": 110.49925994873047,
  "summary_bg_median": 108.15516662597656,
  "summary_bg_n": 3408981.0,
  "summary_bg_p05": 63.56904220581055,
  "summary_bg_p95": 164.3877716064453,
  "summary_bg_stdv": 32.13243865966797,
  "summary_csf_k": -0.16830866720323012,
  "summary_csf_mad": 105.00188157122447,
  "summary_csf_mean": 357.8099670410156,
  "summary_csf_median": 356.33160400390625,
  "summary_csf_n": 29836.0,
  "summary_csf_p05": 204.4741668701172,
  "summary_csf_p95": 519.4715118408203,
  "summary_csf_stdv": 98.17179107666016,
  "summary_gm_k": 0.30986495687355164,
  "summary_gm_mad": 57.48006451424645,
  "summary_gm_mean": 665.6283569335938,
  "summary_gm_median": 664.392822265625,
  "summary_gm_n": 36605.0,
  "summary_gm_p05": 567.1834594726563,
  "summary_gm_p95": 767.2717407226562,
  "summary_gm_stdv": 60.597835540771484,
  "summary_wm_k": 0.7729436009586435,
  "summary_wm_mad": 51.72131679796972,
  "summary_wm_mean": 996.28955078125,
  "summary_wm_median": 999.9894409179688,
  "summary_wm_n": 165086.0,
  "summary_wm_p05": 897.9490203857422,
  "summary_wm_p95": 1081.0109252929688,
  "summary_wm_stdv": 55.9595947265625,
  "tpm_overlap_csf": 0.1581779420375824,
  "tpm_overlap_gm": 0.4588170647621155,
  "tpm_overlap_wm": 0.4735811948776245,
  "wm2max": 0.4911063874871198
}