{
  "bids_meta": {
    "EchoTime": 0.00336,
    "FlipAngle": 9,
    "ImageType": [
      "ORIGINAL",
      "PRIMARY",
      "M",
      "ND",
      "NORM"
    ],
    "MagneticFieldStrength": 3,
    "Manufacturer": "Siemens",
    "ManufacturersModelName": "TrioTim",
    "PhaseEncodingDirection": "i-",
    "RepetitionTime": 2.3,
    "ScanningSequence": "GR_IR",
    "SequenceName": "_tfl3d1",
    "SequenceVariant": "SP_MP",
    "SoftwareVersions": "syngo_MR_B17",
    "dataset": "ds001486",
    "modality": "T1w",
    "session_id": "T1",
    "subject_id": "012"
  },
  "cjv": 0.3186268770936442,
  "cnr": 3.952829428670932,
  "efc": 0.6870437349543285,
  "fber": 29.044516809105875,
  "fwhm_avg": 3.732399133986132,
  "fwhm_x": 3.74765,
  "fwhm_y": 3.88576,
  "fwhm_z": 3.563787401958397,
  "icvs_csf": 0.23113754574126855,
  "icvs_gm": 0.44521441488952024,
  "icvs_wm": 0.3236480393692112,
  "inu_med": 1.173780918121338,
  "inu_range": 0.3959655225276948,
  "provenance": {
    "md5sum": "da97013e873386901b00993130c800e7",
    "settings": {
      "testing": false
    },
    "software": "mriqc",
    "version": "21.0.0rc2",
    "warnings": {
      "large_rot_frame": true,
      "small_air_mask": false
    },
    "webapi_port": null,
    "webapi_url": "https://mriqc.nimh.nih.gov/api/v1"
  },
  "qi_1": 0.0,
  "qi_2": 0.004369718068609358,
  "rpve_csf": 25.17757135913056,
  "rpve_gm": 13.527342417187073,
  "rpve_wm": 21.13105354184788,
  "size_x": 256,
  "size_y": 256,
  "size_z": 160,
  "snr_csf": 3.8799864979664664,
  "snr_gm": 10.769414633497943,
  "snr_total": 11.410991936156707,
  "snr_wm": 19.583574677005714,
  "snrd_csf": 8.408887903358279,
  "snrd_gm": 15.24697335134417,
  "snrd_total": 15.543243307067371,
  "snrd_wm": 22.973868666499666,
  "spacing_x": 1.0,
  "spacing_y": 1.0,
  "spacing_z": 0.999992311000824,
  "summary_bg_k": 0.4240014655458295,
  "summary_bg_mad": 28.516588445949523,
  "summary_bg_mean": 103.67385837045887,
  "summary_bg_median": 101.74775733426213,
  "summary_bg_n": 1997920.0,
  "summary_bg_p05": 59.67855080589652,
  "summary_bg_p95": 154.13665439933538,
  "summary_bg_stdv": 28.893366392000253,
  "summary_csf_k": 0.1259174790721258,
  "summary_csf_mad": 94.66465662194202,
  "summary_csf_mean": 365.09776748055475,
  "summary_csf_median": 366.0196622274816,
  "summary_csf_n": 32062.0,
  "summary_csf_p05": 210.78516840934753,
  "summary_csf_p95": 518.0462692638857,
  "summary_csf_stdv": 94.33382161943815,
  "summary_gm_k": 0.24406877783917746,
  "summary_gm_mad": 59.1816869802925,
  "summary_gm_mean": 664.8553474674949,
  "summary_gm_median": 663.6658854521811,
  "summary_gm_n": 30626.0,
  "summary_gm_p05": 564.9152297312394,
  "summary_gm_p95": 768.8828153498471,
  "summary_gm_stdv": 61.624059704401695,
  "summary_wm_k": 0.5383958854092996,
  "summary_wm_mad": 47.98339197412054,
  "summary_wm_mean": 998.4277535592763,
  "summary_wm_median": 999.9999697953463,
  "summary_wm_n": 148493.0,
  "summary_wm_p05": 911.1891521722079,
  "summary_wm_p95": 1079.2200622558594,
  "summary_wm_stdv": 51.06302700710961,
  "tpm_overlap_csf": 0.13454660773277283,
  "tpm_overlap_gm": 0.4557449519634247,
  "tpm_overlap_wm": 0.47237199544906616,
  "wm2max": 0.5937921368460859
}