{
  "bids_meta": {
    "EchoTime": 0.00336,
    "FlipAngle": 9,
    "ImageType": [
      "ORIGINAL",
      "PRIMARY",
      "M",
      "ND",
      "NORM"
    ],
    "MagneticFieldStrength": 3,
    "Manufacturer": "Siemens",
    "ManufacturersModelName": "TrioTim",
    "PhaseEncodingDirection": "i-",
    "RepetitionTime": 2.3,
    "ScanningSequence": "GR_IR",
    "SequenceName": "_tfl3d1",
    "SequenceVariant": "SP_MP",
    "SoftwareVersions": "syngo_MR_B17",
    "dataset": "ds001486",
    "modality": "T1w",
    "session_id": "T2",
    "subject_id": "023"
  },
  "cjv": 0.30305917499185375,
  "cnr": 4.133472742845075,
  "efc": 0.6832318429910963,
  "fber": 53.89852413724014,
  "fwhm_avg": 4.008390440389196,
  "fwhm_x": 4.105850244727746,
  "fwhm_y": 4.0962502441555415,
  "fwhm_z": 3.8230708322842997,
  "icvs_csf": 0.23861493973722608,
  "icvs_gm": 0.4242145538089999,
  "icvs_wm": 0.337170506453774,
  "inu_med": 1.264005422592163,
  "inu_range": 0.5978912919759749,
  "provenance": {
    "md5sum": "9477eb0b85f6f3fcad0c0e0380eac21b",
    "settings": {
      "testing": false
    },
    "software": "mriqc",
    "version": "21.0.0rc2",
    "warnings": {
      "large_rot_frame": true,
      "small_air_mask": false
    },
    "webapi_port": null,
    "webapi_url": "https://mriqc.nimh.nih.gov/api/v1"
  },
  "qi_1": 0.0,
  "qi_2": 0.0055511818908301255,
  "rpve_csf": 19.15352318195989,
  "rpve_gm": 10.914449751030793,
  "rpve_wm": 16.00751945655536,
  "size_x": 256,
  "size_y": 256,
  "size_z": 160,
  "snr_csf": 3.716146628813578,
  "snr_gm": 10.376408107137376,
  "snr_total": 10.857843464092113,
  "snr_wm": 18.480975656325388,
  "snrd_csf": 10.495971175379907,
  "snrd_gm": 18.496308969985353,
  "snrd_total": 19.207254830806246,
  "snrd_wm": 28.629484347053477,
  "spacing_x": 0.9999999403953552,
  "spacing_y": 0.9999999403953552,
  "spacing_z": 1.0000076293945312,
  "summary_bg_k": 0.2720497397870276,
  "summary_bg_mad": 22.883274634786183,
  "summary_bg_mean": 74.76667071620126,
  "summary_bg_median": 73.05094876140356,
  "summary_bg_n": 1921070.0,
  "summary_bg_p05": 40.12101927772164,
  "summary_bg_p95": 115.18898103013635,
  "summary_bg_stdv": 22.975485895341386,
  "summary_csf_k": -0.1342376221820185,
  "summary_csf_mad": 101.80456840362262,
  "summary_csf_mean": 362.89721154842226,
  "summary_csf_median": 366.6140351705253,
  "summary_csf_n": 36439.0,
  "summary_csf_p05": 197.53572879359126,
  "summary_csf_p95": 518.4644197177141,
  "summary_csf_stdv": 98.65299764444953,
  "summary_gm_k": 0.5605711323603999,
  "summary_gm_mad": 57.988298222242264,
  "summary_gm_mean": 646.6774222459662,
  "summary_gm_median": 646.0580306425691,
  "summary_gm_n": 36076.0,
  "summary_gm_p05": 544.1111783795059,
  "summary_gm_p95": 751.1180986091495,
  "summary_gm_stdv": 62.26134031978605,
  "summary_wm_k": 1.1294676477968997,
  "summary_wm_mad": 49.27705162831798,
  "summary_wm_mean": 996.8768783326179,
  "summary_wm_median": 999.9999624565244,
  "summary_wm_n": 212824.0,
  "summary_wm_p05": 902.3502248264849,
  "summary_wm_p95": 1078.6196209974587,
  "summary_wm_stdv": 54.10956822252476,
  "tpm_overlap_csf": 0.14931461215019226,
  "tpm_overlap_gm": 0.4489653408527374,
  "tpm_overlap_wm": 0.4877671003341675,
  "wm2max": 0.6368078630664843
}