{
  "bids_meta": {
    "EchoTime": 0.00336,
    "FlipAngle": 9,
    "ImageType": [
      "ORIGINAL",
      "PRIMARY",
      "M",
      "ND",
      "NORM"
    ],
    "MagneticFieldStrength": 3,
    "Manufacturer": "Siemens",
    "ManufacturersModelName": "TrioTim",
    "PhaseEncodingDirection": "i-",
    "RepetitionTime": 2.3,
    "ScanningSequence": "GR_IR",
    "SequenceName": "_tfl3d1",
    "SequenceVariant": "SP_MP",
    "SoftwareVersions": "syngo_MR_B17",
    "dataset": "ds001486",
    "modality": "T1w",
    "session_id": "T1",
    "subject_id": "033"
  },
  "cjv": 0.3027168610605947,
  "cnr": 4.07531578350185,
  "efc": 0.6317434466943171,
  "fber": 25.686067581176758,
  "fwhm_avg": 3.664138472122609,
  "fwhm_x": 3.69036,
  "fwhm_y": 3.82319,
  "fwhm_z": 3.478865416367826,
  "icvs_csf": 0.22327010141591352,
  "icvs_gm": 0.45836494354605667,
  "icvs_wm": 0.3183649550380298,
  "inu_med": 1.1230406761169434,
  "inu_range": 0.3044722080230714,
  "provenance": {
    "md5sum": "36067f716ce01b1e6debfe04342a1b8a",
    "settings": {
      "testing": false
    },
    "software": "mriqc",
    "version": "21.0.0rc2",
    "warnings": {
      "large_rot_frame": true,
      "small_air_mask": false
    },
    "webapi_port": null,
    "webapi_url": "https://mriqc.nimh.nih.gov/api/v1"
  },
  "qi_1": 0.0,
  "qi_2": 0.004451502390376234,
  "rpve_csf": 24.726864823885336,
  "rpve_gm": 12.950951289470058,
  "rpve_wm": 21.12338674531505,
  "size_x": 256,
  "size_y": 256,
  "size_z": 160,
  "snr_csf": 3.955798715841668,
  "snr_gm": 10.765724888265929,
  "snr_total": 11.281274191084227,
  "snr_wm": 19.122298969145085,
  "snrd_csf": 9.706146789378389,
  "snrd_gm": 16.659971377433976,
  "snrd_total": 17.25467191106811,
  "snrd_wm": 25.397897566391972,
  "spacing_x": 1.0,
  "spacing_y": 1.0,
  "spacing_z": 0.9999237060546875,
  "summary_bg_k": 0.5131006620197298,
  "summary_bg_mad": 25.794860233815736,
  "summary_bg_mean": 95.33378601074219,
  "summary_bg_median": 93.84199523925781,
  "summary_bg_n": 3381239.0,
  "summary_bg_p05": 55.45308570861816,
  "summary_bg_p95": 140.47683868408197,
  "summary_bg_stdv": 26.071796417236328,
  "summary_csf_k": 0.1644724571653895,
  "summary_csf_mad": 95.668971188601,
  "summary_csf_mean": 379.4956359863281,
  "summary_csf_median": 382.1627197265625,
  "summary_csf_n": 18396.0,
  "summary_csf_p05": 216.7289924621582,
  "summary_csf_p95": 530.8702850341797,
  "summary_csf_stdv": 96.60560607910156,
  "summary_gm_k": 0.4896827380944675,
  "summary_gm_mad": 56.44014357338547,
  "summary_gm_mean": 659.590087890625,
  "summary_gm_median": 655.95751953125,
  "summary_gm_n": 31413.0,
  "summary_gm_p05": 565.6160278320312,
  "summary_gm_p95": 766.3676025390624,
  "summary_gm_stdv": 60.92920684814453,
  "summary_wm_k": 0.8857899196970531,
  "summary_wm_mad": 47.706780370858965,
  "summary_wm_mean": 996.2509155273438,
  "summary_wm_median": 999.9982299804688,
  "summary_wm_n": 146924.0,
  "summary_wm_p05": 903.0158233642578,
  "summary_wm_p95": 1074.504931640625,
  "summary_wm_stdv": 52.29469680786133,
  "tpm_overlap_csf": 0.16100798547267914,
  "tpm_overlap_gm": 0.47664159536361694,
  "tpm_overlap_wm": 0.488887220621109,
  "wm2max": 0.6250904177015166
}