{
  "bids_meta": {
    "EchoTime": 0.00336,
    "FlipAngle": 9,
    "ImageType": [
      "ORIGINAL",
      "PRIMARY",
      "M",
      "ND",
      "NORM"
    ],
    "MagneticFieldStrength": 3,
    "Manufacturer": "Siemens",
    "ManufacturersModelName": "TrioTim",
    "PhaseEncodingDirection": "i-",
    "RepetitionTime": 2.3,
    "ScanningSequence": "GR_IR",
    "SequenceName": "_tfl3d1",
    "SequenceVariant": "SP_MP",
    "SoftwareVersions": "syngo_MR_B17",
    "dataset": "ds001486",
    "modality": "T1w",
    "session_id": "T2",
    "subject_id": "103"
  },
  "cjv": 0.27553693078999,
  "cnr": 4.585163937790677,
  "efc": 0.62435995157231,
  "fber": 93.77669109597468,
  "fwhm_avg": 3.7080943011059575,
  "fwhm_x": 3.81768,
  "fwhm_y": 3.8145895452654903,
  "fwhm_z": 3.492013358052383,
  "icvs_csf": 0.22157368068894184,
  "icvs_gm": 0.4442900891637655,
  "icvs_wm": 0.33413623014729266,
  "inu_med": 1.3486175537109375,
  "inu_range": 0.5613876581192017,
  "provenance": {
    "md5sum": "a5d2119cf9b9571377445386dd4d6fe5",
    "settings": {
      "testing": false
    },
    "software": "mriqc",
    "version": "21.0.0rc2",
    "warnings": {
      "large_rot_frame": true,
      "small_air_mask": false
    },
    "webapi_port": null,
    "webapi_url": "https://mriqc.nimh.nih.gov/api/v1"
  },
  "qi_1": 0.0,
  "qi_2": 0.00660243039248762,
  "rpve_csf": 24.26768273049265,
  "rpve_gm": 12.74416091352773,
  "rpve_wm": 19.642741284486725,
  "size_x": 256,
  "size_y": 256,
  "size_z": 160,
  "snr_csf": 3.7417572717814696,
  "snr_gm": 11.070253639289696,
  "snr_total": 11.261311843037232,
  "snr_wm": 18.97192461804053,
  "snrd_csf": 14.077394677745389,
  "snrd_gm": 23.838813663463846,
  "snrd_total": 25.169541090720163,
  "snrd_wm": 37.59241493095126,
  "spacing_x": 1.0,
  "spacing_y": 1.0000001192092896,
  "spacing_z": 1.0000076293945312,
  "summary_bg_k": 0.46968945826203345,
  "summary_bg_mad": 17.427355502902344,
  "summary_bg_mean": 56.26471481897893,
  "summary_bg_median": 54.97289368882775,
  "summary_bg_n": 2533205.0,
  "summary_bg_p05": 29.94376052543521,
  "summary_bg_p95": 87.09530345723033,
  "summary_bg_stdv": 17.5314319218323,
  "summary_csf_k": 4.316382001674199,
  "summary_csf_mad": 102.61106731450259,
  "summary_csf_mean": 371.54878418613447,
  "summary_csf_median": 374.47433848306537,
  "summary_csf_n": 20156.0,
  "summary_csf_p05": 207.32634191215038,
  "summary_csf_p95": 527.9424444586039,
  "summary_csf_stdv": 100.07732243637112,
  "summary_gm_k": 0.6279939492123625,
  "summary_gm_mad": 53.408835183463644,
  "summary_gm_mean": 634.0101171185518,
  "summary_gm_median": 634.1389284878969,
  "summary_gm_n": 20732.0,
  "summary_gm_p05": 539.6235510392114,
  "summary_gm_p95": 727.8715121969581,
  "summary_gm_stdv": 57.281762030269626,
  "summary_wm_k": 1.0212078334913892,
  "summary_wm_mad": 47.399402251428356,
  "summary_wm_mean": 995.5712375151734,
  "summary_wm_median": 1000.0000025220215,
  "summary_wm_n": 157821.0,
  "summary_wm_p05": 900.3394662216306,
  "summary_wm_p95": 1073.2634165994823,
  "summary_wm_stdv": 52.70929831862712,
  "tpm_overlap_csf": 0.15435422956943512,
  "tpm_overlap_gm": 0.4600583016872406,
  "tpm_overlap_wm": 0.4825369119644165,
  "wm2max": 0.6986054084666572
}