{
  "bids_meta": {
    "EchoTime": 0.00336,
    "FlipAngle": 9,
    "ImageType": [
      "ORIGINAL",
      "PRIMARY",
      "M",
      "ND",
      "NORM"
    ],
    "MagneticFieldStrength": 3,
    "Manufacturer": "Siemens",
    "ManufacturersModelName": "TrioTim",
    "PhaseEncodingDirection": "i-",
    "RepetitionTime": 2.3,
    "ScanningSequence": "GR_IR",
    "SequenceName": "_tfl3d1",
    "SequenceVariant": "SP_MP",
    "SoftwareVersions": "syngo_MR_B17",
    "dataset": "ds001486",
    "modality": "T1w",
    "session_id": "T1",
    "subject_id": "091"
  },
  "cjv": 0.3465272289635023,
  "cnr": 3.6573428945486146,
  "efc": 0.6226412328026213,
  "fber": 38.44353103637695,
  "fwhm_avg": 3.816174868893856,
  "fwhm_x": 3.99768,
  "fwhm_y": 3.90159,
  "fwhm_z": 3.549254606681569,
  "icvs_csf": 0.24552696649542471,
  "icvs_gm": 0.41766477833520815,
  "icvs_wm": 0.33680825516936713,
  "inu_med": 1.107470989227295,
  "inu_range": 0.27163534164428704,
  "provenance": {
    "md5sum": "e0ae66423e11f598c61d4b0fb1847b1a",
    "settings": {
      "testing": false
    },
    "software": "mriqc",
    "version": "21.0.0rc2",
    "warnings": {
      "large_rot_frame": true,
      "small_air_mask": false
    },
    "webapi_port": null,
    "webapi_url": "https://mriqc.nimh.nih.gov/api/v1"
  },
  "qi_1": 0.0,
  "qi_2": 0.003894674158445045,
  "rpve_csf": 21.421788734543085,
  "rpve_gm": 12.779432513515118,
  "rpve_wm": 19.236105213798602,
  "size_x": 256,
  "size_y": 256,
  "size_z": 160,
  "snr_csf": 3.5085581086291167,
  "snr_gm": 10.23785769791985,
  "snr_total": 12.15062464021256,
  "snr_wm": 22.705458114088717,
  "snrd_csf": 8.970596093390304,
  "snrd_gm": 17.938771036127825,
  "snrd_total": 17.62350119965341,
  "snrd_wm": 25.961136469442106,
  "spacing_x": 1.0,
  "spacing_y": 1.0,
  "spacing_z": 1.0000381469726562,
  "summary_bg_k": 0.2238512011138334,
  "summary_bg_mad": 25.235581485556835,
  "summary_bg_mean": 92.31753540039062,
  "summary_bg_median": 90.74345397949219,
  "summary_bg_n": 3488867.0,
  "summary_bg_p05": 53.56291542053223,
  "summary_bg_p95": 136.4626281738281,
  "summary_bg_stdv": 25.376794815063477,
  "summary_csf_k": 0.0981587680847622,
  "summary_csf_mad": 102.20851927367507,
  "summary_csf_mean": 346.9742736816406,
  "summary_csf_median": 345.54364013671875,
  "summary_csf_n": 22969.0,
  "summary_csf_p05": 193.6858917236328,
  "summary_csf_p95": 509.51103515625,
  "summary_csf_stdv": 98.48379516601562,
  "summary_gm_k": 0.12768498410587759,
  "summary_gm_mad": 65.41647472981136,
  "summary_gm_mean": 691.8112182617188,
  "summary_gm_median": 690.9940185546875,
  "summary_gm_n": 23753.0,
  "summary_gm_p05": 581.1955078125,
  "summary_gm_p95": 804.191650390625,
  "summary_gm_stdv": 67.49258422851562,
  "summary_wm_k": 0.8321522205116691,
  "summary_wm_mad": 41.66674182229313,
  "summary_wm_mean": 999.7900390625,
  "summary_wm_median": 1000.01220703125,
  "summary_wm_n": 181972.0,
  "summary_wm_p05": 928.0100341796875,
  "summary_wm_p95": 1070.752081298828,
  "summary_wm_stdv": 44.04269027709961,
  "tpm_overlap_csf": 0.15831202268600464,
  "tpm_overlap_gm": 0.44889017939567566,
  "tpm_overlap_wm": 0.49569645524024963,
  "wm2max": 0.602623072982174
}