{
  "bids_meta": {
    "EchoTime": 0.00336,
    "FlipAngle": 9,
    "ImageType": [
      "ORIGINAL",
      "PRIMARY",
      "M",
      "ND",
      "NORM"
    ],
    "MagneticFieldStrength": 3,
    "Manufacturer": "Siemens",
    "ManufacturersModelName": "TrioTim",
    "PhaseEncodingDirection": "i-",
    "RepetitionTime": 2.3,
    "ScanningSequence": "GR_IR",
    "SequenceName": "_tfl3d1",
    "SequenceVariant": "SP_MP",
    "SoftwareVersions": "syngo_MR_B17",
    "dataset": "ds001486",
    "modality": "T1w",
    "session_id": "T2",
    "subject_id": "069"
  },
  "cjv": 0.33464256266406756,
  "cnr": 3.782120417094698,
  "efc": 0.6541273265212495,
  "fber": 64.4762450115522,
  "fwhm_avg": 3.73555673677425,
  "fwhm_x": 3.68368,
  "fwhm_y": 3.99436,
  "fwhm_z": 3.5286302103227505,
  "icvs_csf": 0.23398138007954541,
  "icvs_gm": 0.4228758149800692,
  "icvs_wm": 0.34314280494038535,
  "inu_med": 1.6378231048583984,
  "inu_range": 0.646500825881958,
  "provenance": {
    "md5sum": "e030dd668de1a4851d209f8adc16f146",
    "settings": {
      "testing": false
    },
    "software": "mriqc",
    "version": "21.0.0rc2",
    "warnings": {
      "large_rot_frame": true,
      "small_air_mask": false
    },
    "webapi_port": null,
    "webapi_url": "https://mriqc.nimh.nih.gov/api/v1"
  },
  "qi_1": 0.0,
  "qi_2": 0.004185879642247846,
  "rpve_csf": 24.434401490079836,
  "rpve_gm": 13.67229966585622,
  "rpve_wm": 19.895430715902254,
  "size_x": 256,
  "size_y": 256,
  "size_z": 160,
  "snr_csf": 3.319843678348896,
  "snr_gm": 9.9089696163115,
  "snr_total": 10.362871411478018,
  "snr_wm": 17.85980093977366,
  "snrd_csf": 11.366033967870981,
  "snrd_gm": 19.828711414996274,
  "snrd_total": 20.4085528923442,
  "snrd_wm": 30.03091329416534,
  "spacing_x": 1.0,
  "spacing_y": 1.0,
  "spacing_z": 0.9999999403953552,
  "summary_bg_k": 0.9322114564192483,
  "summary_bg_mad": 21.815399353491927,
  "summary_bg_mean": 70.37721353591012,
  "summary_bg_median": 68.59748083353043,
  "summary_bg_n": 2200989.0,
  "summary_bg_p05": 37.30376601219177,
  "summary_bg_p95": 109.47619108855724,
  "summary_bg_stdv": 22.212554182411917,
  "summary_csf_k": -0.31704167842973385,
  "summary_csf_mad": 124.82402799093093,
  "summary_csf_mean": 374.7625087418301,
  "summary_csf_median": 378.47779266536236,
  "summary_csf_n": 22849.0,
  "summary_csf_p05": 191.5962871015072,
  "summary_csf_p95": 554.5619304001331,
  "summary_csf_stdv": 114.00220826383617,
  "summary_gm_k": 0.6810253553955605,
  "summary_gm_mad": 61.14457001894216,
  "summary_gm_mean": 662.7673126582476,
  "summary_gm_median": 660.2766584157944,
  "summary_gm_n": 14601.0,
  "summary_gm_p05": 557.691301882267,
  "summary_gm_p95": 778.9233586490154,
  "summary_gm_stdv": 66.63195800662442,
  "summary_wm_k": 0.5551853482775595,
  "summary_wm_mad": 52.541313935874925,
  "summary_wm_mean": 998.6915381997271,
  "summary_wm_median": 999.9999830573797,
  "summary_wm_n": 162878.0,
  "summary_wm_p05": 904.2536502927542,
  "summary_wm_p95": 1088.1819410473108,
  "summary_wm_stdv": 55.99149266235339,
  "tpm_overlap_csf": 0.16144563257694244,
  "tpm_overlap_gm": 0.44989436864852905,
  "tpm_overlap_wm": 0.4846471846103668,
  "wm2max": 0.6168227285801029
}