{
  "bids_meta": {
    "EchoTime": 0.00336,
    "FlipAngle": 9,
    "ImageType": [
      "ORIGINAL",
      "PRIMARY",
      "M",
      "ND",
      "NORM"
    ],
    "MagneticFieldStrength": 3,
    "Manufacturer": "Siemens",
    "ManufacturersModelName": "TrioTim",
    "PhaseEncodingDirection": "i-",
    "RepetitionTime": 2.3,
    "ScanningSequence": "GR_IR",
    "SequenceName": "_tfl3d1",
    "SequenceVariant": "SP_MP",
    "SoftwareVersions": "syngo_MR_B17",
    "dataset": "ds001486",
    "modality": "T1w",
    "session_id": "T2",
    "subject_id": "027"
  },
  "cjv": 0.31159597081307416,
  "cnr": 4.112292130966465,
  "efc": 0.6059233249665231,
  "fber": 53.65666580200195,
  "fwhm_avg": 3.7862524984339943,
  "fwhm_x": 3.88405,
  "fwhm_y": 3.8599702300721543,
  "fwhm_z": 3.61473726522983,
  "icvs_csf": 0.24695020498696404,
  "icvs_gm": 0.4247042291995462,
  "icvs_wm": 0.3283455658134897,
  "inu_med": 1.4934186935424805,
  "inu_range": 0.6199004232883454,
  "provenance": {
    "md5sum": "7010283bcea4bb946c34abb050d80200",
    "settings": {
      "testing": false
    },
    "software": "mriqc",
    "version": "21.0.0rc2",
    "warnings": {
      "large_rot_frame": true,
      "small_air_mask": false
    },
    "webapi_port": null,
    "webapi_url": "https://mriqc.nimh.nih.gov/api/v1"
  },
  "qi_1": 0.0,
  "qi_2": 0.005752144868300233,
  "rpve_csf": 21.07669871996398,
  "rpve_gm": 12.310932430997434,
  "rpve_wm": 18.746869609371906,
  "size_x": 256,
  "size_y": 256,
  "size_z": 160,
  "snr_csf": 4.13571463736964,
  "snr_gm": 10.006031616551795,
  "snr_total": 11.001098103978569,
  "snr_wm": 18.86154805801427,
  "snrd_csf": 11.126208195235542,
  "snrd_gm": 19.310293728185968,
  "snrd_total": 20.12595554472642,
  "snrd_wm": 29.941364710757746,
  "spacing_x": 1.0,
  "spacing_y": 0.9999999403953552,
  "spacing_z": 1.0000228881835938,
  "summary_bg_k": 0.5275517715482909,
  "summary_bg_mad": 21.88056505472437,
  "summary_bg_mean": 77.14251708984375,
  "summary_bg_median": 75.7938232421875,
  "summary_bg_n": 3599785.0,
  "summary_bg_p05": 43.293236541748044,
  "summary_bg_p95": 115.44628753662109,
  "summary_bg_stdv": 22.132753372192383,
  "summary_csf_k": -0.10807897288664625,
  "summary_csf_mad": 91.18641604358797,
  "summary_csf_mean": 370.7372741699219,
  "summary_csf_median": 371.5985412597656,
  "summary_csf_n": 22357.0,
  "summary_csf_p05": 220.5857360839844,
  "summary_csf_p95": 515.6906005859375,
  "summary_csf_stdv": 89.8490982055664,
  "summary_gm_k": 0.3267606953220654,
  "summary_gm_mad": 61.996734712749266,
  "summary_gm_mean": 644.5035400390625,
  "summary_gm_median": 644.9346313476562,
  "summary_gm_n": 16593.0,
  "summary_gm_p05": 537.1281127929688,
  "summary_gm_p95": 748.4942504882813,
  "summary_gm_stdv": 64.45264434814453,
  "summary_wm_k": 0.9418427943066434,
  "summary_wm_mad": 48.63906243605392,
  "summary_wm_mean": 996.5516357421875,
  "summary_wm_median": 999.996337890625,
  "summary_wm_n": 169146.0,
  "summary_wm_p05": 902.9161071777344,
  "summary_wm_p95": 1076.4801330566406,
  "summary_wm_stdv": 53.0175666809082,
  "tpm_overlap_csf": 0.14914265275001526,
  "tpm_overlap_gm": 0.4416350722312927,
  "tpm_overlap_wm": 0.470657616853714,
  "wm2max": 0.6473962472647423
}