{
  "bids_meta": {
    "EchoTime": 0.00336,
    "FlipAngle": 9,
    "ImageType": [
      "ORIGINAL",
      "PRIMARY",
      "M",
      "ND",
      "NORM"
    ],
    "MagneticFieldStrength": 3,
    "Manufacturer": "Siemens",
    "ManufacturersModelName": "TrioTim",
    "PhaseEncodingDirection": "i-",
    "RepetitionTime": 2.3,
    "ScanningSequence": "GR_IR",
    "SequenceName": "_tfl3d1",
    "SequenceVariant": "SP_MP",
    "SoftwareVersions": "syngo_MR_B17",
    "dataset": "ds001486",
    "modality": "T1w",
    "session_id": "T2",
    "subject_id": "089"
  },
  "cjv": 0.30883139378202007,
  "cnr": 4.086518654684561,
  "efc": 0.6549007775908618,
  "fber": 70.97222425142652,
  "fwhm_avg": 3.7172665358419934,
  "fwhm_x": 3.73329,
  "fwhm_y": 3.93183,
  "fwhm_z": 3.4866796075259794,
  "icvs_csf": 0.22296587921328492,
  "icvs_gm": 0.43022501621629605,
  "icvs_wm": 0.346809104570419,
  "inu_med": 1.5024051666259766,
  "inu_range": 0.5967316210269926,
  "provenance": {
    "md5sum": "8b4cbcc8bf14817469c67ffb2fef28c9",
    "settings": {
      "testing": false
    },
    "software": "mriqc",
    "version": "21.0.0rc2",
    "warnings": {
      "large_rot_frame": true,
      "small_air_mask": false
    },
    "webapi_port": null,
    "webapi_url": "https://mriqc.nimh.nih.gov/api/v1"
  },
  "qi_1": 0.0,
  "qi_2": 0.005151919017943858,
  "rpve_csf": 23.406740753743737,
  "rpve_gm": 12.52463989248929,
  "rpve_wm": 18.08083632649942,
  "size_x": 256,
  "size_y": 256,
  "size_z": 160,
  "snr_csf": 3.475189376554362,
  "snr_gm": 10.44997038235451,
  "snr_total": 11.016324150882776,
  "snr_wm": 19.123812693739456,
  "snrd_csf": 11.656775136352763,
  "snrd_gm": 20.523684132556117,
  "snrd_total": 21.165209643076125,
  "snrd_wm": 31.31516966031949,
  "spacing_x": 1.0,
  "spacing_y": 1.0,
  "spacing_z": 0.9999542236328125,
  "summary_bg_k": 0.34905385661717103,
  "summary_bg_mad": 20.92073602365115,
  "summary_bg_mean": 67.7164735831113,
  "summary_bg_median": 66.17828024923801,
  "summary_bg_n": 2129442.0,
  "summary_bg_p05": 35.94080450385809,
  "summary_bg_p95": 104.67574936896563,
  "summary_bg_stdv": 21.063590329771074,
  "summary_csf_k": -0.08382242412132257,
  "summary_csf_mad": 115.75654636082936,
  "summary_csf_mean": 367.86353356511523,
  "summary_csf_median": 372.24053474515676,
  "summary_csf_n": 27535.0,
  "summary_csf_p05": 199.3215067833662,
  "summary_csf_p95": 535.8818201489746,
  "summary_csf_stdv": 107.1117959177269,
  "summary_gm_k": 0.5934286844589853,
  "summary_gm_mad": 58.60721868646524,
  "summary_gm_mean": 655.8457503287175,
  "summary_gm_median": 655.3911409527063,
  "summary_gm_n": 23715.0,
  "summary_gm_p05": 552.913139820844,
  "summary_gm_p95": 760.263556830585,
  "summary_gm_stdv": 62.7157110265097,
  "summary_wm_k": 0.8269509776865749,
  "summary_wm_mad": 47.81882519691691,
  "summary_wm_mean": 996.4217538255949,
  "summary_wm_median": 1000.000031195581,
  "summary_wm_n": 176200.0,
  "summary_wm_p05": 903.4859419465065,
  "summary_wm_p95": 1075.3724707365036,
  "summary_wm_stdv": 52.29068123190649,
  "tpm_overlap_csf": 0.147310271859169,
  "tpm_overlap_gm": 0.44989851117134094,
  "tpm_overlap_wm": 0.4679308235645294,
  "wm2max": 0.6765234167110165
}