{
  "bids_meta": {
    "EchoTime": 0.00336,
    "FlipAngle": 9,
    "ImageType": [
      "ORIGINAL",
      "PRIMARY",
      "M",
      "ND",
      "NORM"
    ],
    "MagneticFieldStrength": 3,
    "Manufacturer": "Siemens",
    "ManufacturersModelName": "TrioTim",
    "PhaseEncodingDirection": "i-",
    "RepetitionTime": 2.3,
    "ScanningSequence": "GR_IR",
    "SequenceName": "_tfl3d1",
    "SequenceVariant": "SP_MP",
    "SoftwareVersions": "syngo_MR_B17",
    "dataset": "ds001486",
    "modality": "T1w",
    "session_id": "T1",
    "subject_id": "074"
  },
  "cjv": 0.3754677731232159,
  "cnr": 3.4275802883374134,
  "efc": 0.6780978850926935,
  "fber": 31.817932722463333,
  "fwhm_avg": 3.7092078307386935,
  "fwhm_x": 3.78822,
  "fwhm_y": 3.8025,
  "fwhm_z": 3.5369034922160805,
  "icvs_csf": 0.23193639751687933,
  "icvs_gm": 0.440217626089859,
  "icvs_wm": 0.3278459763932617,
  "inu_med": 1.1143362522125244,
  "inu_range": 0.36337244510650635,
  "provenance": {
    "md5sum": "5cc2eee49840da1072198f00fd4a58f0",
    "settings": {
      "testing": false
    },
    "software": "mriqc",
    "version": "21.0.0rc2",
    "warnings": {
      "large_rot_frame": true,
      "small_air_mask": false
    },
    "webapi_port": null,
    "webapi_url": "https://mriqc.nimh.nih.gov/api/v1"
  },
  "qi_1": 6.298263253907735e-06,
  "qi_2": 0.003183281668504023,
  "rpve_csf": 25.722132312063746,
  "rpve_gm": 13.959967884708803,
  "rpve_wm": 21.338468060183203,
  "size_x": 256,
  "size_y": 256,
  "size_z": 160,
  "snr_csf": 3.4914479543021026,
  "snr_gm": 10.832784685123302,
  "snr_total": 10.642821347061286,
  "snr_wm": 17.60423140175845,
  "snrd_csf": 8.27907365036793,
  "snrd_gm": 15.688805230701979,
  "snrd_total": 15.572980369686904,
  "snrd_wm": 22.751062227990808,
  "spacing_x": 1.0,
  "spacing_y": 1.0,
  "spacing_z": 0.9999961853027344,
  "summary_bg_k": 14.60511564765767,
  "summary_bg_mad": 28.795859797780064,
  "summary_bg_mean": 104.30619203271806,
  "summary_bg_median": 102.18431535735726,
  "summary_bg_n": 2026277.0,
  "summary_bg_p05": 59.70837603509426,
  "summary_bg_p95": 154.97666328027844,
  "summary_bg_stdv": 30.380623751862306,
  "summary_csf_k": -0.14896241069383054,
  "summary_csf_mad": 106.89501663805004,
  "summary_csf_mean": 358.67222172238155,
  "summary_csf_median": 363.8983458355069,
  "summary_csf_n": 24866.0,
  "summary_csf_p05": 183.7646302971989,
  "summary_csf_p95": 523.3127938210964,
  "summary_csf_stdv": 104.22352941750705,
  "summary_gm_k": 0.03138504653050056,
  "summary_gm_mad": 62.29134063080613,
  "summary_gm_mean": 690.7948147017406,
  "summary_gm_median": 689.5856363512576,
  "summary_gm_n": 22919.0,
  "summary_gm_p05": 587.9142597455532,
  "summary_gm_p95": 798.2825448475778,
  "summary_gm_stdv": 63.65589386827757,
  "summary_wm_k": 0.43728190180814996,
  "summary_wm_mad": 54.25926104329478,
  "summary_wm_mean": 998.6742513946865,
  "summary_wm_median": 1000.000031452626,
  "summary_wm_n": 137986.0,
  "summary_wm_p05": 903.3485385850072,
  "summary_wm_p95": 1088.9286262616515,
  "summary_wm_stdv": 56.804320794717924,
  "tpm_overlap_csf": 0.16039936244487762,
  "tpm_overlap_gm": 0.46808719635009766,
  "tpm_overlap_wm": 0.49199560284614563,
  "wm2max": 0.46310086209197426
}