{
  "bids_meta": {
    "EchoTime": 0.00336,
    "FlipAngle": 9,
    "ImageType": [
      "ORIGINAL",
      "PRIMARY",
      "M",
      "ND",
      "NORM"
    ],
    "MagneticFieldStrength": 3,
    "Manufacturer": "Siemens",
    "ManufacturersModelName": "TrioTim",
    "PhaseEncodingDirection": "i-",
    "RepetitionTime": 2.3,
    "ScanningSequence": "GR_IR",
    "SequenceName": "_tfl3d1",
    "SequenceVariant": "SP_MP",
    "SoftwareVersions": "syngo_MR_B17",
    "dataset": "ds001486",
    "modality": "T1w",
    "session_id": "T1",
    "subject_id": "059"
  },
  "cjv": 0.33459677538934723,
  "cnr": 3.8726928325426466,
  "efc": 0.6552640252729758,
  "fber": 33.851749420166016,
  "fwhm_avg": 3.750582564920285,
  "fwhm_x": 3.72204,
  "fwhm_y": 3.8997,
  "fwhm_z": 3.630007694760855,
  "icvs_csf": 0.2479912111912795,
  "icvs_gm": 0.4077563745089115,
  "icvs_wm": 0.344252414299809,
  "inu_med": 1.0401880741119385,
  "inu_range": 0.23059090673923477,
  "provenance": {
    "md5sum": "2170717b426f726a211ea984bcc29c42",
    "settings": {
      "testing": false
    },
    "software": "mriqc",
    "version": "21.0.0rc2",
    "warnings": {
      "large_rot_frame": true,
      "small_air_mask": false
    },
    "webapi_port": null,
    "webapi_url": "https://mriqc.nimh.nih.gov/api/v1"
  },
  "qi_1": 0.0,
  "qi_2": 0.004130211683459266,
  "rpve_csf": 17.82663855778027,
  "rpve_gm": 10.89503977811066,
  "rpve_wm": 16.157678344992,
  "size_x": 256,
  "size_y": 256,
  "size_z": 160,
  "snr_csf": 3.7233987374763386,
  "snr_gm": 10.46776597682934,
  "snr_total": 11.783013218503859,
  "snr_wm": 21.1578749412059,
  "snrd_csf": 9.093852068058526,
  "snrd_gm": 16.853496486447742,
  "snrd_total": 16.98166390755431,
  "snrd_wm": 24.997643168156664,
  "spacing_x": 1.0,
  "spacing_y": 1.0,
  "spacing_z": 0.9999923706054688,
  "summary_bg_k": 0.21415633441144077,
  "summary_bg_mad": 26.207753052121713,
  "summary_bg_mean": 97.31120300292969,
  "summary_bg_median": 95.7645263671875,
  "summary_bg_n": 3668096.0,
  "summary_bg_p05": 56.706336975097656,
  "summary_bg_p95": 143.05105590820312,
  "summary_bg_stdv": 26.36791229248047,
  "summary_csf_k": 0.09716136863347469,
  "summary_csf_mad": 102.05708282270649,
  "summary_csf_mean": 361.8945007324219,
  "summary_csf_median": 363.7859802246094,
  "summary_csf_n": 29819.0,
  "summary_csf_p05": 204.0774108886719,
  "summary_csf_p95": 517.5915344238281,
  "summary_csf_stdv": 97.7010269165039,
  "summary_gm_k": 0.11239792170771823,
  "summary_gm_mad": 62.9090635437413,
  "summary_gm_mean": 674.9173583984375,
  "summary_gm_median": 674.198974609375,
  "summary_gm_n": 24123.0,
  "summary_gm_p05": 569.7367248535156,
  "summary_gm_p95": 782.0574462890622,
  "summary_gm_stdv": 64.40581512451172,
  "summary_wm_k": 0.23549819388078896,
  "summary_wm_mad": 46.10070337652628,
  "summary_wm_mean": 999.585693359375,
  "summary_wm_median": 999.993408203125,
  "summary_wm_n": 217612.0,
  "summary_wm_p05": 921.245474243164,
  "summary_wm_p95": 1076.2111511230469,
  "summary_wm_stdv": 47.2633056640625,
  "tpm_overlap_csf": 0.15852761268615723,
  "tpm_overlap_gm": 0.4532778561115265,
  "tpm_overlap_wm": 0.49281787872314453,
  "wm2max": 0.7616378794557591
}