{
  "bids_meta": {
    "EchoTime": 0.00336,
    "FlipAngle": 9,
    "ImageType": [
      "ORIGINAL",
      "PRIMARY",
      "M",
      "ND",
      "NORM"
    ],
    "MagneticFieldStrength": 3,
    "Manufacturer": "Siemens",
    "ManufacturersModelName": "TrioTim",
    "PhaseEncodingDirection": "i-",
    "RepetitionTime": 2.3,
    "ScanningSequence": "GR_IR",
    "SequenceName": "_tfl3d1",
    "SequenceVariant": "SP_MP",
    "SoftwareVersions": "syngo_MR_B17",
    "dataset": "ds001486",
    "modality": "T1w",
    "session_id": "T1",
    "subject_id": "057"
  },
  "cjv": 0.324789126974858,
  "cnr": 3.930132445915302,
  "efc": 0.6713405133178898,
  "fber": 40.806870991514295,
  "fwhm_avg": 3.675947968422552,
  "fwhm_x": 3.68679,
  "fwhm_y": 3.83643,
  "fwhm_z": 3.5046239052676555,
  "icvs_csf": 0.21125268293766314,
  "icvs_gm": 0.4716777621372829,
  "icvs_wm": 0.31706955492505395,
  "inu_med": 1.2242324352264404,
  "inu_range": 0.41386699080467215,
  "provenance": {
    "md5sum": "334b18f0bbe68dd5bbfe7467528094bf",
    "settings": {
      "testing": false
    },
    "software": "mriqc",
    "version": "21.0.0rc2",
    "warnings": {
      "large_rot_frame": true,
      "small_air_mask": false
    },
    "webapi_port": null,
    "webapi_url": "https://mriqc.nimh.nih.gov/api/v1"
  },
  "qi_1": 0.0,
  "qi_2": 0.00463132926891033,
  "rpve_csf": 25.102390774649585,
  "rpve_gm": 12.309606718557967,
  "rpve_wm": 20.2426791089588,
  "size_x": 256,
  "size_y": 256,
  "size_z": 160,
  "snr_csf": 4.599395724901639,
  "snr_gm": 10.96885267318338,
  "snr_total": 11.359079819457314,
  "snr_wm": 18.508991060286924,
  "snrd_csf": 10.470047613616572,
  "snrd_gm": 16.776529888566934,
  "snrd_total": 17.494410637325455,
  "snrd_wm": 25.236654409792862,
  "spacing_x": 1.0,
  "spacing_y": 1.0,
  "spacing_z": 0.99993896484375,
  "summary_bg_k": 0.21171518390948263,
  "summary_bg_mad": 25.959716593916042,
  "summary_bg_mean": 94.48148373998801,
  "summary_bg_median": 92.8176822066307,
  "summary_bg_n": 2031324.0,
  "summary_bg_p05": 54.52613840252161,
  "summary_bg_p95": 140.11900102347136,
  "summary_bg_stdv": 26.15051158720404,
  "summary_csf_k": 0.30588096492335515,
  "summary_csf_mad": 87.45652095231908,
  "summary_csf_mean": 409.3304637432756,
  "summary_csf_median": 414.8746399730444,
  "summary_csf_n": 20939.0,
  "summary_csf_p05": 252.18870247900486,
  "summary_csf_p95": 547.0973381787537,
  "summary_csf_stdv": 90.1998344835355,
  "summary_gm_k": 0.30341292841902634,
  "summary_gm_mad": 58.28334429459305,
  "summary_gm_mean": 667.5374902391487,
  "summary_gm_median": 664.7683997601271,
  "summary_gm_n": 37882.0,
  "summary_gm_p05": 572.5457026958466,
  "summary_gm_p95": 770.8882497921586,
  "summary_gm_stdv": 60.60429885512086,
  "summary_wm_k": 0.5426153082891485,
  "summary_wm_mad": 50.59624374979267,
  "summary_wm_mean": 998.0535758898386,
  "summary_wm_median": 1000.0000285357237,
  "summary_wm_n": 149402.0,
  "summary_wm_p05": 904.8874036371708,
  "summary_wm_p95": 1082.658339436724,
  "summary_wm_stdv": 54.027617096872355,
  "tpm_overlap_csf": 0.14451682567596436,
  "tpm_overlap_gm": 0.47311079502105713,
  "tpm_overlap_wm": 0.48431503772735596,
  "wm2max": 0.6317456908124363
}