{
  "bids_meta": {
    "EchoTime": 0.00336,
    "FlipAngle": 9,
    "ImageType": [
      "ORIGINAL",
      "PRIMARY",
      "M",
      "ND",
      "NORM"
    ],
    "MagneticFieldStrength": 3,
    "Manufacturer": "Siemens",
    "ManufacturersModelName": "TrioTim",
    "PhaseEncodingDirection": "i-",
    "RepetitionTime": 2.3,
    "ScanningSequence": "GR_IR",
    "SequenceName": "_tfl3d1",
    "SequenceVariant": "SP_MP",
    "SoftwareVersions": "syngo_MR_B17",
    "dataset": "ds001486",
    "modality": "T1w",
    "session_id": "T1",
    "subject_id": "098"
  },
  "cjv": 0.32995442179472756,
  "cnr": 3.8900816936059863,
  "efc": 0.6549340662709182,
  "fber": 44.67552090304555,
  "fwhm_avg": 3.3963518248672706,
  "fwhm_x": 3.43337,
  "fwhm_y": 3.50683,
  "fwhm_z": 3.248855474601812,
  "icvs_csf": 0.2202712488120763,
  "icvs_gm": 0.45598639258864093,
  "icvs_wm": 0.32374235859928274,
  "inu_med": 1.4188997745513916,
  "inu_range": 0.35580146312713623,
  "provenance": {
    "md5sum": "c1e07f0b2688379e759a1db708fe064e",
    "settings": {
      "testing": false
    },
    "software": "mriqc",
    "version": "21.0.0rc2",
    "warnings": {
      "large_rot_frame": true,
      "small_air_mask": false
    },
    "webapi_port": null,
    "webapi_url": "https://mriqc.nimh.nih.gov/api/v1"
  },
  "qi_1": 0.0,
  "qi_2": 0.003407810953917368,
  "rpve_csf": 24.790997864917934,
  "rpve_gm": 12.832232873788046,
  "rpve_wm": 20.629907322896848,
  "size_x": 256,
  "size_y": 256,
  "size_z": 160,
  "snr_csf": 3.4476340740815807,
  "snr_gm": 10.610606628528034,
  "snr_total": 10.716242971105473,
  "snr_wm": 18.090488210706805,
  "snrd_csf": 9.75087982765908,
  "snrd_gm": 17.349159296298904,
  "snrd_total": 17.780521049572556,
  "snrd_wm": 26.241524024759688,
  "spacing_x": 1.0,
  "spacing_y": 1.0,
  "spacing_z": 0.9999275207519531,
  "summary_bg_k": 1.6944889071624072,
  "summary_bg_mad": 24.96563760153449,
  "summary_bg_mean": 90.71231121243729,
  "summary_bg_median": 89.00649525225163,
  "summary_bg_n": 2254389.0,
  "summary_bg_p05": 52.12092064321041,
  "summary_bg_p95": 134.8328124023974,
  "summary_bg_stdv": 25.502439329304256,
  "summary_csf_k": -0.23178904975214865,
  "summary_csf_mad": 118.23012664155262,
  "summary_csf_mean": 365.29832023244387,
  "summary_csf_median": 371.58207117021084,
  "summary_csf_n": 16510.0,
  "summary_csf_p05": 191.96536003053188,
  "summary_csf_p95": 532.8181391799823,
  "summary_csf_stdv": 107.77559618364451,
  "summary_gm_k": 0.28050860884808415,
  "summary_gm_mad": 59.441994289367834,
  "summary_gm_mean": 662.9326836064437,
  "summary_gm_median": 661.1338318511844,
  "summary_gm_n": 25421.0,
  "summary_gm_p05": 563.9082683436573,
  "summary_gm_p95": 769.3448817096651,
  "summary_gm_stdv": 62.30754293080321,
  "summary_wm_k": 0.5383266251092547,
  "summary_wm_mad": 52.36839696893306,
  "summary_wm_mean": 997.505510059386,
  "summary_wm_median": 1000.0000020638108,
  "summary_wm_n": 144647.0,
  "summary_wm_p05": 902.293322365731,
  "summary_wm_p95": 1083.5939401723444,
  "summary_wm_stdv": 55.277476965760776,
  "tpm_overlap_csf": 0.16991133987903595,
  "tpm_overlap_gm": 0.4695231318473816,
  "tpm_overlap_wm": 0.4896091818809509,
  "wm2max": 0.5242105261166772
}