{
  "bids_meta": {
    "EchoTime": 0.00336,
    "FlipAngle": 9,
    "ImageType": [
      "ORIGINAL",
      "PRIMARY",
      "M",
      "ND",
      "NORM"
    ],
    "MagneticFieldStrength": 3,
    "Manufacturer": "Siemens",
    "ManufacturersModelName": "TrioTim",
    "PhaseEncodingDirection": "i-",
    "RepetitionTime": 2.3,
    "ScanningSequence": "GR_IR",
    "SequenceName": "_tfl3d1",
    "SequenceVariant": "SP_MP",
    "SoftwareVersions": "syngo_MR_B17",
    "dataset": "ds001486",
    "modality": "T1w",
    "session_id": "T2",
    "subject_id": "002"
  },
  "cjv": 0.28262446162498833,
  "cnr": 4.513652459202983,
  "efc": 0.6118494015298778,
  "fber": 47.764190673828125,
  "fwhm_avg": 3.6980500000000003,
  "fwhm_x": 3.69999,
  "fwhm_y": 3.83875,
  "fwhm_z": 3.55541,
  "icvs_csf": 0.2235537049751202,
  "icvs_gm": 0.44823275176226773,
  "icvs_wm": 0.3282135432626121,
  "inu_med": 1.0714025497436523,
  "inu_range": 0.28660860955715184,
  "provenance": {
    "md5sum": "46a425f72b25494a1ab349e34bd795c8",
    "settings": {
      "testing": false
    },
    "software": "mriqc",
    "version": "21.0.0rc2",
    "warnings": {
      "large_rot_frame": true,
      "small_air_mask": false
    },
    "webapi_port": null,
    "webapi_url": "https://mriqc.nimh.nih.gov/api/v1"
  },
  "qi_1": 0.0,
  "qi_2": 0.00385554426613659,
  "rpve_csf": 22.4775472603895,
  "rpve_gm": 11.985097358199702,
  "rpve_wm": 18.995349566689036,
  "size_x": 256,
  "size_y": 256,
  "size_z": 160,
  "snr_csf": 3.993351231277306,
  "snr_gm": 11.043857311227526,
  "snr_total": 12.134245565013176,
  "snr_wm": 21.365528152534697,
  "snrd_csf": 10.267079471931229,
  "snrd_gm": 18.324792059134374,
  "snrd_total": 18.98811448929762,
  "snrd_wm": 28.37247193682725,
  "spacing_x": 1.0,
  "spacing_y": 1.0,
  "spacing_z": 1.0,
  "summary_bg_k": 0.6616330239134727,
  "summary_bg_mad": 23.090246845311707,
  "summary_bg_mean": 84.91818237304688,
  "summary_bg_median": 83.5163345336914,
  "summary_bg_n": 3851651.0,
  "summary_bg_p05": 49.32097816467285,
  "summary_bg_p95": 125.29820251464844,
  "summary_bg_stdv": 23.347217559814453,
  "summary_csf_k": 7.531906673209152,
  "summary_csf_mad": 89.44582438874451,
  "summary_csf_mean": 360.0451965332031,
  "summary_csf_median": 361.8626708984375,
  "summary_csf_n": 24113.0,
  "summary_csf_p05": 211.6490692138672,
  "summary_csf_p95": 502.69873046874994,
  "summary_csf_stdv": 90.61441040039062,
  "summary_gm_k": 0.34557861578352345,
  "summary_gm_mad": 55.94307729004493,
  "summary_gm_mean": 646.9796752929688,
  "summary_gm_median": 645.8563232421875,
  "summary_gm_n": 28685.0,
  "summary_gm_p05": 552.7575317382813,
  "summary_gm_p95": 745.017578125,
  "summary_gm_stdv": 58.48002624511719,
  "summary_wm_k": 0.51117010752872,
  "summary_wm_mad": 44.14270743518626,
  "summary_wm_mean": 997.6829833984375,
  "summary_wm_median": 999.9862670898438,
  "summary_wm_n": 164769.0,
  "summary_wm_p05": 916.2915405273437,
  "summary_wm_p95": 1070.2390625,
  "summary_wm_stdv": 46.80358123779297,
  "tpm_overlap_csf": 0.154582679271698,
  "tpm_overlap_gm": 0.4695068895816803,
  "tpm_overlap_wm": 0.4947597086429596,
  "wm2max": 0.6636302618260945
}