{
  "bids_meta": {
    "EchoTime": 0.00336,
    "FlipAngle": 9,
    "ImageType": [
      "ORIGINAL",
      "PRIMARY",
      "M",
      "ND",
      "NORM"
    ],
    "MagneticFieldStrength": 3,
    "Manufacturer": "Siemens",
    "ManufacturersModelName": "TrioTim",
    "PhaseEncodingDirection": "i-",
    "RepetitionTime": 2.3,
    "ScanningSequence": "GR_IR",
    "SequenceName": "_tfl3d1",
    "SequenceVariant": "SP_MP",
    "SoftwareVersions": "syngo_MR_B17",
    "dataset": "ds001486",
    "modality": "T1w",
    "session_id": "T2",
    "subject_id": "011"
  },
  "cjv": 0.33120543705130934,
  "cnr": 3.892494078080474,
  "efc": 0.6823801672789027,
  "fber": 37.85205954893203,
  "fwhm_avg": 3.503772997345052,
  "fwhm_x": 3.53776,
  "fwhm_y": 3.66373,
  "fwhm_z": 3.3098289920351553,
  "icvs_csf": 0.2336225789132587,
  "icvs_gm": 0.44311245554971124,
  "icvs_wm": 0.3232649655370301,
  "inu_med": 1.1519336700439453,
  "inu_range": 0.2737634897232053,
  "provenance": {
    "md5sum": "16a16bc5179717756403e8c87fae1174",
    "settings": {
      "testing": false
    },
    "software": "mriqc",
    "version": "21.0.0rc2",
    "warnings": {
      "large_rot_frame": true,
      "small_air_mask": false
    },
    "webapi_port": null,
    "webapi_url": "https://mriqc.nimh.nih.gov/api/v1"
  },
  "qi_1": 0.0,
  "qi_2": 0.0034903130170477335,
  "rpve_csf": 21.474024390747882,
  "rpve_gm": 11.841256659803747,
  "rpve_wm": 18.882093797759573,
  "size_x": 256,
  "size_y": 256,
  "size_z": 160,
  "snr_csf": 3.4034004005732132,
  "snr_gm": 10.59881133634301,
  "snr_total": 11.238840728787595,
  "snr_wm": 19.714310449446565,
  "snrd_csf": 8.363201449608203,
  "snrd_gm": 16.99131542079299,
  "snrd_total": 16.927620606862007,
  "snrd_wm": 25.428344950184833,
  "spacing_x": 1.0,
  "spacing_y": 1.0,
  "spacing_z": 1.000030517578125,
  "summary_bg_k": 6.442218396637768,
  "summary_bg_mad": 25.764570584143595,
  "summary_bg_mean": 94.53210723065965,
  "summary_bg_median": 92.7392703294754,
  "summary_bg_n": 1973600.0,
  "summary_bg_p05": 54.567581713199615,
  "summary_bg_p95": 139.7493700683117,
  "summary_bg_stdv": 26.802786882802028,
  "summary_csf_k": -0.042336722157282125,
  "summary_csf_mad": 104.2610509879226,
  "summary_csf_mean": 332.30650720472386,
  "summary_csf_median": 328.89990761876106,
  "summary_csf_n": 24947.0,
  "summary_csf_p05": 186.6740745306015,
  "summary_csf_p95": 493.48649387061585,
  "summary_csf_stdv": 96.636680046277,
  "summary_gm_k": 0.1895534644096717,
  "summary_gm_mad": 61.341201218759565,
  "summary_gm_mean": 669.6950721450128,
  "summary_gm_median": 668.2180389761925,
  "summary_gm_n": 25357.0,
  "summary_gm_p05": 567.7419565916061,
  "summary_gm_p95": 776.5931844413279,
  "summary_gm_stdv": 63.04526436379239,
  "summary_wm_k": 0.45397001250009206,
  "summary_wm_mad": 48.55387134653105,
  "summary_wm_mean": 998.4039096563622,
  "summary_wm_median": 1000.0213859975338,
  "summary_wm_n": 157129.0,
  "summary_wm_p05": 912.6193204522133,
  "summary_wm_p95": 1078.4142498672009,
  "summary_wm_stdv": 50.72549741924687,
  "tpm_overlap_csf": 0.16005079448223114,
  "tpm_overlap_gm": 0.45221593976020813,
  "tpm_overlap_wm": 0.48189857602119446,
  "wm2max": 0.536907982210811
}