{
  "bids_meta": {
    "EchoTime": 0.00336,
    "FlipAngle": 9,
    "ImageType": [
      "ORIGINAL",
      "PRIMARY",
      "M",
      "ND",
      "NORM"
    ],
    "MagneticFieldStrength": 3,
    "Manufacturer": "Siemens",
    "ManufacturersModelName": "TrioTim",
    "PhaseEncodingDirection": "i-",
    "RepetitionTime": 2.3,
    "ScanningSequence": "GR_IR",
    "SequenceName": "_tfl3d1",
    "SequenceVariant": "SP_MP",
    "SoftwareVersions": "syngo_MR_B17",
    "dataset": "ds001486",
    "modality": "T1w",
    "session_id": "T1",
    "subject_id": "110"
  },
  "cjv": 0.321201217598126,
  "cnr": 4.008400412735458,
  "efc": 0.5856763924900537,
  "fber": 63.19203567504883,
  "fwhm_avg": 3.8259886157101506,
  "fwhm_x": 3.87519,
  "fwhm_y": 3.97979,
  "fwhm_z": 3.6229858471304532,
  "icvs_csf": 0.24551304931485715,
  "icvs_gm": 0.4242138928028075,
  "icvs_wm": 0.3302730578823353,
  "inu_med": 1.5265237092971802,
  "inu_range": 0.5274424791336056,
  "provenance": {
    "md5sum": "c14c279dec56dc2bb9a67574aa8e3b13",
    "settings": {
      "testing": false
    },
    "software": "mriqc",
    "version": "21.0.0rc2",
    "warnings": {
      "large_rot_frame": true,
      "small_air_mask": false
    },
    "webapi_port": null,
    "webapi_url": "https://mriqc.nimh.nih.gov/api/v1"
  },
  "qi_1": 0.0,
  "qi_2": 0.004843592834347791,
  "rpve_csf": 22.131481591853415,
  "rpve_gm": 12.737642792004017,
  "rpve_wm": 18.92763447390528,
  "size_x": 256,
  "size_y": 256,
  "size_z": 160,
  "snr_csf": 3.8562734628040682,
  "snr_gm": 9.896768617586345,
  "snr_total": 10.172757109383388,
  "snr_wm": 16.76522924775975,
  "snrd_csf": 11.02038246925314,
  "snrd_gm": 19.911357940521967,
  "snrd_total": 20.719647555385034,
  "snrd_wm": 31.227202256379996,
  "spacing_x": 1.0,
  "spacing_y": 1.0,
  "spacing_z": 0.9999542236328125,
  "summary_bg_k": 1.7761721339341516,
  "summary_bg_mad": 20.97950799123982,
  "summary_bg_mean": 73.33906555175781,
  "summary_bg_median": 71.92019653320312,
  "summary_bg_n": 3156718.0,
  "summary_bg_p05": 40.85531120300293,
  "summary_bg_p95": 110.35252685546874,
  "summary_bg_stdv": 21.54363441467285,
  "summary_csf_k": 0.28323934716459487,
  "summary_csf_mad": 91.4898318906735,
  "summary_csf_mean": 350.9112854003906,
  "summary_csf_median": 352.906982421875,
  "summary_csf_n": 28021.0,
  "summary_csf_p05": 200.44187927246094,
  "summary_csf_p95": 496.1280822753906,
  "summary_csf_stdv": 91.51339721679688,
  "summary_gm_k": 0.30315621411764315,
  "summary_gm_mad": 62.418060147891,
  "summary_gm_mean": 639.870849609375,
  "summary_gm_median": 637.6237182617188,
  "summary_gm_n": 24301.0,
  "summary_gm_p05": 537.4053344726562,
  "summary_gm_p95": 748.2987670898438,
  "summary_gm_stdv": 64.42613983154297,
  "summary_wm_k": 0.9643368280047198,
  "summary_wm_mad": 53.975172599747005,
  "summary_wm_mean": 996.6015625,
  "summary_wm_median": 999.9923095703125,
  "summary_wm_n": 161979.0,
  "summary_wm_p05": 891.92939453125,
  "summary_wm_p95": 1087.0990234375001,
  "summary_wm_stdv": 59.6466178894043,
  "tpm_overlap_csf": 0.1395183950662613,
  "tpm_overlap_gm": 0.4368748962879181,
  "tpm_overlap_wm": 0.46671566367149353,
  "wm2max": 0.5995277558417406
}