{
  "bids_meta": {
    "EchoTime": 0.00336,
    "FlipAngle": 9,
    "ImageType": [
      "ORIGINAL",
      "PRIMARY",
      "M",
      "ND",
      "NORM"
    ],
    "MagneticFieldStrength": 3,
    "Manufacturer": "Siemens",
    "ManufacturersModelName": "TrioTim",
    "PhaseEncodingDirection": "i-",
    "RepetitionTime": 2.3,
    "ScanningSequence": "GR_IR",
    "SequenceName": "_tfl3d1",
    "SequenceVariant": "SP_MP",
    "SoftwareVersions": "syngo_MR_B17",
    "dataset": "ds001486",
    "modality": "T1w",
    "session_id": "T2",
    "subject_id": "071"
  },
  "cjv": 0.3697217874367617,
  "cnr": 3.6074861519787293,
  "efc": 0.6013596473323274,
  "fber": 57.55483627319336,
  "fwhm_avg": 3.864371457603756,
  "fwhm_x": 3.90585,
  "fwhm_y": 4.00096,
  "fwhm_z": 3.6863043728112674,
  "icvs_csf": 0.2486798625299315,
  "icvs_gm": 0.4081885354739681,
  "icvs_wm": 0.3431316019961004,
  "inu_med": 1.4569212198257446,
  "inu_range": 0.4281757831573487,
  "provenance": {
    "md5sum": "fdbdf0a96d78a6ee82300dcaf89faeaf",
    "settings": {
      "testing": false
    },
    "software": "mriqc",
    "version": "21.0.0rc2",
    "warnings": {
      "large_rot_frame": true,
      "small_air_mask": false
    },
    "webapi_port": null,
    "webapi_url": "https://mriqc.nimh.nih.gov/api/v1"
  },
  "qi_1": 0.0,
  "qi_2": 0.0033185060405811436,
  "rpve_csf": 19.445757869630174,
  "rpve_gm": 11.504394036170678,
  "rpve_wm": 16.247731948938192,
  "size_x": 256,
  "size_y": 256,
  "size_z": 160,
  "snr_csf": 3.361664646466714,
  "snr_gm": 8.720276289715681,
  "snr_total": 9.132953580160388,
  "snr_wm": 15.316919804298768,
  "snrd_csf": 10.142612261901947,
  "snrd_gm": 18.897030614350484,
  "snrd_total": 19.566387691104897,
  "snrd_wm": 29.65952019706226,
  "spacing_x": 1.0,
  "spacing_y": 1.0,
  "spacing_z": 0.9999771118164062,
  "summary_bg_k": 1.3316239688899945,
  "summary_bg_mad": 22.08796161788702,
  "summary_bg_mean": 76.564208984375,
  "summary_bg_median": 74.91254425048828,
  "summary_bg_n": 4140560.0,
  "summary_bg_p05": 42.45271892547608,
  "summary_bg_p95": 115.96980018615722,
  "summary_bg_stdv": 22.74850082397461,
  "summary_csf_k": 0.40698506724481476,
  "summary_csf_mad": 99.4724376892796,
  "summary_csf_mean": 346.1759033203125,
  "summary_csf_median": 341.9587707519531,
  "summary_csf_n": 35994.0,
  "summary_csf_p05": 184.4386245727539,
  "summary_csf_p95": 517.8602508544922,
  "summary_csf_stdv": 101.72163391113281,
  "summary_gm_k": 0.17334150226572165,
  "summary_gm_mad": 71.98864476921716,
  "summary_gm_mean": 640.1719360351562,
  "summary_gm_median": 637.114501953125,
  "summary_gm_n": 16100.0,
  "summary_gm_p05": 524.4114471435547,
  "summary_gm_p95": 765.0510375976562,
  "summary_gm_stdv": 73.05900573730469,
  "summary_wm_k": 0.5080677472298865,
  "summary_wm_mad": 62.167852925346565,
  "summary_wm_mean": 1001.3006591796875,
  "summary_wm_median": 999.9724731445312,
  "summary_wm_n": 198690.0,
  "summary_wm_p05": 896.4936401367188,
  "summary_wm_p95": 1110.236730957031,
  "summary_wm_stdv": 65.28531646728516,
  "tpm_overlap_csf": 0.1535658985376358,
  "tpm_overlap_gm": 0.44320300221443176,
  "tpm_overlap_wm": 0.49932923913002014,
  "wm2max": 0.6337921596948117
}