{
  "bids_meta": {
    "EchoTime": 0.00336,
    "FlipAngle": 9,
    "ImageType": [
      "ORIGINAL",
      "PRIMARY",
      "M",
      "ND",
      "NORM"
    ],
    "MagneticFieldStrength": 3,
    "Manufacturer": "Siemens",
    "ManufacturersModelName": "TrioTim",
    "PhaseEncodingDirection": "i-",
    "RepetitionTime": 2.3,
    "ScanningSequence": "GR_IR",
    "SequenceName": "_tfl3d1",
    "SequenceVariant": "SP_MP",
    "SoftwareVersions": "syngo_MR_B17",
    "dataset": "ds001486",
    "modality": "T1w",
    "session_id": "T1",
    "subject_id": "017"
  },
  "cjv": 0.33691220436183816,
  "cnr": 3.7789486533878214,
  "efc": 0.6128166161316304,
  "fber": 29.151397705078125,
  "fwhm_avg": 3.6590456607765947,
  "fwhm_x": 3.66811,
  "fwhm_y": 3.80343,
  "fwhm_z": 3.505596982329783,
  "icvs_csf": 0.25061170252202764,
  "icvs_gm": 0.41939575901807247,
  "icvs_wm": 0.3299925384598999,
  "inu_med": 1.1562960147857666,
  "inu_range": 0.30715068578720106,
  "provenance": {
    "md5sum": "ee66785295b8360a2724b5448725d60a",
    "settings": {
      "testing": false
    },
    "software": "mriqc",
    "version": "21.0.0rc2",
    "warnings": {
      "large_rot_frame": true,
      "small_air_mask": false
    },
    "webapi_port": null,
    "webapi_url": "https://mriqc.nimh.nih.gov/api/v1"
  },
  "qi_1": 0.0,
  "qi_2": 0.003586290817295333,
  "rpve_csf": 22.67892562163766,
  "rpve_gm": 13.589531405127126,
  "rpve_wm": 20.90457263637494,
  "size_x": 256,
  "size_y": 256,
  "size_z": 160,
  "snr_csf": 4.288166914490061,
  "snr_gm": 10.53778083318105,
  "snr_total": 11.707535048833682,
  "snr_wm": 20.29665739882993,
  "snrd_csf": 9.297424830040809,
  "snrd_gm": 16.14128853203372,
  "snrd_total": 16.429823611865594,
  "snrd_wm": 23.85075747352225,
  "spacing_x": 1.0,
  "spacing_y": 1.0,
  "spacing_z": 0.999969482421875,
  "summary_bg_k": 0.35661354726729266,
  "summary_bg_mad": 27.46813800161752,
  "summary_bg_mean": 100.61134338378906,
  "summary_bg_median": 98.97650909423828,
  "summary_bg_n": 3374473.0,
  "summary_bg_p05": 58.14998321533203,
  "summary_bg_p95": 148.62686157226562,
  "summary_bg_stdv": 27.653003692626953,
  "summary_csf_k": 0.14463777971587222,
  "summary_csf_mad": 88.54012401310558,
  "summary_csf_mean": 384.84326171875,
  "summary_csf_median": 389.81646728515625,
  "summary_csf_n": 23912.0,
  "summary_csf_p05": 223.63538970947266,
  "summary_csf_p95": 523.7142211914063,
  "summary_csf_stdv": 90.90325164794922,
  "summary_gm_k": 0.1813039937954839,
  "summary_gm_mad": 61.53215464745338,
  "summary_gm_mean": 677.8093872070312,
  "summary_gm_median": 676.7615966796875,
  "summary_gm_n": 25102.0,
  "summary_gm_p05": 573.6988708496094,
  "summary_gm_p95": 786.9011199951168,
  "summary_gm_stdv": 64.22112274169922,
  "summary_wm_k": 0.37954136976225383,
  "summary_wm_mad": 47.370561587725575,
  "summary_wm_mean": 999.3828735351562,
  "summary_wm_median": 999.999267578125,
  "summary_wm_n": 158412.0,
  "summary_wm_p05": 917.2569702148437,
  "summary_wm_p95": 1079.0246643066405,
  "summary_wm_stdv": 49.269004821777344,
  "tpm_overlap_csf": 0.14849510788917542,
  "tpm_overlap_gm": 0.45370280742645264,
  "tpm_overlap_wm": 0.488947331905365,
  "wm2max": 0.5251203506085069
}