{
  "bids_meta": {
    "EchoTime": 0.00336,
    "FlipAngle": 9,
    "ImageType": [
      "ORIGINAL",
      "PRIMARY",
      "M",
      "ND",
      "NORM"
    ],
    "MagneticFieldStrength": 3,
    "Manufacturer": "Siemens",
    "ManufacturersModelName": "TrioTim",
    "PhaseEncodingDirection": "i-",
    "RepetitionTime": 2.3,
    "ScanningSequence": "GR_IR",
    "SequenceName": "_tfl3d1",
    "SequenceVariant": "SP_MP",
    "SoftwareVersions": "syngo_MR_B17",
    "dataset": "ds001486",
    "modality": "T1w",
    "session_id": "T2",
    "subject_id": "008"
  },
  "cjv": 0.31956345053772217,
  "cnr": 4.01410942667906,
  "efc": 0.5910555293352261,
  "fber": 56.94757843017578,
  "fwhm_avg": 3.8284312238472302,
  "fwhm_x": 3.866980230489983,
  "fwhm_y": 3.98659,
  "fwhm_z": 3.631723441051707,
  "icvs_csf": 0.24961465083935283,
  "icvs_gm": 0.4171019416234201,
  "icvs_wm": 0.33328340753722707,
  "inu_med": 1.4425804615020752,
  "inu_range": 0.49981749057769775,
  "provenance": {
    "md5sum": "4f15538f9240a8788496e52d8df001b3",
    "settings": {
      "testing": false
    },
    "software": "mriqc",
    "version": "21.0.0rc2",
    "warnings": {
      "large_rot_frame": true,
      "small_air_mask": false
    },
    "webapi_port": null,
    "webapi_url": "https://mriqc.nimh.nih.gov/api/v1"
  },
  "qi_1": 0.0,
  "qi_2": 0.005783424220501739,
  "rpve_csf": 23.18686668212795,
  "rpve_gm": 13.779051129347568,
  "rpve_wm": 20.698638517982925,
  "size_x": 256,
  "size_y": 256,
  "size_z": 160,
  "snr_csf": 3.7635273352821694,
  "snr_gm": 9.60354747606629,
  "snr_total": 11.369187400273779,
  "snr_wm": 20.74048738947288,
  "snrd_csf": 10.853334718134978,
  "snrd_gm": 20.824122466180178,
  "snrd_total": 21.162481162502598,
  "snrd_wm": 31.809986303192645,
  "spacing_x": 0.9999999403953552,
  "spacing_y": 1.0,
  "spacing_z": 0.9999274611473083,
  "summary_bg_k": 0.42430442598655915,
  "summary_bg_mad": 20.59493315582896,
  "summary_bg_mean": 72.44206237792969,
  "summary_bg_median": 71.21340942382812,
  "summary_bg_n": 3472120.0,
  "summary_bg_p05": 40.69235038757324,
  "summary_bg_p95": 108.41565170288085,
  "summary_bg_stdv": 20.76239585876465,
  "summary_csf_k": -0.19493809375282023,
  "summary_csf_mad": 97.0217642712151,
  "summary_csf_mean": 340.8871765136719,
  "summary_csf_median": 341.1865234375,
  "summary_csf_n": 21385.0,
  "summary_csf_p05": 196.5585510253906,
  "summary_csf_p95": 488.6405151367187,
  "summary_csf_stdv": 90.6539306640625,
  "summary_gm_k": 0.2567534491684218,
  "summary_gm_mad": 66.58244943595422,
  "summary_gm_mean": 655.6015014648438,
  "summary_gm_median": 654.6292114257812,
  "summary_gm_n": 23481.0,
  "summary_gm_p05": 545.6009521484375,
  "summary_gm_p95": 769.1085205078125,
  "summary_gm_stdv": 68.16390228271484,
  "summary_wm_k": 1.1055461923737688,
  "summary_wm_mad": 43.77965811263716,
  "summary_wm_mean": 996.7119750976562,
  "summary_wm_median": 999.98193359375,
  "summary_wm_n": 163047.0,
  "summary_wm_p05": 911.8944213867187,
  "summary_wm_p95": 1068.8203125,
  "summary_wm_stdv": 48.2138557434082,
  "tpm_overlap_csf": 0.15875136852264404,
  "tpm_overlap_gm": 0.44127973914146423,
  "tpm_overlap_wm": 0.4765792787075043,
  "wm2max": 0.7142087858379758
}