{
  "bids_meta": {
    "EchoTime": 0.00336,
    "FlipAngle": 9,
    "ImageType": [
      "ORIGINAL",
      "PRIMARY",
      "M",
      "ND",
      "NORM"
    ],
    "MagneticFieldStrength": 3,
    "Manufacturer": "Siemens",
    "ManufacturersModelName": "TrioTim",
    "PhaseEncodingDirection": "i-",
    "RepetitionTime": 2.3,
    "ScanningSequence": "GR_IR",
    "SequenceName": "_tfl3d1",
    "SequenceVariant": "SP_MP",
    "SoftwareVersions": "syngo_MR_B17",
    "dataset": "ds001486",
    "modality": "T1w",
    "session_id": "T1",
    "subject_id": "066"
  },
  "cjv": 0.3533856735674284,
  "cnr": 3.590214581657071,
  "efc": 0.672768243917672,
  "fber": 31.89219497064054,
  "fwhm_avg": 3.5845678822188987,
  "fwhm_x": 3.66073,
  "fwhm_y": 3.69668,
  "fwhm_z": 3.396293646656697,
  "icvs_csf": 0.2216461374472066,
  "icvs_gm": 0.45321395373482026,
  "icvs_wm": 0.3251399088179731,
  "inu_med": 1.3618597984313965,
  "inu_range": 0.5016464591026306,
  "provenance": {
    "md5sum": "236fbb2c70a81b7b4b03547a45f1bc67",
    "settings": {
      "testing": false
    },
    "software": "mriqc",
    "version": "21.0.0rc2",
    "warnings": {
      "large_rot_frame": true,
      "small_air_mask": false
    },
    "webapi_port": null,
    "webapi_url": "https://mriqc.nimh.nih.gov/api/v1"
  },
  "qi_1": 0.0,
  "qi_2": 0.004186102207850198,
  "rpve_csf": 27.591431742390732,
  "rpve_gm": 14.149639884653757,
  "rpve_wm": 21.969225644874314,
  "size_x": 256,
  "size_y": 256,
  "size_z": 160,
  "snr_csf": 3.1594402806880058,
  "snr_gm": 10.835155147587477,
  "snr_total": 10.739965184046907,
  "snr_wm": 18.22530012386524,
  "snrd_csf": 7.938294027102586,
  "snrd_gm": 15.967044056871567,
  "snrd_total": 15.76845674067293,
  "snrd_wm": 23.400032138044637,
  "spacing_x": 1.0,
  "spacing_y": 1.0,
  "spacing_z": 0.999969482421875,
  "summary_bg_k": 13.362310596495153,
  "summary_bg_mad": 27.998486484538486,
  "summary_bg_mean": 102.89993296999013,
  "summary_bg_median": 100.99977710098028,
  "summary_bg_n": 2109583.0,
  "summary_bg_p05": 59.58675806969404,
  "summary_bg_p95": 152.0106632038951,
  "summary_bg_stdv": 29.186186055973224,
  "summary_csf_k": 0.4156732912562404,
  "summary_csf_mad": 114.82673398247196,
  "summary_csf_mean": 347.12486607591194,
  "summary_csf_median": 339.25794024020433,
  "summary_csf_n": 20723.0,
  "summary_csf_p05": 191.1130846068263,
  "summary_csf_p95": 524.7278344854712,
  "summary_csf_stdv": 107.37653649411118,
  "summary_gm_k": 0.20281620396656486,
  "summary_gm_mad": 60.410852014874806,
  "summary_gm_mean": 682.3827443099254,
  "summary_gm_median": 682.3816880509257,
  "summary_gm_n": 18594.0,
  "summary_gm_p05": 577.6049725189805,
  "summary_gm_p95": 787.3228114910422,
  "summary_gm_stdv": 62.9767944248751,
  "summary_wm_k": 0.5861234396524666,
  "summary_wm_mad": 51.846609090192445,
  "summary_wm_mean": 998.8535176770467,
  "summary_wm_median": 1000.0444273799658,
  "summary_wm_n": 130564.0,
  "summary_wm_p05": 906.331919722259,
  "summary_wm_p95": 1086.1141890361905,
  "summary_wm_stdv": 54.87100848086723,
  "tpm_overlap_csf": 0.1552632600069046,
  "tpm_overlap_gm": 0.4557570219039917,
  "tpm_overlap_wm": 0.4740748405456543,
  "wm2max": 0.503984666558751
}