{
  "bids_meta": {
    "EchoTime": 0.00336,
    "FlipAngle": 9,
    "ImageType": [
      "ORIGINAL",
      "PRIMARY",
      "M",
      "ND",
      "NORM"
    ],
    "MagneticFieldStrength": 3,
    "Manufacturer": "Siemens",
    "ManufacturersModelName": "TrioTim",
    "PhaseEncodingDirection": "i-",
    "RepetitionTime": 2.3,
    "ScanningSequence": "GR_IR",
    "SequenceName": "_tfl3d1",
    "SequenceVariant": "SP_MP",
    "SoftwareVersions": "syngo_MR_B17",
    "dataset": "ds001486",
    "modality": "T1w",
    "session_id": "T1",
    "subject_id": "023"
  },
  "cjv": 0.3100213856290089,
  "cnr": 4.015586858259434,
  "efc": 0.6540405590802882,
  "fber": 18.05631446838379,
  "fwhm_avg": 3.679372482261869,
  "fwhm_x": 3.76497,
  "fwhm_y": 3.70353,
  "fwhm_z": 3.5696174467856068,
  "icvs_csf": 0.22879320648222445,
  "icvs_gm": 0.4500562607059931,
  "icvs_wm": 0.3211505328117824,
  "inu_med": 1.154817819595337,
  "inu_range": 0.323817640542984,
  "provenance": {
    "md5sum": "9fc207e17ed390760f2f1f9b43ae99af",
    "settings": {
      "testing": false
    },
    "software": "mriqc",
    "version": "21.0.0rc2",
    "warnings": {
      "large_rot_frame": true,
      "small_air_mask": false
    },
    "webapi_port": null,
    "webapi_url": "https://mriqc.nimh.nih.gov/api/v1"
  },
  "qi_1": 0.0,
  "qi_2": 0.0036084000200320393,
  "rpve_csf": 20.327536560968877,
  "rpve_gm": 10.97562419417174,
  "rpve_wm": 17.85703993165748,
  "size_x": 256,
  "size_y": 256,
  "size_z": 160,
  "snr_csf": 3.7751735545689287,
  "snr_gm": 10.87855607415604,
  "snr_total": 11.156331564307278,
  "snr_wm": 18.815265064196865,
  "snrd_csf": 8.238040394910378,
  "snrd_gm": 14.875641077079967,
  "snrd_total": 15.259137567882954,
  "snrd_wm": 22.66373123165852,
  "spacing_x": 1.0,
  "spacing_y": 1.0,
  "spacing_z": 0.999992311000824,
  "summary_bg_k": 0.4815477237211394,
  "summary_bg_mad": 28.906886088034298,
  "summary_bg_mean": 107.53502655029297,
  "summary_bg_median": 105.89105224609375,
  "summary_bg_n": 4243405.0,
  "summary_bg_p05": 62.353675079345706,
  "summary_bg_p95": 158.2065521240234,
  "summary_bg_stdv": 29.29533576965332,
  "summary_csf_k": -0.03620708809394424,
  "summary_csf_mad": 100.20903327391312,
  "summary_csf_mean": 360.0041198730469,
  "summary_csf_median": 363.4908752441406,
  "summary_csf_n": 29887.0,
  "summary_csf_p05": 201.7821472167969,
  "summary_csf_p95": 511.75721435546865,
  "summary_csf_stdv": 96.2829360961914,
  "summary_gm_k": 0.3682750419671481,
  "summary_gm_mad": 57.38993561961562,
  "summary_gm_mean": 658.5258178710938,
  "summary_gm_median": 656.3648071289062,
  "summary_gm_n": 32022.0,
  "summary_gm_p05": 562.9499877929687,
  "summary_gm_p95": 762.5130859374998,
  "summary_gm_stdv": 60.334712982177734,
  "summary_wm_k": 0.8117575493981573,
  "summary_wm_mad": 49.14504206891366,
  "summary_wm_mean": 998.596923828125,
  "summary_wm_median": 1000.0023193359375,
  "summary_wm_n": 177283.0,
  "summary_wm_p05": 909.2246520996093,
  "summary_wm_p95": 1082.2984252929687,
  "summary_wm_stdv": 53.14830780029297,
  "tpm_overlap_csf": 0.13882288336753845,
  "tpm_overlap_gm": 0.4322749078273773,
  "tpm_overlap_wm": 0.44592347741127014,
  "wm2max": 0.6089044356506605
}