{
  "bids_meta": {
    "EchoTime": 0.00336,
    "FlipAngle": 9,
    "ImageType": [
      "ORIGINAL",
      "PRIMARY",
      "M",
      "ND",
      "NORM"
    ],
    "MagneticFieldStrength": 3,
    "Manufacturer": "Siemens",
    "ManufacturersModelName": "TrioTim",
    "PhaseEncodingDirection": "i-",
    "RepetitionTime": 2.3,
    "ScanningSequence": "GR_IR",
    "SequenceName": "_tfl3d1",
    "SequenceVariant": "SP_MP",
    "SoftwareVersions": "syngo_MR_B17",
    "dataset": "ds001486",
    "modality": "T1w",
    "session_id": "T2",
    "subject_id": "012"
  },
  "cjv": 0.3632351122412872,
  "cnr": 3.474015900285333,
  "efc": 0.695811731412768,
  "fber": 32.07075060375917,
  "fwhm_avg": 3.4774285675193854,
  "fwhm_x": 3.50203,
  "fwhm_y": 3.56137,
  "fwhm_z": 3.368885702558156,
  "icvs_csf": 0.2217866855212011,
  "icvs_gm": 0.45055016422647903,
  "icvs_wm": 0.32766315025231985,
  "inu_med": 1.1522055864334106,
  "inu_range": 0.3671794533729553,
  "provenance": {
    "md5sum": "2822e8ee2644b3b9f5918060fae615dc",
    "settings": {
      "testing": false
    },
    "software": "mriqc",
    "version": "21.0.0rc2",
    "warnings": {
      "large_rot_frame": true,
      "small_air_mask": false
    },
    "webapi_port": null,
    "webapi_url": "https://mriqc.nimh.nih.gov/api/v1"
  },
  "qi_1": 0.0,
  "qi_2": 0.004620054024122733,
  "rpve_csf": 24.726998355497678,
  "rpve_gm": 12.982424471422348,
  "rpve_wm": 20.699263187162376,
  "size_x": 256,
  "size_y": 256,
  "size_z": 160,
  "snr_csf": 3.523399532232707,
  "snr_gm": 9.840621703954657,
  "snr_total": 11.195482634822318,
  "snr_wm": 20.222426668279585,
  "snrd_csf": 8.976498380298803,
  "snrd_gm": 16.18305101405853,
  "snrd_total": 16.234966203077068,
  "snrd_wm": 23.545349214873877,
  "spacing_x": 1.0,
  "spacing_y": 1.0,
  "spacing_z": 0.9999923706054688,
  "summary_bg_k": 0.16237490486116002,
  "summary_bg_mad": 27.824449234808828,
  "summary_bg_mean": 102.32268091758581,
  "summary_bg_median": 100.7076191753149,
  "summary_bg_n": 2057423.0,
  "summary_bg_p05": 59.481078535318375,
  "summary_bg_p95": 150.7537680119276,
  "summary_bg_stdv": 27.890495116180702,
  "summary_csf_k": -0.03151763831728305,
  "summary_csf_mad": 116.77145908378787,
  "summary_csf_mean": 378.7546284783402,
  "summary_csf_median": 381.2429473362863,
  "summary_csf_n": 22817.0,
  "summary_csf_p05": 205.71223350688814,
  "summary_csf_p95": 550.0461460761726,
  "summary_csf_stdv": 108.20078432642185,
  "summary_gm_k": 0.28286013789724107,
  "summary_gm_mad": 66.59622275872277,
  "summary_gm_mean": 690.472675365384,
  "summary_gm_median": 687.314117833972,
  "summary_gm_n": 28608.0,
  "summary_gm_p05": 581.0173283480108,
  "summary_gm_p95": 810.6860790029168,
  "summary_gm_stdv": 69.84336211520865,
  "summary_wm_k": 0.4189263492036024,
  "summary_wm_mad": 46.98226674074277,
  "summary_wm_mean": 999.1271693497289,
  "summary_wm_median": 999.9999944791198,
  "summary_wm_n": 156120.0,
  "summary_wm_p05": 916.2137166112661,
  "summary_wm_p95": 1078.8124235384166,
  "summary_wm_stdv": 49.449890866854425,
  "tpm_overlap_csf": 0.1477116495370865,
  "tpm_overlap_gm": 0.4595974385738373,
  "tpm_overlap_wm": 0.4749355912208557,
  "wm2max": 0.6512823938017633
}