{
  "bids_meta": {
    "EchoTime": 0.00336,
    "FlipAngle": 9,
    "ImageType": [
      "ORIGINAL",
      "PRIMARY",
      "M",
      "ND",
      "NORM"
    ],
    "MagneticFieldStrength": 3,
    "Manufacturer": "Siemens",
    "ManufacturersModelName": "TrioTim",
    "PhaseEncodingDirection": "i-",
    "RepetitionTime": 2.3,
    "ScanningSequence": "GR_IR",
    "SequenceName": "_tfl3d1",
    "SequenceVariant": "SP_MP",
    "SoftwareVersions": "syngo_MR_B17",
    "dataset": "ds001486",
    "modality": "T1w",
    "session_id": "T1",
    "subject_id": "072"
  },
  "cjv": 0.44035849656007914,
  "cnr": 2.947297290724166,
  "efc": 0.640963345662893,
  "fber": 28.928287506103516,
  "fwhm_avg": 3.587504233948291,
  "fwhm_x": 3.64447,
  "fwhm_y": 3.78222,
  "fwhm_z": 3.335822701844872,
  "icvs_csf": 0.2371452443025764,
  "icvs_gm": 0.4190754717716946,
  "icvs_wm": 0.34377928392572904,
  "inu_med": 1.2659283876419067,
  "inu_range": 0.3821186542510986,
  "provenance": {
    "md5sum": "b6eb79a0d26d29d34d953cad5665975b",
    "settings": {
      "testing": false
    },
    "software": "mriqc",
    "version": "21.0.0rc2",
    "warnings": {
      "large_rot_frame": true,
      "small_air_mask": false
    },
    "webapi_port": null,
    "webapi_url": "https://mriqc.nimh.nih.gov/api/v1"
  },
  "qi_1": 0.0,
  "qi_2": 0.0026700995168521644,
  "rpve_csf": 21.9977145517453,
  "rpve_gm": 12.603041235540092,
  "rpve_wm": 18.265833976563048,
  "size_x": 256,
  "size_y": 256,
  "size_z": 160,
  "snr_csf": 3.1769995938932927,
  "snr_gm": 9.681849319562097,
  "snr_total": 9.686700229901593,
  "snr_wm": 16.20125177624939,
  "snrd_csf": 6.937059346459906,
  "snrd_gm": 13.79638615120196,
  "snrd_total": 13.461417557715,
  "snrd_wm": 19.650807175483138,
  "spacing_x": 1.0,
  "spacing_y": 1.0,
  "spacing_z": 0.9999542236328125,
  "summary_bg_k": 0.531683834083025,
  "summary_bg_mad": 33.33938847718119,
  "summary_bg_mean": 121.3350601196289,
  "summary_bg_median": 119.09271240234375,
  "summary_bg_n": 4015639.0,
  "summary_bg_p05": 69.83005447387696,
  "summary_bg_p95": 180.31644897460933,
  "summary_bg_stdv": 33.91109085083008,
  "summary_csf_k": -0.16563184112429052,
  "summary_csf_mad": 121.70608676080887,
  "summary_csf_mean": 356.2149353027344,
  "summary_csf_median": 353.0216369628906,
  "summary_csf_n": 29473.0,
  "summary_csf_p05": 185.1109588623047,
  "summary_csf_p95": 537.5620239257812,
  "summary_csf_stdv": 111.11605072021484,
  "summary_gm_k": -0.0704875556074156,
  "summary_gm_mad": 72.98793531480783,
  "summary_gm_mean": 703.6343383789062,
  "summary_gm_median": 702.0875244140625,
  "summary_gm_n": 19771.0,
  "summary_gm_p05": 586.7747497558594,
  "summary_gm_p95": 824.4360961914062,
  "summary_gm_stdv": 72.5140151977539,
  "summary_wm_k": 0.583619017100311,
  "summary_wm_mad": 58.206751349922065,
  "summary_wm_mean": 1002.1497192382812,
  "summary_wm_median": 1000.0145263671875,
  "summary_wm_n": 179106.0,
  "summary_wm_p05": 904.876708984375,
  "summary_wm_p95": 1106.4715270996094,
  "summary_wm_stdv": 61.72434997558594,
  "tpm_overlap_csf": 0.14614129066467285,
  "tpm_overlap_gm": 0.4371393024921417,
  "tpm_overlap_wm": 0.4707633852958679,
  "wm2max": 0.46619122729657686
}