{
  "bids_meta": {
    "EchoTime": 0.00336,
    "FlipAngle": 9,
    "ImageType": [
      "ORIGINAL",
      "PRIMARY",
      "M",
      "ND",
      "NORM"
    ],
    "MagneticFieldStrength": 3,
    "Manufacturer": "Siemens",
    "ManufacturersModelName": "TrioTim",
    "PhaseEncodingDirection": "i-",
    "RepetitionTime": 2.3,
    "ScanningSequence": "GR_IR",
    "SequenceName": "_tfl3d1",
    "SequenceVariant": "SP_MP",
    "SoftwareVersions": "syngo_MR_B17",
    "dataset": "ds001486",
    "modality": "T1w",
    "session_id": "T1",
    "subject_id": "062"
  },
  "cjv": 0.32410713032644933,
  "cnr": 3.9234799292374065,
  "efc": 0.6303042871060619,
  "fber": 39.39767074584961,
  "fwhm_avg": 3.6624047243966333,
  "fwhm_x": 3.78885,
  "fwhm_y": 3.64807,
  "fwhm_z": 3.5502941731898985,
  "icvs_csf": 0.24331748294870717,
  "icvs_gm": 0.4166299757384571,
  "icvs_wm": 0.34005254131283574,
  "inu_med": 1.0701528787612915,
  "inu_range": 0.23077523708343506,
  "provenance": {
    "md5sum": "38c0377ed16acead36f3d1f0322cb9b7",
    "settings": {
      "testing": false
    },
    "software": "mriqc",
    "version": "21.0.0rc2",
    "warnings": {
      "large_rot_frame": true,
      "small_air_mask": false
    },
    "webapi_port": null,
    "webapi_url": "https://mriqc.nimh.nih.gov/api/v1"
  },
  "qi_1": 0.0,
  "qi_2": 0.0035618050845004135,
  "rpve_csf": 18.7468442956974,
  "rpve_gm": 11.148292385140671,
  "rpve_wm": 16.914471097768203,
  "size_x": 256,
  "size_y": 256,
  "size_z": 160,
  "snr_csf": 3.9604804169148693,
  "snr_gm": 10.939897806931898,
  "snr_total": 12.36997939965398,
  "snr_wm": 22.209559975115173,
  "snrd_csf": 9.353182990488055,
  "snrd_gm": 17.444996379487897,
  "snrd_total": 17.46226772739492,
  "snrd_wm": 25.588623812208805,
  "spacing_x": 1.0,
  "spacing_y": 1.0,
  "spacing_z": 0.9999847412109375,
  "summary_bg_k": 0.9210755996819726,
  "summary_bg_mad": 25.602849944363125,
  "summary_bg_mean": 93.96341705322266,
  "summary_bg_median": 92.42474365234375,
  "summary_bg_n": 4093189.0,
  "summary_bg_p05": 54.57704467773438,
  "summary_bg_p95": 138.57634887695303,
  "summary_bg_stdv": 25.86486053466797,
  "summary_csf_k": 0.09679834618694105,
  "summary_csf_mad": 93.88666324819046,
  "summary_csf_mean": 360.5338439941406,
  "summary_csf_median": 365.52410888671875,
  "summary_csf_n": 27719.0,
  "summary_csf_p05": 204.8645782470703,
  "summary_csf_p95": 504.6374053955077,
  "summary_csf_stdv": 92.29120635986328,
  "summary_gm_k": 0.25947218303538966,
  "summary_gm_mad": 59.87825323463436,
  "summary_gm_mean": 683.3778686523438,
  "summary_gm_median": 681.753662109375,
  "summary_gm_n": 22983.0,
  "summary_gm_p05": 583.2209350585938,
  "summary_gm_p95": 788.2817504882811,
  "summary_gm_stdv": 62.31674575805664,
  "summary_wm_k": 0.44175892697926944,
  "summary_wm_mad": 43.270285072600046,
  "summary_wm_mean": 999.7843627929688,
  "summary_wm_median": 1000.0081176757812,
  "summary_wm_n": 201461.0,
  "summary_wm_p05": 925.8203125,
  "summary_wm_p95": 1072.8433837890625,
  "summary_wm_stdv": 45.025909423828125,
  "tpm_overlap_csf": 0.16135339438915253,
  "tpm_overlap_gm": 0.4351723790168762,
  "tpm_overlap_wm": 0.4815613031387329,
  "wm2max": 0.5907306851283498
}