{
  "bids_meta": {
    "EchoTime": 0.00336,
    "FlipAngle": 9,
    "ImageType": [
      "ORIGINAL",
      "PRIMARY",
      "M",
      "ND",
      "NORM"
    ],
    "MagneticFieldStrength": 3,
    "Manufacturer": "Siemens",
    "ManufacturersModelName": "TrioTim",
    "PhaseEncodingDirection": "i-",
    "RepetitionTime": 2.3,
    "ScanningSequence": "GR_IR",
    "SequenceName": "_tfl3d1",
    "SequenceVariant": "SP_MP",
    "SoftwareVersions": "syngo_MR_B17",
    "dataset": "ds001486",
    "modality": "T1w",
    "session_id": "T2",
    "subject_id": "074"
  },
  "cjv": 0.3752958733521839,
  "cnr": 3.337678370788216,
  "efc": 0.6766910245607585,
  "fber": 29.699415622087752,
  "fwhm_avg": 3.3720303368811915,
  "fwhm_x": 3.41932,
  "fwhm_y": 3.49467,
  "fwhm_z": 3.202101010643574,
  "icvs_csf": 0.23213764759184075,
  "icvs_gm": 0.43833163609441933,
  "icvs_wm": 0.32953071631373987,
  "inu_med": 1.157834768295288,
  "inu_range": 0.2831904888153076,
  "provenance": {
    "md5sum": "db5c223afd01ca7ee68964be3989a8bf",
    "settings": {
      "testing": false
    },
    "software": "mriqc",
    "version": "21.0.0rc2",
    "warnings": {
      "large_rot_frame": true,
      "small_air_mask": false
    },
    "webapi_port": null,
    "webapi_url": "https://mriqc.nimh.nih.gov/api/v1"
  },
  "qi_1": 0.0,
  "qi_2": 0.003721379972189203,
  "rpve_csf": 26.23463149353104,
  "rpve_gm": 14.46590651854957,
  "rpve_wm": 22.40619627630312,
  "size_x": 256,
  "size_y": 256,
  "size_z": 160,
  "snr_csf": 3.393898106932953,
  "snr_gm": 10.705419414988807,
  "snr_total": 11.207478942485912,
  "snr_wm": 19.52311930553597,
  "snrd_csf": 8.419574309398913,
  "snrd_gm": 15.98228928642537,
  "snrd_total": 15.690805334793033,
  "snrd_wm": 22.670552408554816,
  "spacing_x": 1.0,
  "spacing_y": 1.0,
  "spacing_z": 0.9999465942382812,
  "summary_bg_k": 0.7443168212090416,
  "summary_bg_mad": 28.89812114484786,
  "summary_bg_mean": 105.97394433380657,
  "summary_bg_median": 104.1676164418459,
  "summary_bg_n": 2185991.0,
  "summary_bg_p05": 61.350252628326416,
  "summary_bg_p95": 156.47966220974922,
  "summary_bg_stdv": 29.205789117656053,
  "summary_csf_k": -0.06838885877873713,
  "summary_csf_mad": 120.39755858708276,
  "summary_csf_mean": 368.651213940338,
  "summary_csf_median": 371.388136446476,
  "summary_csf_n": 19911.0,
  "summary_csf_p05": 198.49819460883737,
  "summary_csf_p95": 542.5662966817617,
  "summary_csf_stdv": 109.42544484930454,
  "summary_gm_k": 0.3106374079293861,
  "summary_gm_mad": 62.19525370518778,
  "summary_gm_mean": 707.2028305384264,
  "summary_gm_median": 704.9801351130009,
  "summary_gm_n": 18851.0,
  "summary_gm_p05": 602.3188864812255,
  "summary_gm_p95": 820.8791614696383,
  "summary_gm_stdv": 65.8508937194587,
  "summary_wm_k": 0.5396169912174207,
  "summary_wm_mad": 48.524479767812444,
  "summary_wm_mean": 998.4846695003872,
  "summary_wm_median": 999.9999883398414,
  "summary_wm_n": 133255.0,
  "summary_wm_p05": 912.1741802617908,
  "summary_wm_p95": 1079.7005397453904,
  "summary_wm_stdv": 51.22113021380076,
  "tpm_overlap_csf": 0.16227473318576813,
  "tpm_overlap_gm": 0.4592311382293701,
  "tpm_overlap_wm": 0.4888809621334076,
  "wm2max": 0.5211346481260509
}