{
  "bids_meta": {
    "EchoTime": 0.00336,
    "FlipAngle": 9,
    "ImageType": [
      "ORIGINAL",
      "PRIMARY",
      "M",
      "ND",
      "NORM"
    ],
    "MagneticFieldStrength": 3,
    "Manufacturer": "Siemens",
    "ManufacturersModelName": "TrioTim",
    "PhaseEncodingDirection": "i-",
    "RepetitionTime": 2.3,
    "ScanningSequence": "GR_IR",
    "SequenceName": "_tfl3d1",
    "SequenceVariant": "SP_MP",
    "SoftwareVersions": "syngo_MR_B17",
    "dataset": "ds001486",
    "modality": "T1w",
    "session_id": "T1",
    "subject_id": "004"
  },
  "cjv": 0.30836987292052487,
  "cnr": 4.0517340888726805,
  "efc": 0.6223139552448778,
  "fber": 38.83003234863281,
  "fwhm_avg": 3.7195131373985224,
  "fwhm_x": 3.77487,
  "fwhm_y": 3.78882,
  "fwhm_z": 3.5948494121955687,
  "icvs_csf": 0.23152371127113394,
  "icvs_gm": 0.45692584590834057,
  "icvs_wm": 0.31155044282052546,
  "inu_med": 1.1299177408218384,
  "inu_range": 0.35519973039627084,
  "provenance": {
    "md5sum": "5ad91841e49b9899456b231bb148e8c6",
    "settings": {
      "testing": false
    },
    "software": "mriqc",
    "version": "21.0.0rc2",
    "warnings": {
      "large_rot_frame": true,
      "small_air_mask": false
    },
    "webapi_port": null,
    "webapi_url": "https://mriqc.nimh.nih.gov/api/v1"
  },
  "qi_1": 0.0,
  "qi_2": 0.00466117050153621,
  "rpve_csf": 22.575952362344893,
  "rpve_gm": 12.030940405248503,
  "rpve_wm": 19.882428617511255,
  "size_x": 256,
  "size_y": 256,
  "size_z": 160,
  "snr_csf": 4.557108299629229,
  "snr_gm": 11.63593901967021,
  "snr_total": 11.428409184752695,
  "snr_wm": 18.092180234958644,
  "snrd_csf": 10.113354467755185,
  "snrd_gm": 16.655087037029567,
  "snrd_total": 17.313672437955045,
  "snrd_wm": 25.17257580908038,
  "spacing_x": 1.0,
  "spacing_y": 1.0,
  "spacing_z": 0.99993896484375,
  "summary_bg_k": 0.48851162724036223,
  "summary_bg_mad": 26.025775936556848,
  "summary_bg_mean": 95.0519027709961,
  "summary_bg_median": 93.4122314453125,
  "summary_bg_n": 3308992.0,
  "summary_bg_p05": 55.066360855102545,
  "summary_bg_p95": 140.45321502685545,
  "summary_bg_stdv": 26.18975067138672,
  "summary_csf_k": -0.04572546902944863,
  "summary_csf_mad": 86.49849189620076,
  "summary_csf_mean": 396.3797302246094,
  "summary_csf_median": 401.7604675292969,
  "summary_csf_n": 29731.0,
  "summary_csf_p05": 236.93604278564453,
  "summary_csf_p95": 531.2342529296875,
  "summary_csf_stdv": 88.1597900390625,
  "summary_gm_k": 0.3775419639558941,
  "summary_gm_mad": 53.577917732850054,
  "summary_gm_mean": 663.9965209960938,
  "summary_gm_median": 661.6356201171875,
  "summary_gm_n": 35127.0,
  "summary_gm_p05": 573.8357666015625,
  "summary_gm_p95": 762.386572265625,
  "summary_gm_stdv": 56.86057662963867,
  "summary_wm_k": 0.835584879007774,
  "summary_wm_mad": 50.76319959279776,
  "summary_wm_mean": 995.6051025390625,
  "summary_wm_median": 999.9991455078125,
  "summary_wm_n": 156153.0,
  "summary_wm_p05": 896.3964721679688,
  "summary_wm_p95": 1077.7975830078126,
  "summary_wm_stdv": 55.272274017333984,
  "tpm_overlap_csf": 0.15465912222862244,
  "tpm_overlap_gm": 0.4640476107597351,
  "tpm_overlap_wm": 0.4714459478855133,
  "wm2max": 0.5365342925846363
}