{
  "bids_meta": {
    "EchoTime": 0.00336,
    "FlipAngle": 9,
    "ImageType": [
      "ORIGINAL",
      "PRIMARY",
      "M",
      "ND",
      "NORM"
    ],
    "MagneticFieldStrength": 3,
    "Manufacturer": "Siemens",
    "ManufacturersModelName": "TrioTim",
    "PhaseEncodingDirection": "i-",
    "RepetitionTime": 2.3,
    "ScanningSequence": "GR_IR",
    "SequenceName": "_tfl3d1",
    "SequenceVariant": "SP_MP",
    "SoftwareVersions": "syngo_MR_B17",
    "dataset": "ds001486",
    "modality": "T1w",
    "session_id": "T1",
    "subject_id": "081"
  },
  "cjv": 0.3610885961558944,
  "cnr": 3.51105047726752,
  "efc": 0.6555898120469879,
  "fber": 36.811378479003906,
  "fwhm_avg": 4.044153273381524,
  "fwhm_x": 4.07801,
  "fwhm_y": 4.23716,
  "fwhm_z": 3.817289820144571,
  "icvs_csf": 0.2585102190260481,
  "icvs_gm": 0.3980238269589609,
  "icvs_wm": 0.34346595401499097,
  "inu_med": 1.4619622230529785,
  "inu_range": 0.7030267715454102,
  "provenance": {
    "md5sum": "b7140a7305096a42dfe39a3c5dfe911c",
    "settings": {
      "testing": false
    },
    "software": "mriqc",
    "version": "21.0.0rc2",
    "warnings": {
      "large_rot_frame": true,
      "small_air_mask": false
    },
    "webapi_port": null,
    "webapi_url": "https://mriqc.nimh.nih.gov/api/v1"
  },
  "qi_1": 0.0,
  "qi_2": 0.004128107507615722,
  "rpve_csf": 18.404126164106945,
  "rpve_gm": 11.402710101529138,
  "rpve_wm": 16.01860157092253,
  "size_x": 256,
  "size_y": 256,
  "size_z": 160,
  "snr_csf": 3.965364357463026,
  "snr_gm": 9.530057840092907,
  "snr_total": 10.273182573110807,
  "snr_wm": 17.324125521776487,
  "snrd_csf": 9.730355029603793,
  "snrd_gm": 15.935090831972408,
  "snrd_total": 16.518637477588012,
  "snrd_wm": 23.89046657118784,
  "spacing_x": 1.0,
  "spacing_y": 1.0,
  "spacing_z": 1.0000419616699219,
  "summary_bg_k": 0.29821320444238,
  "summary_bg_mad": 27.422756836298884,
  "summary_bg_mean": 97.26789093017578,
  "summary_bg_median": 95.56230926513672,
  "summary_bg_n": 4135525.0,
  "summary_bg_p05": 54.875239562988284,
  "summary_bg_p95": 145.3295166015625,
  "summary_bg_stdv": 27.653850555419922,
  "summary_csf_k": 0.14110769880841323,
  "summary_csf_mad": 101.53173814622124,
  "summary_csf_mean": 403.67938232421875,
  "summary_csf_median": 407.2940673828125,
  "summary_csf_n": 39353.0,
  "summary_csf_p05": 230.81192321777343,
  "summary_csf_p95": 565.0323486328125,
  "summary_csf_stdv": 102.71159362792969,
  "summary_gm_k": 0.28948712966560386,
  "summary_gm_mad": 66.48820320728152,
  "summary_gm_mean": 670.2007446289062,
  "summary_gm_median": 667.012451171875,
  "summary_gm_n": 17696.0,
  "summary_gm_p05": 560.1692657470703,
  "summary_gm_p95": 794.0463409423828,
  "summary_gm_stdv": 69.98841094970703,
  "summary_wm_k": 0.6814136945739131,
  "summary_wm_mad": 53.75315327948922,
  "summary_wm_mean": 998.8550415039062,
  "summary_wm_median": 1000.00927734375,
  "summary_wm_n": 216378.0,
  "summary_wm_p05": 902.0694702148437,
  "summary_wm_p95": 1090.555322265625,
  "summary_wm_stdv": 57.72337341308594,
  "tpm_overlap_csf": 0.14275197684764862,
  "tpm_overlap_gm": 0.4395204186439514,
  "tpm_overlap_wm": 0.4768171012401581,
  "wm2max": 0.6754408344262209
}