{
  "bids_meta": {
    "EchoTime": 0.00336,
    "FlipAngle": 9,
    "ImageType": [
      "ORIGINAL",
      "PRIMARY",
      "M",
      "ND",
      "NORM"
    ],
    "MagneticFieldStrength": 3,
    "Manufacturer": "Siemens",
    "ManufacturersModelName": "TrioTim",
    "PhaseEncodingDirection": "i-",
    "RepetitionTime": 2.3,
    "ScanningSequence": "GR_IR",
    "SequenceName": "_tfl3d1",
    "SequenceVariant": "SP_MP",
    "SoftwareVersions": "syngo_MR_B17",
    "dataset": "ds001486",
    "modality": "T1w",
    "session_id": "T1",
    "subject_id": "089"
  },
  "cjv": 0.35320530109948883,
  "cnr": 3.5963044500841055,
  "efc": 0.6731302384757561,
  "fber": 42.12665338133444,
  "fwhm_avg": 3.6195846308785953,
  "fwhm_x": 3.617199568796209,
  "fwhm_y": 3.802650226655616,
  "fwhm_z": 3.4389040971839617,
  "icvs_csf": 0.20984620090470055,
  "icvs_gm": 0.4578600831759813,
  "icvs_wm": 0.3322937159193181,
  "inu_med": 1.2668403387069702,
  "inu_range": 0.44272739887237544,
  "provenance": {
    "md5sum": "d210984acbaeaf0f0defba262c649aa0",
    "settings": {
      "testing": false
    },
    "software": "mriqc",
    "version": "21.0.0rc2",
    "warnings": {
      "large_rot_frame": true,
      "small_air_mask": false
    },
    "webapi_port": null,
    "webapi_url": "https://mriqc.nimh.nih.gov/api/v1"
  },
  "qi_1": 0.0,
  "qi_2": 0.00425397522917515,
  "rpve_csf": 24.819120719758047,
  "rpve_gm": 12.283784522572931,
  "rpve_wm": 19.086858753500373,
  "size_x": 256,
  "size_y": 256,
  "size_z": 160,
  "snr_csf": 3.8084750719187848,
  "snr_gm": 10.346439870929233,
  "snr_total": 10.473935357879403,
  "snr_wm": 17.266891130790192,
  "snrd_csf": 9.814161804833102,
  "snrd_gm": 17.033762545531335,
  "snrd_total": 17.38581400475233,
  "snrd_wm": 25.309517663892546,
  "spacing_x": 1.0000001192092896,
  "spacing_y": 0.9999999403953552,
  "spacing_z": 0.9999580979347229,
  "summary_bg_k": 0.8816988960975167,
  "summary_bg_mad": 25.884980368772446,
  "summary_bg_mean": 94.4475304815548,
  "summary_bg_median": 92.8568335622549,
  "summary_bg_n": 2140403.0,
  "summary_bg_p05": 54.48980391025543,
  "summary_bg_p95": 139.75944958627224,
  "summary_bg_stdv": 26.10662948302548,
  "summary_csf_k": -0.01496984766165399,
  "summary_csf_mad": 102.13382377604535,
  "summary_csf_mean": 379.4520913294651,
  "summary_csf_median": 387.7656536176801,
  "summary_csf_n": 21691.0,
  "summary_csf_p05": 202.87105791270733,
  "summary_csf_p95": 532.3748681880534,
  "summary_csf_stdv": 101.81416650828923,
  "summary_gm_k": 0.23680480658688463,
  "summary_gm_mad": 62.06003935327912,
  "summary_gm_mean": 675.7678800315716,
  "summary_gm_median": 673.018052726984,
  "summary_gm_n": 31693.0,
  "summary_gm_p05": 572.5136786475778,
  "summary_gm_p95": 788.4209048375487,
  "summary_gm_stdv": 65.04724748489419,
  "summary_wm_k": 0.6446013170077451,
  "summary_wm_mad": 53.43171256368831,
  "summary_wm_mean": 996.616671397814,
  "summary_wm_median": 999.9999852105975,
  "summary_wm_n": 161249.0,
  "summary_wm_p05": 893.6500277370214,
  "summary_wm_p95": 1084.9247587099671,
  "summary_wm_stdv": 57.91412460047457,
  "tpm_overlap_csf": 0.14898686110973358,
  "tpm_overlap_gm": 0.45890387892723083,
  "tpm_overlap_wm": 0.4624025821685791,
  "wm2max": 0.5746240927444326
}