{
  "bids_meta": {
    "EchoTime": 0.00336,
    "FlipAngle": 9,
    "ImageType": [
      "ORIGINAL",
      "PRIMARY",
      "M",
      "ND",
      "NORM"
    ],
    "MagneticFieldStrength": 3,
    "Manufacturer": "Siemens",
    "ManufacturersModelName": "TrioTim",
    "PhaseEncodingDirection": "i-",
    "RepetitionTime": 2.3,
    "ScanningSequence": "GR_IR",
    "SequenceName": "_tfl3d1",
    "SequenceVariant": "SP_MP",
    "SoftwareVersions": "syngo_MR_B17",
    "dataset": "ds001486",
    "modality": "T1w",
    "session_id": "T1",
    "subject_id": "015"
  },
  "cjv": 0.4895681312693508,
  "cnr": 2.613378387763283,
  "efc": 0.7414308289848739,
  "fber": 3.4296247959136963,
  "fwhm_avg": 4.096439724635718,
  "fwhm_x": 3.939870234834566,
  "fwhm_y": 4.34776,
  "fwhm_z": 4.001688939072586,
  "icvs_csf": 0.25780620791756037,
  "icvs_gm": 0.4028488891962981,
  "icvs_wm": 0.33934490288614155,
  "inu_med": 1.385933518409729,
  "inu_range": 0.6380437374114989,
  "provenance": {
    "md5sum": "e9f6b363ea1d5f2bf0991b12639e1e6f",
    "settings": {
      "testing": false
    },
    "software": "mriqc",
    "version": "21.0.0rc2",
    "warnings": {
      "large_rot_frame": true,
      "small_air_mask": false
    },
    "webapi_port": null,
    "webapi_url": "https://mriqc.nimh.nih.gov/api/v1"
  },
  "qi_1": 0.0,
  "qi_2": 0.0028155145476654,
  "rpve_csf": 16.10826780819579,
  "rpve_gm": 9.77057717564243,
  "rpve_wm": 13.447001026087497,
  "size_x": 256,
  "size_y": 256,
  "size_z": 160,
  "snr_csf": 2.4248080319042216,
  "snr_gm": 7.771149744580468,
  "snr_total": 7.5765520013389605,
  "snr_wm": 12.533698227532192,
  "snrd_csf": 4.1647158739355685,
  "snrd_gm": 9.949151663249868,
  "snrd_total": 9.644505862789035,
  "snrd_wm": 14.819650051181672,
  "spacing_x": 0.9999999403953552,
  "spacing_y": 1.0,
  "spacing_z": 1.0000152587890625,
  "summary_bg_k": 0.21716536900611771,
  "summary_bg_mad": 44.20890149785941,
  "summary_bg_mean": 160.94683837890625,
  "summary_bg_median": 158.0689697265625,
  "summary_bg_n": 2703820.0,
  "summary_bg_p05": 92.80774536132813,
  "summary_bg_p95": 238.8490081787109,
  "summary_bg_stdv": 44.569557189941406,
  "summary_csf_k": 0.3250841301984351,
  "summary_csf_mad": 118.61546199452224,
  "summary_csf_mean": 292.5283203125,
  "summary_csf_median": 281.03692626953125,
  "summary_csf_n": 76445.0,
  "summary_csf_p05": 125.61723327636719,
  "summary_csf_p95": 497.93337402343764,
  "summary_csf_stdv": 115.89993286132812,
  "summary_gm_k": 0.07598010933858568,
  "summary_gm_mad": 85.02204305604344,
  "summary_gm_mean": 675.234375,
  "summary_gm_median": 671.373291015625,
  "summary_gm_n": 34063.0,
  "summary_gm_p05": 539.1646301269532,
  "summary_gm_p95": 823.5543029785156,
  "summary_gm_stdv": 86.39177703857422,
  "summary_wm_k": 1.1078023519553817,
  "summary_wm_mad": 75.88110902880081,
  "summary_wm_mean": 1003.51123046875,
  "summary_wm_median": 1000.0367431640625,
  "summary_wm_n": 236349.0,
  "summary_wm_p05": 878.909716796875,
  "summary_wm_p95": 1138.9637451171875,
  "summary_wm_stdv": 79.78767395019531,
  "tpm_overlap_csf": 0.12707988917827606,
  "tpm_overlap_gm": 0.4410334527492523,
  "tpm_overlap_wm": 0.4788500666618347,
  "wm2max": 0.7269209026097586
}