{
  "bids_meta": {
    "EchoTime": 0.00336,
    "FlipAngle": 9,
    "ImageType": [
      "ORIGINAL",
      "PRIMARY",
      "M",
      "ND",
      "NORM"
    ],
    "MagneticFieldStrength": 3,
    "Manufacturer": "Siemens",
    "ManufacturersModelName": "TrioTim",
    "PhaseEncodingDirection": "i-",
    "RepetitionTime": 2.3,
    "ScanningSequence": "GR_IR",
    "SequenceName": "_tfl3d1",
    "SequenceVariant": "SP_MP",
    "SoftwareVersions": "syngo_MR_B17",
    "dataset": "ds001486",
    "modality": "T1w",
    "session_id": "T1",
    "subject_id": "124"
  },
  "cjv": 0.29840300833589023,
  "cnr": 4.2064207451524345,
  "efc": 0.652558771966124,
  "fber": 63.47790836668175,
  "fwhm_avg": 3.5783625616412578,
  "fwhm_x": 3.6007,
  "fwhm_y": 3.72881,
  "fwhm_z": 3.405577684923772,
  "icvs_csf": 0.23024175320999982,
  "icvs_gm": 0.45230319950649633,
  "icvs_wm": 0.3174550472835039,
  "inu_med": 1.4534552097320557,
  "inu_range": 0.5845034122467041,
  "provenance": {
    "md5sum": "6370fb8d86d670cc3b0b5b8ccb350e31",
    "settings": {
      "testing": false
    },
    "software": "mriqc",
    "version": "21.0.0rc2",
    "warnings": {
      "large_rot_frame": true,
      "small_air_mask": false
    },
    "webapi_port": null,
    "webapi_url": "https://mriqc.nimh.nih.gov/api/v1"
  },
  "qi_1": 0.0,
  "qi_2": 0.005074320693118652,
  "rpve_csf": 24.935453188527674,
  "rpve_gm": 13.309856091590714,
  "rpve_wm": 21.159455611543375,
  "size_x": 256,
  "size_y": 256,
  "size_z": 160,
  "snr_csf": 3.5912583547866443,
  "snr_gm": 11.098902353496298,
  "snr_total": 10.721262017567396,
  "snr_wm": 17.47362534441924,
  "snrd_csf": 10.500373355344312,
  "snrd_gm": 19.376142666145785,
  "snrd_total": 19.98199451657892,
  "snrd_wm": 30.06946752824665,
  "spacing_x": 1.0,
  "spacing_y": 1.0,
  "spacing_z": 0.9998626708984375,
  "summary_bg_k": 1.7254890217911765,
  "summary_bg_mad": 21.787429504127417,
  "summary_bg_mean": 70.79962068588466,
  "summary_bg_median": 69.00103265047073,
  "summary_bg_n": 2113173.0,
  "summary_bg_p05": 37.66933527588844,
  "summary_bg_p95": 109.83918687701225,
  "summary_bg_stdv": 22.39786595067599,
  "summary_csf_k": -0.15108613395268122,
  "summary_csf_mad": 106.17701494194708,
  "summary_csf_mean": 348.5184345004118,
  "summary_csf_median": 349.203848361969,
  "summary_csf_n": 19835.0,
  "summary_csf_p05": 196.6529430538416,
  "summary_csf_p95": 504.8443521469831,
  "summary_csf_stdv": 97.23473251846417,
  "summary_gm_k": 0.8153223010802519,
  "summary_gm_mad": 53.38213859636609,
  "summary_gm_mean": 644.1529302962512,
  "summary_gm_median": 644.379333615303,
  "summary_gm_n": 26518.0,
  "summary_gm_p05": 549.1959343850613,
  "summary_gm_p95": 737.9446546688675,
  "summary_gm_stdv": 58.056838697194785,
  "summary_wm_k": 0.771291641804785,
  "summary_wm_mad": 52.73615012050248,
  "summary_wm_mean": 995.5403725709419,
  "summary_wm_median": 1000.0000403523445,
  "summary_wm_n": 144804.0,
  "summary_wm_p05": 892.775129109621,
  "summary_wm_p95": 1080.9633645415306,
  "summary_wm_stdv": 57.22891315867292,
  "tpm_overlap_csf": 0.15319199860095978,
  "tpm_overlap_gm": 0.4492410719394684,
  "tpm_overlap_wm": 0.4706782102584839,
  "wm2max": 0.5897754738133741
}