{
  "bids_meta": {
    "EchoTime": 0.00336,
    "FlipAngle": 9,
    "ImageType": [
      "ORIGINAL",
      "PRIMARY",
      "M",
      "ND",
      "NORM"
    ],
    "MagneticFieldStrength": 3,
    "Manufacturer": "Siemens",
    "ManufacturersModelName": "TrioTim",
    "PhaseEncodingDirection": "i-",
    "RepetitionTime": 2.3,
    "ScanningSequence": "GR_IR",
    "SequenceName": "_tfl3d1",
    "SequenceVariant": "SP_MP",
    "SoftwareVersions": "syngo_MR_B17",
    "dataset": "ds001486",
    "modality": "T1w",
    "session_id": "T1",
    "subject_id": "092"
  },
  "cjv": 0.3137847225655656,
  "cnr": 4.009509076680292,
  "efc": 0.6381033002840926,
  "fber": 32.704036712646484,
  "fwhm_avg": 3.6578733751683252,
  "fwhm_x": 3.69372,
  "fwhm_y": 3.77368,
  "fwhm_z": 3.5062201255049765,
  "icvs_csf": 0.21595888459337903,
  "icvs_gm": 0.4655029404827745,
  "icvs_wm": 0.31853817492384645,
  "inu_med": 1.1823935508728027,
  "inu_range": 0.3934429883956909,
  "provenance": {
    "md5sum": "fc8a1533e197a56e26f308a9cb848b0e",
    "settings": {
      "testing": false
    },
    "software": "mriqc",
    "version": "21.0.0rc2",
    "warnings": {
      "large_rot_frame": true,
      "small_air_mask": false
    },
    "webapi_port": null,
    "webapi_url": "https://mriqc.nimh.nih.gov/api/v1"
  },
  "qi_1": 0.0,
  "qi_2": 0.0048678529468950274,
  "rpve_csf": 23.2900441432382,
  "rpve_gm": 11.683402435644348,
  "rpve_wm": 19.087525294738693,
  "size_x": 256,
  "size_y": 256,
  "size_z": 160,
  "snr_csf": 4.4389350413979916,
  "snr_gm": 10.915040110029583,
  "snr_total": 11.006579468851365,
  "snr_wm": 17.665763255126517,
  "snrd_csf": 9.405175153171808,
  "snrd_gm": 15.408057792420182,
  "snrd_total": 16.15292459895727,
  "snrd_wm": 23.64554085127982,
  "spacing_x": 1.0,
  "spacing_y": 1.0,
  "spacing_z": 0.9999885559082031,
  "summary_bg_k": 0.490068994078265,
  "summary_bg_mad": 27.706513544470205,
  "summary_bg_mean": 101.7799072265625,
  "summary_bg_median": 100.10415649414062,
  "summary_bg_n": 3702571.0,
  "summary_bg_p05": 59.1010684967041,
  "summary_bg_p95": 150.26620483398438,
  "summary_bg_stdv": 27.947097778320312,
  "summary_csf_k": 0.09838948279032156,
  "summary_csf_mad": 88.38233057935808,
  "summary_csf_mean": 394.7319641113281,
  "summary_csf_median": 397.75628662109375,
  "summary_csf_n": 33305.0,
  "summary_csf_p05": 239.73828735351563,
  "summary_csf_p95": 535.08955078125,
  "summary_csf_stdv": 89.60489654541016,
  "summary_gm_k": 0.4232263932085498,
  "summary_gm_mad": 56.36616729691889,
  "summary_gm_mean": 654.5318603515625,
  "summary_gm_median": 651.62548828125,
  "summary_gm_n": 42068.0,
  "summary_gm_p05": 560.6065460205078,
  "summary_gm_p95": 757.3928009033203,
  "summary_gm_stdv": 59.69906997680664,
  "summary_wm_k": 0.610629062587591,
  "summary_wm_mad": 52.94801086987291,
  "summary_wm_mean": 997.4755249023438,
  "summary_wm_median": 999.9986572265625,
  "summary_wm_n": 159503.0,
  "summary_wm_p05": 899.2170104980469,
  "summary_wm_p95": 1085.291943359375,
  "summary_wm_stdv": 56.606414794921875,
  "tpm_overlap_csf": 0.14662642776966095,
  "tpm_overlap_gm": 0.475440114736557,
  "tpm_overlap_wm": 0.4903410077095032,
  "wm2max": 0.5729467764560082
}