{
  "bids_meta": {
    "EchoTime": 0.00336,
    "FlipAngle": 9,
    "ImageType": [
      "ORIGINAL",
      "PRIMARY",
      "M",
      "ND",
      "NORM"
    ],
    "MagneticFieldStrength": 3,
    "Manufacturer": "Siemens",
    "ManufacturersModelName": "TrioTim",
    "PhaseEncodingDirection": "i-",
    "RepetitionTime": 2.3,
    "ScanningSequence": "GR_IR",
    "SequenceName": "_tfl3d1",
    "SequenceVariant": "SP_MP",
    "SoftwareVersions": "syngo_MR_B17",
    "dataset": "ds001486",
    "modality": "T1w",
    "session_id": "T2",
    "subject_id": "045"
  },
  "cjv": 0.3078584930514402,
  "cnr": 4.225796020391631,
  "efc": 0.5807526037947455,
  "fber": 66.13525390625,
  "fwhm_avg": 3.748637740190581,
  "fwhm_x": 3.87633,
  "fwhm_y": 3.85955,
  "fwhm_z": 3.5100332205717426,
  "icvs_csf": 0.24130659275676206,
  "icvs_gm": 0.42634570835612173,
  "icvs_wm": 0.3323476988871162,
  "inu_med": 1.6586949825286865,
  "inu_range": 0.5336396098136902,
  "provenance": {
    "md5sum": "9ff3f1ee5e2f4ce7318297bc68e457a2",
    "settings": {
      "testing": false
    },
    "software": "mriqc",
    "version": "21.0.0rc2",
    "warnings": {
      "large_rot_frame": true,
      "small_air_mask": false
    },
    "webapi_port": null,
    "webapi_url": "https://mriqc.nimh.nih.gov/api/v1"
  },
  "qi_1": 0.0,
  "qi_2": 0.006914853175643335,
  "rpve_csf": 22.80843939995656,
  "rpve_gm": 13.069612563218566,
  "rpve_wm": 19.75053094660194,
  "size_x": 256,
  "size_y": 256,
  "size_z": 160,
  "snr_csf": 3.930769053114233,
  "snr_gm": 10.275885894042894,
  "snr_total": 11.20549084437163,
  "snr_wm": 19.40981758595776,
  "snrd_csf": 11.452973669769554,
  "snrd_gm": 20.80205627272724,
  "snrd_total": 21.489056899745194,
  "snrd_wm": 32.21214075673878,
  "spacing_x": 1.0,
  "spacing_y": 1.0,
  "spacing_z": 1.0000076293945312,
  "summary_bg_k": 1.2327189641479475,
  "summary_bg_mad": 20.33804657682375,
  "summary_bg_mean": 70.436279296875,
  "summary_bg_median": 69.20228576660156,
  "summary_bg_n": 3855779.0,
  "summary_bg_p05": 38.92931976318359,
  "summary_bg_p95": 106.027490234375,
  "summary_bg_stdv": 20.558582305908203,
  "summary_csf_k": -0.002815748007654939,
  "summary_csf_mad": 93.6864974701549,
  "summary_csf_mean": 352.8728332519531,
  "summary_csf_median": 355.5459899902344,
  "summary_csf_n": 21339.0,
  "summary_csf_p05": 204.727392578125,
  "summary_csf_p95": 498.50169677734357,
  "summary_csf_stdv": 90.44989776611328,
  "summary_gm_k": 0.32448983084053085,
  "summary_gm_mad": 61.12046648869537,
  "summary_gm_mean": 646.840087890625,
  "summary_gm_median": 645.77880859375,
  "summary_gm_n": 19248.0,
  "summary_gm_p05": 544.2450439453125,
  "summary_gm_p95": 750.238946533203,
  "summary_gm_stdv": 62.84246826171875,
  "summary_wm_k": 0.7142533037836105,
  "summary_wm_mad": 47.92748757367484,
  "summary_wm_mean": 997.5055541992188,
  "summary_wm_median": 999.9933471679688,
  "summary_wm_n": 158010.0,
  "summary_wm_p05": 908.127407836914,
  "summary_wm_p95": 1077.226477050781,
  "summary_wm_stdv": 51.519813537597656,
  "tpm_overlap_csf": 0.160133495926857,
  "tpm_overlap_gm": 0.45399239659309387,
  "tpm_overlap_wm": 0.48655641078948975,
  "wm2max": 0.6141382864019578
}