{
  "bids_meta": {
    "EchoTime": 0.00336,
    "FlipAngle": 9,
    "ImageType": [
      "ORIGINAL",
      "PRIMARY",
      "M",
      "ND",
      "NORM"
    ],
    "MagneticFieldStrength": 3,
    "Manufacturer": "Siemens",
    "ManufacturersModelName": "TrioTim",
    "PhaseEncodingDirection": "i-",
    "RepetitionTime": 2.3,
    "ScanningSequence": "GR_IR",
    "SequenceName": "_tfl3d1",
    "SequenceVariant": "SP_MP",
    "SoftwareVersions": "syngo_MR_B17",
    "dataset": "ds001486",
    "modality": "T1w",
    "session_id": "T1",
    "subject_id": "039"
  },
  "cjv": 0.3341573042336093,
  "cnr": 3.820447599321442,
  "efc": 0.6627238160723234,
  "fber": 44.27953580177772,
  "fwhm_avg": 3.6991953621194504,
  "fwhm_x": 3.71864,
  "fwhm_y": 3.89257,
  "fwhm_z": 3.486376086358351,
  "icvs_csf": 0.22935606855120758,
  "icvs_gm": 0.4408633395919617,
  "icvs_wm": 0.3297805918568307,
  "inu_med": 1.1943696737289429,
  "inu_range": 0.31127333641052246,
  "provenance": {
    "md5sum": "8c71cd3049b0e71e41a718dd2e3314ba",
    "settings": {
      "testing": false
    },
    "software": "mriqc",
    "version": "21.0.0rc2",
    "warnings": {
      "large_rot_frame": true,
      "small_air_mask": false
    },
    "webapi_port": null,
    "webapi_url": "https://mriqc.nimh.nih.gov/api/v1"
  },
  "qi_1": 0.0,
  "qi_2": 0.004139086292487647,
  "rpve_csf": 27.168947744943942,
  "rpve_gm": 14.909304761067887,
  "rpve_wm": 23.59354110442771,
  "size_x": 256,
  "size_y": 256,
  "size_z": 160,
  "snr_csf": 4.389703506002047,
  "snr_gm": 10.566338915990753,
  "snr_total": 11.760665702541663,
  "snr_wm": 20.325954685632187,
  "snrd_csf": 10.684553813444815,
  "snrd_gm": 17.91341274765663,
  "snrd_total": 18.35422298830367,
  "snrd_wm": 26.46470240380956,
  "spacing_x": 1.0,
  "spacing_y": 1.0,
  "spacing_z": 0.9999580979347229,
  "summary_bg_k": 0.34943314234250966,
  "summary_bg_mad": 24.755100413518193,
  "summary_bg_mean": 89.68766664622846,
  "summary_bg_median": 87.98378762975335,
  "summary_bg_n": 2168203.0,
  "summary_bg_p05": 51.50962417200208,
  "summary_bg_p95": 133.57649195194244,
  "summary_bg_stdv": 25.08467481284441,
  "summary_csf_k": 0.2747560434528804,
  "summary_csf_mad": 89.76728159659267,
  "summary_csf_mean": 396.65939741399995,
  "summary_csf_median": 403.7284626290202,
  "summary_csf_n": 19481.0,
  "summary_csf_p05": 234.5288710333407,
  "summary_csf_p95": 534.2654409594834,
  "summary_csf_stdv": 91.96933228764993,
  "summary_gm_k": 0.44346446495378977,
  "summary_gm_mad": 60.2053655687991,
  "summary_gm_mean": 679.5332940551427,
  "summary_gm_median": 676.8794200792909,
  "summary_gm_n": 25705.0,
  "summary_gm_p05": 578.1641230233014,
  "summary_gm_p95": 789.1712113112211,
  "summary_gm_stdv": 64.05873018402929,
  "summary_wm_k": 0.27060292813074005,
  "summary_wm_mad": 47.76773016686156,
  "summary_wm_mean": 998.3849855151426,
  "summary_wm_median": 999.9999814666808,
  "summary_wm_n": 139304.0,
  "summary_wm_p05": 914.5288584306836,
  "summary_wm_p95": 1076.3930904865265,
  "summary_wm_stdv": 49.19800361922438,
  "tpm_overlap_csf": 0.1533908247947693,
  "tpm_overlap_gm": 0.4711941182613373,
  "tpm_overlap_wm": 0.49913519620895386,
  "wm2max": 0.5807795509108883
}