{
  "bids_meta": {
    "EchoTime": 0.00336,
    "FlipAngle": 9,
    "ImageType": [
      "ORIGINAL",
      "PRIMARY",
      "M",
      "ND",
      "NORM"
    ],
    "MagneticFieldStrength": 3,
    "Manufacturer": "Siemens",
    "ManufacturersModelName": "TrioTim",
    "PhaseEncodingDirection": "i-",
    "RepetitionTime": 2.3,
    "ScanningSequence": "GR_IR",
    "SequenceName": "_tfl3d1",
    "SequenceVariant": "SP_MP",
    "SoftwareVersions": "syngo_MR_B17",
    "dataset": "ds001486",
    "modality": "T1w",
    "session_id": "T2",
    "subject_id": "001"
  },
  "cjv": 0.32157505231210026,
  "cnr": 3.8948485656191165,
  "efc": 0.6394245982131613,
  "fber": 36.03720474243164,
  "fwhm_avg": 3.6706811369485393,
  "fwhm_x": 3.68973,
  "fwhm_y": 3.8296,
  "fwhm_z": 3.4927134108456164,
  "icvs_csf": 0.23018480029355531,
  "icvs_gm": 0.43974266129274175,
  "icvs_wm": 0.33007253841370293,
  "inu_med": 1.1024832725524902,
  "inu_range": 0.31433407962322235,
  "provenance": {
    "md5sum": "9e0eeedcdf25e61029f583facb6e59a3",
    "settings": {
      "testing": false
    },
    "software": "mriqc",
    "version": "21.0.0rc2",
    "warnings": {
      "large_rot_frame": true,
      "small_air_mask": false
    },
    "webapi_port": null,
    "webapi_url": "https://mriqc.nimh.nih.gov/api/v1"
  },
  "qi_1": 0.0,
  "qi_2": 0.00465512141346846,
  "rpve_csf": 20.050855931679898,
  "rpve_gm": 10.972418732149166,
  "rpve_wm": 17.092544577688084,
  "size_x": 256,
  "size_y": 256,
  "size_z": 160,
  "snr_csf": 4.023172560677148,
  "snr_gm": 10.983939089694783,
  "snr_total": 11.679097523760069,
  "snr_wm": 20.03018092090827,
  "snrd_csf": 9.100192741647161,
  "snrd_gm": 16.48402424930006,
  "snrd_total": 16.6747967708361,
  "snrd_wm": 24.440173321561083,
  "spacing_x": 1.0,
  "spacing_y": 1.0,
  "spacing_z": 1.000030517578125,
  "summary_bg_k": 0.3859081544435723,
  "summary_bg_mad": 26.80585803416831,
  "summary_bg_mean": 98.45928955078125,
  "summary_bg_median": 96.84201049804688,
  "summary_bg_n": 3461877.0,
  "summary_bg_p05": 57.09536361694336,
  "summary_bg_p95": 145.03888244628902,
  "summary_bg_stdv": 26.887540817260742,
  "summary_csf_k": -0.11932507924213809,
  "summary_csf_mad": 96.3619501796481,
  "summary_csf_mean": 370.9215087890625,
  "summary_csf_median": 372.3476257324219,
  "summary_csf_n": 27632.0,
  "summary_csf_p05": 219.34408721923828,
  "summary_csf_p95": 519.3188598632812,
  "summary_csf_stdv": 92.549072265625,
  "summary_gm_k": 0.46624592123636077,
  "summary_gm_mad": 57.76628709829999,
  "summary_gm_mean": 676.0208740234375,
  "summary_gm_median": 674.4678344726562,
  "summary_gm_n": 32617.0,
  "summary_gm_p05": 578.2803100585937,
  "summary_gm_p95": 781.3046874999998,
  "summary_gm_stdv": 61.40397262573242,
  "summary_wm_k": 0.6616135736176236,
  "summary_wm_mad": 46.918424015413365,
  "summary_wm_mean": 998.1389770507812,
  "summary_wm_median": 1000.0052490234375,
  "summary_wm_n": 191725.0,
  "summary_wm_p05": 913.0963256835937,
  "summary_wm_p95": 1075.946435546875,
  "summary_wm_stdv": 49.9247932434082,
  "tpm_overlap_csf": 0.15411986410617828,
  "tpm_overlap_gm": 0.45783302187919617,
  "tpm_overlap_wm": 0.48214831948280334,
  "wm2max": 0.6170326136811732
}