{
  "bids_meta": {
    "EchoTime": 0.00336,
    "FlipAngle": 9,
    "ImageType": [
      "ORIGINAL",
      "PRIMARY",
      "M",
      "ND",
      "NORM"
    ],
    "MagneticFieldStrength": 3,
    "Manufacturer": "Siemens",
    "ManufacturersModelName": "TrioTim",
    "PhaseEncodingDirection": "i-",
    "RepetitionTime": 2.3,
    "ScanningSequence": "GR_IR",
    "SequenceName": "_tfl3d1",
    "SequenceVariant": "SP_MP",
    "SoftwareVersions": "syngo_MR_B17",
    "dataset": "ds001486",
    "modality": "T1w",
    "session_id": "T1",
    "subject_id": "109"
  },
  "cjv": 0.3139358524781037,
  "cnr": 4.081314970590257,
  "efc": 0.5958415541230732,
  "fber": 57.67315673828125,
  "fwhm_avg": 3.950697318845832,
  "fwhm_x": 3.97928,
  "fwhm_y": 4.08093,
  "fwhm_z": 3.7918819565374946,
  "icvs_csf": 0.24254792877635173,
  "icvs_gm": 0.4088758196227537,
  "icvs_wm": 0.34857625160089456,
  "inu_med": 1.6520746946334839,
  "inu_range": 0.594010090827942,
  "provenance": {
    "md5sum": "52cdaadf36c86ec19812c5367b3f94b5",
    "settings": {
      "testing": false
    },
    "software": "mriqc",
    "version": "21.0.0rc2",
    "warnings": {
      "large_rot_frame": true,
      "small_air_mask": false
    },
    "webapi_port": null,
    "webapi_url": "https://mriqc.nimh.nih.gov/api/v1"
  },
  "qi_1": 0.0,
  "qi_2": 0.006494420752715362,
  "rpve_csf": 20.71414840369314,
  "rpve_gm": 12.274690281914559,
  "rpve_wm": 17.50403618954121,
  "size_x": 256,
  "size_y": 256,
  "size_z": 160,
  "snr_csf": 3.301302314449314,
  "snr_gm": 9.57331801411541,
  "snr_total": 10.862204451116162,
  "snr_wm": 19.71199302478376,
  "snrd_csf": 10.566604552940449,
  "snrd_gm": 19.519522952440564,
  "snrd_total": 20.12412133774173,
  "snrd_wm": 30.286236507844187,
  "spacing_x": 1.0,
  "spacing_y": 1.0,
  "spacing_z": 1.0000495910644531,
  "summary_bg_k": 0.5239461801007979,
  "summary_bg_mad": 21.63122315101017,
  "summary_bg_mean": 75.15813446044922,
  "summary_bg_median": 73.72063446044922,
  "summary_bg_n": 4183536.0,
  "summary_bg_p05": 41.53057384490967,
  "summary_bg_p95": 113.2196273803711,
  "summary_bg_stdv": 21.939315795898438,
  "summary_csf_k": -0.2447103523362375,
  "summary_csf_mad": 116.6283279968859,
  "summary_csf_mean": 348.0459289550781,
  "summary_csf_median": 348.88702392578125,
  "summary_csf_n": 30488.0,
  "summary_csf_p05": 183.208447265625,
  "summary_csf_p95": 516.5307159423828,
  "summary_csf_stdv": 105.67990112304688,
  "summary_gm_k": 0.584302039636206,
  "summary_gm_mad": 63.38296416741768,
  "summary_gm_mean": 645.7803344726562,
  "summary_gm_median": 644.4935302734375,
  "summary_gm_n": 26704.0,
  "summary_gm_p05": 536.5957672119141,
  "summary_gm_p95": 757.1983306884765,
  "summary_gm_stdv": 67.32059478759766,
  "summary_wm_k": 0.5630141776628355,
  "summary_wm_mad": 48.219411081786355,
  "summary_wm_mean": 998.8353271484375,
  "summary_wm_median": 999.9877319335938,
  "summary_wm_n": 208735.0,
  "summary_wm_p05": 914.1809387207031,
  "summary_wm_p95": 1079.5544677734374,
  "summary_wm_stdv": 50.729793548583984,
  "tpm_overlap_csf": 0.16242735087871552,
  "tpm_overlap_gm": 0.45336177945137024,
  "tpm_overlap_wm": 0.5022136569023132,
  "wm2max": 0.6340229316817725
}