{
  "bids_meta": {
    "EchoTime": 0.00336,
    "FlipAngle": 9,
    "ImageType": [
      "ORIGINAL",
      "PRIMARY",
      "M",
      "ND",
      "NORM"
    ],
    "MagneticFieldStrength": 3,
    "Manufacturer": "Siemens",
    "ManufacturersModelName": "TrioTim",
    "PhaseEncodingDirection": "i-",
    "RepetitionTime": 2.3,
    "ScanningSequence": "GR_IR",
    "SequenceName": "_tfl3d1",
    "SequenceVariant": "SP_MP",
    "SoftwareVersions": "syngo_MR_B17",
    "dataset": "ds001486",
    "modality": "T1w",
    "session_id": "T1",
    "subject_id": "022"
  },
  "cjv": 0.32203361535858505,
  "cnr": 3.9673890626453194,
  "efc": 0.6808658510146526,
  "fber": 36.31462429946326,
  "fwhm_avg": 3.488455806561719,
  "fwhm_x": 3.50623,
  "fwhm_y": 3.62457021604122,
  "fwhm_z": 3.3345672036439375,
  "icvs_csf": 0.22260192464786888,
  "icvs_gm": 0.4437880363882248,
  "icvs_wm": 0.3336100389639064,
  "inu_med": 1.123189926147461,
  "inu_range": 0.34130406379699707,
  "provenance": {
    "md5sum": "f4f7661a311670a317a010455b0f175a",
    "settings": {
      "testing": false
    },
    "software": "mriqc",
    "version": "21.0.0rc2",
    "warnings": {
      "large_rot_frame": true,
      "small_air_mask": false
    },
    "webapi_port": null,
    "webapi_url": "https://mriqc.nimh.nih.gov/api/v1"
  },
  "qi_1": 0.0,
  "qi_2": 0.004414198271739163,
  "rpve_csf": 24.175426773439426,
  "rpve_gm": 12.79241960354331,
  "rpve_wm": 19.837812210827753,
  "size_x": 256,
  "size_y": 256,
  "size_z": 160,
  "snr_csf": 3.595821203632007,
  "snr_gm": 10.055603305066722,
  "snr_total": 11.0423973777676,
  "snr_wm": 19.475767624604075,
  "snrd_csf": 9.529257670058943,
  "snrd_gm": 16.796186948307497,
  "snrd_total": 17.315739590880284,
  "snrd_wm": 25.621774154274416,
  "spacing_x": 1.0,
  "spacing_y": 0.9999999403953552,
  "spacing_z": 0.9999618530273438,
  "summary_bg_k": 0.14859530124588316,
  "summary_bg_mad": 25.569515683819063,
  "summary_bg_mean": 94.66170495489999,
  "summary_bg_median": 93.29709839075804,
  "summary_bg_n": 2208595.0,
  "summary_bg_p05": 55.07246196269989,
  "summary_bg_p95": 138.91303892433643,
  "summary_bg_stdv": 25.532062387403666,
  "summary_csf_k": 0.25192906789682157,
  "summary_csf_mad": 104.0507392427679,
  "summary_csf_mean": 369.57716241946036,
  "summary_csf_median": 371.92027766257524,
  "summary_csf_n": 19802.0,
  "summary_csf_p05": 199.13223984874784,
  "summary_csf_p95": 532.0633883547038,
  "summary_csf_stdv": 103.42863716102953,
  "summary_gm_k": 0.29006250006221856,
  "summary_gm_mad": 62.52713499152393,
  "summary_gm_mean": 657.5097604016062,
  "summary_gm_median": 655.5434567704797,
  "summary_gm_n": 22220.0,
  "summary_gm_p05": 552.6449094191194,
  "summary_gm_p95": 767.0670038390905,
  "summary_gm_stdv": 65.19039042354714,
  "summary_wm_k": 0.642308458912694,
  "summary_wm_mad": 48.39944040151465,
  "summary_wm_mean": 997.5253904127126,
  "summary_wm_median": 999.9999672174454,
  "summary_wm_n": 157454.0,
  "summary_wm_p05": 908.6956223845482,
  "summary_wm_p95": 1077.0289501994848,
  "summary_wm_stdv": 51.34569332294574,
  "tpm_overlap_csf": 0.14781366288661957,
  "tpm_overlap_gm": 0.46224358677864075,
  "tpm_overlap_wm": 0.4762223958969116,
  "wm2max": 0.7018950058911463
}