{
  "bids_meta": {
    "EchoTime": 0.00336,
    "FlipAngle": 9,
    "ImageType": [
      "ORIGINAL",
      "PRIMARY",
      "M",
      "ND",
      "NORM"
    ],
    "MagneticFieldStrength": 3,
    "Manufacturer": "Siemens",
    "ManufacturersModelName": "TrioTim",
    "PhaseEncodingDirection": "i-",
    "RepetitionTime": 2.3,
    "ScanningSequence": "GR_IR",
    "SequenceName": "_tfl3d1",
    "SequenceVariant": "SP_MP",
    "SoftwareVersions": "syngo_MR_B17",
    "dataset": "ds001486",
    "modality": "T1w",
    "session_id": "T1",
    "subject_id": "056"
  },
  "cjv": 0.34284072869006593,
  "cnr": 3.638760991812755,
  "efc": 0.6354634384281878,
  "fber": 27.53986167907715,
  "fwhm_avg": 3.400640069353783,
  "fwhm_x": 3.46946,
  "fwhm_y": 3.4906902080613498,
  "fwhm_z": 3.24177,
  "icvs_csf": 0.21413319063443173,
  "icvs_gm": 0.4729497865104131,
  "icvs_wm": 0.31291702285515516,
  "inu_med": 1.1973185539245605,
  "inu_range": 0.37094080448150635,
  "provenance": {
    "md5sum": "3e42cf36037c9c23e34b23755c09d61a",
    "settings": {
      "testing": false
    },
    "software": "mriqc",
    "version": "21.0.0rc2",
    "warnings": {
      "large_rot_frame": true,
      "small_air_mask": false
    },
    "webapi_port": null,
    "webapi_url": "https://mriqc.nimh.nih.gov/api/v1"
  },
  "qi_1": 0.0,
  "qi_2": 0.004373551397026885,
  "rpve_csf": 24.356622337499385,
  "rpve_gm": 11.992531337976684,
  "rpve_wm": 19.856779766047307,
  "size_x": 256,
  "size_y": 256,
  "size_z": 160,
  "snr_csf": 3.8267744082058504,
  "snr_gm": 10.814944546162023,
  "snr_total": 10.459395017198434,
  "snr_wm": 16.736466097227428,
  "snrd_csf": 9.121007886879546,
  "snrd_gm": 15.541872790762506,
  "snrd_total": 15.953005996303135,
  "snrd_wm": 23.196137311267353,
  "spacing_x": 1.0,
  "spacing_y": 0.9999999403953552,
  "spacing_z": 1.0,
  "summary_bg_k": 0.34128787994072907,
  "summary_bg_mad": 28.243441050787524,
  "summary_bg_mean": 104.02391815185547,
  "summary_bg_median": 102.37712860107422,
  "summary_bg_n": 3266753.0,
  "summary_bg_p05": 60.19177703857422,
  "summary_bg_p95": 153.6353271484375,
  "summary_bg_stdv": 28.559043884277344,
  "summary_csf_k": -0.030201998325506185,
  "summary_csf_mad": 106.63650843127606,
  "summary_csf_mean": 388.2488098144531,
  "summary_csf_median": 393.2137756347656,
  "summary_csf_n": 21033.0,
  "summary_csf_p05": 218.1786376953125,
  "summary_csf_p95": 548.8781005859373,
  "summary_csf_stdv": 102.7508773803711,
  "summary_gm_k": 0.32332577558449893,
  "summary_gm_mad": 58.59880299248039,
  "summary_gm_mean": 672.076904296875,
  "summary_gm_median": 670.0222778320312,
  "summary_gm_n": 41937.0,
  "summary_gm_p05": 572.7425170898438,
  "summary_gm_p95": 777.8141479492186,
  "summary_gm_stdv": 61.952632904052734,
  "summary_wm_k": 0.7708491145492307,
  "summary_wm_mad": 54.53223432198336,
  "summary_wm_mean": 996.1343383789062,
  "summary_wm_median": 1000.0036010742188,
  "summary_wm_n": 142103.0,
  "summary_wm_p05": 889.2936218261718,
  "summary_wm_p95": 1086.6013305664062,
  "summary_wm_stdv": 59.74977493286133,
  "tpm_overlap_csf": 0.1515263170003891,
  "tpm_overlap_gm": 0.4722871780395508,
  "tpm_overlap_wm": 0.46105578541755676,
  "wm2max": 0.5195757224368688
}