{
  "bids_meta": {
    "EchoTime": 0.00336,
    "FlipAngle": 9,
    "ImageType": [
      "ORIGINAL",
      "PRIMARY",
      "M",
      "ND",
      "NORM"
    ],
    "MagneticFieldStrength": 3,
    "Manufacturer": "Siemens",
    "ManufacturersModelName": "TrioTim",
    "PhaseEncodingDirection": "i-",
    "RepetitionTime": 2.3,
    "ScanningSequence": "GR_IR",
    "SequenceName": "_tfl3d1",
    "SequenceVariant": "SP_MP",
    "SoftwareVersions": "syngo_MR_B17",
    "dataset": "ds001486",
    "modality": "T1w",
    "session_id": "T1",
    "subject_id": "010"
  },
  "cjv": 0.3030997897874149,
  "cnr": 4.17946005058741,
  "efc": 0.6810027462558846,
  "fber": 37.28464171109156,
  "fwhm_avg": 3.7109926035739975,
  "fwhm_x": 3.706299558174663,
  "fwhm_y": 3.8801102312725924,
  "fwhm_z": 3.546568021274738,
  "icvs_csf": 0.2193542520318768,
  "icvs_gm": 0.45135441981145136,
  "icvs_wm": 0.32929132815667184,
  "inu_med": 1.370998740196228,
  "inu_range": 0.429807186126709,
  "provenance": {
    "md5sum": "438319a42249abca54dc57476f2fe6e9",
    "settings": {
      "testing": false
    },
    "software": "mriqc",
    "version": "21.0.0rc2",
    "warnings": {
      "large_rot_frame": true,
      "small_air_mask": false
    },
    "webapi_port": null,
    "webapi_url": "https://mriqc.nimh.nih.gov/api/v1"
  },
  "qi_1": 0.0,
  "qi_2": 0.004389396841638496,
  "rpve_csf": 20.91252077807606,
  "rpve_gm": 10.77615277169808,
  "rpve_wm": 16.85125133779887,
  "size_x": 256,
  "size_y": 256,
  "size_z": 160,
  "snr_csf": 3.827577571000775,
  "snr_gm": 10.452335127487782,
  "snr_total": 10.972139529676083,
  "snr_wm": 18.63650589053969,
  "snrd_csf": 8.852301168726305,
  "snrd_gm": 15.782244900953973,
  "snrd_total": 16.414243271638586,
  "snrd_wm": 24.60818374523548,
  "spacing_x": 1.0000001192092896,
  "spacing_y": 0.9999999403953552,
  "spacing_z": 0.9999695420265198,
  "summary_bg_k": 0.270908833890418,
  "summary_bg_mad": 26.622704537448623,
  "summary_bg_mean": 96.52146287029025,
  "summary_bg_median": 94.71500873565674,
  "summary_bg_n": 1835672.0,
  "summary_bg_p05": 55.74071788787842,
  "summary_bg_p95": 143.44987678527832,
  "summary_bg_stdv": 26.83574642508899,
  "summary_csf_k": 0.07424134080812994,
  "summary_csf_mad": 95.12070475359248,
  "summary_csf_mean": 356.03427742482654,
  "summary_csf_median": 359.7299838066101,
  "summary_csf_n": 34234.0,
  "summary_csf_p05": 198.09040417671204,
  "summary_csf_p95": 503.75291190147396,
  "summary_csf_stdv": 93.98234865483302,
  "summary_gm_k": 0.415607872167155,
  "summary_gm_mad": 57.32957397552857,
  "summary_gm_mean": 644.6285876348361,
  "summary_gm_median": 641.3413410186768,
  "summary_gm_n": 48832.0,
  "summary_gm_p05": 547.6125926971436,
  "summary_gm_p95": 751.734489440918,
  "summary_gm_stdv": 61.358037830634714,
  "summary_wm_k": 0.42754248049472965,
  "summary_wm_mad": 51.379802885719975,
  "summary_wm_mean": 997.7948987260777,
  "summary_wm_median": 1000.0000419616699,
  "summary_wm_n": 191866.0,
  "summary_wm_p05": 906.0672397613525,
  "summary_wm_p95": 1081.723620414734,
  "summary_wm_stdv": 53.65798942388437,
  "tpm_overlap_csf": 0.15115919709205627,
  "tpm_overlap_gm": 0.4591062366962433,
  "tpm_overlap_wm": 0.4771624803543091,
  "wm2max": 0.5796961959388892
}