{
  "bids_meta": {
    "EchoTime": 0.00336,
    "FlipAngle": 9,
    "ImageType": [
      "ORIGINAL",
      "PRIMARY",
      "M",
      "ND",
      "NORM"
    ],
    "MagneticFieldStrength": 3,
    "Manufacturer": "Siemens",
    "ManufacturersModelName": "TrioTim",
    "PhaseEncodingDirection": "i-",
    "RepetitionTime": 2.3,
    "ScanningSequence": "GR_IR",
    "SequenceName": "_tfl3d1",
    "SequenceVariant": "SP_MP",
    "SoftwareVersions": "syngo_MR_B17",
    "dataset": "ds001486",
    "modality": "T1w",
    "session_id": "T1",
    "subject_id": "070"
  },
  "cjv": 0.4235163452894465,
  "cnr": 3.045402618507233,
  "efc": 0.7153827684369897,
  "fber": 24.09247892290771,
  "fwhm_avg": 3.495845214044906,
  "fwhm_x": 3.48862,
  "fwhm_y": 3.622200215899957,
  "fwhm_z": 3.3767154262347607,
  "icvs_csf": 0.23519889021010154,
  "icvs_gm": 0.43812250458166246,
  "icvs_wm": 0.32667860520823605,
  "inu_med": 1.28354811668396,
  "inu_range": 0.47936244606971723,
  "provenance": {
    "md5sum": "20550129f6801d3d107d44ef3af3ced2",
    "settings": {
      "testing": false
    },
    "software": "mriqc",
    "version": "21.0.0rc2",
    "warnings": {
      "large_rot_frame": true,
      "small_air_mask": false
    },
    "webapi_port": null,
    "webapi_url": "https://mriqc.nimh.nih.gov/api/v1"
  },
  "qi_1": 0.0,
  "qi_2": 0.0029328332757639136,
  "rpve_csf": 23.41649545318502,
  "rpve_gm": 12.829568416401468,
  "rpve_wm": 19.634334534171092,
  "size_x": 256,
  "size_y": 256,
  "size_z": 160,
  "snr_csf": 3.589294257742471,
  "snr_gm": 9.785324730725248,
  "snr_total": 10.063883123410188,
  "snr_wm": 16.817030381762844,
  "snrd_csf": 6.930726276108259,
  "snrd_gm": 13.190884057512207,
  "snrd_total": 13.012005052357843,
  "snrd_wm": 18.91440482345306,
  "spacing_x": 1.0,
  "spacing_y": 0.9999999403953552,
  "spacing_z": 1.0000457763671875,
  "summary_bg_k": 0.7694713568590581,
  "summary_bg_mad": 34.636901658941945,
  "summary_bg_mean": 123.47210077350518,
  "summary_bg_median": 120.80924896895885,
  "summary_bg_n": 2147564.0,
  "summary_bg_p05": 70.27938367053866,
  "summary_bg_p95": 185.50096402689815,
  "summary_bg_stdv": 35.468633950742074,
  "summary_csf_k": 0.2736415704252111,
  "summary_csf_mad": 103.41079093226378,
  "summary_csf_mean": 367.6931168207822,
  "summary_csf_median": 366.4258201383054,
  "summary_csf_n": 27569.0,
  "summary_csf_p05": 204.96146505698562,
  "summary_csf_p95": 535.5298669606447,
  "summary_csf_stdv": 102.08669118572443,
  "summary_gm_k": -0.06447242577410472,
  "summary_gm_mad": 71.27345949613208,
  "summary_gm_mean": 699.1267382810653,
  "summary_gm_median": 697.3988463208079,
  "summary_gm_n": 20502.0,
  "summary_gm_p05": 583.2875742534176,
  "summary_gm_p95": 818.3044344037771,
  "summary_gm_stdv": 71.26813439875339,
  "summary_wm_k": 0.5180639285846556,
  "summary_wm_mad": 56.88307664195311,
  "summary_wm_mean": 1000.746098525563,
  "summary_wm_median": 1000.0000034272671,
  "summary_wm_n": 151096.0,
  "summary_wm_p05": 904.8169587850571,
  "summary_wm_p95": 1098.892103958875,
  "summary_wm_stdv": 59.463333987418956,
  "tpm_overlap_csf": 0.15485215187072754,
  "tpm_overlap_gm": 0.4561510682106018,
  "tpm_overlap_wm": 0.48207005858421326,
  "wm2max": 0.5014977292492028
}