{
  "bids_meta": {
    "EchoTime": 0.00336,
    "FlipAngle": 9,
    "ImageType": [
      "ORIGINAL",
      "PRIMARY",
      "M",
      "ND",
      "NORM"
    ],
    "MagneticFieldStrength": 3,
    "Manufacturer": "Siemens",
    "ManufacturersModelName": "TrioTim",
    "PhaseEncodingDirection": "i-",
    "RepetitionTime": 2.3,
    "ScanningSequence": "GR_IR",
    "SequenceName": "_tfl3d1",
    "SequenceVariant": "SP_MP",
    "SoftwareVersions": "syngo_MR_B17",
    "dataset": "ds001486",
    "modality": "T1w",
    "session_id": "T1",
    "subject_id": "036"
  },
  "cjv": 0.2948858760560546,
  "cnr": 4.342469687665085,
  "efc": 0.6340054317408094,
  "fber": 36.4221305847168,
  "fwhm_avg": 3.7716792767799467,
  "fwhm_x": 3.83346,
  "fwhm_y": 3.84,
  "fwhm_z": 3.6415778303398394,
  "icvs_csf": 0.22915218451770852,
  "icvs_gm": 0.4406111287841312,
  "icvs_wm": 0.3302366866981603,
  "inu_med": 1.0997096300125122,
  "inu_range": 0.2668406188488007,
  "provenance": {
    "md5sum": "7afa27ca74ee3ba9102acbe1d31e4ff2",
    "settings": {
      "testing": false
    },
    "software": "mriqc",
    "version": "21.0.0rc2",
    "warnings": {
      "large_rot_frame": true,
      "small_air_mask": false
    },
    "webapi_port": null,
    "webapi_url": "https://mriqc.nimh.nih.gov/api/v1"
  },
  "qi_1": 0.0,
  "qi_2": 0.004569162203973291,
  "rpve_csf": 19.112226618380525,
  "rpve_gm": 10.41376050887416,
  "rpve_wm": 16.27749316004937,
  "size_x": 256,
  "size_y": 256,
  "size_z": 160,
  "snr_csf": 4.224241374799541,
  "snr_gm": 10.881207666499389,
  "snr_total": 11.627733884679415,
  "snr_wm": 19.777752612739317,
  "snrd_csf": 9.137875695510356,
  "snrd_gm": 16.442111120555914,
  "snrd_total": 17.036953790129594,
  "snrd_wm": 25.53087455432251,
  "spacing_x": 1.0,
  "spacing_y": 1.0,
  "spacing_z": 0.9999237060546875,
  "summary_bg_k": 0.29374282278703623,
  "summary_bg_mad": 25.660594423164632,
  "summary_bg_mean": 94.26046752929688,
  "summary_bg_median": 92.74394226074219,
  "summary_bg_n": 3759864.0,
  "summary_bg_p05": 54.59217872619629,
  "summary_bg_p95": 138.84858474731445,
  "summary_bg_stdv": 25.71442985534668,
  "summary_csf_k": -0.008297653770069857,
  "summary_csf_mad": 85.24489941673832,
  "summary_csf_mean": 356.2976379394531,
  "summary_csf_median": 357.915283203125,
  "summary_csf_n": 35126.0,
  "summary_csf_p05": 213.27028274536133,
  "summary_csf_p95": 491.68651580810547,
  "summary_csf_stdv": 84.7276840209961,
  "summary_gm_k": 0.2693609053117316,
  "summary_gm_mad": 56.26486278131727,
  "summary_gm_mean": 645.2081298828125,
  "summary_gm_median": 644.0099487304688,
  "summary_gm_n": 40339.0,
  "summary_gm_p05": 549.0965881347656,
  "summary_gm_p95": 745.6931762695312,
  "summary_gm_stdv": 59.18478775024414,
  "summary_wm_k": 0.38993264987694687,
  "summary_wm_mad": 48.71204331308179,
  "summary_wm_mean": 998.2794799804688,
  "summary_wm_median": 1000.0015869140625,
  "summary_wm_n": 201997.0,
  "summary_wm_p05": 912.2306396484375,
  "summary_wm_p95": 1077.5384521484375,
  "summary_wm_stdv": 50.56181716918945,
  "tpm_overlap_csf": 0.14583627879619598,
  "tpm_overlap_gm": 0.4514513313770294,
  "tpm_overlap_wm": 0.4729287922382355,
  "wm2max": 0.6001322592846136
}