{
  "bids_meta": {
    "EchoTime": 0.00336,
    "FlipAngle": 9,
    "ImageType": [
      "ORIGINAL",
      "PRIMARY",
      "M",
      "ND",
      "NORM"
    ],
    "MagneticFieldStrength": 3,
    "Manufacturer": "Siemens",
    "ManufacturersModelName": "TrioTim",
    "PhaseEncodingDirection": "i-",
    "RepetitionTime": 2.3,
    "ScanningSequence": "GR_IR",
    "SequenceName": "_tfl3d1",
    "SequenceVariant": "SP_MP",
    "SoftwareVersions": "syngo_MR_B17",
    "dataset": "ds001486",
    "modality": "T1w",
    "session_id": "T2",
    "subject_id": "090"
  },
  "cjv": 0.4303412719387735,
  "cnr": 2.9720815443912123,
  "efc": 0.7190790206856386,
  "fber": 44.494735183782296,
  "fwhm_avg": 3.848306073203951,
  "fwhm_x": 3.77548,
  "fwhm_y": 4.09729,
  "fwhm_z": 3.6721482196118527,
  "icvs_csf": 0.257233865467102,
  "icvs_gm": 0.38904074974497316,
  "icvs_wm": 0.35372538478792487,
  "inu_med": 1.2308398485183716,
  "inu_range": 0.601043939590454,
  "provenance": {
    "md5sum": "8784bf94941e0b204f7318f61ecb7a49",
    "settings": {
      "testing": false
    },
    "software": "mriqc",
    "version": "21.0.0rc2",
    "warnings": {
      "large_rot_frame": true,
      "small_air_mask": false
    },
    "webapi_port": null,
    "webapi_url": "https://mriqc.nimh.nih.gov/api/v1"
  },
  "qi_1": 0.0,
  "qi_2": 0.00364397327387825,
  "rpve_csf": 19.366841215366,
  "rpve_gm": 12.211717701836509,
  "rpve_wm": 16.422901406583836,
  "size_x": 256,
  "size_y": 256,
  "size_z": 160,
  "snr_csf": 3.2367302696229387,
  "snr_gm": 8.43746316625899,
  "snr_total": 9.379829843656983,
  "snr_wm": 16.46529609508902,
  "snrd_csf": 9.088323477930198,
  "snrd_gm": 16.50472323259548,
  "snrd_total": 16.548643702019707,
  "snrd_wm": 24.05288439553344,
  "spacing_x": 1.0,
  "spacing_y": 1.0,
  "spacing_z": 0.9998970031738281,
  "summary_bg_k": 2.3035014635371365,
  "summary_bg_mad": 27.23733100499631,
  "summary_bg_mean": 85.9164667789487,
  "summary_bg_median": 82.83786445856094,
  "summary_bg_n": 1720380.0,
  "summary_bg_p05": 44.69236396998167,
  "summary_bg_p95": 137.15010946244,
  "summary_bg_stdv": 29.09824471787979,
  "summary_csf_k": -0.0803434261684206,
  "summary_csf_mad": 120.48804788210185,
  "summary_csf_mean": 377.65031715076367,
  "summary_csf_median": 377.8475494980812,
  "summary_csf_n": 33572.0,
  "summary_csf_p05": 191.1650734204799,
  "summary_csf_p95": 571.708193749934,
  "summary_csf_stdv": 116.73568402698032,
  "summary_gm_k": 0.27749181957554203,
  "summary_gm_mad": 77.79972183427127,
  "summary_gm_mean": 690.4122532408121,
  "summary_gm_median": 686.1847780533135,
  "summary_gm_n": 15124.0,
  "summary_gm_p05": 561.5705760631711,
  "summary_gm_p95": 829.9051326524466,
  "summary_gm_stdv": 81.32326966807655,
  "summary_wm_k": 0.7139119495701594,
  "summary_wm_mad": 57.24791753050133,
  "summary_wm_mean": 1000.4615598915989,
  "summary_wm_median": 999.9999944195151,
  "summary_wm_n": 219903.0,
  "summary_wm_p05": 902.2646753042936,
  "summary_wm_p95": 1099.8062601462007,
  "summary_wm_stdv": 60.733661569889655,
  "tpm_overlap_csf": 0.15463688969612122,
  "tpm_overlap_gm": 0.4333678185939789,
  "tpm_overlap_wm": 0.48546481132507324,
  "wm2max": 0.5489761927740002
}