{
  "bids_meta": {
    "EchoTime": 0.00336,
    "FlipAngle": 9,
    "ImageType": [
      "ORIGINAL",
      "PRIMARY",
      "M",
      "ND",
      "NORM"
    ],
    "MagneticFieldStrength": 3,
    "Manufacturer": "Siemens",
    "ManufacturersModelName": "TrioTim",
    "PhaseEncodingDirection": "i-",
    "RepetitionTime": 2.3,
    "ScanningSequence": "GR_IR",
    "SequenceName": "_tfl3d1",
    "SequenceVariant": "SP_MP",
    "SoftwareVersions": "syngo_MR_B17",
    "dataset": "ds001486",
    "modality": "T1w",
    "session_id": "T2",
    "subject_id": "093"
  },
  "cjv": 0.31047578711403306,
  "cnr": 4.151163057137607,
  "efc": 0.6722231620817386,
  "fber": 44.01484579212907,
  "fwhm_avg": 3.717022490100785,
  "fwhm_x": 3.73016,
  "fwhm_y": 3.82032,
  "fwhm_z": 3.6005874703023553,
  "icvs_csf": 0.23015788603712972,
  "icvs_gm": 0.4478292906735189,
  "icvs_wm": 0.3220128232893514,
  "inu_med": 1.158435583114624,
  "inu_range": 0.32538026571273804,
  "provenance": {
    "md5sum": "52ed0d8d868fdc9e88161d3ef5abeaf3",
    "settings": {
      "testing": false
    },
    "software": "mriqc",
    "version": "21.0.0rc2",
    "warnings": {
      "large_rot_frame": true,
      "small_air_mask": false
    },
    "webapi_port": null,
    "webapi_url": "https://mriqc.nimh.nih.gov/api/v1"
  },
  "qi_1": 0.0,
  "qi_2": 0.00453334695762332,
  "rpve_csf": 20.03642992168512,
  "rpve_gm": 10.828963870000063,
  "rpve_wm": 17.324652430985577,
  "size_x": 256,
  "size_y": 256,
  "size_z": 160,
  "snr_csf": 3.655560480204803,
  "snr_gm": 10.358568226319063,
  "snr_total": 11.12455966562432,
  "snr_wm": 19.359550290349095,
  "snrd_csf": 9.796383232120265,
  "snrd_gm": 17.622048210336352,
  "snrd_total": 18.19906031170469,
  "snrd_wm": 27.17874949265746,
  "spacing_x": 1.0,
  "spacing_y": 1.0,
  "spacing_z": 0.9999923706054688,
  "summary_bg_k": 0.2087466870933974,
  "summary_bg_mad": 24.104729250659535,
  "summary_bg_mean": 88.74188390577335,
  "summary_bg_median": 87.27998819202185,
  "summary_bg_n": 2081603.0,
  "summary_bg_p05": 51.460716530680656,
  "summary_bg_p95": 130.97441887110472,
  "summary_bg_stdv": 24.269409188214482,
  "summary_csf_k": 0.12829451674637848,
  "summary_csf_mad": 98.24829377612569,
  "summary_csf_mean": 358.9013265459839,
  "summary_csf_median": 360.4427620470524,
  "summary_csf_n": 32704.0,
  "summary_csf_p05": 194.27146311439574,
  "summary_csf_p95": 517.5104497373104,
  "summary_csf_stdv": 98.59972315424655,
  "summary_gm_k": 0.23566547133357574,
  "summary_gm_mad": 60.423238724309506,
  "summary_gm_mean": 650.6710386796519,
  "summary_gm_median": 648.3759954422712,
  "summary_gm_n": 33662.0,
  "summary_gm_p05": 551.3337133526802,
  "summary_gm_p95": 758.3016021922231,
  "summary_gm_stdv": 62.59227631884127,
  "summary_wm_k": 0.5083718360337439,
  "summary_wm_mad": 48.74751049352129,
  "summary_wm_mean": 998.5843700327463,
  "summary_wm_median": 1000.0000310316682,
  "summary_wm_n": 176513.0,
  "summary_wm_p05": 910.7603258490562,
  "summary_wm_p95": 1080.4210097566247,
  "summary_wm_stdv": 51.65394770939091,
  "tpm_overlap_csf": 0.15372300148010254,
  "tpm_overlap_gm": 0.4582103490829468,
  "tpm_overlap_wm": 0.47152355313301086,
  "wm2max": 0.5782912548007303
}