{
  "bids_meta": {
    "EchoTime": 0.00336,
    "FlipAngle": 9,
    "ImageType": [
      "ORIGINAL",
      "PRIMARY",
      "M",
      "ND",
      "NORM"
    ],
    "MagneticFieldStrength": 3,
    "Manufacturer": "Siemens",
    "ManufacturersModelName": "TrioTim",
    "PhaseEncodingDirection": "i-",
    "RepetitionTime": 2.3,
    "ScanningSequence": "GR_IR",
    "SequenceName": "_tfl3d1",
    "SequenceVariant": "SP_MP",
    "SoftwareVersions": "syngo_MR_B17",
    "dataset": "ds001486",
    "modality": "T1w",
    "session_id": "T1",
    "subject_id": "026"
  },
  "cjv": 0.4709641325228893,
  "cnr": 2.7083442645685447,
  "efc": 0.6731003832099454,
  "fber": 6.47499942779541,
  "fwhm_avg": 3.4167621671727546,
  "fwhm_x": 3.37752,
  "fwhm_y": 3.57696,
  "fwhm_z": 3.2958065015182645,
  "icvs_csf": 0.21380489938327016,
  "icvs_gm": 0.44929334363717544,
  "icvs_wm": 0.33690175697955443,
  "inu_med": 1.3018903732299805,
  "inu_range": 0.4383618354797363,
  "provenance": {
    "md5sum": "4607518daab77e7bf03a17edff6dffbb",
    "settings": {
      "testing": false
    },
    "software": "mriqc",
    "version": "21.0.0rc2",
    "warnings": {
      "large_rot_frame": true,
      "small_air_mask": false
    },
    "webapi_port": null,
    "webapi_url": "https://mriqc.nimh.nih.gov/api/v1"
  },
  "qi_1": 0.0,
  "qi_2": 0.002269703897006252,
  "rpve_csf": 25.52896944131064,
  "rpve_gm": 12.419329852579114,
  "rpve_wm": 18.283350090700715,
  "size_x": 256,
  "size_y": 256,
  "size_z": 160,
  "snr_csf": 3.214738204047255,
  "snr_gm": 9.800687252096623,
  "snr_total": 8.310462877719338,
  "snr_wm": 11.915963177014138,
  "snrd_csf": 6.158397027197552,
  "snrd_gm": 11.890438031832202,
  "snrd_total": 11.796862008865153,
  "snrd_wm": 17.3417509675657,
  "spacing_x": 1.0,
  "spacing_y": 1.0,
  "spacing_z": 0.999931275844574,
  "summary_bg_k": 1.4565623790749154,
  "summary_bg_mad": 37.77833833996507,
  "summary_bg_mean": 135.07484436035156,
  "summary_bg_median": 132.04539489746094,
  "summary_bg_n": 3029810.0,
  "summary_bg_p05": 77.03478698730468,
  "summary_bg_p95": 202.91962814331055,
  "summary_bg_stdv": 39.17270278930664,
  "summary_csf_k": 0.3409365569003455,
  "summary_csf_mad": 110.64584163404818,
  "summary_csf_mean": 357.759033203125,
  "summary_csf_median": 355.1230163574219,
  "summary_csf_n": 19658.0,
  "summary_csf_p05": 182.54669799804688,
  "summary_csf_p95": 543.477941894531,
  "summary_csf_stdv": 110.46435546875,
  "summary_gm_k": 0.010317542795134749,
  "summary_gm_mad": 69.95983973144277,
  "summary_gm_mean": 686.7136840820312,
  "summary_gm_median": 685.6602783203125,
  "summary_gm_n": 18694.0,
  "summary_gm_p05": 572.7571380615235,
  "summary_gm_p95": 803.8701049804686,
  "summary_gm_stdv": 69.95855712890625,
  "summary_wm_k": 1.2789886502091488,
  "summary_wm_mad": 78.08732139380788,
  "summary_wm_mean": 1004.703369140625,
  "summary_wm_median": 1000.0093994140625,
  "summary_wm_n": 145890.0,
  "summary_wm_p05": 876.2418243408204,
  "summary_wm_p95": 1148.1786193847656,
  "summary_wm_stdv": 83.92153930664062,
  "tpm_overlap_csf": 0.15168166160583496,
  "tpm_overlap_gm": 0.46436232328414917,
  "tpm_overlap_wm": 0.4848175048828125,
  "wm2max": 0.48690386719455336
}