{
  "bids_meta": {
    "EchoTime": 0.00336,
    "FlipAngle": 9,
    "ImageType": [
      "ORIGINAL",
      "PRIMARY",
      "M",
      "ND",
      "NORM"
    ],
    "MagneticFieldStrength": 3,
    "Manufacturer": "Siemens",
    "ManufacturersModelName": "TrioTim",
    "PhaseEncodingDirection": "i-",
    "RepetitionTime": 2.3,
    "ScanningSequence": "GR_IR",
    "SequenceName": "_tfl3d1",
    "SequenceVariant": "SP_MP",
    "SoftwareVersions": "syngo_MR_B17",
    "dataset": "ds001486",
    "modality": "T1w",
    "session_id": "T1",
    "subject_id": "028"
  },
  "cjv": 0.36411687713094576,
  "cnr": 3.4705933846365173,
  "efc": 0.6574932396352919,
  "fber": 20.480239868164062,
  "fwhm_avg": 3.356771089705287,
  "fwhm_x": 3.35254,
  "fwhm_y": 3.591800214087976,
  "fwhm_z": 3.1259730550278837,
  "icvs_csf": 0.23013531913686686,
  "icvs_gm": 0.44516448725729335,
  "icvs_wm": 0.3247001936058398,
  "inu_med": 1.1888377666473389,
  "inu_range": 0.3574233770370481,
  "provenance": {
    "md5sum": "920ad25b79fca6445bdc04b15c619935",
    "settings": {
      "testing": false
    },
    "software": "mriqc",
    "version": "21.0.0rc2",
    "warnings": {
      "large_rot_frame": true,
      "small_air_mask": false
    },
    "webapi_port": null,
    "webapi_url": "https://mriqc.nimh.nih.gov/api/v1"
  },
  "qi_1": 0.0,
  "qi_2": 0.004488524593132728,
  "rpve_csf": 23.3394879574173,
  "rpve_gm": 12.754443528563954,
  "rpve_wm": 20.261745958285854,
  "size_x": 256,
  "size_y": 256,
  "size_z": 160,
  "snr_csf": 2.845950026062661,
  "snr_gm": 10.032763021535665,
  "snr_total": 10.417046168410495,
  "snr_wm": 18.372425457633163,
  "snrd_csf": 8.573626553316302,
  "snrd_gm": 14.910241435292459,
  "snrd_total": 15.131156549901258,
  "snrd_wm": 21.90960166109501,
  "spacing_x": 1.0,
  "spacing_y": 0.9999999403953552,
  "spacing_z": 1.0000534057617188,
  "summary_bg_k": 0.5576880678442504,
  "summary_bg_mad": 29.902127167726633,
  "summary_bg_mean": 108.95050811767578,
  "summary_bg_median": 106.98249816894531,
  "summary_bg_n": 3330496.0,
  "summary_bg_p05": 62.89618110656738,
  "summary_bg_p95": 161.3733139038086,
  "summary_bg_stdv": 30.1610050201416,
  "summary_csf_k": 75.97613849844996,
  "summary_csf_mad": 109.19178928126148,
  "summary_csf_mean": 388.59161376953125,
  "summary_csf_median": 391.3226013183594,
  "summary_csf_n": 19937.0,
  "summary_csf_p05": 204.29576721191407,
  "summary_csf_p95": 553.7545043945313,
  "summary_csf_stdv": 137.4981231689453,
  "summary_gm_k": 0.3003226213551611,
  "summary_gm_mad": 64.48464511890673,
  "summary_gm_mean": 682.5917358398438,
  "summary_gm_median": 680.5421752929688,
  "summary_gm_n": 20850.0,
  "summary_gm_p05": 573.5999328613282,
  "summary_gm_p95": 798.5876342773437,
  "summary_gm_stdv": 67.83035278320312,
  "summary_wm_k": 0.6945065714401983,
  "summary_wm_mad": 51.83940736774205,
  "summary_wm_mean": 999.4981689453125,
  "summary_wm_median": 1000.0111694335938,
  "summary_wm_n": 152903.0,
  "summary_wm_p05": 909.0141235351563,
  "summary_wm_p95": 1086.8366577148438,
  "summary_wm_stdv": 54.42982482910156,
  "tpm_overlap_csf": 0.15494228899478912,
  "tpm_overlap_gm": 0.45980605483055115,
  "tpm_overlap_wm": 0.49031102657318115,
  "wm2max": 0.6066789889662814
}