{
  "bids_meta": {
    "EchoTime": 0.00336,
    "FlipAngle": 9,
    "ImageType": [
      "ORIGINAL",
      "PRIMARY",
      "M",
      "ND",
      "NORM"
    ],
    "MagneticFieldStrength": 3,
    "Manufacturer": "Siemens",
    "ManufacturersModelName": "TrioTim",
    "PhaseEncodingDirection": "i-",
    "RepetitionTime": 2.3,
    "ScanningSequence": "GR_IR",
    "SequenceName": "_tfl3d1",
    "SequenceVariant": "SP_MP",
    "SoftwareVersions": "syngo_MR_B17",
    "dataset": "ds001486",
    "modality": "T1w",
    "session_id": "T2",
    "subject_id": "056"
  },
  "cjv": 0.3152983333595682,
  "cnr": 4.0440496303788835,
  "efc": 0.619314430784484,
  "fber": 51.24831008911133,
  "fwhm_avg": 3.7429900000000003,
  "fwhm_x": 3.83992,
  "fwhm_y": 3.89456,
  "fwhm_z": 3.49449,
  "icvs_csf": 0.2186227024886608,
  "icvs_gm": 0.4504115439033055,
  "icvs_wm": 0.33096575360803365,
  "inu_med": 1.4873039722442627,
  "inu_range": 0.6328606843948363,
  "provenance": {
    "md5sum": "2d5db7a84e09db03f14d2cbdac067e94",
    "settings": {
      "testing": false
    },
    "software": "mriqc",
    "version": "21.0.0rc2",
    "warnings": {
      "large_rot_frame": true,
      "small_air_mask": false
    },
    "webapi_port": null,
    "webapi_url": "https://mriqc.nimh.nih.gov/api/v1"
  },
  "qi_1": 0.0,
  "qi_2": 0.004414467898676483,
  "rpve_csf": 23.204505853191645,
  "rpve_gm": 11.81081860536444,
  "rpve_wm": 17.941278009042907,
  "size_x": 256,
  "size_y": 256,
  "size_z": 160,
  "snr_csf": 3.4646101510061036,
  "snr_gm": 10.685929849713448,
  "snr_total": 10.562791175860788,
  "snr_wm": 17.537833526862816,
  "snrd_csf": 10.118991158497627,
  "snrd_gm": 17.93490356777639,
  "snrd_total": 18.558512905456585,
  "snrd_wm": 27.621643990095745,
  "spacing_x": 1.0,
  "spacing_y": 1.0,
  "spacing_z": 1.0,
  "summary_bg_k": 0.7504077587040925,
  "summary_bg_mad": 23.718457004700166,
  "summary_bg_mean": 83.43954467773438,
  "summary_bg_median": 81.92774200439453,
  "summary_bg_n": 3848293.0,
  "summary_bg_p05": 46.83109588623047,
  "summary_bg_p95": 125.0021301269531,
  "summary_bg_stdv": 24.018800735473633,
  "summary_csf_k": -0.11925038755782902,
  "summary_csf_mad": 112.42837580160388,
  "summary_csf_mean": 365.30450439453125,
  "summary_csf_median": 366.3464050292969,
  "summary_csf_n": 24437.0,
  "summary_csf_p05": 194.87564086914062,
  "summary_csf_p95": 534.1528686523437,
  "summary_csf_stdv": 105.73741149902344,
  "summary_gm_k": 0.44658543929104866,
  "summary_gm_mad": 58.28294465241119,
  "summary_gm_mean": 650.5330200195312,
  "summary_gm_median": 649.3125,
  "summary_gm_n": 31366.0,
  "summary_gm_p05": 552.4647979736328,
  "summary_gm_p95": 752.2673797607422,
  "summary_gm_stdv": 60.76234436035156,
  "summary_wm_k": 0.8029838336152566,
  "summary_wm_mad": 52.291318712909096,
  "summary_wm_mean": 996.0997314453125,
  "summary_wm_median": 1000.009765625,
  "summary_wm_n": 161709.0,
  "summary_wm_p05": 894.2471435546875,
  "summary_wm_p95": 1081.9729248046874,
  "summary_wm_stdv": 57.01996612548828,
  "tpm_overlap_csf": 0.14168134331703186,
  "tpm_overlap_gm": 0.45677220821380615,
  "tpm_overlap_wm": 0.4663013219833374,
  "wm2max": 0.6308278741873401
}