{
  "bids_meta": {
    "EchoTime": 0.00336,
    "FlipAngle": 9,
    "ImageType": [
      "ORIGINAL",
      "PRIMARY",
      "M",
      "ND",
      "NORM"
    ],
    "MagneticFieldStrength": 3,
    "Manufacturer": "Siemens",
    "ManufacturersModelName": "TrioTim",
    "PhaseEncodingDirection": "i-",
    "RepetitionTime": 2.3,
    "ScanningSequence": "GR_IR",
    "SequenceName": "_tfl3d1",
    "SequenceVariant": "SP_MP",
    "SoftwareVersions": "syngo_MR_B17",
    "dataset": "ds001486",
    "modality": "T1w",
    "session_id": "T1",
    "subject_id": "094"
  },
  "cjv": 0.36400034126511743,
  "cnr": 3.5307723451538298,
  "efc": 0.6410264946240718,
  "fber": 39.61213684082031,
  "fwhm_avg": 3.598884705355065,
  "fwhm_x": 3.62262,
  "fwhm_y": 3.64359,
  "fwhm_z": 3.530444116065196,
  "icvs_csf": 0.23386877121805028,
  "icvs_gm": 0.4309247598250183,
  "icvs_wm": 0.33520646895693146,
  "inu_med": 1.1043171882629395,
  "inu_range": 0.29955591857433306,
  "provenance": {
    "md5sum": "b3dda84b7d4c6c0d0db792b9d11ffefc",
    "settings": {
      "testing": false
    },
    "software": "mriqc",
    "version": "21.0.0rc2",
    "warnings": {
      "large_rot_frame": true,
      "small_air_mask": false
    },
    "webapi_port": null,
    "webapi_url": "https://mriqc.nimh.nih.gov/api/v1"
  },
  "qi_1": 0.0,
  "qi_2": 0.0038221301604101088,
  "rpve_csf": 18.618444680847247,
  "rpve_gm": 10.452068282611322,
  "rpve_wm": 15.922258104012979,
  "size_x": 256,
  "size_y": 256,
  "size_z": 160,
  "snr_csf": 4.032444443685545,
  "snr_gm": 10.580849632547276,
  "snr_total": 11.353590306564037,
  "snr_wm": 19.44747684345929,
  "snrd_csf": 9.828692349668998,
  "snrd_gm": 16.876765199495804,
  "snrd_total": 17.040199304102178,
  "snrd_wm": 24.41514036314173,
  "spacing_x": 1.0,
  "spacing_y": 1.0,
  "spacing_z": 1.0000724792480469,
  "summary_bg_k": 0.4187398139705749,
  "summary_bg_mad": 26.83346340155618,
  "summary_bg_mean": 98.35563659667969,
  "summary_bg_median": 96.675537109375,
  "summary_bg_n": 3834770.0,
  "summary_bg_p05": 56.97422847747803,
  "summary_bg_p95": 145.47531890869138,
  "summary_bg_stdv": 27.116029739379883,
  "summary_csf_k": 0.4625561251486494,
  "summary_csf_mad": 94.51123115054187,
  "summary_csf_mean": 397.4361267089844,
  "summary_csf_median": 402.56939697265625,
  "summary_csf_n": 32710.0,
  "summary_csf_p05": 224.09184951782225,
  "summary_csf_p95": 550.4322998046875,
  "summary_csf_stdv": 99.83106994628906,
  "summary_gm_k": 0.21774878374531825,
  "summary_gm_mad": 62.784186159614244,
  "summary_gm_mean": 694.1734619140625,
  "summary_gm_median": 691.24853515625,
  "summary_gm_n": 27457.0,
  "summary_gm_p05": 591.1397094726562,
  "summary_gm_p95": 807.8439941406249,
  "summary_gm_stdv": 65.32896423339844,
  "summary_wm_k": 0.3329580079714711,
  "summary_wm_mad": 49.605007100448326,
  "summary_wm_mean": 998.8070678710938,
  "summary_wm_median": 1000.009765625,
  "summary_wm_n": 198834.0,
  "summary_wm_p05": 912.2733428955078,
  "summary_wm_p95": 1080.7967468261718,
  "summary_wm_stdv": 51.42092514038086,
  "tpm_overlap_csf": 0.14756427705287933,
  "tpm_overlap_gm": 0.45190784335136414,
  "tpm_overlap_wm": 0.473306268453598,
  "wm2max": 0.5631262197437015
}