{
  "bids_meta": {
    "EchoTime": 0.00336,
    "FlipAngle": 9,
    "ImageType": [
      "ORIGINAL",
      "PRIMARY",
      "M",
      "ND",
      "NORM"
    ],
    "MagneticFieldStrength": 3,
    "Manufacturer": "Siemens",
    "ManufacturersModelName": "TrioTim",
    "PhaseEncodingDirection": "i-",
    "RepetitionTime": 2.3,
    "ScanningSequence": "GR_IR",
    "SequenceName": "_tfl3d1",
    "SequenceVariant": "SP_MP",
    "SoftwareVersions": "syngo_MR_B17",
    "dataset": "ds001486",
    "modality": "T1w",
    "session_id": "T1",
    "subject_id": "116"
  },
  "cjv": 0.39900113606343013,
  "cnr": 3.2247473403263007,
  "efc": 0.6724465754732728,
  "fber": 56.16382613291056,
  "fwhm_avg": 4.126879516901952,
  "fwhm_x": 4.156330247736587,
  "fwhm_y": 4.23654,
  "fwhm_z": 3.98776830296927,
  "icvs_csf": 0.2566156574659007,
  "icvs_gm": 0.40809429931072666,
  "icvs_wm": 0.33529004322337264,
  "inu_med": 1.474400520324707,
  "inu_range": 0.6482535004615781,
  "provenance": {
    "md5sum": "293b06626638c7ffb6eaf5dfae1aafa9",
    "settings": {
      "testing": false
    },
    "software": "mriqc",
    "version": "21.0.0rc2",
    "warnings": {
      "large_rot_frame": true,
      "small_air_mask": false
    },
    "webapi_port": null,
    "webapi_url": "https://mriqc.nimh.nih.gov/api/v1"
  },
  "qi_1": 0.0,
  "qi_2": 0.004169273584833912,
  "rpve_csf": 20.014529313781185,
  "rpve_gm": 12.058843277209679,
  "rpve_wm": 17.15544731967758,
  "size_x": 256,
  "size_y": 256,
  "size_z": 160,
  "snr_csf": 3.309796069018213,
  "snr_gm": 9.175744908736355,
  "snr_total": 9.294064456509023,
  "snr_wm": 15.396652391772502,
  "snrd_csf": 9.55879914401119,
  "snrd_gm": 17.944478036393175,
  "snrd_total": 18.062238673507007,
  "snrd_wm": 26.68343884011665,
  "spacing_x": 0.9999999403953552,
  "spacing_y": 1.0,
  "spacing_z": 1.000030517578125,
  "summary_bg_k": 3.6623918508532904,
  "summary_bg_mad": 24.552171604501215,
  "summary_bg_mean": 75.84427977669493,
  "summary_bg_median": 72.75554717704654,
  "summary_bg_n": 2012806.0,
  "summary_bg_p05": 38.50033576786518,
  "summary_bg_p95": 122.64626612514257,
  "summary_bg_stdv": 26.923245275565506,
  "summary_csf_k": -0.23133509269321184,
  "summary_csf_mad": 113.53821488172898,
  "summary_csf_mean": 359.25033120039865,
  "summary_csf_median": 358.22965256497264,
  "summary_csf_n": 33815.0,
  "summary_csf_p05": 185.31438908353448,
  "summary_csf_p95": 537.239401511848,
  "summary_csf_stdv": 108.23154905962329,
  "summary_gm_k": 0.1919039567712426,
  "summary_gm_mad": 70.54075699567355,
  "summary_gm_mean": 676.2142688395327,
  "summary_gm_median": 672.4949479103088,
  "summary_gm_n": 16893.0,
  "summary_gm_p05": 560.69266282022,
  "summary_gm_p95": 804.051772095263,
  "summary_gm_stdv": 73.28833241982777,
  "summary_wm_k": 0.9047373064420676,
  "summary_wm_mad": 60.134125884121,
  "summary_wm_mean": 998.9535873834905,
  "summary_wm_median": 999.9999875426292,
  "summary_wm_n": 188011.0,
  "summary_wm_p05": 889.4586304798722,
  "summary_wm_p95": 1102.513436164707,
  "summary_wm_stdv": 64.94900986753653,
  "tpm_overlap_csf": 0.15484116971492767,
  "tpm_overlap_gm": 0.4479201138019562,
  "tpm_overlap_wm": 0.4985538423061371,
  "wm2max": 0.5569940302001639
}