{
  "bids_meta": {
    "EchoTime": 0.00336,
    "FlipAngle": 9,
    "ImageType": [
      "ORIGINAL",
      "PRIMARY",
      "M",
      "ND",
      "NORM"
    ],
    "MagneticFieldStrength": 3,
    "Manufacturer": "Siemens",
    "ManufacturersModelName": "TrioTim",
    "PhaseEncodingDirection": "i-",
    "RepetitionTime": 2.3,
    "ScanningSequence": "GR_IR",
    "SequenceName": "_tfl3d1",
    "SequenceVariant": "SP_MP",
    "SoftwareVersions": "syngo_MR_B17",
    "dataset": "ds001486",
    "modality": "T1w",
    "session_id": "T1",
    "subject_id": "011"
  },
  "cjv": 0.3182170615329097,
  "cnr": 3.9663375843986457,
  "efc": 0.6808985081463971,
  "fber": 34.76481854660534,
  "fwhm_avg": 3.4014672047964254,
  "fwhm_x": 3.404630202931774,
  "fwhm_y": 3.57803,
  "fwhm_z": 3.2217414114575034,
  "icvs_csf": 0.22622718570593084,
  "icvs_gm": 0.4547654984872151,
  "icvs_wm": 0.31900731580685404,
  "inu_med": 1.085483431816101,
  "inu_range": 0.3153742849826813,
  "provenance": {
    "md5sum": "ea3bff64498a4b7eaecaf41faa284d93",
    "settings": {
      "testing": false
    },
    "software": "mriqc",
    "version": "21.0.0rc2",
    "warnings": {
      "large_rot_frame": true,
      "small_air_mask": false
    },
    "webapi_port": null,
    "webapi_url": "https://mriqc.nimh.nih.gov/api/v1"
  },
  "qi_1": 0.0,
  "qi_2": 0.004435457885635016,
  "rpve_csf": 22.623723149423338,
  "rpve_gm": 11.949221094804484,
  "rpve_wm": 19.446553314142555,
  "size_x": 256,
  "size_y": 256,
  "size_z": 160,
  "snr_csf": 3.345512947566732,
  "snr_gm": 10.496374977743198,
  "snr_total": 10.73907580156539,
  "snr_wm": 18.375339479386238,
  "snrd_csf": 8.027899811975955,
  "snrd_gm": 15.604121421407168,
  "snrd_total": 15.830504713285015,
  "snrd_wm": 23.85949290647192,
  "spacing_x": 0.9999999403953552,
  "spacing_y": 1.0,
  "spacing_z": 0.999931275844574,
  "summary_bg_k": 0.35121509520063965,
  "summary_bg_mad": 27.458101889427986,
  "summary_bg_mean": 100.37394020047688,
  "summary_bg_median": 98.66800620406866,
  "summary_bg_n": 1903888.0,
  "summary_bg_p05": 58.02390378713608,
  "summary_bg_p95": 148.52659648656845,
  "summary_bg_stdv": 27.67881226746362,
  "summary_csf_k": -0.10592661317409124,
  "summary_csf_mad": 110.64397707168519,
  "summary_csf_mean": 341.7755127873749,
  "summary_csf_median": 336.4656559228897,
  "summary_csf_n": 21265.0,
  "summary_csf_p05": 194.92747300565242,
  "summary_csf_p95": 513.5662880480288,
  "summary_csf_stdv": 100.56985276952673,
  "summary_gm_k": 0.39099168707744836,
  "summary_gm_mad": 58.77115897022887,
  "summary_gm_mean": 655.7874294856372,
  "summary_gm_median": 654.0005570724607,
  "summary_gm_n": 26959.0,
  "summary_gm_p05": 555.2869345918298,
  "summary_gm_p95": 761.2079302489756,
  "summary_gm_stdv": 62.306122714399336,
  "summary_wm_k": 0.6062213455800629,
  "summary_wm_mad": 51.33177175880749,
  "summary_wm_mean": 998.1857078396594,
  "summary_wm_median": 1000.0000147968531,
  "summary_wm_n": 148613.0,
  "summary_wm_p05": 905.7567874193192,
  "summary_wm_p95": 1083.3409520760179,
  "summary_wm_stdv": 54.42058098952339,
  "tpm_overlap_csf": 0.16389471292495728,
  "tpm_overlap_gm": 0.46363621950149536,
  "tpm_overlap_wm": 0.4847775101661682,
  "wm2max": 0.5168425189426555
}