{
  "bids_meta": {
    "EchoTime": 0.00336,
    "FlipAngle": 9,
    "ImageType": [
      "ORIGINAL",
      "PRIMARY",
      "M",
      "ND",
      "NORM"
    ],
    "MagneticFieldStrength": 3,
    "Manufacturer": "Siemens",
    "ManufacturersModelName": "TrioTim",
    "PhaseEncodingDirection": "i-",
    "RepetitionTime": 2.3,
    "ScanningSequence": "GR_IR",
    "SequenceName": "_tfl3d1",
    "SequenceVariant": "SP_MP",
    "SoftwareVersions": "syngo_MR_B17",
    "dataset": "ds001486",
    "modality": "T1w",
    "session_id": "T1",
    "subject_id": "043"
  },
  "cjv": 0.40801828758291275,
  "cnr": 3.1608253292797195,
  "efc": 0.6890646600857956,
  "fber": 8.367575645446777,
  "fwhm_avg": 3.980006179572674,
  "fwhm_x": 4.04154,
  "fwhm_y": 3.9876,
  "fwhm_z": 3.910878538718021,
  "icvs_csf": 0.25106241576027594,
  "icvs_gm": 0.4018379522935117,
  "icvs_wm": 0.34709963194621235,
  "inu_med": 1.2487703561782837,
  "inu_range": 0.35634128451347347,
  "provenance": {
    "md5sum": "19ebd4cd1ed6ad0d677fd17553abf040",
    "settings": {
      "testing": false
    },
    "software": "mriqc",
    "version": "21.0.0rc2",
    "warnings": {
      "large_rot_frame": true,
      "small_air_mask": false
    },
    "webapi_port": null,
    "webapi_url": "https://mriqc.nimh.nih.gov/api/v1"
  },
  "qi_1": 0.0,
  "qi_2": 0.003537895911817424,
  "rpve_csf": 19.381124258146393,
  "rpve_gm": 11.712829612183517,
  "rpve_wm": 16.562526560398545,
  "size_x": 256,
  "size_y": 256,
  "size_z": 160,
  "snr_csf": 3.648136217397267,
  "snr_gm": 9.881034762804491,
  "snr_total": 10.409296600409592,
  "snr_wm": 17.69871882102702,
  "snrd_csf": 7.410170108371516,
  "snrd_gm": 13.422268191629579,
  "snrd_total": 13.379578530241067,
  "snrd_wm": 19.306297290722107,
  "spacing_x": 1.0,
  "spacing_y": 1.0,
  "spacing_z": 0.9999313354492188,
  "summary_bg_k": 0.15370083506625098,
  "summary_bg_mad": 33.93496537088065,
  "summary_bg_mean": 125.00332641601562,
  "summary_bg_median": 123.04034423828125,
  "summary_bg_n": 3138986.0,
  "summary_bg_p05": 72.60293006896973,
  "summary_bg_p95": 184.03457260131836,
  "summary_bg_stdv": 33.9792366027832,
  "summary_csf_k": 0.04786105103944793,
  "summary_csf_mad": 103.44326703194588,
  "summary_csf_mean": 379.5089111328125,
  "summary_csf_median": 383.8343811035156,
  "summary_csf_n": 43088.0,
  "summary_csf_p05": 196.96976165771486,
  "summary_csf_p95": 544.0482116699219,
  "summary_csf_stdv": 105.21260833740234,
  "summary_gm_k": 0.0020695158228853927,
  "summary_gm_mad": 70.10715884836948,
  "summary_gm_mean": 696.5386352539062,
  "summary_gm_median": 695.2509765625,
  "summary_gm_n": 22560.0,
  "summary_gm_p05": 582.3490142822266,
  "summary_gm_p95": 815.300128173828,
  "summary_gm_stdv": 70.36060333251953,
  "summary_wm_k": 0.4971131092803356,
  "summary_wm_mad": 54.24981235396847,
  "summary_wm_mean": 1001.2678833007812,
  "summary_wm_median": 1000.0338134765625,
  "summary_wm_n": 203429.0,
  "summary_wm_p05": 910.84111328125,
  "summary_wm_p95": 1095.4631591796874,
  "summary_wm_stdv": 56.50303649902344,
  "tpm_overlap_csf": 0.14352388679981232,
  "tpm_overlap_gm": 0.45129624009132385,
  "tpm_overlap_wm": 0.4953162372112274,
  "wm2max": 0.6442628958486125
}