{
  "bids_meta": {
    "EchoTime": 0.00336,
    "FlipAngle": 9,
    "ImageType": [
      "ORIGINAL",
      "PRIMARY",
      "M",
      "ND",
      "NORM"
    ],
    "MagneticFieldStrength": 3,
    "Manufacturer": "Siemens",
    "ManufacturersModelName": "TrioTim",
    "PhaseEncodingDirection": "i-",
    "RepetitionTime": 2.3,
    "ScanningSequence": "GR_IR",
    "SequenceName": "_tfl3d1",
    "SequenceVariant": "SP_MP",
    "SoftwareVersions": "syngo_MR_B17",
    "dataset": "ds001486",
    "modality": "T1w",
    "session_id": "T1",
    "subject_id": "048"
  },
  "cjv": 0.2784892661087606,
  "cnr": 4.451062720223127,
  "efc": 0.6392050657221324,
  "fber": 29.895801544189453,
  "fwhm_avg": 3.5542840630221644,
  "fwhm_x": 3.56621,
  "fwhm_y": 3.68523,
  "fwhm_z": 3.411412189066494,
  "icvs_csf": 0.20598974026242708,
  "icvs_gm": 0.4617816411970633,
  "icvs_wm": 0.3322286185405096,
  "inu_med": 1.1135252714157104,
  "inu_range": 0.2878137528896332,
  "provenance": {
    "md5sum": "8f9fb7a090b4eedd58974af254972a5e",
    "settings": {
      "testing": false
    },
    "software": "mriqc",
    "version": "21.0.0rc2",
    "warnings": {
      "large_rot_frame": true,
      "small_air_mask": false
    },
    "webapi_port": null,
    "webapi_url": "https://mriqc.nimh.nih.gov/api/v1"
  },
  "qi_1": 0.0,
  "qi_2": 0.003468830371773123,
  "rpve_csf": 23.01820407964451,
  "rpve_gm": 11.369980024710337,
  "rpve_wm": 18.068310372349654,
  "size_x": 256,
  "size_y": 256,
  "size_z": 160,
  "snr_csf": 3.427126157418764,
  "snr_gm": 11.04815460441333,
  "snr_total": 11.393659816878225,
  "snr_wm": 19.705698688802578,
  "snrd_csf": 8.272902907594268,
  "snrd_gm": 15.561141342833896,
  "snrd_total": 16.08037444823182,
  "snrd_wm": 24.407079094267296,
  "spacing_x": 1.0,
  "spacing_y": 1.0,
  "spacing_z": 0.9999465942382812,
  "summary_bg_k": 0.45879333571215763,
  "summary_bg_mad": 26.84201478764314,
  "summary_bg_mean": 98.51424407958984,
  "summary_bg_median": 96.89337158203125,
  "summary_bg_n": 3993438.0,
  "summary_bg_p05": 57.3468578338623,
  "summary_bg_p95": 145.1009391784668,
  "summary_bg_stdv": 26.923803329467773,
  "summary_csf_k": -0.25624458076654877,
  "summary_csf_mad": 111.32212506178266,
  "summary_csf_mean": 339.7638244628906,
  "summary_csf_median": 338.9544372558594,
  "summary_csf_n": 19421.0,
  "summary_csf_p05": 188.2382049560547,
  "summary_csf_p95": 500.9620056152344,
  "summary_csf_stdv": 98.9008560180664,
  "summary_gm_k": 0.5159784699757504,
  "summary_gm_mad": 53.45141151327786,
  "summary_gm_mean": 638.93017578125,
  "summary_gm_median": 637.5655517578125,
  "summary_gm_n": 36750.0,
  "summary_gm_p05": 546.2682434082031,
  "summary_gm_p95": 736.3648468017577,
  "summary_gm_stdv": 57.70709228515625,
  "summary_wm_k": 0.6170911595689517,
  "summary_wm_mad": 47.48218206114639,
  "summary_wm_mean": 997.930908203125,
  "summary_wm_median": 999.9981689453125,
  "summary_wm_n": 177470.0,
  "summary_wm_p05": 910.544223022461,
  "summary_wm_p95": 1077.1614990234375,
  "summary_wm_stdv": 50.74650573730469,
  "tpm_overlap_csf": 0.17152142524719238,
  "tpm_overlap_gm": 0.46232569217681885,
  "tpm_overlap_wm": 0.4807701110839844,
  "wm2max": 0.6250998857049553
}