{
  "bids_meta": {
    "EchoTime": 0.00336,
    "FlipAngle": 9,
    "ImageType": [
      "ORIGINAL",
      "PRIMARY",
      "M",
      "ND",
      "NORM"
    ],
    "MagneticFieldStrength": 3,
    "Manufacturer": "Siemens",
    "ManufacturersModelName": "TrioTim",
    "PhaseEncodingDirection": "i-",
    "RepetitionTime": 2.3,
    "ScanningSequence": "GR_IR",
    "SequenceName": "_tfl3d1",
    "SequenceVariant": "SP_MP",
    "SoftwareVersions": "syngo_MR_B17",
    "dataset": "ds001486",
    "modality": "T1w",
    "session_id": "T2",
    "subject_id": "096"
  },
  "cjv": 0.3165452009380792,
  "cnr": 4.069316388457763,
  "efc": 0.6400476529522977,
  "fber": 88.1730343308334,
  "fwhm_avg": 3.7798706048515274,
  "fwhm_x": 3.9097,
  "fwhm_y": 3.90622,
  "fwhm_z": 3.523691814554582,
  "icvs_csf": 0.23988092652692788,
  "icvs_gm": 0.42990696124810346,
  "icvs_wm": 0.33021211222496866,
  "inu_med": 1.338606357574463,
  "inu_range": 0.508925175666809,
  "provenance": {
    "md5sum": "1bdb81110eddce34fb57c08f8c0b60c3",
    "settings": {
      "testing": false
    },
    "software": "mriqc",
    "version": "21.0.0rc2",
    "warnings": {
      "large_rot_frame": true,
      "small_air_mask": false
    },
    "webapi_port": null,
    "webapi_url": "https://mriqc.nimh.nih.gov/api/v1"
  },
  "qi_1": 0.0,
  "qi_2": 0.004701998316394049,
  "rpve_csf": 23.73626905174774,
  "rpve_gm": 13.373150611889923,
  "rpve_wm": 20.11809647072459,
  "size_x": 256,
  "size_y": 256,
  "size_z": 160,
  "snr_csf": 3.74469419440189,
  "snr_gm": 10.614959590921808,
  "snr_total": 11.225008335786592,
  "snr_wm": 19.31537122203608,
  "snrd_csf": 13.02964999327375,
  "snrd_gm": 21.986122793684473,
  "snrd_total": 22.78118446207601,
  "snrd_wm": 33.32778059926981,
  "spacing_x": 1.0,
  "spacing_y": 1.0,
  "spacing_z": 1.0000534057617188,
  "summary_bg_k": 13.34276014582343,
  "summary_bg_mad": 19.657365301119782,
  "summary_bg_mean": 58.164399856431395,
  "summary_bg_median": 56.275779101997614,
  "summary_bg_n": 2283087.0,
  "summary_bg_p05": 28.403063379228115,
  "summary_bg_p95": 93.28226001933217,
  "summary_bg_stdv": 21.239565507756783,
  "summary_csf_k": 0.14788792852331323,
  "summary_csf_mad": 107.06711634009908,
  "summary_csf_mean": 391.9320726317343,
  "summary_csf_median": 390.9546140860766,
  "summary_csf_n": 24122.0,
  "summary_csf_p05": 226.92986944690347,
  "summary_csf_p95": 563.6417037807405,
  "summary_csf_stdv": 104.40011654156329,
  "summary_gm_k": 0.7756914569666233,
  "summary_gm_mad": 59.40892624338423,
  "summary_gm_mean": 660.7905567333218,
  "summary_gm_median": 659.6935571171343,
  "summary_gm_n": 16277.0,
  "summary_gm_p05": 561.4613856375217,
  "summary_gm_p95": 761.8738722614944,
  "summary_gm_stdv": 62.14562444280556,
  "summary_wm_k": 0.7015582252215387,
  "summary_wm_mad": 48.31343560675218,
  "summary_wm_mean": 997.9265284951676,
  "summary_wm_median": 999.9999700114131,
  "summary_wm_n": 152069.0,
  "summary_wm_p05": 909.8408684134483,
  "summary_wm_p95": 1078.4914231672883,
  "summary_wm_stdv": 51.772066429877306,
  "tpm_overlap_csf": 0.15549203753471375,
  "tpm_overlap_gm": 0.4570464789867401,
  "tpm_overlap_wm": 0.48555365204811096,
  "wm2max": 0.6471418220645998
}