{
  "bids_meta": {
    "EchoTime": 0.00336,
    "FlipAngle": 9,
    "ImageType": [
      "ORIGINAL",
      "PRIMARY",
      "M",
      "ND",
      "NORM"
    ],
    "MagneticFieldStrength": 3,
    "Manufacturer": "Siemens",
    "ManufacturersModelName": "TrioTim",
    "PhaseEncodingDirection": "i-",
    "RepetitionTime": 2.3,
    "ScanningSequence": "GR_IR",
    "SequenceName": "_tfl3d1",
    "SequenceVariant": "SP_MP",
    "SoftwareVersions": "syngo_MR_B17",
    "dataset": "ds001486",
    "modality": "T1w",
    "session_id": "T1",
    "subject_id": "009"
  },
  "cjv": 0.28647098776290136,
  "cnr": 4.385346651319149,
  "efc": 0.6271218782463357,
  "fber": 33.304931640625,
  "fwhm_avg": 3.777145027003202,
  "fwhm_x": 3.78757,
  "fwhm_y": 3.91992,
  "fwhm_z": 3.6239450810096057,
  "icvs_csf": 0.22944600439233784,
  "icvs_gm": 0.4402140266099775,
  "icvs_wm": 0.3303399689976847,
  "inu_med": 1.0796854496002197,
  "inu_range": 0.33535489439964294,
  "provenance": {
    "md5sum": "d1afe012d84a3193dfaeb293e7d188d5",
    "settings": {
      "testing": false
    },
    "software": "mriqc",
    "version": "21.0.0rc2",
    "warnings": {
      "large_rot_frame": true,
      "small_air_mask": false
    },
    "webapi_port": null,
    "webapi_url": "https://mriqc.nimh.nih.gov/api/v1"
  },
  "qi_1": 0.0,
  "qi_2": 0.004526315273847487,
  "rpve_csf": 22.10458782718922,
  "rpve_gm": 12.119014363883483,
  "rpve_wm": 18.98617859212632,
  "size_x": 256,
  "size_y": 256,
  "size_z": 160,
  "snr_csf": 4.106643235809444,
  "snr_gm": 10.781314794017844,
  "snr_total": 11.94333326409602,
  "snr_wm": 20.942041762460775,
  "snrd_csf": 9.603511766655478,
  "snrd_gm": 16.612966728640426,
  "snrd_total": 17.317686350022726,
  "snrd_wm": 25.736580554772267,
  "spacing_x": 1.0,
  "spacing_y": 1.0,
  "spacing_z": 0.9999848008155823,
  "summary_bg_k": 0.5520681741161027,
  "summary_bg_mad": 25.45522542079046,
  "summary_bg_mean": 92.96635437011719,
  "summary_bg_median": 91.24254608154297,
  "summary_bg_n": 3590587.0,
  "summary_bg_p05": 53.76993370056152,
  "summary_bg_p95": 138.0676528930664,
  "summary_bg_stdv": 25.883708953857422,
  "summary_csf_k": 0.44322444059927246,
  "summary_csf_mad": 90.92982921555009,
  "summary_csf_mean": 370.65875244140625,
  "summary_csf_median": 373.14300537109375,
  "summary_csf_n": 25597.0,
  "summary_csf_p05": 219.83850708007813,
  "summary_csf_p95": 511.83600463867185,
  "summary_csf_stdv": 90.86148834228516,
  "summary_gm_k": 0.4311008017362634,
  "summary_gm_mad": 55.776212147776604,
  "summary_gm_mean": 647.7096557617188,
  "summary_gm_median": 645.4943237304688,
  "summary_gm_n": 36031.0,
  "summary_gm_p05": 552.7178039550781,
  "summary_gm_p95": 750.257080078125,
  "summary_gm_stdv": 59.87074661254883,
  "summary_wm_k": 0.44434666611964824,
  "summary_wm_mad": 45.77679135008947,
  "summary_wm_mean": 998.4459228515625,
  "summary_wm_median": 999.990966796875,
  "summary_wm_n": 173579.0,
  "summary_wm_p05": 917.4575134277344,
  "summary_wm_p95": 1073.5278686523438,
  "summary_wm_stdv": 47.750267028808594,
  "tpm_overlap_csf": 0.1550496220588684,
  "tpm_overlap_gm": 0.46318021416664124,
  "tpm_overlap_wm": 0.5051558017730713,
  "wm2max": 0.7086044382197833
}