{
  "bids_meta": {
    "EchoTime": 0.00336,
    "FlipAngle": 9,
    "ImageType": [
      "ORIGINAL",
      "PRIMARY",
      "M",
      "ND",
      "NORM"
    ],
    "MagneticFieldStrength": 3,
    "Manufacturer": "Siemens",
    "ManufacturersModelName": "TrioTim",
    "PhaseEncodingDirection": "i-",
    "RepetitionTime": 2.3,
    "ScanningSequence": "GR_IR",
    "SequenceName": "_tfl3d1",
    "SequenceVariant": "SP_MP",
    "SoftwareVersions": "syngo_MR_B17",
    "dataset": "ds001486",
    "modality": "T1w",
    "session_id": "T2",
    "subject_id": "099"
  },
  "cjv": 0.3358751658504911,
  "cnr": 3.815827462313901,
  "efc": 0.6540983540405144,
  "fber": 58.76670929812286,
  "fwhm_avg": 3.74065,
  "fwhm_x": 3.80995,
  "fwhm_y": 3.88418,
  "fwhm_z": 3.52782,
  "icvs_csf": 0.23208571267424633,
  "icvs_gm": 0.41738943744566703,
  "icvs_wm": 0.35052484988008664,
  "inu_med": 1.3494986295700073,
  "inu_range": 0.5360076606273654,
  "provenance": {
    "md5sum": "2c5363bfbf0ff07ca4ff2ff50880e725",
    "settings": {
      "testing": false
    },
    "software": "mriqc",
    "version": "21.0.0rc2",
    "warnings": {
      "large_rot_frame": true,
      "small_air_mask": false
    },
    "webapi_port": null,
    "webapi_url": "https://mriqc.nimh.nih.gov/api/v1"
  },
  "qi_1": 0.0,
  "qi_2": 0.005174731982219356,
  "rpve_csf": 23.477689696269277,
  "rpve_gm": 13.088455061625462,
  "rpve_wm": 18.568119570334233,
  "size_x": 256,
  "size_y": 256,
  "size_z": 160,
  "snr_csf": 3.474288000494982,
  "snr_gm": 9.488060136391315,
  "snr_total": 10.327981972377719,
  "snr_wm": 18.021597780246857,
  "snrd_csf": 10.457892262292972,
  "snrd_gm": 19.008029305132162,
  "snrd_total": 19.540645339223026,
  "snrd_wm": 29.156014450243948,
  "spacing_x": 1.0,
  "spacing_y": 1.0,
  "spacing_z": 1.0,
  "summary_bg_k": 1.5447848412564076,
  "summary_bg_mad": 22.47002431020875,
  "summary_bg_mean": 73.67024221374056,
  "summary_bg_median": 71.97995128110051,
  "summary_bg_n": 2414578.0,
  "summary_bg_p05": 39.40508281812072,
  "summary_bg_p95": 113.48663851618767,
  "summary_bg_stdv": 22.803701539201157,
  "summary_csf_k": 0.12340633202805007,
  "summary_csf_mad": 105.33947396625862,
  "summary_csf_mean": 357.3100816595673,
  "summary_csf_median": 358.68729231879115,
  "summary_csf_n": 25706.0,
  "summary_csf_p05": 190.15478426590562,
  "summary_csf_p95": 525.6334931915626,
  "summary_csf_stdv": 103.23850972534629,
  "summary_gm_k": 0.16642912761723805,
  "summary_gm_mad": 66.5112719582179,
  "summary_gm_mean": 653.98692764741,
  "summary_gm_median": 651.9419394247234,
  "summary_gm_n": 16617.0,
  "summary_gm_p05": 542.9656673111022,
  "summary_gm_p95": 770.246101912111,
  "summary_gm_stdv": 68.70975869062521,
  "summary_wm_k": 0.9162005075555277,
  "summary_wm_mad": 50.392774519694825,
  "summary_wm_mean": 997.7079093274596,
  "summary_wm_median": 999.9999632500112,
  "summary_wm_n": 173499.0,
  "summary_wm_p05": 902.8371328879148,
  "summary_wm_p95": 1083.6195697635412,
  "summary_wm_stdv": 55.48881367672363,
  "tpm_overlap_csf": 0.15658001601696014,
  "tpm_overlap_gm": 0.4512269198894501,
  "tpm_overlap_wm": 0.4846328794956207,
  "wm2max": 0.6014159854827852
}