{
  "bids_meta": {
    "EchoTime": 0.00336,
    "FlipAngle": 9,
    "ImageType": [
      "ORIGINAL",
      "PRIMARY",
      "M",
      "ND",
      "NORM"
    ],
    "MagneticFieldStrength": 3,
    "Manufacturer": "Siemens",
    "ManufacturersModelName": "TrioTim",
    "PhaseEncodingDirection": "i-",
    "RepetitionTime": 2.3,
    "ScanningSequence": "GR_IR",
    "SequenceName": "_tfl3d1",
    "SequenceVariant": "SP_MP",
    "SoftwareVersions": "syngo_MR_B17",
    "dataset": "ds001486",
    "modality": "T1w",
    "session_id": "T1",
    "subject_id": "105"
  },
  "cjv": 0.3776664135338405,
  "cnr": 3.411092880478305,
  "efc": 0.6244090315880272,
  "fber": 21.385988235473633,
  "fwhm_avg": 3.537587664594062,
  "fwhm_x": 3.51964,
  "fwhm_y": 3.72867,
  "fwhm_z": 3.3644529937821854,
  "icvs_csf": 0.22014399566299056,
  "icvs_gm": 0.45338334589590873,
  "icvs_wm": 0.32647265844110074,
  "inu_med": 1.2112162113189697,
  "inu_range": 0.34216248989105225,
  "provenance": {
    "md5sum": "6367c30c22da57e2a7cd3ccfb4139512",
    "settings": {
      "testing": false
    },
    "software": "mriqc",
    "version": "21.0.0rc2",
    "warnings": {
      "large_rot_frame": true,
      "small_air_mask": false
    },
    "webapi_port": null,
    "webapi_url": "https://mriqc.nimh.nih.gov/api/v1"
  },
  "qi_1": 0.0,
  "qi_2": 0.004335794952311141,
  "rpve_csf": 25.79867041119591,
  "rpve_gm": 13.253016063026841,
  "rpve_wm": 20.732707375174883,
  "size_x": 256,
  "size_y": 256,
  "size_z": 160,
  "snr_csf": 4.061526216022816,
  "snr_gm": 10.342472254997524,
  "snr_total": 10.779821479286314,
  "snr_wm": 17.935465966838603,
  "snrd_csf": 8.766158729265799,
  "snrd_gm": 15.325227729666677,
  "snrd_total": 15.462532636298917,
  "snrd_wm": 22.296211449964275,
  "spacing_x": 1.0,
  "spacing_y": 1.0,
  "spacing_z": 1.0000228881835938,
  "summary_bg_k": 0.4973827621673035,
  "summary_bg_mad": 29.383772910026764,
  "summary_bg_mean": 106.5041732788086,
  "summary_bg_median": 104.60032653808594,
  "summary_bg_n": 3224163.0,
  "summary_bg_p05": 61.22956008911133,
  "summary_bg_p95": 157.89980773925774,
  "summary_bg_stdv": 29.59601402282715,
  "summary_csf_k": 1.0029222110544636,
  "summary_csf_mad": 90.14624625286731,
  "summary_csf_mean": 391.6671142578125,
  "summary_csf_median": 393.1743469238281,
  "summary_csf_n": 22974.0,
  "summary_csf_p05": 230.42878723144534,
  "summary_csf_p95": 541.6585113525391,
  "summary_csf_stdv": 96.80247497558594,
  "summary_gm_k": -0.021588829742945848,
  "summary_gm_mad": 66.25288173088846,
  "summary_gm_mean": 689.49462890625,
  "summary_gm_median": 687.357666015625,
  "summary_gm_n": 30761.0,
  "summary_gm_p05": 583.3335571289062,
  "summary_gm_p95": 801.6737060546875,
  "summary_gm_stdv": 66.45862579345703,
  "summary_wm_k": 0.5903945117907723,
  "summary_wm_mad": 51.82764355619384,
  "summary_wm_mean": 998.4207763671875,
  "summary_wm_median": 1000.0159301757812,
  "summary_wm_n": 143659.0,
  "summary_wm_p05": 903.3835021972657,
  "summary_wm_p95": 1086.8180053710937,
  "summary_wm_stdv": 55.75614547729492,
  "tpm_overlap_csf": 0.13819777965545654,
  "tpm_overlap_gm": 0.46763190627098083,
  "tpm_overlap_wm": 0.4779032766819,
  "wm2max": 0.5095479739671036
}