{
  "bids_meta": {
    "EchoTime": 0.00336,
    "FlipAngle": 9,
    "ImageType": [
      "ORIGINAL",
      "PRIMARY",
      "M",
      "ND",
      "NORM"
    ],
    "MagneticFieldStrength": 3,
    "Manufacturer": "Siemens",
    "ManufacturersModelName": "TrioTim",
    "PhaseEncodingDirection": "i-",
    "RepetitionTime": 2.3,
    "ScanningSequence": "GR_IR",
    "SequenceName": "_tfl3d1",
    "SequenceVariant": "SP_MP",
    "SoftwareVersions": "syngo_MR_B17",
    "dataset": "ds001486",
    "modality": "T1w",
    "session_id": "T2",
    "subject_id": "005"
  },
  "cjv": 0.2997649866934361,
  "cnr": 4.247923454898482,
  "efc": 0.656327646458117,
  "fber": 30.82147789001465,
  "fwhm_avg": 3.618715809657754,
  "fwhm_x": 3.6696602187287937,
  "fwhm_y": 3.68027,
  "fwhm_z": 3.5062172102444684,
  "icvs_csf": 0.2355738352435201,
  "icvs_gm": 0.44402327521314244,
  "icvs_wm": 0.32040288954333745,
  "inu_med": 1.0944511890411377,
  "inu_range": 0.26526181101799007,
  "provenance": {
    "md5sum": "286cc0d6d6b095b5093c7c97b311cb1f",
    "settings": {
      "testing": false
    },
    "software": "mriqc",
    "version": "21.0.0rc2",
    "warnings": {
      "large_rot_frame": true,
      "small_air_mask": false
    },
    "webapi_port": null,
    "webapi_url": "https://mriqc.nimh.nih.gov/api/v1"
  },
  "qi_1": 0.0,
  "qi_2": 0.004359427123472645,
  "rpve_csf": 17.26957341299577,
  "rpve_gm": 9.55057553649583,
  "rpve_wm": 15.518040760301972,
  "size_x": 256,
  "size_y": 256,
  "size_z": 160,
  "snr_csf": 3.3834939657655565,
  "snr_gm": 10.086017524210412,
  "snr_total": 11.320641495512177,
  "snr_wm": 20.49241299656056,
  "snrd_csf": 7.852729490911883,
  "snrd_gm": 15.47576118975466,
  "snrd_total": 15.829265932494712,
  "snrd_wm": 24.159307116817587,
  "spacing_x": 0.9999999403953552,
  "spacing_y": 1.0,
  "spacing_z": 0.9999694228172302,
  "summary_bg_k": 0.38248721037512823,
  "summary_bg_mad": 27.117169208619842,
  "summary_bg_mean": 100.01456451416016,
  "summary_bg_median": 98.3868637084961,
  "summary_bg_n": 4043172.0,
  "summary_bg_p05": 57.97111911773682,
  "summary_bg_p95": 147.3718162536621,
  "summary_bg_stdv": 27.285606384277344,
  "summary_csf_k": 0.0055290365567244315,
  "summary_csf_mad": 102.71305105280581,
  "summary_csf_mean": 327.3643798828125,
  "summary_csf_median": 325.037353515625,
  "summary_csf_n": 39256.0,
  "summary_csf_p05": 181.69991302490234,
  "summary_csf_p95": 488.1792221069336,
  "summary_csf_stdv": 96.06436920166016,
  "summary_gm_k": 0.2624194051565638,
  "summary_gm_mad": 61.25543360349646,
  "summary_gm_mean": 642.6109619140625,
  "summary_gm_median": 640.567138671875,
  "summary_gm_n": 38413.0,
  "summary_gm_p05": 540.57880859375,
  "summary_gm_p95": 749.7702270507813,
  "summary_gm_stdv": 63.509586334228516,
  "summary_wm_k": 0.5796547239589991,
  "summary_wm_mad": 46.487959003607266,
  "summary_wm_mean": 998.6829833984375,
  "summary_wm_median": 999.9933471679688,
  "summary_wm_n": 203232.0,
  "summary_wm_p05": 916.994677734375,
  "summary_wm_p95": 1075.7695556640624,
  "summary_wm_stdv": 48.79810333251953,
  "tpm_overlap_csf": 0.14836131036281586,
  "tpm_overlap_gm": 0.44117677211761475,
  "tpm_overlap_wm": 0.4485132396221161,
  "wm2max": 0.6451236687986609
}