{
  "bids_meta": {
    "EchoTime": 0.00336,
    "FlipAngle": 9,
    "ImageType": [
      "ORIGINAL",
      "PRIMARY",
      "M",
      "ND",
      "NORM"
    ],
    "MagneticFieldStrength": 3,
    "Manufacturer": "Siemens",
    "ManufacturersModelName": "TrioTim",
    "PhaseEncodingDirection": "i-",
    "RepetitionTime": 2.3,
    "ScanningSequence": "GR_IR",
    "SequenceName": "_tfl3d1",
    "SequenceVariant": "SP_MP",
    "SoftwareVersions": "syngo_MR_B17",
    "dataset": "ds001486",
    "modality": "T1w",
    "session_id": "T1",
    "subject_id": "005"
  },
  "cjv": 0.39204807323949187,
  "cnr": 3.318703671022002,
  "efc": 0.6722478377130466,
  "fber": 19.526212692260742,
  "fwhm_avg": 3.80033734206638,
  "fwhm_x": 3.81543,
  "fwhm_y": 3.919,
  "fwhm_z": 3.6665820261991406,
  "icvs_csf": 0.2510444491594049,
  "icvs_gm": 0.4269756176782421,
  "icvs_wm": 0.321979933162353,
  "inu_med": 1.2355451583862305,
  "inu_range": 0.42830670475959787,
  "provenance": {
    "md5sum": "ca22c49faed0092a3974f7f40c3a6bc2",
    "settings": {
      "testing": false
    },
    "software": "mriqc",
    "version": "21.0.0rc2",
    "warnings": {
      "large_rot_frame": true,
      "small_air_mask": false
    },
    "webapi_port": null,
    "webapi_url": "https://mriqc.nimh.nih.gov/api/v1"
  },
  "qi_1": 0.0,
  "qi_2": 0.0033871544052593333,
  "rpve_csf": 17.179538908240453,
  "rpve_gm": 10.008675662207827,
  "rpve_wm": 15.63128964504203,
  "size_x": 256,
  "size_y": 256,
  "size_z": 160,
  "snr_csf": 3.3793106914313173,
  "snr_gm": 9.11019015648719,
  "snr_total": 9.564302295837864,
  "snr_wm": 16.203406039595087,
  "snrd_csf": 7.560680648418864,
  "snrd_gm": 13.817102903184951,
  "snrd_total": 14.046281672094613,
  "snrd_wm": 20.761061464680022,
  "spacing_x": 1.0,
  "spacing_y": 1.0,
  "spacing_z": 1.0000076293945312,
  "summary_bg_k": 0.34024173970922433,
  "summary_bg_mad": 31.556899555054517,
  "summary_bg_mean": 115.27079010009766,
  "summary_bg_median": 113.31108856201172,
  "summary_bg_n": 3385805.0,
  "summary_bg_p05": 66.49295043945312,
  "summary_bg_p95": 170.61827087402344,
  "summary_bg_stdv": 31.811500549316406,
  "summary_csf_k": -0.3755154590210825,
  "summary_csf_mad": 114.51783233699506,
  "summary_csf_mean": 359.9515380859375,
  "summary_csf_median": 364.18621826171875,
  "summary_csf_n": 37732.0,
  "summary_csf_p05": 179.81998443603516,
  "summary_csf_p95": 530.5043395996094,
  "summary_csf_stdv": 107.76795196533203,
  "summary_gm_k": 0.009822719858623596,
  "summary_gm_mad": 72.1857791035076,
  "summary_gm_mean": 668.6336669921875,
  "summary_gm_median": 665.54833984375,
  "summary_gm_n": 29766.0,
  "summary_gm_p05": 553.5502777099609,
  "summary_gm_p95": 795.2515106201172,
  "summary_gm_stdv": 73.05414581298828,
  "summary_wm_k": 0.4450702033852161,
  "summary_wm_mad": 58.94633313287167,
  "summary_wm_mean": 1000.144775390625,
  "summary_wm_median": 1000.0280151367188,
  "summary_wm_n": 196582.0,
  "summary_wm_p05": 899.1053802490235,
  "summary_wm_p95": 1100.873760986328,
  "summary_wm_stdv": 61.71699142456055,
  "tpm_overlap_csf": 0.1471860408782959,
  "tpm_overlap_gm": 0.43644896149635315,
  "tpm_overlap_wm": 0.452267587184906,
  "wm2max": 0.5691638790952793
}