{
  "bids_meta": {
    "EchoTime": 0.00336,
    "FlipAngle": 9,
    "ImageType": [
      "ORIGINAL",
      "PRIMARY",
      "M",
      "ND",
      "NORM"
    ],
    "MagneticFieldStrength": 3,
    "Manufacturer": "Siemens",
    "ManufacturersModelName": "TrioTim",
    "PhaseEncodingDirection": "i-",
    "RepetitionTime": 2.3,
    "ScanningSequence": "GR_IR",
    "SequenceName": "_tfl3d1",
    "SequenceVariant": "SP_MP",
    "SoftwareVersions": "syngo_MR_B17",
    "dataset": "ds001486",
    "modality": "T1w",
    "session_id": "T1",
    "subject_id": "090"
  },
  "cjv": 0.34944705601136483,
  "cnr": 3.6742936233878036,
  "efc": 0.64138427969478,
  "fber": 32.206329345703125,
  "fwhm_avg": 3.6857641755935533,
  "fwhm_x": 3.724,
  "fwhm_y": 3.84785,
  "fwhm_z": 3.485442526780659,
  "icvs_csf": 0.24588141681616088,
  "icvs_gm": 0.40834245443123857,
  "icvs_wm": 0.3457761287526006,
  "inu_med": 1.116661548614502,
  "inu_range": 0.2754116415977478,
  "provenance": {
    "md5sum": "dce2771d7a9f36e6e0005343e72b2484",
    "settings": {
      "testing": false
    },
    "software": "mriqc",
    "version": "21.0.0rc2",
    "warnings": {
      "large_rot_frame": true,
      "small_air_mask": false
    },
    "webapi_port": null,
    "webapi_url": "https://mriqc.nimh.nih.gov/api/v1"
  },
  "qi_1": 0.0,
  "qi_2": 0.004110587799081725,
  "rpve_csf": 19.46269406640957,
  "rpve_gm": 11.711231040163609,
  "rpve_wm": 17.060088122473523,
  "size_x": 256,
  "size_y": 256,
  "size_z": 160,
  "snr_csf": 3.5822404970787955,
  "snr_gm": 10.5225889468924,
  "snr_total": 11.68733513916308,
  "snr_wm": 20.95717597351804,
  "snrd_csf": 8.900341193216203,
  "snrd_gm": 16.43251058744652,
  "snrd_total": 16.424770260690305,
  "snrd_wm": 23.941459001408198,
  "spacing_x": 1.0,
  "spacing_y": 1.0,
  "spacing_z": 0.9999390244483948,
  "summary_bg_k": 0.31520914542783895,
  "summary_bg_mad": 27.36418097273892,
  "summary_bg_mean": 100.68195343017578,
  "summary_bg_median": 99.09716033935547,
  "summary_bg_n": 3764886.0,
  "summary_bg_p05": 58.44805431365967,
  "summary_bg_p95": 148.35307693481445,
  "summary_bg_stdv": 27.478918075561523,
  "summary_csf_k": 0.1513898652376673,
  "summary_csf_mad": 102.35167581113087,
  "summary_csf_mean": 366.78656005859375,
  "summary_csf_median": 371.7554931640625,
  "summary_csf_n": 29030.0,
  "summary_csf_p05": 189.94649276733398,
  "summary_csf_p95": 529.0399200439454,
  "summary_csf_stdv": 103.77558135986328,
  "summary_gm_k": 0.1903417005776915,
  "summary_gm_mad": 63.44513138690702,
  "summary_gm_mean": 686.9263305664062,
  "summary_gm_median": 686.3642578125,
  "summary_gm_n": 19894.0,
  "summary_gm_p05": 580.4538482666015,
  "summary_gm_p95": 795.1545196533202,
  "summary_gm_stdv": 65.22605895996094,
  "summary_wm_k": 0.33742694979989407,
  "summary_wm_mad": 46.15504313679317,
  "summary_wm_mean": 1000.255126953125,
  "summary_wm_median": 1000.0031127929688,
  "summary_wm_n": 205097.0,
  "summary_wm_p05": 922.3244873046875,
  "summary_wm_p95": 1078.2906982421873,
  "summary_wm_stdv": 47.71638488769531,
  "tpm_overlap_csf": 0.15360546112060547,
  "tpm_overlap_gm": 0.43742573261260986,
  "tpm_overlap_wm": 0.48472684621810913,
  "wm2max": 0.5776599062396653
}