{
  "bids_meta": {
    "EchoTime": 0.00336,
    "FlipAngle": 9,
    "ImageType": [
      "ORIGINAL",
      "PRIMARY",
      "M",
      "ND",
      "NORM"
    ],
    "MagneticFieldStrength": 3,
    "Manufacturer": "Siemens",
    "ManufacturersModelName": "TrioTim",
    "PhaseEncodingDirection": "i-",
    "RepetitionTime": 2.3,
    "ScanningSequence": "GR_IR",
    "SequenceName": "_tfl3d1",
    "SequenceVariant": "SP_MP",
    "SoftwareVersions": "syngo_MR_B17",
    "dataset": "ds001486",
    "modality": "T1w",
    "session_id": "T1",
    "subject_id": "046"
  },
  "cjv": 0.3647881470079222,
  "cnr": 3.483300282412821,
  "efc": 0.6482497855983355,
  "fber": 38.36974334716797,
  "fwhm_avg": 3.7092389837823263,
  "fwhm_x": 3.82037,
  "fwhm_y": 3.77478,
  "fwhm_z": 3.53256695134698,
  "icvs_csf": 0.25282643852042014,
  "icvs_gm": 0.4044332665317501,
  "icvs_wm": 0.34274029494782976,
  "inu_med": 1.5025362968444824,
  "inu_range": 0.6542020320892334,
  "provenance": {
    "md5sum": "ad719f6d49fc2a75067db868e154b0ae",
    "settings": {
      "testing": false
    },
    "software": "mriqc",
    "version": "21.0.0rc2",
    "warnings": {
      "large_rot_frame": true,
      "small_air_mask": false
    },
    "webapi_port": null,
    "webapi_url": "https://mriqc.nimh.nih.gov/api/v1"
  },
  "qi_1": 0.0,
  "qi_2": 0.004962774684330804,
  "rpve_csf": 21.06784068819715,
  "rpve_gm": 12.759559045306883,
  "rpve_wm": 18.27816344548804,
  "size_x": 256,
  "size_y": 256,
  "size_z": 160,
  "snr_csf": 3.551967264955041,
  "snr_gm": 9.579151716863436,
  "snr_total": 10.441071279865172,
  "snr_wm": 18.192094857777036,
  "snrd_csf": 10.01694274990568,
  "snrd_gm": 16.642273375855194,
  "snrd_total": 17.104972832608667,
  "snrd_wm": 24.655702372065132,
  "spacing_x": 1.0,
  "spacing_y": 1.0,
  "spacing_z": 0.9999923706054688,
  "summary_bg_k": 0.302126884316154,
  "summary_bg_mad": 26.571611136714754,
  "summary_bg_mean": 93.78890228271484,
  "summary_bg_median": 92.11089324951172,
  "summary_bg_n": 4109118.0,
  "summary_bg_p05": 52.7843620300293,
  "summary_bg_p95": 140.46595611572263,
  "summary_bg_stdv": 26.8262882232666,
  "summary_csf_k": 0.04203574459558679,
  "summary_csf_mad": 112.17477517188209,
  "summary_csf_mean": 401.9289855957031,
  "summary_csf_median": 406.27618408203125,
  "summary_csf_n": 24956.0,
  "summary_csf_p05": 205.02494049072266,
  "summary_csf_p95": 581.8453216552734,
  "summary_csf_stdv": 114.3783187866211,
  "summary_gm_k": 0.37436654502734745,
  "summary_gm_mad": 66.13384100710647,
  "summary_gm_mean": 677.1172485351562,
  "summary_gm_median": 674.9923095703125,
  "summary_gm_n": 13398.0,
  "summary_gm_p05": 564.1512634277344,
  "summary_gm_p95": 798.2976837158202,
  "summary_gm_stdv": 70.46209716796875,
  "summary_wm_k": 0.447676416232468,
  "summary_wm_mad": 52.42809564487145,
  "summary_wm_mean": 999.7002563476562,
  "summary_wm_median": 1000.0081787109375,
  "summary_wm_n": 183796.0,
  "summary_wm_p05": 909.0961608886719,
  "summary_wm_p95": 1088.4939270019531,
  "summary_wm_stdv": 54.96923065185547,
  "tpm_overlap_csf": 0.15195095539093018,
  "tpm_overlap_gm": 0.45291221141815186,
  "tpm_overlap_wm": 0.5033421516418457,
  "wm2max": 0.7412149687688264
}