{
  "bids_meta": {
    "EchoTime": 0.00336,
    "FlipAngle": 9,
    "ImageType": [
      "ORIGINAL",
      "PRIMARY",
      "M",
      "ND",
      "NORM"
    ],
    "MagneticFieldStrength": 3,
    "Manufacturer": "Siemens",
    "ManufacturersModelName": "TrioTim",
    "PhaseEncodingDirection": "i-",
    "RepetitionTime": 2.3,
    "ScanningSequence": "GR_IR",
    "SequenceName": "_tfl3d1",
    "SequenceVariant": "SP_MP",
    "SoftwareVersions": "syngo_MR_B17",
    "dataset": "ds001486",
    "modality": "T1w",
    "session_id": "T2",
    "subject_id": "020"
  },
  "cjv": 0.3698068550291917,
  "cnr": 3.512986650609748,
  "efc": 0.688252391883227,
  "fber": 40.23663849029529,
  "fwhm_avg": 3.7670119890129876,
  "fwhm_x": 3.8566202298724788,
  "fwhm_y": 3.8188,
  "fwhm_z": 3.625615737166485,
  "icvs_csf": 0.23902399077242442,
  "icvs_gm": 0.4029798294542157,
  "icvs_wm": 0.3579961797733599,
  "inu_med": 1.0416884422302246,
  "inu_range": 0.32766696214675906,
  "provenance": {
    "md5sum": "724c1323142725d470be856fd762dd83",
    "settings": {
      "testing": false
    },
    "software": "mriqc",
    "version": "21.0.0rc2",
    "warnings": {
      "large_rot_frame": true,
      "small_air_mask": false
    },
    "webapi_port": null,
    "webapi_url": "https://mriqc.nimh.nih.gov/api/v1"
  },
  "qi_1": 0.0,
  "qi_2": 0.004384909512271202,
  "rpve_csf": 21.131550367101223,
  "rpve_gm": 12.491365148006146,
  "rpve_wm": 17.323979137725946,
  "size_x": 256,
  "size_y": 256,
  "size_z": 160,
  "snr_csf": 3.6985064536071466,
  "snr_gm": 10.068097346863619,
  "snr_total": 11.658037104628507,
  "snr_wm": 21.20750751341476,
  "snrd_csf": 9.870131524366158,
  "snrd_gm": 17.816939959323616,
  "snrd_total": 17.79506613266449,
  "snrd_wm": 25.698126914303703,
  "spacing_x": 0.9999999403953552,
  "spacing_y": 1.0,
  "spacing_z": 1.0000039339065552,
  "summary_bg_k": 0.2244948284051711,
  "summary_bg_mad": 25.49354498530598,
  "summary_bg_mean": 92.98770874235241,
  "summary_bg_median": 91.37670987099409,
  "summary_bg_n": 2077421.0,
  "summary_bg_p05": 53.82665056735277,
  "summary_bg_p95": 137.56107831001282,
  "summary_bg_stdv": 25.613459437144925,
  "summary_csf_k": 0.17651230660247563,
  "summary_csf_mad": 99.95866463255658,
  "summary_csf_mean": 381.3804699426844,
  "summary_csf_median": 384.0797895602882,
  "summary_csf_n": 29250.0,
  "summary_csf_p05": 203.80276316180826,
  "summary_csf_p95": 546.8842810254544,
  "summary_csf_stdv": 103.84549245901626,
  "summary_gm_k": 0.1608260407618176,
  "summary_gm_mad": 67.65594630715817,
  "summary_gm_mean": 695.4757682877516,
  "summary_gm_median": 693.316652700305,
  "summary_gm_n": 18224.0,
  "summary_gm_p05": 586.1097637187689,
  "summary_gm_p95": 812.8007944375277,
  "summary_gm_stdv": 68.86083899244302,
  "summary_wm_k": 0.3820725073725133,
  "summary_wm_mad": 45.75764484542099,
  "summary_wm_mean": 999.7175224373426,
  "summary_wm_median": 999.9999648407102,
  "summary_wm_n": 195639.0,
  "summary_wm_p05": 922.3646661043167,
  "summary_wm_p95": 1076.2390774190426,
  "summary_wm_stdv": 47.152990915002476,
  "tpm_overlap_csf": 0.15644969046115875,
  "tpm_overlap_gm": 0.44518420100212097,
  "tpm_overlap_wm": 0.48786675930023193,
  "wm2max": 0.6790499239040942
}