{
  "bids_meta": {
    "EchoTime": 0.00336,
    "FlipAngle": 9,
    "ImageType": [
      "ORIGINAL",
      "PRIMARY",
      "M",
      "ND",
      "NORM"
    ],
    "MagneticFieldStrength": 3,
    "Manufacturer": "Siemens",
    "ManufacturersModelName": "TrioTim",
    "PhaseEncodingDirection": "i-",
    "RepetitionTime": 2.3,
    "ScanningSequence": "GR_IR",
    "SequenceName": "_tfl3d1",
    "SequenceVariant": "SP_MP",
    "SoftwareVersions": "syngo_MR_B17",
    "dataset": "ds001486",
    "modality": "T1w",
    "session_id": "T1",
    "subject_id": "053"
  },
  "cjv": 0.41482068917934417,
  "cnr": 3.1014877815689332,
  "efc": 0.6526827330132663,
  "fber": 13.743609428405762,
  "fwhm_avg": 3.631058050844656,
  "fwhm_x": 3.62943,
  "fwhm_y": 3.78383,
  "fwhm_z": 3.479914152533968,
  "icvs_csf": 0.2368906218170348,
  "icvs_gm": 0.43692847247384947,
  "icvs_wm": 0.32618090570911573,
  "inu_med": 1.2494968175888062,
  "inu_range": 0.34775047302246076,
  "provenance": {
    "md5sum": "a8850d633889761545523f7d63d1368d",
    "settings": {
      "testing": false
    },
    "software": "mriqc",
    "version": "21.0.0rc2",
    "warnings": {
      "large_rot_frame": true,
      "small_air_mask": false
    },
    "webapi_port": null,
    "webapi_url": "https://mriqc.nimh.nih.gov/api/v1"
  },
  "qi_1": 0.0,
  "qi_2": 0.004308349483046273,
  "rpve_csf": 24.879524725964355,
  "rpve_gm": 13.8546398685998,
  "rpve_wm": 21.188161557905953,
  "size_x": 256,
  "size_y": 256,
  "size_z": 160,
  "snr_csf": 3.229399054099957,
  "snr_gm": 10.359438763791246,
  "snr_total": 10.0638429820608,
  "snr_wm": 16.602691128291195,
  "snrd_csf": 7.421372112762185,
  "snrd_gm": 14.501188154576463,
  "snrd_total": 14.199928225466685,
  "snrd_wm": 20.677224409061406,
  "spacing_x": 1.0,
  "spacing_y": 1.0,
  "spacing_z": 1.0000534057617188,
  "summary_bg_k": 5.257186561217198,
  "summary_bg_mad": 31.684361584315003,
  "summary_bg_mean": 115.5548324584961,
  "summary_bg_median": 113.45317077636719,
  "summary_bg_n": 3239210.0,
  "summary_bg_p05": 66.79334449768066,
  "summary_bg_p95": 171.27316360473628,
  "summary_bg_stdv": 32.6197509765625,
  "summary_csf_k": -0.4164579786638076,
  "summary_csf_mad": 123.37139002174385,
  "summary_csf_mean": 356.7716979980469,
  "summary_csf_median": 358.9198303222656,
  "summary_csf_n": 19452.0,
  "summary_csf_p05": 181.28960876464845,
  "summary_csf_p95": 535.259326171875,
  "summary_csf_stdv": 111.13851165771484,
  "summary_gm_k": 0.033673748953253035,
  "summary_gm_mad": 67.11204718276842,
  "summary_gm_mean": 703.467529296875,
  "summary_gm_median": 701.3209838867188,
  "summary_gm_n": 22910.0,
  "summary_gm_p05": 594.9421295166015,
  "summary_gm_p95": 818.4816589355469,
  "summary_gm_stdv": 67.697265625,
  "summary_wm_k": 0.6261374211433695,
  "summary_wm_mad": 56.791429084386365,
  "summary_wm_mean": 1000.40087890625,
  "summary_wm_median": 1000.0126342773438,
  "summary_wm_n": 140921.0,
  "summary_wm_p05": 902.4132690429688,
  "summary_wm_p95": 1099.52001953125,
  "summary_wm_stdv": 60.231746673583984,
  "tpm_overlap_csf": 0.16737864911556244,
  "tpm_overlap_gm": 0.46937295794487,
  "tpm_overlap_wm": 0.5004569888114929,
  "wm2max": 0.5473491361671319
}