{
  "bids_meta": {
    "EchoTime": 0.00336,
    "FlipAngle": 9,
    "ImageType": [
      "ORIGINAL",
      "PRIMARY",
      "M",
      "ND",
      "NORM"
    ],
    "MagneticFieldStrength": 3,
    "Manufacturer": "Siemens",
    "ManufacturersModelName": "TrioTim",
    "PhaseEncodingDirection": "i-",
    "RepetitionTime": 2.3,
    "ScanningSequence": "GR_IR",
    "SequenceName": "_tfl3d1",
    "SequenceVariant": "SP_MP",
    "SoftwareVersions": "syngo_MR_B17",
    "dataset": "ds001486",
    "modality": "T1w",
    "session_id": "T2",
    "subject_id": "054"
  },
  "cjv": 0.4615849816610046,
  "cnr": 2.821675680930685,
  "efc": 0.6782990951318159,
  "fber": 27.885812759399414,
  "fwhm_avg": 4.368378903403043,
  "fwhm_x": 4.29768,
  "fwhm_y": 4.60562,
  "fwhm_z": 4.201836710209129,
  "icvs_csf": 0.24704135458915627,
  "icvs_gm": 0.3882046034320846,
  "icvs_wm": 0.3647540419787591,
  "inu_med": 1.7803142070770264,
  "inu_range": 0.9902760624885563,
  "provenance": {
    "md5sum": "4ea54295dd3c788a9f9eb2bd32ce38cb",
    "settings": {
      "testing": false
    },
    "software": "mriqc",
    "version": "21.0.0rc2",
    "warnings": {
      "large_rot_frame": true,
      "small_air_mask": false
    },
    "webapi_port": null,
    "webapi_url": "https://mriqc.nimh.nih.gov/api/v1"
  },
  "qi_1": 0.0,
  "qi_2": 0.0038965081587473385,
  "rpve_csf": 19.040489830337584,
  "rpve_gm": 11.570156820400921,
  "rpve_wm": 14.875001430893564,
  "size_x": 256,
  "size_y": 256,
  "size_z": 160,
  "snr_csf": 3.1185792035471853,
  "snr_gm": 9.110859231881422,
  "snr_total": 8.626513241225872,
  "snr_wm": 13.650101288249006,
  "snrd_csf": 7.264803264407167,
  "snrd_gm": 13.62305342779435,
  "snrd_total": 13.560144406633198,
  "snrd_wm": 19.792576527698074,
  "spacing_x": 1.0,
  "spacing_y": 1.0,
  "spacing_z": 0.9999389052391052,
  "summary_bg_k": 0.4515052534164461,
  "summary_bg_mad": 33.10106949111479,
  "summary_bg_mean": 115.6768798828125,
  "summary_bg_median": 113.38129425048828,
  "summary_bg_n": 4572129.0,
  "summary_bg_p05": 64.69421844482422,
  "summary_bg_p95": 174.32987060546873,
  "summary_bg_stdv": 33.61075973510742,
  "summary_csf_k": 0.06768871399799625,
  "summary_csf_mad": 120.06985368802667,
  "summary_csf_mean": 369.3017272949219,
  "summary_csf_median": 367.05755615234375,
  "summary_csf_n": 50302.0,
  "summary_csf_p05": 181.46446685791017,
  "summary_csf_p95": 566.3952789306641,
  "summary_csf_stdv": 117.69908142089844,
  "summary_gm_k": 0.2567111564505806,
  "summary_gm_mad": 73.29714257680939,
  "summary_gm_mean": 692.2176513671875,
  "summary_gm_median": 688.3110961914062,
  "summary_gm_n": 19757.0,
  "summary_gm_p05": 574.4212890625,
  "summary_gm_p95": 823.7381225585938,
  "summary_gm_stdv": 75.54651641845703,
  "summary_wm_k": 0.4524298902990367,
  "summary_wm_mad": 70.58721285039414,
  "summary_wm_mean": 1003.3322143554688,
  "summary_wm_median": 1000.0291137695312,
  "summary_wm_n": 244612.0,
  "summary_wm_p05": 889.1324615478516,
  "summary_wm_p95": 1128.394201660156,
  "summary_wm_stdv": 73.26151275634766,
  "tpm_overlap_csf": 0.14353786408901215,
  "tpm_overlap_gm": 0.42462822794914246,
  "tpm_overlap_wm": 0.46612370014190674,
  "wm2max": 0.7019697007058382
}