{
  "bids_meta": {
    "EchoTime": 0.00336,
    "FlipAngle": 9,
    "ImageType": [
      "ORIGINAL",
      "PRIMARY",
      "M",
      "ND",
      "NORM"
    ],
    "MagneticFieldStrength": 3,
    "Manufacturer": "Siemens",
    "ManufacturersModelName": "TrioTim",
    "PhaseEncodingDirection": "i-",
    "RepetitionTime": 2.3,
    "ScanningSequence": "GR_IR",
    "SequenceName": "_tfl3d1",
    "SequenceVariant": "SP_MP",
    "SoftwareVersions": "syngo_MR_B17",
    "dataset": "ds001486",
    "modality": "T1w",
    "session_id": "T2",
    "subject_id": "034"
  },
  "cjv": 0.3697513538631147,
  "cnr": 3.520419775091179,
  "efc": 0.66828020194396,
  "fber": 50.260849125129134,
  "fwhm_avg": 3.796732239771704,
  "fwhm_x": 3.87674,
  "fwhm_y": 3.89288,
  "fwhm_z": 3.6205767193151126,
  "icvs_csf": 0.24636218845353244,
  "icvs_gm": 0.4142436515178476,
  "icvs_wm": 0.33939416002861994,
  "inu_med": 1.3687046766281128,
  "inu_range": 0.5910782039165496,
  "provenance": {
    "md5sum": "48b34f1425e0b7e6735b6b8fe71fc83d",
    "settings": {
      "testing": false
    },
    "software": "mriqc",
    "version": "21.0.0rc2",
    "warnings": {
      "large_rot_frame": true,
      "small_air_mask": false
    },
    "webapi_port": null,
    "webapi_url": "https://mriqc.nimh.nih.gov/api/v1"
  },
  "qi_1": 0.0,
  "qi_2": 0.006085689221661676,
  "rpve_csf": 20.516229208824836,
  "rpve_gm": 12.161692592051224,
  "rpve_wm": 17.59825732075746,
  "size_x": 256,
  "size_y": 256,
  "size_z": 160,
  "snr_csf": 3.066115140010946,
  "snr_gm": 9.159836288477765,
  "snr_total": 9.766238966039444,
  "snr_wm": 17.07276546962962,
  "snrd_csf": 9.461853473990272,
  "snrd_gm": 18.730576365967355,
  "snrd_total": 18.82533910487516,
  "snrd_wm": 28.283587474667854,
  "spacing_x": 1.0,
  "spacing_y": 1.0,
  "spacing_z": 0.9998931884765625,
  "summary_bg_k": 0.3813378753956038,
  "summary_bg_mad": 23.163128173558718,
  "summary_bg_mean": 75.43909530204553,
  "summary_bg_median": 73.74631091952324,
  "summary_bg_n": 2301160.0,
  "summary_bg_p05": 40.09614238142967,
  "summary_bg_p95": 116.4645443558693,
  "summary_bg_stdv": 23.39748093558579,
  "summary_csf_k": 4.447183090630479,
  "summary_csf_mad": 120.35107855212676,
  "summary_csf_mean": 341.8437171792211,
  "summary_csf_median": 334.5351170897484,
  "summary_csf_n": 30604.0,
  "summary_csf_p05": 184.47503109276295,
  "summary_csf_p95": 524.8388380900024,
  "summary_csf_stdv": 109.10537805122131,
  "summary_gm_k": 0.20454360342607636,
  "summary_gm_mad": 70.38027406581303,
  "summary_gm_mean": 661.7960783108758,
  "summary_gm_median": 662.2418720573187,
  "summary_gm_n": 18158.0,
  "summary_gm_p05": 543.0214007489383,
  "summary_gm_p95": 780.7822384983301,
  "summary_gm_stdv": 72.29644891134376,
  "summary_wm_k": 0.7036443432112733,
  "summary_wm_mad": 54.506242170646914,
  "summary_wm_mean": 998.0213007058774,
  "summary_wm_median": 999.9999760687351,
  "summary_wm_n": 193167.0,
  "summary_wm_p05": 897.574544236064,
  "summary_wm_p95": 1089.7519678026438,
  "summary_wm_stdv": 58.57266588769576,
  "tpm_overlap_csf": 0.14585793018341064,
  "tpm_overlap_gm": 0.4389175474643707,
  "tpm_overlap_wm": 0.4828021228313446,
  "wm2max": 0.579175499098301
}