{
  "bids_meta": {
    "EchoTime": 0.00336,
    "FlipAngle": 9,
    "ImageType": [
      "ORIGINAL",
      "PRIMARY",
      "M",
      "ND",
      "NORM"
    ],
    "MagneticFieldStrength": 3,
    "Manufacturer": "Siemens",
    "ManufacturersModelName": "TrioTim",
    "PhaseEncodingDirection": "i-",
    "RepetitionTime": 2.3,
    "ScanningSequence": "GR_IR",
    "SequenceName": "_tfl3d1",
    "SequenceVariant": "SP_MP",
    "SoftwareVersions": "syngo_MR_B17",
    "dataset": "ds001486",
    "modality": "T1w",
    "session_id": "T2",
    "subject_id": "022"
  },
  "cjv": 0.3391325032648414,
  "cnr": 3.662173954307343,
  "efc": 0.6913469116616283,
  "fber": 55.8960132231405,
  "fwhm_avg": 3.683038190185531,
  "fwhm_x": 3.73231,
  "fwhm_y": 3.8608,
  "fwhm_z": 3.456004570556594,
  "icvs_csf": 0.24015263467552436,
  "icvs_gm": 0.4168883587913175,
  "icvs_wm": 0.3429590065331581,
  "inu_med": 1.343243956565857,
  "inu_range": 0.6120382189750673,
  "provenance": {
    "md5sum": "7575da529ff5590ab20fb6fe440d7a0d",
    "settings": {
      "testing": false
    },
    "software": "mriqc",
    "version": "21.0.0rc2",
    "warnings": {
      "large_rot_frame": true,
      "small_air_mask": false
    },
    "webapi_port": null,
    "webapi_url": "https://mriqc.nimh.nih.gov/api/v1"
  },
  "qi_1": 0.0,
  "qi_2": 0.006449477096918728,
  "rpve_csf": 23.398574574970922,
  "rpve_gm": 13.479760771167317,
  "rpve_wm": 19.660364967636013,
  "size_x": 256,
  "size_y": 256,
  "size_z": 160,
  "snr_csf": 3.62925482406781,
  "snr_gm": 9.029014618918517,
  "snr_total": 10.488955947451714,
  "snr_wm": 18.808598399368815,
  "snrd_csf": 11.247510960767249,
  "snrd_gm": 18.852905674821894,
  "snrd_total": 19.572293864056874,
  "snrd_wm": 28.616464956581478,
  "spacing_x": 1.0,
  "spacing_y": 1.0,
  "spacing_z": 0.9999465942382812,
  "summary_bg_k": 0.30784381136128713,
  "summary_bg_mad": 22.893686827512045,
  "summary_bg_mean": 74.66451262110554,
  "summary_bg_median": 72.98921582102776,
  "summary_bg_n": 1867515.0,
  "summary_bg_p05": 39.996816739439964,
  "summary_bg_p95": 115.09531742334366,
  "summary_bg_stdv": 23.0058274932421,
  "summary_csf_k": 0.08705315994650453,
  "summary_csf_mad": 107.44691678582329,
  "summary_csf_mean": 388.47747178599866,
  "summary_csf_median": 393.04334539175034,
  "summary_csf_n": 22397.0,
  "summary_csf_p05": 204.98269084393976,
  "summary_csf_p95": 556.580578571558,
  "summary_csf_stdv": 108.29621778642874,
  "summary_gm_k": 0.8073535498302284,
  "summary_gm_mad": 67.55997788015797,
  "summary_gm_mean": 661.0740455444044,
  "summary_gm_median": 658.8132381141186,
  "summary_gm_n": 15792.0,
  "summary_gm_p05": 545.5307117380202,
  "summary_gm_p95": 785.5076323918997,
  "summary_gm_stdv": 72.96392867963343,
  "summary_wm_k": 0.9278407305145557,
  "summary_wm_mad": 48.147547554767606,
  "summary_wm_mean": 995.6780049244112,
  "summary_wm_median": 1000.000014141202,
  "summary_wm_n": 168047.0,
  "summary_wm_p05": 899.6298929303885,
  "summary_wm_p95": 1074.3702145799987,
  "summary_wm_stdv": 53.16701529510074,
  "tpm_overlap_csf": 0.1500660926103592,
  "tpm_overlap_gm": 0.4548684358596802,
  "tpm_overlap_wm": 0.48134729266166687,
  "wm2max": 0.7147896338861548
}