{
  "bids_meta": {
    "EchoTime": 0.00336,
    "FlipAngle": 9,
    "ImageType": [
      "ORIGINAL",
      "PRIMARY",
      "M",
      "ND",
      "NORM"
    ],
    "MagneticFieldStrength": 3,
    "Manufacturer": "Siemens",
    "ManufacturersModelName": "TrioTim",
    "PhaseEncodingDirection": "i-",
    "RepetitionTime": 2.3,
    "ScanningSequence": "GR_IR",
    "SequenceName": "_tfl3d1",
    "SequenceVariant": "SP_MP",
    "SoftwareVersions": "syngo_MR_B17",
    "dataset": "ds001486",
    "modality": "T1w",
    "session_id": "T2",
    "subject_id": "018"
  },
  "cjv": 0.28896010764362967,
  "cnr": 4.3437343939914745,
  "efc": 0.5978595756990746,
  "fber": 55.86069107055664,
  "fwhm_avg": 3.710172307782296,
  "fwhm_x": 3.72119,
  "fwhm_y": 3.88043,
  "fwhm_z": 3.5288969233468883,
  "icvs_csf": 0.23089970740002586,
  "icvs_gm": 0.44025604639992766,
  "icvs_wm": 0.3288442462000465,
  "inu_med": 1.5349550247192383,
  "inu_range": 0.5766220331192016,
  "provenance": {
    "md5sum": "9333f651a038072c7f44c652e32163e8",
    "settings": {
      "testing": false
    },
    "software": "mriqc",
    "version": "21.0.0rc2",
    "warnings": {
      "large_rot_frame": true,
      "small_air_mask": false
    },
    "webapi_port": null,
    "webapi_url": "https://mriqc.nimh.nih.gov/api/v1"
  },
  "qi_1": 1.2591821192408158e-05,
  "qi_2": 0.005492567174250041,
  "rpve_csf": 24.091489341991903,
  "rpve_gm": 13.126760008789724,
  "rpve_wm": 20.18687026273816,
  "size_x": 256,
  "size_y": 256,
  "size_z": 160,
  "snr_csf": 3.4028789370126042,
  "snr_gm": 10.786105501913111,
  "snr_total": 11.748827957935681,
  "snr_wm": 21.057499434881326,
  "snrd_csf": 10.352492826008602,
  "snrd_gm": 19.794213728867298,
  "snrd_total": 20.16068748921237,
  "snrd_wm": 30.335355912761212,
  "spacing_x": 1.0,
  "spacing_y": 1.0,
  "spacing_z": 0.9999923706054688,
  "summary_bg_k": 5.318230667466949,
  "summary_bg_mad": 21.596412449049023,
  "summary_bg_mean": 75.93451690673828,
  "summary_bg_median": 74.5513687133789,
  "summary_bg_n": 4032154.0,
  "summary_bg_p05": 42.50640392303467,
  "summary_bg_p95": 113.78975830078122,
  "summary_bg_stdv": 22.01845359802246,
  "summary_csf_k": 0.029772230353207085,
  "summary_csf_mad": 106.71822167610702,
  "summary_csf_mean": 346.7120666503906,
  "summary_csf_median": 341.2674255371094,
  "summary_csf_n": 19703.0,
  "summary_csf_p05": 192.88791198730468,
  "summary_csf_p95": 514.0437194824218,
  "summary_csf_stdv": 100.28530883789062,
  "summary_gm_k": 0.5055186639690197,
  "summary_gm_mad": 56.249298353730424,
  "summary_gm_mean": 652.5234985351562,
  "summary_gm_median": 652.511474609375,
  "summary_gm_n": 21686.0,
  "summary_gm_p05": 552.9379119873047,
  "summary_gm_p95": 752.2966461181641,
  "summary_gm_stdv": 60.494163513183594,
  "summary_wm_k": 0.7944292272605584,
  "summary_wm_mad": 44.16035315250856,
  "summary_wm_mean": 997.6039428710938,
  "summary_wm_median": 999.9976806640625,
  "summary_wm_n": 153167.0,
  "summary_wm_p05": 915.3350830078125,
  "summary_wm_p95": 1070.667626953125,
  "summary_wm_stdv": 47.48875427246094,
  "tpm_overlap_csf": 0.16253073513507843,
  "tpm_overlap_gm": 0.45976027846336365,
  "tpm_overlap_wm": 0.496124267578125,
  "wm2max": 0.6188802470884138
}