{
  "bids_meta": {
    "EchoTime": 0.00336,
    "FlipAngle": 9,
    "ImageType": [
      "ORIGINAL",
      "PRIMARY",
      "M",
      "ND",
      "NORM"
    ],
    "MagneticFieldStrength": 3,
    "Manufacturer": "Siemens",
    "ManufacturersModelName": "TrioTim",
    "PhaseEncodingDirection": "i-",
    "RepetitionTime": 2.3,
    "ScanningSequence": "GR_IR",
    "SequenceName": "_tfl3d1",
    "SequenceVariant": "SP_MP",
    "SoftwareVersions": "syngo_MR_B17",
    "dataset": "ds001486",
    "modality": "T1w",
    "session_id": "T2",
    "subject_id": "065"
  },
  "cjv": 0.32381141297148464,
  "cnr": 3.899281845344278,
  "efc": 0.6681943211267113,
  "fber": 54.600179428954775,
  "fwhm_avg": 3.6245933333333333,
  "fwhm_x": 3.61358,
  "fwhm_y": 3.79827,
  "fwhm_z": 3.46193,
  "icvs_csf": 0.22902272709155333,
  "icvs_gm": 0.45146096124337715,
  "icvs_wm": 0.3195163116650695,
  "inu_med": 1.362579107284546,
  "inu_range": 0.5972949385643005,
  "provenance": {
    "md5sum": "38876f8c34713f46bf28c597faf16a0f",
    "settings": {
      "testing": false
    },
    "software": "mriqc",
    "version": "21.0.0rc2",
    "warnings": {
      "large_rot_frame": true,
      "small_air_mask": false
    },
    "webapi_port": null,
    "webapi_url": "https://mriqc.nimh.nih.gov/api/v1"
  },
  "qi_1": 0.0,
  "qi_2": 0.005028848260083294,
  "rpve_csf": 22.91797083309461,
  "rpve_gm": 12.092225175955312,
  "rpve_wm": 19.09758232000411,
  "size_x": 256,
  "size_y": 256,
  "size_z": 160,
  "snr_csf": 3.6083587009723153,
  "snr_gm": 9.811128773009798,
  "snr_total": 9.828505188965297,
  "snr_wm": 16.066028092913776,
  "snrd_csf": 10.199290412977309,
  "snrd_gm": 18.274530684973538,
  "snrd_total": 19.04419897220322,
  "snrd_wm": 28.658775818658807,
  "spacing_x": 1.0,
  "spacing_y": 1.0,
  "spacing_z": 1.0,
  "summary_bg_k": 0.5462558015227494,
  "summary_bg_mad": 22.8598876083257,
  "summary_bg_mean": 72.46693845280554,
  "summary_bg_median": 70.61091173440218,
  "summary_bg_n": 2085420.0,
  "summary_bg_p05": 37.84604698419571,
  "summary_bg_p95": 113.24611898511648,
  "summary_bg_stdv": 23.170851335425308,
  "summary_csf_k": 0.23265967174638025,
  "summary_csf_mad": 101.52734174531015,
  "summary_csf_mean": 356.59262766037835,
  "summary_csf_median": 355.88717175647616,
  "summary_csf_n": 21582.0,
  "summary_csf_p05": 199.7459459695965,
  "summary_csf_p95": 515.7633585073055,
  "summary_csf_stdv": 98.62626089952235,
  "summary_gm_k": 0.43471775315652916,
  "summary_gm_mad": 60.959700288868525,
  "summary_gm_mean": 638.7927162382359,
  "summary_gm_median": 637.6591681689024,
  "summary_gm_n": 26157.0,
  "summary_gm_p05": 532.589664272964,
  "summary_gm_p95": 748.685920201242,
  "summary_gm_stdv": 64.99221381473373,
  "summary_wm_k": 1.065135511118747,
  "summary_wm_mad": 56.37040467053041,
  "summary_wm_mean": 995.433026253518,
  "summary_wm_median": 1000.0000254064798,
  "summary_wm_n": 157450.0,
  "summary_wm_p05": 883.3080472052097,
  "summary_wm_p95": 1088.657894730568,
  "summary_wm_stdv": 62.24294169080404,
  "tpm_overlap_csf": 0.15223479270935059,
  "tpm_overlap_gm": 0.4635446071624756,
  "tpm_overlap_wm": 0.47323665022850037,
  "wm2max": 0.6249133180043067
}