{
  "bids_meta": {
    "EchoTime": 0.00336,
    "FlipAngle": 9,
    "ImageType": [
      "ORIGINAL",
      "PRIMARY",
      "M",
      "ND",
      "NORM"
    ],
    "MagneticFieldStrength": 3,
    "Manufacturer": "Siemens",
    "ManufacturersModelName": "TrioTim",
    "PhaseEncodingDirection": "i-",
    "RepetitionTime": 2.3,
    "ScanningSequence": "GR_IR",
    "SequenceName": "_tfl3d1",
    "SequenceVariant": "SP_MP",
    "SoftwareVersions": "syngo_MR_B17",
    "dataset": "ds001486",
    "modality": "T1w",
    "session_id": "T1",
    "subject_id": "121"
  },
  "cjv": 0.30327326815430844,
  "cnr": 4.206380733772929,
  "efc": 0.5822487373767253,
  "fber": 61.25956726074219,
  "fwhm_avg": 3.657913126141907,
  "fwhm_x": 3.59134,
  "fwhm_y": 3.905810232804431,
  "fwhm_z": 3.4765891456212903,
  "icvs_csf": 0.22360938951906792,
  "icvs_gm": 0.4453400133212956,
  "icvs_wm": 0.33105059715963653,
  "inu_med": 1.5654444694519043,
  "inu_range": 0.5596126616001129,
  "provenance": {
    "md5sum": "01e6853dfa48dd4b44f63c5eab1585fc",
    "settings": {
      "testing": false
    },
    "software": "mriqc",
    "version": "21.0.0rc2",
    "warnings": {
      "large_rot_frame": true,
      "small_air_mask": false
    },
    "webapi_port": null,
    "webapi_url": "https://mriqc.nimh.nih.gov/api/v1"
  },
  "qi_1": 0.0,
  "qi_2": 0.00433707923439802,
  "rpve_csf": 25.102871182938955,
  "rpve_gm": 13.2386932355451,
  "rpve_wm": 20.442939939981198,
  "size_x": 256,
  "size_y": 256,
  "size_z": 160,
  "snr_csf": 3.6192946762886207,
  "snr_gm": 9.906149972201142,
  "snr_total": 10.466684726647486,
  "snr_wm": 17.874609531452695,
  "snrd_csf": 11.062057649047953,
  "snrd_gm": 19.325907842029093,
  "snrd_total": 20.32809737357208,
  "snrd_wm": 30.596326629639208,
  "spacing_x": 1.0,
  "spacing_y": 0.9999999403953552,
  "spacing_z": 0.9999542236328125,
  "summary_bg_k": 0.8475787814075693,
  "summary_bg_mad": 21.412232446658184,
  "summary_bg_mean": 74.83477020263672,
  "summary_bg_median": 73.42355346679688,
  "summary_bg_n": 4193152.0,
  "summary_bg_p05": 41.728972625732425,
  "summary_bg_p95": 112.57612228393552,
  "summary_bg_stdv": 21.757280349731445,
  "summary_csf_k": 0.04160440582502911,
  "summary_csf_mad": 105.14578465825929,
  "summary_csf_mean": 355.30419921875,
  "summary_csf_median": 361.54815673828125,
  "summary_csf_n": 17892.0,
  "summary_csf_p05": 190.00848922729492,
  "summary_csf_p95": 507.4887908935547,
  "summary_csf_stdv": 99.89185333251953,
  "summary_gm_k": 0.332554952971611,
  "summary_gm_mad": 60.73524690592082,
  "summary_gm_mean": 634.1930541992188,
  "summary_gm_median": 631.6407470703125,
  "summary_gm_n": 27040.0,
  "summary_gm_p05": 532.514682006836,
  "summary_gm_p95": 743.8681213378906,
  "summary_gm_stdv": 63.76130676269531,
  "summary_wm_k": 0.7920751333530278,
  "summary_wm_mad": 50.97793439898147,
  "summary_wm_mean": 996.8342895507812,
  "summary_wm_median": 999.9989013671875,
  "summary_wm_n": 147090.0,
  "summary_wm_p05": 898.0623474121094,
  "summary_wm_p95": 1082.1442321777345,
  "summary_wm_stdv": 55.94502639770508,
  "tpm_overlap_csf": 0.1531592756509781,
  "tpm_overlap_gm": 0.4658252000808716,
  "tpm_overlap_wm": 0.4885047674179077,
  "wm2max": 0.6017717140886316
}