{
  "bids_meta": {
    "EchoTime": 0.00336,
    "FlipAngle": 9,
    "ImageType": [
      "ORIGINAL",
      "PRIMARY",
      "M",
      "ND",
      "NORM"
    ],
    "MagneticFieldStrength": 3,
    "Manufacturer": "Siemens",
    "ManufacturersModelName": "TrioTim",
    "PhaseEncodingDirection": "i-",
    "RepetitionTime": 2.3,
    "ScanningSequence": "GR_IR",
    "SequenceName": "_tfl3d1",
    "SequenceVariant": "SP_MP",
    "SoftwareVersions": "syngo_MR_B17",
    "dataset": "ds001486",
    "modality": "T1w",
    "session_id": "T1",
    "subject_id": "041"
  },
  "cjv": 0.3106386890131763,
  "cnr": 4.124296547232448,
  "efc": 0.6160335482706057,
  "fber": 39.91691207885742,
  "fwhm_avg": 3.669527037056817,
  "fwhm_x": 3.71855,
  "fwhm_y": 3.74623,
  "fwhm_z": 3.543801111170452,
  "icvs_csf": 0.22586475821755317,
  "icvs_gm": 0.44313661142136573,
  "icvs_wm": 0.33099863036108107,
  "inu_med": 1.1170501708984375,
  "inu_range": 0.2724932372570038,
  "provenance": {
    "md5sum": "eac130fd6f80c833503ccfe688d43cb0",
    "settings": {
      "testing": false
    },
    "software": "mriqc",
    "version": "21.0.0rc2",
    "warnings": {
      "large_rot_frame": true,
      "small_air_mask": false
    },
    "webapi_port": null,
    "webapi_url": "https://mriqc.nimh.nih.gov/api/v1"
  },
  "qi_1": 0.0,
  "qi_2": 0.003939370255296414,
  "rpve_csf": 24.665050580724085,
  "rpve_gm": 13.191633353791033,
  "rpve_wm": 20.494528468875995,
  "size_x": 256,
  "size_y": 256,
  "size_z": 160,
  "snr_csf": 4.013423077763166,
  "snr_gm": 10.715931018534617,
  "snr_total": 11.669008696713568,
  "snr_wm": 20.27767199384292,
  "snrd_csf": 9.790322121124685,
  "snrd_gm": 17.12548566526208,
  "snrd_total": 17.639715723586576,
  "snrd_wm": 26.003339384372968,
  "spacing_x": 1.0,
  "spacing_y": 1.0,
  "spacing_z": 0.9999771118164062,
  "summary_bg_k": 0.3857414556768397,
  "summary_bg_mad": 25.19446470192442,
  "summary_bg_mean": 92.34588623046875,
  "summary_bg_median": 90.8035888671875,
  "summary_bg_n": 3637933.0,
  "summary_bg_p05": 53.595147705078126,
  "summary_bg_p95": 136.47122802734373,
  "summary_bg_stdv": 25.36971664428711,
  "summary_csf_k": 0.5081308778345903,
  "summary_csf_mad": 89.61529114318216,
  "summary_csf_mean": 373.2272033691406,
  "summary_csf_median": 376.50469970703125,
  "summary_csf_n": 23618.0,
  "summary_csf_p05": 213.87817840576173,
  "summary_csf_p95": 518.2632568359375,
  "summary_csf_stdv": 93.80937957763672,
  "summary_gm_k": 0.16506619842139614,
  "summary_gm_mad": 59.628679448096364,
  "summary_gm_mean": 660.4259643554688,
  "summary_gm_median": 658.591796875,
  "summary_gm_n": 27018.0,
  "summary_gm_p05": 561.0911590576172,
  "summary_gm_p95": 764.4300415039061,
  "summary_gm_stdv": 61.45799255371094,
  "summary_wm_k": 0.5950888722458099,
  "summary_wm_mad": 46.42773733756628,
  "summary_wm_mean": 998.1544189453125,
  "summary_wm_median": 1000.005859375,
  "summary_wm_n": 148582.0,
  "summary_wm_p05": 914.0853485107422,
  "summary_wm_p95": 1075.0455444335935,
  "summary_wm_stdv": 49.31544876098633,
  "tpm_overlap_csf": 0.150758296251297,
  "tpm_overlap_gm": 0.47318094968795776,
  "tpm_overlap_wm": 0.49881792068481445,
  "wm2max": 0.5816027900393543
}