{
  "bids_meta": {
    "EchoTime": 0.00336,
    "FlipAngle": 9,
    "ImageType": [
      "ORIGINAL",
      "PRIMARY",
      "M",
      "ND",
      "NORM"
    ],
    "MagneticFieldStrength": 3,
    "Manufacturer": "Siemens",
    "ManufacturersModelName": "TrioTim",
    "PhaseEncodingDirection": "i-",
    "RepetitionTime": 2.3,
    "ScanningSequence": "GR_IR",
    "SequenceName": "_tfl3d1",
    "SequenceVariant": "SP_MP",
    "SoftwareVersions": "syngo_MR_B17",
    "dataset": "ds001486",
    "modality": "T1w",
    "session_id": "T1",
    "subject_id": "114"
  },
  "cjv": 0.3413849301522577,
  "cnr": 3.784011406573664,
  "efc": 0.6755190356206298,
  "fber": 40.77166175797896,
  "fwhm_avg": 3.682613235857333,
  "fwhm_x": 3.77783,
  "fwhm_y": 3.76198,
  "fwhm_z": 3.5080297075720006,
  "icvs_csf": 0.23414857109497894,
  "icvs_gm": 0.4135889722123992,
  "icvs_wm": 0.35226245669262185,
  "inu_med": 1.05719792842865,
  "inu_range": 0.29074805974960327,
  "provenance": {
    "md5sum": "0632af2419886ad05e80154ac3145f36",
    "settings": {
      "testing": false
    },
    "software": "mriqc",
    "version": "21.0.0rc2",
    "warnings": {
      "large_rot_frame": true,
      "small_air_mask": false
    },
    "webapi_port": null,
    "webapi_url": "https://mriqc.nimh.nih.gov/api/v1"
  },
  "qi_1": 0.0,
  "qi_2": 0.004364431727050596,
  "rpve_csf": 21.208235813104267,
  "rpve_gm": 12.233220400084907,
  "rpve_wm": 17.856089680410694,
  "size_x": 256,
  "size_y": 256,
  "size_z": 160,
  "snr_csf": 3.6195482877363223,
  "snr_gm": 9.995501172064492,
  "snr_total": 11.291301225856087,
  "snr_wm": 20.258854217767446,
  "snrd_csf": 10.172909895071884,
  "snrd_gm": 17.77554892368762,
  "snrd_total": 18.147125835320782,
  "snrd_wm": 26.492918687202845,
  "spacing_x": 1.0,
  "spacing_y": 1.0,
  "spacing_z": 1.0000228881835938,
  "summary_bg_k": 0.19957649157295476,
  "summary_bg_mad": 24.7287367768843,
  "summary_bg_mean": 90.65436327195893,
  "summary_bg_median": 89.13482631742954,
  "summary_bg_n": 2260929.0,
  "summary_bg_p05": 52.46563529968262,
  "summary_bg_p95": 134.00177285075188,
  "summary_bg_stdv": 24.88621384516026,
  "summary_csf_k": -0.13495835164775016,
  "summary_csf_mad": 112.21423938168387,
  "summary_csf_mean": 379.20705956808285,
  "summary_csf_median": 383.98602133244276,
  "summary_csf_n": 20534.0,
  "summary_csf_p05": 202.75729425475,
  "summary_csf_p95": 545.5196407839655,
  "summary_csf_stdv": 106.0841410830729,
  "summary_gm_k": 0.29224015148923765,
  "summary_gm_mad": 64.69673289075213,
  "summary_gm_mean": 673.3212120654317,
  "summary_gm_median": 670.9547591209412,
  "summary_gm_n": 21041.0,
  "summary_gm_p05": 567.7260992825031,
  "summary_gm_p95": 788.5294911116362,
  "summary_gm_stdv": 67.12407946307505,
  "summary_wm_k": 0.326746081531768,
  "summary_wm_mad": 47.63437197664481,
  "summary_wm_mean": 998.8203788139674,
  "summary_wm_median": 1000.0000535845757,
  "summary_wm_n": 189631.0,
  "summary_wm_p05": 915.4843472018838,
  "summary_wm_p95": 1077.342723891139,
  "summary_wm_stdv": 49.36100561917483,
  "tpm_overlap_csf": 0.1529269814491272,
  "tpm_overlap_gm": 0.44400763511657715,
  "tpm_overlap_wm": 0.4955095648765564,
  "wm2max": 0.6866534135081312
}