{
  "bids_meta": {
    "EchoTime": 0.00336,
    "FlipAngle": 9,
    "ImageType": [
      "ORIGINAL",
      "PRIMARY",
      "M",
      "ND",
      "NORM"
    ],
    "MagneticFieldStrength": 3,
    "Manufacturer": "Siemens",
    "ManufacturersModelName": "TrioTim",
    "PhaseEncodingDirection": "i-",
    "RepetitionTime": 2.3,
    "ScanningSequence": "GR_IR",
    "SequenceName": "_tfl3d1",
    "SequenceVariant": "SP_MP",
    "SoftwareVersions": "syngo_MR_B17",
    "dataset": "ds001486",
    "modality": "T1w",
    "session_id": "T1",
    "subject_id": "007"
  },
  "cjv": 0.3240492742247127,
  "cnr": 3.967357622575363,
  "efc": 0.6612433064059535,
  "fber": 46.86926550408137,
  "fwhm_avg": 3.494774949936342,
  "fwhm_x": 3.5974602144253383,
  "fwhm_y": 3.60572,
  "fwhm_z": 3.281144635383688,
  "icvs_csf": 0.2249823710745559,
  "icvs_gm": 0.45665428588527257,
  "icvs_wm": 0.31836334304017155,
  "inu_med": 1.4206410646438599,
  "inu_range": 0.4644753932952881,
  "provenance": {
    "md5sum": "8ebeffdffea980fee66252205f0b8554",
    "settings": {
      "testing": false
    },
    "software": "mriqc",
    "version": "21.0.0rc2",
    "warnings": {
      "large_rot_frame": true,
      "small_air_mask": false
    },
    "webapi_port": null,
    "webapi_url": "https://mriqc.nimh.nih.gov/api/v1"
  },
  "qi_1": 0.0,
  "qi_2": 0.0056462297674414194,
  "rpve_csf": 25.573604235508004,
  "rpve_gm": 13.265444058764167,
  "rpve_wm": 21.346909887948872,
  "size_x": 256,
  "size_y": 256,
  "size_z": 160,
  "snr_csf": 4.066725988856886,
  "snr_gm": 10.307848697992299,
  "snr_total": 10.884717926584308,
  "snr_wm": 18.279579092903738,
  "snrd_csf": 10.880571914445456,
  "snrd_gm": 18.551479570658614,
  "snrd_total": 19.25397610686212,
  "snrd_wm": 28.32987683548229,
  "spacing_x": 0.9999999403953552,
  "spacing_y": 1.0,
  "spacing_z": 1.0000839233398438,
  "summary_bg_k": 0.23323203664083403,
  "summary_bg_mad": 23.12528085268559,
  "summary_bg_mean": 85.25060286831909,
  "summary_bg_median": 83.88826569542289,
  "summary_bg_n": 1779257.0,
  "summary_bg_p05": 49.29608793929219,
  "summary_bg_p95": 125.54189575836062,
  "summary_bg_stdv": 23.253152948516355,
  "summary_csf_k": 0.12761888508505992,
  "summary_csf_mad": 93.59443898114154,
  "summary_csf_mean": 378.6307688760196,
  "summary_csf_median": 384.0670278389007,
  "summary_csf_n": 17968.0,
  "summary_csf_p05": 216.65697688423097,
  "summary_csf_p95": 522.6659064544364,
  "summary_csf_stdv": 94.43870602886292,
  "summary_gm_k": 0.14833988695988332,
  "summary_gm_mad": 61.6232412406808,
  "summary_gm_mean": 657.1128703005872,
  "summary_gm_median": 654.8379696160555,
  "summary_gm_n": 26429.0,
  "summary_gm_p05": 556.5139501541853,
  "summary_gm_p95": 766.6860110275446,
  "summary_gm_stdv": 63.52689101857432,
  "summary_wm_k": 0.8964289077956415,
  "summary_wm_mad": 50.22625468864091,
  "summary_wm_mean": 996.2432246462891,
  "summary_wm_median": 999.9999706633389,
  "summary_wm_n": 132530.0,
  "summary_wm_p05": 899.1284652426839,
  "summary_wm_p95": 1077.8547169826925,
  "summary_wm_stdv": 54.705646822789035,
  "tpm_overlap_csf": 0.15142709016799927,
  "tpm_overlap_gm": 0.4599897861480713,
  "tpm_overlap_wm": 0.4725850224494934,
  "wm2max": 0.5564104382299775
}