{
  "bids_meta": {
    "EchoTime": 0.00336,
    "FlipAngle": 9,
    "ImageType": [
      "ORIGINAL",
      "PRIMARY",
      "M",
      "ND",
      "NORM"
    ],
    "MagneticFieldStrength": 3,
    "Manufacturer": "Siemens",
    "ManufacturersModelName": "TrioTim",
    "PhaseEncodingDirection": "i-",
    "RepetitionTime": 2.3,
    "ScanningSequence": "GR_IR",
    "SequenceName": "_tfl3d1",
    "SequenceVariant": "SP_MP",
    "SoftwareVersions": "syngo_MR_B17",
    "dataset": "ds001486",
    "modality": "T1w",
    "session_id": "T1",
    "subject_id": "095"
  },
  "cjv": 0.3322888070330441,
  "cnr": 3.7815204295946483,
  "efc": 0.6338034575068523,
  "fber": 17.399168014526367,
  "fwhm_avg": 3.6944923469213884,
  "fwhm_x": 3.79844,
  "fwhm_y": 3.74075,
  "fwhm_z": 3.544287040764166,
  "icvs_csf": 0.21087014675774296,
  "icvs_gm": 0.4694717026409857,
  "icvs_wm": 0.3196581506012713,
  "inu_med": 1.2549690008163452,
  "inu_range": 0.45504821538925166,
  "provenance": {
    "md5sum": "d6f7cf1790c22a81d8d3f94abc5dc538",
    "settings": {
      "testing": false
    },
    "software": "mriqc",
    "version": "21.0.0rc2",
    "warnings": {
      "large_rot_frame": true,
      "small_air_mask": false
    },
    "webapi_port": null,
    "webapi_url": "https://mriqc.nimh.nih.gov/api/v1"
  },
  "qi_1": 0.0,
  "qi_2": 0.004742798648773541,
  "rpve_csf": 23.93993575228733,
  "rpve_gm": 11.564132537891004,
  "rpve_wm": 18.679344822388586,
  "size_x": 256,
  "size_y": 256,
  "size_z": 160,
  "snr_csf": 4.012769182796061,
  "snr_gm": 11.102628847433332,
  "snr_total": 10.780280770405225,
  "snr_wm": 17.22544428098628,
  "snrd_csf": 8.74873523165448,
  "snrd_gm": 14.306065445276218,
  "snrd_total": 14.86315596843619,
  "snrd_wm": 21.534667228377877,
  "spacing_x": 1.0,
  "spacing_y": 1.0,
  "spacing_z": 0.9999923706054688,
  "summary_bg_k": 0.2419803843191235,
  "summary_bg_mad": 30.422969924023242,
  "summary_bg_mean": 111.10729217529297,
  "summary_bg_median": 109.13348388671875,
  "summary_bg_n": 3709581.0,
  "summary_bg_p05": 64.4864730834961,
  "summary_bg_p95": 164.09912109375,
  "summary_bg_stdv": 30.482547760009766,
  "summary_csf_k": 0.3364387077950779,
  "summary_csf_mad": 98.44156583422492,
  "summary_csf_mean": 401.4351806640625,
  "summary_csf_median": 406.2703857421875,
  "summary_csf_n": 25300.0,
  "summary_csf_p05": 225.60636825561525,
  "summary_csf_p95": 557.1352966308593,
  "summary_csf_stdv": 101.24239349365234,
  "summary_gm_k": 0.21712896409573368,
  "summary_gm_mad": 57.53698326396813,
  "summary_gm_mean": 666.5950927734375,
  "summary_gm_median": 664.3395385742188,
  "summary_gm_n": 41565.0,
  "summary_gm_p05": 571.8156860351562,
  "summary_gm_p95": 769.9362548828125,
  "summary_gm_stdv": 59.83551788330078,
  "summary_wm_k": 0.5397470255617369,
  "summary_wm_mad": 54.00539654634007,
  "summary_wm_mean": 999.2579345703125,
  "summary_wm_median": 1000.0185546875,
  "summary_wm_n": 156196.0,
  "summary_wm_p05": 901.3404998779297,
  "summary_wm_p95": 1092.7584533691406,
  "summary_wm_stdv": 58.05454635620117,
  "tpm_overlap_csf": 0.14544250071048737,
  "tpm_overlap_gm": 0.4675941467285156,
  "tpm_overlap_wm": 0.4864014685153961,
  "wm2max": 0.45781723995400897
}