{
  "bids_meta": {
    "EchoTime": 0.00336,
    "FlipAngle": 9,
    "ImageType": [
      "ORIGINAL",
      "PRIMARY",
      "M",
      "ND",
      "NORM"
    ],
    "MagneticFieldStrength": 3,
    "Manufacturer": "Siemens",
    "ManufacturersModelName": "TrioTim",
    "PhaseEncodingDirection": "i-",
    "RepetitionTime": 2.3,
    "ScanningSequence": "GR_IR",
    "SequenceName": "_tfl3d1",
    "SequenceVariant": "SP_MP",
    "SoftwareVersions": "syngo_MR_B17",
    "dataset": "ds001486",
    "modality": "T1w",
    "session_id": "T1",
    "subject_id": "067"
  },
  "cjv": 0.37275336154540684,
  "cnr": 3.4092298565595525,
  "efc": 0.6425216084480284,
  "fber": 21.572526931762695,
  "fwhm_avg": 3.5609407425408914,
  "fwhm_x": 3.58128,
  "fwhm_y": 3.75187,
  "fwhm_z": 3.349672227622674,
  "icvs_csf": 0.2253074390074231,
  "icvs_gm": 0.45208271169640496,
  "icvs_wm": 0.3226098492961719,
  "inu_med": 1.2413941621780396,
  "inu_range": 0.3444093823432923,
  "provenance": {
    "md5sum": "3ff122c4b2b77581947ab12695d62527",
    "settings": {
      "testing": false
    },
    "software": "mriqc",
    "version": "21.0.0rc2",
    "warnings": {
      "large_rot_frame": true,
      "small_air_mask": false
    },
    "webapi_port": null,
    "webapi_url": "https://mriqc.nimh.nih.gov/api/v1"
  },
  "qi_1": 0.0,
  "qi_2": 0.0032388932398298553,
  "rpve_csf": 26.802621110496027,
  "rpve_gm": 14.122655518522462,
  "rpve_wm": 22.520382698203832,
  "size_x": 256,
  "size_y": 256,
  "size_z": 160,
  "snr_csf": 4.011612839996341,
  "snr_gm": 10.759981488743538,
  "snr_total": 10.952164630698057,
  "snr_wm": 18.08489956335429,
  "snrd_csf": 8.570058698730568,
  "snrd_gm": 14.551355108153336,
  "snrd_total": 14.719683698033515,
  "snrd_wm": 21.03763728721664,
  "spacing_x": 1.0,
  "spacing_y": 1.0,
  "spacing_z": 0.9999008178710938,
  "summary_bg_k": 0.5024456897370433,
  "summary_bg_mad": 31.141693564189303,
  "summary_bg_mean": 114.13363647460938,
  "summary_bg_median": 112.09893798828125,
  "summary_bg_n": 3694114.0,
  "summary_bg_p05": 65.89088897705078,
  "summary_bg_p95": 168.80565948486327,
  "summary_bg_stdv": 31.451025009155273,
  "summary_csf_k": 0.4143942505846172,
  "summary_csf_mad": 98.46912030050512,
  "summary_csf_mean": 400.0706481933594,
  "summary_csf_median": 407.37493896484375,
  "summary_csf_n": 18454.0,
  "summary_csf_p05": 221.56271514892578,
  "summary_csf_p95": 554.1791046142577,
  "summary_csf_stdv": 101.5461654663086,
  "summary_gm_k": 0.16399025323639416,
  "summary_gm_mad": 62.36838066681436,
  "summary_gm_mean": 693.5484619140625,
  "summary_gm_median": 691.6939086914062,
  "summary_gm_n": 22479.0,
  "summary_gm_p05": 589.4542053222656,
  "summary_gm_p95": 803.8154113769531,
  "summary_gm_stdv": 64.28250122070312,
  "summary_wm_k": 0.4126688356953432,
  "summary_wm_mad": 52.560167052214524,
  "summary_wm_mean": 998.1842651367188,
  "summary_wm_median": 1000.0172119140625,
  "summary_wm_n": 133152.0,
  "summary_wm_p05": 903.5461334228515,
  "summary_wm_p95": 1085.5765319824218,
  "summary_wm_stdv": 55.295494079589844,
  "tpm_overlap_csf": 0.15230007469654083,
  "tpm_overlap_gm": 0.46975868940353394,
  "tpm_overlap_wm": 0.5039197206497192,
  "wm2max": 0.5305143845798969
}