{
  "bids_meta": {
    "EchoTime": 0.00336,
    "FlipAngle": 9,
    "ImageType": [
      "ORIGINAL",
      "PRIMARY",
      "M",
      "ND",
      "NORM"
    ],
    "MagneticFieldStrength": 3,
    "Manufacturer": "Siemens",
    "ManufacturersModelName": "TrioTim",
    "PhaseEncodingDirection": "i-",
    "RepetitionTime": 2.3,
    "ScanningSequence": "GR_IR",
    "SequenceName": "_tfl3d1",
    "SequenceVariant": "SP_MP",
    "SoftwareVersions": "syngo_MR_B17",
    "dataset": "ds001486",
    "modality": "T1w",
    "session_id": "T1",
    "subject_id": "118"
  },
  "cjv": 0.3198658977519374,
  "cnr": 4.006090207006257,
  "efc": 0.6473465442188336,
  "fber": 25.476781845092773,
  "fwhm_avg": 3.365751040628696,
  "fwhm_x": 3.44307,
  "fwhm_y": 3.41255,
  "fwhm_z": 3.241633121886087,
  "icvs_csf": 0.21182104473687244,
  "icvs_gm": 0.4545299960212072,
  "icvs_wm": 0.33364895924192034,
  "inu_med": 1.1210862398147583,
  "inu_range": 0.2857641756534576,
  "provenance": {
    "md5sum": "0bdc7bed13fad117b43f32d8d82b29d0",
    "settings": {
      "testing": false
    },
    "software": "mriqc",
    "version": "21.0.0rc2",
    "warnings": {
      "large_rot_frame": true,
      "small_air_mask": false
    },
    "webapi_port": null,
    "webapi_url": "https://mriqc.nimh.nih.gov/api/v1"
  },
  "qi_1": 0.0,
  "qi_2": 0.004616605020962997,
  "rpve_csf": 23.825842941148174,
  "rpve_gm": 12.091400629969906,
  "rpve_wm": 18.976284412192218,
  "size_x": 256,
  "size_y": 256,
  "size_z": 160,
  "snr_csf": 3.7615743072576913,
  "snr_gm": 10.554631226669489,
  "snr_total": 11.391143977607436,
  "snr_wm": 19.85722639889513,
  "snrd_csf": 8.770186899807591,
  "snrd_gm": 15.333646585794561,
  "snrd_total": 15.793381185230631,
  "snrd_wm": 23.276310070089743,
  "spacing_x": 1.0,
  "spacing_y": 1.0,
  "spacing_z": 0.9999465942382812,
  "summary_bg_k": 0.7414007029038574,
  "summary_bg_mad": 28.146333048728575,
  "summary_bg_mean": 102.8648452758789,
  "summary_bg_median": 101.05169677734375,
  "summary_bg_n": 3627050.0,
  "summary_bg_p05": 59.67029495239258,
  "summary_bg_p95": 152.6519348144531,
  "summary_bg_stdv": 28.702919006347656,
  "summary_csf_k": 5.26510649479909,
  "summary_csf_mad": 93.89354055340326,
  "summary_csf_mean": 375.40765380859375,
  "summary_csf_median": 376.7896423339844,
  "summary_csf_n": 18951.0,
  "summary_csf_p05": 211.90248107910156,
  "summary_csf_p95": 527.3089599609375,
  "summary_csf_stdv": 100.1654281616211,
  "summary_gm_k": 0.17153704255610647,
  "summary_gm_mad": 60.376676880845835,
  "summary_gm_mean": 660.4920654296875,
  "summary_gm_median": 658.7726440429688,
  "summary_gm_n": 37650.0,
  "summary_gm_p05": 559.997525024414,
  "summary_gm_p95": 766.4207244873046,
  "summary_gm_stdv": 62.414676666259766,
  "summary_wm_k": 0.27297382720644014,
  "summary_wm_mad": 48.773441360277594,
  "summary_wm_mean": 998.1051635742188,
  "summary_wm_median": 1000.009765625,
  "summary_wm_n": 161852.0,
  "summary_wm_p05": 911.6377014160156,
  "summary_wm_p95": 1077.3231201171875,
  "summary_wm_stdv": 50.35983657836914,
  "tpm_overlap_csf": 0.15114302933216095,
  "tpm_overlap_gm": 0.4658065140247345,
  "tpm_overlap_wm": 0.4585908055305481,
  "wm2max": 0.6776552747342541
}