{
  "bids_meta": {
    "EchoTime": 0.00336,
    "FlipAngle": 9,
    "ImageType": [
      "ORIGINAL",
      "PRIMARY",
      "M",
      "ND",
      "NORM"
    ],
    "MagneticFieldStrength": 3,
    "Manufacturer": "Siemens",
    "ManufacturersModelName": "TrioTim",
    "PhaseEncodingDirection": "i-",
    "RepetitionTime": 2.3,
    "ScanningSequence": "GR_IR",
    "SequenceName": "_tfl3d1",
    "SequenceVariant": "SP_MP",
    "SoftwareVersions": "syngo_MR_B17",
    "dataset": "ds001486",
    "modality": "T1w",
    "session_id": "T1",
    "subject_id": "132"
  },
  "cjv": 0.32486116678427557,
  "cnr": 3.9835389006034227,
  "efc": 0.6012386734665643,
  "fber": 53.38298416137695,
  "fwhm_avg": 3.7225011858294548,
  "fwhm_x": 3.76082,
  "fwhm_y": 3.89674,
  "fwhm_z": 3.509943557488365,
  "icvs_csf": 0.2277166649317238,
  "icvs_gm": 0.4342638048784115,
  "icvs_wm": 0.3380195301898647,
  "inu_med": 1.473593831062317,
  "inu_range": 0.5813226222991943,
  "provenance": {
    "md5sum": "73416ce210d308b4a3425bc791710fcc",
    "settings": {
      "testing": false
    },
    "software": "mriqc",
    "version": "21.0.0rc2",
    "warnings": {
      "large_rot_frame": true,
      "small_air_mask": false
    },
    "webapi_port": null,
    "webapi_url": "https://mriqc.nimh.nih.gov/api/v1"
  },
  "qi_1": 0.0,
  "qi_2": 0.005569586037292123,
  "rpve_csf": 22.714965891262832,
  "rpve_gm": 12.336168219161056,
  "rpve_wm": 18.488927759624946,
  "size_x": 256,
  "size_y": 256,
  "size_z": 160,
  "snr_csf": 3.60062217923886,
  "snr_gm": 10.266165006611145,
  "snr_total": 10.719378915349324,
  "snr_wm": 18.29134956019797,
  "snrd_csf": 10.66442695885149,
  "snrd_gm": 18.747454334379363,
  "snrd_total": 19.36755808476601,
  "snrd_wm": 28.690792961067174,
  "spacing_x": 1.0,
  "spacing_y": 1.0,
  "spacing_z": 0.9999847412109375,
  "summary_bg_k": 0.25447279597599604,
  "summary_bg_mad": 22.834372632781072,
  "summary_bg_mean": 80.30424499511719,
  "summary_bg_median": 78.88312530517578,
  "summary_bg_n": 4051830.0,
  "summary_bg_p05": 45.06837425231934,
  "summary_bg_p95": 120.3378677368164,
  "summary_bg_stdv": 23.003509521484375,
  "summary_csf_k": 0.17867683662811906,
  "summary_csf_mad": 104.12328320757545,
  "summary_csf_mean": 370.31689453125,
  "summary_csf_median": 371.7019958496094,
  "summary_csf_n": 22244.0,
  "summary_csf_p05": 200.4901596069336,
  "summary_csf_p95": 534.414501953125,
  "summary_csf_stdv": 103.23039245605469,
  "summary_gm_k": 0.26104533950832476,
  "summary_gm_mad": 61.275929782847754,
  "summary_gm_mean": 654.259033203125,
  "summary_gm_median": 653.430908203125,
  "summary_gm_n": 23726.0,
  "summary_gm_p05": 549.6150970458984,
  "summary_gm_p95": 760.7192687988281,
  "summary_gm_stdv": 63.64763641357422,
  "summary_wm_k": 0.6705398749891338,
  "summary_wm_mad": 51.31085026579556,
  "summary_wm_mean": 998.3812866210938,
  "summary_wm_median": 999.9998168945312,
  "summary_wm_n": 171917.0,
  "summary_wm_p05": 905.6640136718751,
  "summary_wm_p95": 1084.4357666015624,
  "summary_wm_stdv": 54.67048263549805,
  "tpm_overlap_csf": 0.1430249959230423,
  "tpm_overlap_gm": 0.44968661665916443,
  "tpm_overlap_wm": 0.48303288221359253,
  "wm2max": 0.6094537510819654
}