{
  "bids_meta": {
    "EchoTime": 0.00336,
    "FlipAngle": 9,
    "ImageType": [
      "ORIGINAL",
      "PRIMARY",
      "M",
      "ND",
      "NORM"
    ],
    "MagneticFieldStrength": 3,
    "Manufacturer": "Siemens",
    "ManufacturersModelName": "TrioTim",
    "PhaseEncodingDirection": "i-",
    "RepetitionTime": 2.3,
    "ScanningSequence": "GR_IR",
    "SequenceName": "_tfl3d1",
    "SequenceVariant": "SP_MP",
    "SoftwareVersions": "syngo_MR_B17",
    "dataset": "ds001486",
    "modality": "T1w",
    "session_id": "T2",
    "subject_id": "035"
  },
  "cjv": 0.3438129340237975,
  "cnr": 3.6835719213378972,
  "efc": 0.6487846980264639,
  "fber": 25.962743759155273,
  "fwhm_avg": 3.7739047920513094,
  "fwhm_x": 3.78284,
  "fwhm_y": 3.89351,
  "fwhm_z": 3.6453643761539283,
  "icvs_csf": 0.2553570836472666,
  "icvs_gm": 0.4101956846584676,
  "icvs_wm": 0.3344472316942658,
  "inu_med": 1.104387879371643,
  "inu_range": 0.2615187466144562,
  "provenance": {
    "md5sum": "7aae6c04191de6f15c4ed0ebce8499e3",
    "settings": {
      "testing": false
    },
    "software": "mriqc",
    "version": "21.0.0rc2",
    "warnings": {
      "large_rot_frame": true,
      "small_air_mask": false
    },
    "webapi_port": null,
    "webapi_url": "https://mriqc.nimh.nih.gov/api/v1"
  },
  "qi_1": 0.0,
  "qi_2": 0.004040417983036203,
  "rpve_csf": 18.80672064836025,
  "rpve_gm": 11.521760867012263,
  "rpve_wm": 17.452368459432684,
  "size_x": 256,
  "size_y": 256,
  "size_z": 160,
  "snr_csf": 4.282214813253654,
  "snr_gm": 10.622473179980167,
  "snr_total": 12.137504767514898,
  "snr_wm": 21.50782630931087,
  "snrd_csf": 9.523348472169914,
  "snrd_gm": 16.431604736896883,
  "snrd_total": 16.60235662782299,
  "snrd_wm": 23.852116674402172,
  "spacing_x": 1.0,
  "spacing_y": 1.0,
  "spacing_z": 1.0000152587890625,
  "summary_bg_k": 0.27742051133637924,
  "summary_bg_mad": 27.466825884175606,
  "summary_bg_mean": 101.55233764648438,
  "summary_bg_median": 99.85858917236328,
  "summary_bg_n": 3808395.0,
  "summary_bg_p05": 59.08145408630371,
  "summary_bg_p95": 149.55567932128906,
  "summary_bg_stdv": 27.670137405395508,
  "summary_csf_k": 0.45270660862268786,
  "summary_csf_mad": 89.72489819501106,
  "summary_csf_mean": 395.3094482421875,
  "summary_csf_median": 399.269775390625,
  "summary_csf_n": 31847.0,
  "summary_csf_p05": 236.04832916259767,
  "summary_csf_p95": 539.7369018554685,
  "summary_csf_stdv": 93.23761749267578,
  "summary_gm_k": 0.20539446271798,
  "summary_gm_mad": 62.22947719968752,
  "summary_gm_mean": 691.0076293945312,
  "summary_gm_median": 688.90087890625,
  "summary_gm_n": 24084.0,
  "summary_gm_p05": 587.3242889404297,
  "summary_gm_p95": 801.8465545654296,
  "summary_gm_stdv": 64.851806640625,
  "summary_wm_k": 0.4471086444322929,
  "summary_wm_mad": 44.733341265764025,
  "summary_wm_mean": 999.88818359375,
  "summary_wm_median": 1000.0084838867188,
  "summary_wm_n": 191215.0,
  "summary_wm_p05": 923.8623596191406,
  "summary_wm_p95": 1075.7025756835938,
  "summary_wm_stdv": 46.49497604370117,
  "tpm_overlap_csf": 0.13729849457740784,
  "tpm_overlap_gm": 0.4436282813549042,
  "tpm_overlap_wm": 0.4833835959434509,
  "wm2max": 0.6402761127919279
}