{
  "bids_meta": {
    "EchoTime": 0.00336,
    "FlipAngle": 9,
    "ImageType": [
      "ORIGINAL",
      "PRIMARY",
      "M",
      "ND",
      "NORM"
    ],
    "MagneticFieldStrength": 3,
    "Manufacturer": "Siemens",
    "ManufacturersModelName": "TrioTim",
    "PhaseEncodingDirection": "i-",
    "RepetitionTime": 2.3,
    "ScanningSequence": "GR_IR",
    "SequenceName": "_tfl3d1",
    "SequenceVariant": "SP_MP",
    "SoftwareVersions": "syngo_MR_B17",
    "dataset": "ds001486",
    "modality": "T1w",
    "session_id": "T2",
    "subject_id": "007"
  },
  "cjv": 0.31082927906576746,
  "cnr": 4.133290981260719,
  "efc": 0.6578275585076887,
  "fber": 47.55466161206561,
  "fwhm_avg": 3.4996425335863943,
  "fwhm_x": 3.593600214195264,
  "fwhm_y": 3.58384,
  "fwhm_z": 3.3214873865639185,
  "icvs_csf": 0.2237308000702138,
  "icvs_gm": 0.45182157448102145,
  "icvs_wm": 0.32444762544876476,
  "inu_med": 1.1578996181488037,
  "inu_range": 0.30955743193626406,
  "provenance": {
    "md5sum": "144d0c312d9cda7f64b240cc04bc04a4",
    "settings": {
      "testing": false
    },
    "software": "mriqc",
    "version": "21.0.0rc2",
    "warnings": {
      "large_rot_frame": true,
      "small_air_mask": false
    },
    "webapi_port": null,
    "webapi_url": "https://mriqc.nimh.nih.gov/api/v1"
  },
  "qi_1": 0.0,
  "qi_2": 0.004297102965908891,
  "rpve_csf": 24.343819404301925,
  "rpve_gm": 12.808269134734653,
  "rpve_wm": 20.58946309692947,
  "size_x": 256,
  "size_y": 256,
  "size_z": 160,
  "snr_csf": 3.9021585486778125,
  "snr_gm": 10.787223604635667,
  "snr_total": 11.65945831741864,
  "snr_wm": 20.288992798942434,
  "snrd_csf": 10.915503692058888,
  "snrd_gm": 18.60681751260895,
  "snrd_total": 19.22578647037967,
  "snrd_wm": 28.155038206471172,
  "spacing_x": 0.9999999403953552,
  "spacing_y": 1.0,
  "spacing_z": 0.9999465942382812,
  "summary_bg_k": 0.24948427711373178,
  "summary_bg_mad": 23.268886712820592,
  "summary_bg_mean": 85.55916150399133,
  "summary_bg_median": 84.19101916253567,
  "summary_bg_n": 2225844.0,
  "summary_bg_p05": 49.60763564705849,
  "summary_bg_p95": 126.30624561011791,
  "summary_bg_stdv": 23.44263214721803,
  "summary_csf_k": 0.07235434417502251,
  "summary_csf_mad": 100.35438201647374,
  "summary_csf_mean": 380.3104400321136,
  "summary_csf_median": 387.6927423402667,
  "summary_csf_n": 19822.0,
  "summary_csf_p05": 211.0493370294571,
  "summary_csf_p95": 531.446442952007,
  "summary_csf_stdv": 99.35089977147855,
  "summary_gm_k": 0.11982813693191563,
  "summary_gm_mad": 59.7507593479966,
  "summary_gm_mean": 661.7407506356699,
  "summary_gm_median": 660.8699251264334,
  "summary_gm_n": 21486.0,
  "summary_gm_p05": 560.678668949753,
  "summary_gm_p95": 764.5017744749784,
  "summary_gm_stdv": 61.2627094872846,
  "summary_wm_k": 0.7227367332950365,
  "summary_wm_mad": 45.66080533344945,
  "summary_wm_mean": 997.7097715798963,
  "summary_wm_median": 1000.0000257343054,
  "summary_wm_n": 139879.0,
  "summary_wm_p05": 912.417705565691,
  "summary_wm_p95": 1074.017141878605,
  "summary_wm_stdv": 49.28763399541318,
  "tpm_overlap_csf": 0.15458586812019348,
  "tpm_overlap_gm": 0.4566975235939026,
  "tpm_overlap_wm": 0.47476357221603394,
  "wm2max": 0.6119579685577516
}