{
  "bids_meta": {
    "EchoTime": 0.00336,
    "FlipAngle": 9,
    "ImageType": [
      "ORIGINAL",
      "PRIMARY",
      "M",
      "ND",
      "NORM"
    ],
    "MagneticFieldStrength": 3,
    "Manufacturer": "Siemens",
    "ManufacturersModelName": "TrioTim",
    "PhaseEncodingDirection": "i-",
    "RepetitionTime": 2.3,
    "ScanningSequence": "GR_IR",
    "SequenceName": "_tfl3d1",
    "SequenceVariant": "SP_MP",
    "SoftwareVersions": "syngo_MR_B17",
    "dataset": "ds001486",
    "modality": "T1w",
    "session_id": "T1",
    "subject_id": "038"
  },
  "cjv": 0.3356473772058833,
  "cnr": 3.7739385772523573,
  "efc": 0.6568887280751957,
  "fber": 31.089984893798828,
  "fwhm_avg": 3.6723710014979614,
  "fwhm_x": 3.66354,
  "fwhm_y": 3.86694,
  "fwhm_z": 3.4866330044938847,
  "icvs_csf": 0.23612088550648377,
  "icvs_gm": 0.42718942021740425,
  "icvs_wm": 0.336689694276112,
  "inu_med": 1.0838006734848022,
  "inu_range": 0.2688346087932587,
  "provenance": {
    "md5sum": "f393cc55588daf68bea891e26092c28b",
    "settings": {
      "testing": false
    },
    "software": "mriqc",
    "version": "21.0.0rc2",
    "warnings": {
      "large_rot_frame": true,
      "small_air_mask": false
    },
    "webapi_port": null,
    "webapi_url": "https://mriqc.nimh.nih.gov/api/v1"
  },
  "qi_1": 0.0,
  "qi_2": 0.004512352457193794,
  "rpve_csf": 19.636269577059846,
  "rpve_gm": 11.19042946063947,
  "rpve_wm": 17.18145173931193,
  "size_x": 256,
  "size_y": 256,
  "size_z": 160,
  "snr_csf": 4.412152880479656,
  "snr_gm": 11.016765372970799,
  "snr_total": 12.184606922589305,
  "snr_wm": 21.124902514317462,
  "snrd_csf": 9.364019138762187,
  "snrd_gm": 16.18665770664778,
  "snrd_total": 16.377175493311363,
  "snrd_wm": 23.58084963452412,
  "spacing_x": 1.0,
  "spacing_y": 1.0,
  "spacing_z": 0.9999618530273438,
  "summary_bg_k": 0.22761849698697745,
  "summary_bg_mad": 27.782497586850052,
  "summary_bg_mean": 101.94991302490234,
  "summary_bg_median": 100.3091049194336,
  "summary_bg_n": 3599132.0,
  "summary_bg_p05": 59.150984382629396,
  "summary_bg_p95": 150.48087844848627,
  "summary_bg_stdv": 27.938928604125977,
  "summary_csf_k": 0.23728498756442606,
  "summary_csf_mad": 88.22492173175735,
  "summary_csf_mean": 396.5621032714844,
  "summary_csf_median": 397.101806640625,
  "summary_csf_n": 29047.0,
  "summary_csf_p05": 246.7224548339844,
  "summary_csf_p95": 541.17333984375,
  "summary_csf_stdv": 90.00027465820312,
  "summary_gm_k": 0.2424168383344063,
  "summary_gm_mad": 59.54533736782027,
  "summary_gm_mean": 688.7906494140625,
  "summary_gm_median": 686.4307861328125,
  "summary_gm_n": 27425.0,
  "summary_gm_p05": 588.7824584960938,
  "summary_gm_p95": 795.6726318359375,
  "summary_gm_stdv": 62.306697845458984,
  "summary_wm_k": 0.3662553069173531,
  "summary_wm_mad": 45.70258884647774,
  "summary_wm_mean": 998.7332153320312,
  "summary_wm_median": 999.9977416992188,
  "summary_wm_n": 195895.0,
  "summary_wm_p05": 919.0972778320313,
  "summary_wm_p95": 1074.3222900390624,
  "summary_wm_stdv": 47.3372688293457,
  "tpm_overlap_csf": 0.14443016052246094,
  "tpm_overlap_gm": 0.4463005065917969,
  "tpm_overlap_wm": 0.48114556074142456,
  "wm2max": 0.6447593501600469
}