{
  "bids_meta": {
    "EchoTime": 0.00336,
    "FlipAngle": 9,
    "ImageType": [
      "ORIGINAL",
      "PRIMARY",
      "M",
      "ND",
      "NORM"
    ],
    "MagneticFieldStrength": 3,
    "Manufacturer": "Siemens",
    "ManufacturersModelName": "TrioTim",
    "PhaseEncodingDirection": "i-",
    "RepetitionTime": 2.3,
    "ScanningSequence": "GR_IR",
    "SequenceName": "_tfl3d1",
    "SequenceVariant": "SP_MP",
    "SoftwareVersions": "syngo_MR_B17",
    "dataset": "ds001486",
    "modality": "T1w",
    "session_id": "T1",
    "subject_id": "102"
  },
  "cjv": 0.32121556816144303,
  "cnr": 3.954137342789169,
  "efc": 0.6744990135253125,
  "fber": 43.27011353086924,
  "fwhm_avg": 3.631115250913012,
  "fwhm_x": 3.68091,
  "fwhm_y": 3.74713,
  "fwhm_z": 3.465305752739036,
  "icvs_csf": 0.2091413982682253,
  "icvs_gm": 0.4590614167260368,
  "icvs_wm": 0.3317971850057379,
  "inu_med": 1.1947906017303467,
  "inu_range": 0.4045006275177001,
  "provenance": {
    "md5sum": "d998dca8a3cc8599528ccae9812337e0",
    "settings": {
      "testing": false
    },
    "software": "mriqc",
    "version": "21.0.0rc2",
    "warnings": {
      "large_rot_frame": true,
      "small_air_mask": false
    },
    "webapi_port": null,
    "webapi_url": "https://mriqc.nimh.nih.gov/api/v1"
  },
  "qi_1": 0.0,
  "qi_2": 0.0050988021968044524,
  "rpve_csf": 26.1080646577129,
  "rpve_gm": 12.890090045178377,
  "rpve_wm": 20.083562565420298,
  "size_x": 256,
  "size_y": 256,
  "size_z": 160,
  "snr_csf": 4.051631334277109,
  "snr_gm": 10.66357547816682,
  "snr_total": 11.30759374493608,
  "snr_wm": 19.207574422364313,
  "snrd_csf": 10.583890964248308,
  "snrd_gm": 17.439728785782894,
  "snrd_total": 18.095010767430896,
  "snrd_wm": 26.26141255226149,
  "spacing_x": 1.0,
  "spacing_y": 1.0,
  "spacing_z": 0.999969482421875,
  "summary_bg_k": 0.17036388618266685,
  "summary_bg_mad": 24.946730756247913,
  "summary_bg_mean": 91.24310143873508,
  "summary_bg_median": 89.75723626837134,
  "summary_bg_n": 1884182.0,
  "summary_bg_p05": 52.70893603563309,
  "summary_bg_p95": 134.96528525277972,
  "summary_bg_stdv": 25.069060859537437,
  "summary_csf_k": 3.322142776190283,
  "summary_csf_mad": 100.08748604615126,
  "summary_csf_mean": 396.12319121191956,
  "summary_csf_median": 403.020633995533,
  "summary_csf_n": 18022.0,
  "summary_csf_p05": 227.1070940600708,
  "summary_csf_p95": 544.3692754922436,
  "summary_csf_stdv": 99.46844103988842,
  "summary_gm_k": 0.3140568037864373,
  "summary_gm_mad": 58.76007063670442,
  "summary_gm_mean": 667.4958284546519,
  "summary_gm_median": 664.0819123797119,
  "summary_gm_n": 29538.0,
  "summary_gm_p05": 570.1104953119532,
  "summary_gm_p95": 775.5967892635612,
  "summary_gm_stdv": 62.27467255225126,
  "summary_wm_k": 0.7028421192923209,
  "summary_wm_mad": 49.14205395959679,
  "summary_wm_mean": 997.348668978131,
  "summary_wm_median": 1000.0000162683427,
  "summary_wm_n": 155929.0,
  "summary_wm_p05": 906.7457448206842,
  "summary_wm_p95": 1077.4416069053113,
  "summary_wm_stdv": 52.06262840305286,
  "tpm_overlap_csf": 0.15675941109657288,
  "tpm_overlap_gm": 0.48288285732269287,
  "tpm_overlap_wm": 0.508983850479126,
  "wm2max": 0.605428875293661
}