{
  "bids_meta": {
    "EchoTime": 0.00336,
    "FlipAngle": 9,
    "ImageType": [
      "ORIGINAL",
      "PRIMARY",
      "M",
      "ND",
      "NORM"
    ],
    "MagneticFieldStrength": 3,
    "Manufacturer": "Siemens",
    "ManufacturersModelName": "TrioTim",
    "PhaseEncodingDirection": "i-",
    "RepetitionTime": 2.3,
    "ScanningSequence": "GR_IR",
    "SequenceName": "_tfl3d1",
    "SequenceVariant": "SP_MP",
    "SoftwareVersions": "syngo_MR_B17",
    "dataset": "ds001486",
    "modality": "T1w",
    "session_id": "T1",
    "subject_id": "068"
  },
  "cjv": 0.35324404144813754,
  "cnr": 3.6941670348554925,
  "efc": 0.6574973205894485,
  "fber": 48.03762258162384,
  "fwhm_avg": 3.7994444124745983,
  "fwhm_x": 3.83392,
  "fwhm_y": 3.83199,
  "fwhm_z": 3.732423237423795,
  "icvs_csf": 0.22472347817569777,
  "icvs_gm": 0.4213173275486653,
  "icvs_wm": 0.35395919427563693,
  "inu_med": 1.162124514579773,
  "inu_range": 0.34108448028564453,
  "provenance": {
    "md5sum": "74048f1f99db7ce9e3979107d3fb1e1b",
    "settings": {
      "testing": false
    },
    "software": "mriqc",
    "version": "21.0.0rc2",
    "warnings": {
      "large_rot_frame": true,
      "small_air_mask": false
    },
    "webapi_port": null,
    "webapi_url": "https://mriqc.nimh.nih.gov/api/v1"
  },
  "qi_1": 0.0,
  "qi_2": 0.004182179750352808,
  "rpve_csf": 23.255850017566278,
  "rpve_gm": 12.93242127757117,
  "rpve_wm": 18.797159317471174,
  "size_x": 256,
  "size_y": 256,
  "size_z": 160,
  "snr_csf": 4.246125544662971,
  "snr_gm": 10.34177745769375,
  "snr_total": 11.753092345024484,
  "snr_wm": 20.67137403271673,
  "snrd_csf": 11.128348246560968,
  "snrd_gm": 18.705607483675163,
  "snrd_total": 19.05628992507658,
  "snrd_wm": 27.334914044993607,
  "spacing_x": 1.0,
  "spacing_y": 1.0,
  "spacing_z": 0.9999160766601562,
  "summary_bg_k": 0.325593235357883,
  "summary_bg_mad": 23.96701741955507,
  "summary_bg_mean": 87.87135807433339,
  "summary_bg_median": 86.39751855656505,
  "summary_bg_n": 2381948.0,
  "summary_bg_p05": 50.71613910421729,
  "summary_bg_p95": 129.86849493160844,
  "summary_bg_stdv": 24.170825527084073,
  "summary_csf_k": 0.4152293687886379,
  "summary_csf_mad": 90.40408643231135,
  "summary_csf_mean": 400.19251072658415,
  "summary_csf_median": 407.1111380942166,
  "summary_csf_n": 21282.0,
  "summary_csf_p05": 227.1149117829278,
  "summary_csf_p95": 543.8457857972011,
  "summary_csf_stdv": 95.8760095568146,
  "summary_gm_k": 0.0517179987199361,
  "summary_gm_mad": 65.87825254442468,
  "summary_gm_mean": 686.36828774676,
  "summary_gm_median": 684.3119017034769,
  "summary_gm_n": 23333.0,
  "summary_gm_p05": 580.785645827651,
  "summary_gm_p95": 797.9730094894767,
  "summary_gm_stdv": 66.16824238480623,
  "summary_wm_k": 0.8189324457474467,
  "summary_wm_mad": 45.63667824708025,
  "summary_wm_mean": 1000.2698014321,
  "summary_wm_median": 999.9999748393893,
  "summary_wm_n": 183837.0,
  "summary_wm_p05": 922.4390420392156,
  "summary_wm_p95": 1079.0685715600848,
  "summary_wm_stdv": 48.37594508484841,
  "tpm_overlap_csf": 0.15468014776706696,
  "tpm_overlap_gm": 0.45804694294929504,
  "tpm_overlap_wm": 0.5001970529556274,
  "wm2max": 0.5801404310114434
}