{
  "aor": 0.0009116190476190476,
  "aqi": 0.011857466666666667,
  "bids_meta": {
    "DeviceSerialNumber": "35427",
    "EchoTime": 0.02,
    "FlipAngle": 80,
    "InstitutionName": "CAMRI, Nortwestern University",
    "Instructions": "Press the 1st finger if the first picture has more dots. Press the 1st finger for the blue box condition. Press the 2nd finger if the second picture has more dots.",
    "MagneticFieldStrength": 3,
    "Manufacturer": "SIEMENS",
    "ManufacturerModelName": "TrioTim",
    "MatrixCoilMode": "Auto (Triple)",
    "NumberOfSlices": 32,
    "NumberOfVolumesDiscardedByUser": 6,
    "ParallelAcquisitionTechnique": "GRAPPA",
    "ParallelReductionFactorInPlane": 2,
    "PartialFourier": 0.75,
    "PhaseEncodingDirection": "j-",
    "PulseSequenceType": "susceptibility weighted single-shot EPI",
    "RepetitionTime": 2,
    "ScanOptions": "PFP_FS",
    "ScanningSequence": "EP",
    "SequenceName": "epfid2d1_120",
    "SequenceVariant": "SK",
    "SliceThickness": 3,
    "SliceTiming": [
      1.005,
      0,
      1.0675,
      0.0625,
      1.13,
      0.1275,
      1.1925,
      0.19,
      1.255,
      0.2525,
      1.3175,
      0.315,
      1.38,
      0.3775,
      1.4425,
      0.44,
      1.5075,
      0.5025,
      1.57,
      0.565,
      1.6325,
      0.6275,
      1.695,
      0.69,
      1.7575,
      0.7525,
      1.82,
      0.8175,
      1.8825,
      0.88,
      1.945,
      0.9425
    ],
    "SoftwareVersions": "syngo MR B17",
    "TaskDescription": "Subjects were presented with one dot array (prime) followed by a second dot array (target). The ratio between the numerosity of each dot array was varied, such that 24 trials had a ratio of 0.33 (i.e., 12 dots vs. 36 dots), 24 trials had a ratio of 0.5 (i.e., 18 dots vs. 36 dots), and 24 trials had a ratio of 0.66 (i.e., 24 dots vs. 36 dots). Six different dot sizes were used. To ensure that participants’ judgments were based on differences in numerosity rather than cumulative surface area, the distribution of dot sizes was biased towards smaller dots in large arrays and bigger dots in small arrays. However, totally equating the cumulative surface area between small and large arrays by entirely biasing the distribution of single dot sizes (100% bias) would have made it possible for the subjects to use single dot sizes as a cue for their judgments. Therefore, we found a trade-off (50% bias) between equating as much as possible (1) the cumulative surface areas and (2) the distributions of single dot sizes in each pair. Each stimulus was presented for 800 ms on a white screen separated by a 200 ms interstimulus interval. The target stimulus was followed by a red fixation square lasting 2200-3000 ms. Participants could respond as soon as the target was presented until the beginning of the next trial unless otherwise noted in README file. Twenty-four control trials were included to take motor responses into account. In these trials a blue square was presented. This yielded 96 trials. Trials were divided into two separate 48 trial runs titled task-Num_run-01 and task-Num_run-02. Each run ended with the presentation of a red square for 22000 ms.",
    "TaskName": "Numerosity Judgement",
    "dataset": "ds001486",
    "modality": "bold",
    "run_id": 2,
    "session_id": "T1",
    "subject_id": "068",
    "task_id": "Num",
    "trial_type": {
      "control": "Blue box judgement",
      "easy": "0.33 ratio",
      "hard": "0.66 ratio",
      "medium": "0.5 ratio"
    }
  },
  "dummy_trs": 2,
  "dvars_nstd": 27.746107559711547,
  "dvars_std": 1.0693352500961537,
  "dvars_vstd": 1.0172424690384616,
  "efc": 0.49109888487345,
  "fber": 9018.3828125,
  "fd_mean": 0.03454357943290493,
  "fd_num": 0,
  "fd_perc": 0.0,
  "fwhm_avg": 2.1732394221957736,
  "fwhm_x": 2.231325090909091,
  "fwhm_y": 2.596194909090909,
  "fwhm_z": 1.6921982665873216,
  "gcor": 0.00391978,
  "gsr_x": 0.006062271073460579,
  "gsr_y": 0.02844986505806446,
  "provenance": {
    "md5sum": "e97c2dbaead41de53b8bce2c9c179365",
    "settings": {
      "fd_thres": 0.2,
      "testing": false
    },
    "software": "mriqc",
    "version": "21.0.0rc2",
    "webapi_port": null,
    "webapi_url": "https://mriqc.nimh.nih.gov/api/v1"
  },
  "size_t": 105,
  "size_x": 128,
  "size_y": 120,
  "size_z": 32,
  "snr": 7.9229274518912804,
  "spacing_tr": 2.0,
  "spacing_x": 1.71875,
  "spacing_y": 1.71875,
  "spacing_z": 3.4800000190734863,
  "summary_bg_k": 42.49683713816774,
  "summary_bg_mad": 4.99490342548888,
  "summary_bg_mean": 32.850013732910156,
  "summary_bg_median": 10.031785011291504,
  "summary_bg_n": 319966.0,
  "summary_bg_p05": 5.378262996673584,
  "summary_bg_p95": 143.77005004882812,
  "summary_bg_stdv": 82.80564880371094,
  "summary_fg_k": 3.7934188897101926,
  "summary_fg_mad": 115.62808729728557,
  "summary_fg_mean": 974.3516845703125,
  "summary_fg_median": 967.3502197265625,
  "summary_fg_n": 96020.0,
  "summary_fg_p05": 808.3383575439453,
  "summary_fg_p95": 1168.7032836914063,
  "summary_fg_stdv": 122.09441375732422,
  "tsnr": 55.19795608520508
}