{
  "bids_meta": {
    "EchoTime": 0.00336,
    "FlipAngle": 9,
    "ImageType": [
      "ORIGINAL",
      "PRIMARY",
      "M",
      "ND",
      "NORM"
    ],
    "MagneticFieldStrength": 3,
    "Manufacturer": "Siemens",
    "ManufacturersModelName": "TrioTim",
    "PhaseEncodingDirection": "i-",
    "RepetitionTime": 2.3,
    "ScanningSequence": "GR_IR",
    "SequenceName": "_tfl3d1",
    "SequenceVariant": "SP_MP",
    "SoftwareVersions": "syngo_MR_B17",
    "dataset": "ds001486",
    "modality": "T1w",
    "session_id": "T1",
    "subject_id": "050"
  },
  "cjv": 0.3052061749188218,
  "cnr": 4.108016876031565,
  "efc": 0.6145271340097395,
  "fber": 34.409210205078125,
  "fwhm_avg": 3.570413333333333,
  "fwhm_x": 3.55008,
  "fwhm_y": 3.72464,
  "fwhm_z": 3.43652,
  "icvs_csf": 0.2188197523619126,
  "icvs_gm": 0.4675732797562128,
  "icvs_wm": 0.3136069678818746,
  "inu_med": 1.1511850357055664,
  "inu_range": 0.31927231550216684,
  "provenance": {
    "md5sum": "950bcb9de368745225fafe7dda559d14",
    "settings": {
      "testing": false
    },
    "software": "mriqc",
    "version": "21.0.0rc2",
    "warnings": {
      "large_rot_frame": true,
      "small_air_mask": false
    },
    "webapi_port": null,
    "webapi_url": "https://mriqc.nimh.nih.gov/api/v1"
  },
  "qi_1": 0.0,
  "qi_2": 0.0038173693552244945,
  "rpve_csf": 25.348766582157634,
  "rpve_gm": 12.878331866542352,
  "rpve_wm": 21.313865523017174,
  "size_x": 256,
  "size_y": 256,
  "size_z": 160,
  "snr_csf": 3.819668039537695,
  "snr_gm": 11.104337316725289,
  "snr_total": 11.263234634158025,
  "snr_wm": 18.865698546211092,
  "snrd_csf": 9.340715920130544,
  "snrd_gm": 16.836474943947728,
  "snrd_total": 17.269125719470875,
  "snrd_wm": 25.63018629433435,
  "spacing_x": 1.0,
  "spacing_y": 1.0,
  "spacing_z": 1.0,
  "summary_bg_k": 0.6118722095266977,
  "summary_bg_mad": 25.56104316793798,
  "summary_bg_mean": 94.19705200195312,
  "summary_bg_median": 92.70794677734375,
  "summary_bg_n": 3671438.0,
  "summary_bg_p05": 54.845740509033206,
  "summary_bg_p95": 138.83413696289062,
  "summary_bg_stdv": 25.814985275268555,
  "summary_csf_k": -0.08162270860812315,
  "summary_csf_mad": 97.39033353610606,
  "summary_csf_mean": 359.1241760253906,
  "summary_csf_median": 364.4408264160156,
  "summary_csf_n": 22359.0,
  "summary_csf_p05": 198.10236358642578,
  "summary_csf_p95": 506.61412658691404,
  "summary_csf_stdv": 95.40951538085938,
  "summary_gm_k": 0.4223138575805514,
  "summary_gm_mad": 55.44031008264643,
  "summary_gm_mean": 658.4819946289062,
  "summary_gm_median": 656.8981323242188,
  "summary_gm_n": 33793.0,
  "summary_gm_p05": 563.2180053710938,
  "summary_gm_p95": 758.438671875,
  "summary_gm_stdv": 59.15602111816406,
  "summary_wm_k": 0.726235802225311,
  "summary_wm_mad": 49.275529886240626,
  "summary_wm_mean": 996.079345703125,
  "summary_wm_median": 999.996826171875,
  "summary_wm_n": 141149.0,
  "summary_wm_p05": 901.5079467773437,
  "summary_wm_p95": 1075.472802734375,
  "summary_wm_stdv": 53.005897521972656,
  "tpm_overlap_csf": 0.16135424375534058,
  "tpm_overlap_gm": 0.4789998531341553,
  "tpm_overlap_wm": 0.4886000156402588,
  "wm2max": 0.536990901829812
}