{
  "bids_meta": {
    "EchoTime": 0.00336,
    "FlipAngle": 9,
    "ImageType": [
      "ORIGINAL",
      "PRIMARY",
      "M",
      "ND",
      "NORM"
    ],
    "MagneticFieldStrength": 3,
    "Manufacturer": "Siemens",
    "ManufacturersModelName": "TrioTim",
    "PhaseEncodingDirection": "i-",
    "RepetitionTime": 2.3,
    "ScanningSequence": "GR_IR",
    "SequenceName": "_tfl3d1",
    "SequenceVariant": "SP_MP",
    "SoftwareVersions": "syngo_MR_B17",
    "dataset": "ds001486",
    "modality": "T1w",
    "session_id": "T1",
    "subject_id": "108"
  },
  "cjv": 0.32918295576357554,
  "cnr": 3.899973176628867,
  "efc": 0.6185662769041655,
  "fber": 46.54472351074219,
  "fwhm_avg": 3.930460874773029,
  "fwhm_x": 3.96572,
  "fwhm_y": 4.06549,
  "fwhm_z": 3.760172624319087,
  "icvs_csf": 0.25005596652589573,
  "icvs_gm": 0.4153203492490938,
  "icvs_wm": 0.3346236842250105,
  "inu_med": 1.4802942276000977,
  "inu_range": 0.5947880446910858,
  "provenance": {
    "md5sum": "094964b7f285d3e9479fd1303b9d4746",
    "settings": {
      "testing": false
    },
    "software": "mriqc",
    "version": "21.0.0rc2",
    "warnings": {
      "large_rot_frame": true,
      "small_air_mask": false
    },
    "webapi_port": null,
    "webapi_url": "https://mriqc.nimh.nih.gov/api/v1"
  },
  "qi_1": 0.0,
  "qi_2": 0.005016009308695075,
  "rpve_csf": 20.92035677908442,
  "rpve_gm": 12.352259203118752,
  "rpve_wm": 18.05897560019224,
  "size_x": 256,
  "size_y": 256,
  "size_z": 160,
  "snr_csf": 3.719697671702458,
  "snr_gm": 10.372356552080682,
  "snr_total": 10.405109852814975,
  "snr_wm": 17.123275334661784,
  "snrd_csf": 9.454614344660552,
  "snrd_gm": 17.348171272399995,
  "snrd_total": 17.809684224920144,
  "snrd_wm": 26.62626705769988,
  "spacing_x": 1.0,
  "spacing_y": 1.0,
  "spacing_z": 1.0000152587890625,
  "summary_bg_k": 0.841034969879427,
  "summary_bg_mad": 24.604764058320434,
  "summary_bg_mean": 86.59086608886719,
  "summary_bg_median": 84.9714584350586,
  "summary_bg_n": 3769110.0,
  "summary_bg_p05": 48.561540031433104,
  "summary_bg_p95": 129.8866424560547,
  "summary_bg_stdv": 25.040630340576172,
  "summary_csf_k": -0.13911803234413567,
  "summary_csf_mad": 100.46831220497837,
  "summary_csf_mean": 354.416748046875,
  "summary_csf_median": 355.08416748046875,
  "summary_csf_n": 27618.0,
  "summary_csf_p05": 199.33650741577148,
  "summary_csf_p95": 505.47281646728504,
  "summary_csf_stdv": 95.4587631225586,
  "summary_gm_k": 0.389703328900723,
  "summary_gm_mad": 59.63763804304462,
  "summary_gm_mean": 652.912841796875,
  "summary_gm_median": 651.5401611328125,
  "summary_gm_n": 18414.0,
  "summary_gm_p05": 550.9600189208984,
  "summary_gm_p95": 757.6303985595703,
  "summary_gm_stdv": 62.813350677490234,
  "summary_wm_k": 0.5555179498758225,
  "summary_wm_mad": 55.067713974571674,
  "summary_wm_mean": 997.4715576171875,
  "summary_wm_median": 999.994873046875,
  "summary_wm_n": 177436.0,
  "summary_wm_p05": 896.9710845947266,
  "summary_wm_p95": 1088.2127990722656,
  "summary_wm_stdv": 58.39957809448242,
  "tpm_overlap_csf": 0.16329017281532288,
  "tpm_overlap_gm": 0.4484443664550781,
  "tpm_overlap_wm": 0.47860682010650635,
  "wm2max": 0.5776649693632263
}