{
  "bids_meta": {
    "EchoTime": 0.00336,
    "FlipAngle": 9,
    "ImageType": [
      "ORIGINAL",
      "PRIMARY",
      "M",
      "ND",
      "NORM"
    ],
    "MagneticFieldStrength": 3,
    "Manufacturer": "Siemens",
    "ManufacturersModelName": "TrioTim",
    "PhaseEncodingDirection": "i-",
    "RepetitionTime": 2.3,
    "ScanningSequence": "GR_IR",
    "SequenceName": "_tfl3d1",
    "SequenceVariant": "SP_MP",
    "SoftwareVersions": "syngo_MR_B17",
    "dataset": "ds001486",
    "modality": "T1w",
    "session_id": "T1",
    "subject_id": "076"
  },
  "cjv": 0.4045520587129236,
  "cnr": 3.1772164748459693,
  "efc": 0.6384175206589406,
  "fber": 19.23892593383789,
  "fwhm_avg": 3.541628083844518,
  "fwhm_x": 3.52918,
  "fwhm_y": 3.67959,
  "fwhm_z": 3.416114251533555,
  "icvs_csf": 0.22335993025426015,
  "icvs_gm": 0.4528145966290296,
  "icvs_wm": 0.3238254731167102,
  "inu_med": 1.2566707134246826,
  "inu_range": 0.39167029857635516,
  "provenance": {
    "md5sum": "210ff5982212ffdf32e1791654dbc190",
    "settings": {
      "testing": false
    },
    "software": "mriqc",
    "version": "21.0.0rc2",
    "warnings": {
      "large_rot_frame": true,
      "small_air_mask": false
    },
    "webapi_port": null,
    "webapi_url": "https://mriqc.nimh.nih.gov/api/v1"
  },
  "qi_1": 0.0,
  "qi_2": 0.004222959123025574,
  "rpve_csf": 28.084655685191727,
  "rpve_gm": 14.389192774233736,
  "rpve_wm": 22.29202072228416,
  "size_x": 256,
  "size_y": 256,
  "size_z": 160,
  "snr_csf": 4.028492209301078,
  "snr_gm": 10.658287576962028,
  "snr_total": 10.201619203022673,
  "snr_wm": 15.918077822804914,
  "snrd_csf": 8.50701137288865,
  "snrd_gm": 14.355396864405197,
  "snrd_total": 14.508031094929962,
  "snrd_wm": 20.661685047496043,
  "spacing_x": 1.0,
  "spacing_y": 1.0,
  "spacing_z": 0.999969482421875,
  "summary_bg_k": 0.42066172216240805,
  "summary_bg_mad": 31.707968386912206,
  "summary_bg_mean": 114.58767700195312,
  "summary_bg_median": 112.43678283691406,
  "summary_bg_n": 3458418.0,
  "summary_bg_p05": 65.95621261596679,
  "summary_bg_p95": 170.55608139038085,
  "summary_bg_stdv": 32.13407897949219,
  "summary_csf_k": 0.006311466772501717,
  "summary_csf_mad": 100.78100336501538,
  "summary_csf_mean": 406.4561767578125,
  "summary_csf_median": 411.73114013671875,
  "summary_csf_n": 24070.0,
  "summary_csf_p05": 228.86223068237305,
  "summary_csf_p95": 565.0034576416016,
  "summary_csf_stdv": 102.20265197753906,
  "summary_gm_k": 0.020227527678799095,
  "summary_gm_mad": 64.783400686802,
  "summary_gm_mean": 696.9141845703125,
  "summary_gm_median": 694.787353515625,
  "summary_gm_n": 26073.0,
  "summary_gm_p05": 593.678466796875,
  "summary_gm_p95": 807.5015747070312,
  "summary_gm_stdv": 65.18627166748047,
  "summary_wm_k": 0.5486973884692263,
  "summary_wm_mad": 58.693275448298245,
  "summary_wm_mean": 998.9232788085938,
  "summary_wm_median": 1000.005615234375,
  "summary_wm_n": 121965.0,
  "summary_wm_p05": 892.7521850585938,
  "summary_wm_p95": 1100.0540771484375,
  "summary_wm_stdv": 62.82175064086914,
  "tpm_overlap_csf": 0.1629205346107483,
  "tpm_overlap_gm": 0.4814182221889496,
  "tpm_overlap_wm": 0.49424782395362854,
  "wm2max": 0.4912341413536548
}