{
  "bids_meta": {
    "EchoTime": 0.00336,
    "FlipAngle": 9,
    "ImageType": [
      "ORIGINAL",
      "PRIMARY",
      "M",
      "ND",
      "NORM"
    ],
    "MagneticFieldStrength": 3,
    "Manufacturer": "Siemens",
    "ManufacturersModelName": "TrioTim",
    "PhaseEncodingDirection": "i-",
    "RepetitionTime": 2.3,
    "ScanningSequence": "GR_IR",
    "SequenceName": "_tfl3d1",
    "SequenceVariant": "SP_MP",
    "SoftwareVersions": "syngo_MR_B17",
    "dataset": "ds001486",
    "modality": "T1w",
    "session_id": "T2",
    "subject_id": "029"
  },
  "cjv": 0.4403062641577543,
  "cnr": 2.8812132893506965,
  "efc": 0.6767545833219639,
  "fber": 12.431878089904785,
  "fwhm_avg": 3.7423142807437872,
  "fwhm_x": 3.71531,
  "fwhm_y": 3.85329,
  "fwhm_z": 3.6583428422313613,
  "icvs_csf": 0.24211071386900979,
  "icvs_gm": 0.42040110142193116,
  "icvs_wm": 0.337488184709059,
  "inu_med": 1.2889950275421143,
  "inu_range": 0.4615432024002075,
  "provenance": {
    "md5sum": "a24ae01b1455f42a0295a5885867b962",
    "settings": {
      "testing": false
    },
    "software": "mriqc",
    "version": "21.0.0rc2",
    "warnings": {
      "large_rot_frame": true,
      "small_air_mask": false
    },
    "webapi_port": null,
    "webapi_url": "https://mriqc.nimh.nih.gov/api/v1"
  },
  "qi_1": 0.0,
  "qi_2": 0.003894679654235901,
  "rpve_csf": 22.48796723211737,
  "rpve_gm": 12.908385436787603,
  "rpve_wm": 18.84516362583261,
  "size_x": 256,
  "size_y": 256,
  "size_z": 160,
  "snr_csf": 4.169194270174698,
  "snr_gm": 9.666551702614399,
  "snr_total": 9.682202847115363,
  "snr_wm": 15.210862568556994,
  "snrd_csf": 7.972491535460007,
  "snrd_gm": 13.363359985469874,
  "snrd_total": 13.467750240186211,
  "snrd_wm": 19.067399199628746,
  "spacing_x": 1.0,
  "spacing_y": 1.0,
  "spacing_z": 0.9999008178710938,
  "summary_bg_k": 0.3091798985795635,
  "summary_bg_mad": 34.359424051982806,
  "summary_bg_mean": 124.93905639648438,
  "summary_bg_median": 122.78445434570312,
  "summary_bg_n": 3303568.0,
  "summary_bg_p05": 72.21341857910156,
  "summary_bg_p95": 185.35087432861326,
  "summary_bg_stdv": 34.669132232666016,
  "summary_csf_k": 0.1306394247264966,
  "summary_csf_mad": 99.85243142500101,
  "summary_csf_mean": 415.5896301269531,
  "summary_csf_median": 418.12701416015625,
  "summary_csf_n": 30948.0,
  "summary_csf_p05": 246.4254035949707,
  "summary_csf_p95": 574.3759918212891,
  "summary_csf_stdv": 100.28802490234375,
  "summary_gm_k": 0.29284734964090875,
  "summary_gm_mad": 69.79202443516479,
  "summary_gm_mean": 705.228759765625,
  "summary_gm_median": 700.857666015625,
  "summary_gm_n": 20224.0,
  "summary_gm_p05": 594.1715209960937,
  "summary_gm_p95": 832.916030883789,
  "summary_gm_stdv": 72.5015869140625,
  "summary_wm_k": 2.3471460627713023,
  "summary_wm_mad": 61.927916415192286,
  "summary_wm_mean": 1002.149658203125,
  "summary_wm_median": 1000.012939453125,
  "summary_wm_n": 163710.0,
  "summary_wm_p05": 899.1475402832032,
  "summary_wm_p95": 1112.2681640625,
  "summary_wm_stdv": 65.7431411743164,
  "tpm_overlap_csf": 0.14919611811637878,
  "tpm_overlap_gm": 0.4610988199710846,
  "tpm_overlap_wm": 0.48796120285987854,
  "wm2max": 0.5980484963869249
}