{
  "bids_meta": {
    "EchoTime": 0.00336,
    "FlipAngle": 9,
    "ImageType": [
      "ORIGINAL",
      "PRIMARY",
      "M",
      "ND",
      "NORM"
    ],
    "MagneticFieldStrength": 3,
    "Manufacturer": "Siemens",
    "ManufacturersModelName": "TrioTim",
    "PhaseEncodingDirection": "i-",
    "RepetitionTime": 2.3,
    "ScanningSequence": "GR_IR",
    "SequenceName": "_tfl3d1",
    "SequenceVariant": "SP_MP",
    "SoftwareVersions": "syngo_MR_B17",
    "dataset": "ds001486",
    "modality": "T1w",
    "session_id": "T1",
    "subject_id": "129"
  },
  "cjv": 0.30437866919242523,
  "cnr": 4.186211637347137,
  "efc": 0.6614093168765578,
  "fber": 63.941936950141795,
  "fwhm_avg": 3.8444166546119938,
  "fwhm_x": 3.9163,
  "fwhm_y": 3.94883,
  "fwhm_z": 3.6681199638359803,
  "icvs_csf": 0.2396061358340056,
  "icvs_gm": 0.41703151031034685,
  "icvs_wm": 0.3433623538556475,
  "inu_med": 1.2437716722488403,
  "inu_range": 0.5356270998716353,
  "provenance": {
    "md5sum": "8cad98ce4b612084eca1ee5763898665",
    "settings": {
      "testing": false
    },
    "software": "mriqc",
    "version": "21.0.0rc2",
    "warnings": {
      "large_rot_frame": true,
      "small_air_mask": false
    },
    "webapi_port": null,
    "webapi_url": "https://mriqc.nimh.nih.gov/api/v1"
  },
  "qi_1": 0.0,
  "qi_2": 0.00544825644726733,
  "rpve_csf": 20.546237886403695,
  "rpve_gm": 11.811347410465384,
  "rpve_wm": 17.227582656427693,
  "size_x": 256,
  "size_y": 256,
  "size_z": 160,
  "snr_csf": 3.5332199384410012,
  "snr_gm": 9.868637617950347,
  "snr_total": 11.101011120179573,
  "snr_wm": 19.90117580414737,
  "snrd_csf": 11.552993044198727,
  "snrd_gm": 20.20813168013807,
  "snrd_total": 21.044506897195916,
  "snrd_wm": 31.372395967250956,
  "spacing_x": 1.0,
  "spacing_y": 1.0,
  "spacing_z": 0.9999809265136719,
  "summary_bg_k": 0.30886893407533966,
  "summary_bg_mad": 20.88257368589689,
  "summary_bg_mean": 66.66936411662059,
  "summary_bg_median": 65.03633472695947,
  "summary_bg_n": 2162030.0,
  "summary_bg_p05": 35.15146528556943,
  "summary_bg_p95": 103.73969023302197,
  "summary_bg_stdv": 21.010089154508915,
  "summary_csf_k": 0.07859164688060583,
  "summary_csf_mad": 107.16694698805925,
  "summary_csf_mean": 365.7987755523458,
  "summary_csf_median": 368.2534458488226,
  "summary_csf_n": 23762.0,
  "summary_csf_p05": 194.82730254270135,
  "summary_csf_p95": 530.4543912684545,
  "summary_csf_stdv": 104.22382512106935,
  "summary_gm_k": 0.47672720708421457,
  "summary_gm_mad": 61.95163526816077,
  "summary_gm_mean": 645.2241980018363,
  "summary_gm_median": 644.1373328026384,
  "summary_gm_n": 19708.0,
  "summary_gm_p05": 538.3359131887555,
  "summary_gm_p95": 752.8496693443506,
  "summary_gm_stdv": 65.26949468656223,
  "summary_wm_k": 0.8309124892246649,
  "summary_wm_mad": 46.36536650260005,
  "summary_wm_mean": 997.1257874090703,
  "summary_wm_median": 999.9999892041087,
  "summary_wm_n": 190986.0,
  "summary_wm_p05": 909.5288543924689,
  "summary_wm_p95": 1073.8548099957407,
  "summary_wm_stdv": 50.248155237107675,
  "tpm_overlap_csf": 0.15140090882778168,
  "tpm_overlap_gm": 0.45191168785095215,
  "tpm_overlap_wm": 0.4747740924358368,
  "wm2max": 0.692096860783815
}