{
  "bids_meta": {
    "EchoTime": 0.00336,
    "FlipAngle": 9,
    "ImageType": [
      "ORIGINAL",
      "PRIMARY",
      "M",
      "ND",
      "NORM"
    ],
    "MagneticFieldStrength": 3,
    "Manufacturer": "Siemens",
    "ManufacturersModelName": "TrioTim",
    "PhaseEncodingDirection": "i-",
    "RepetitionTime": 2.3,
    "ScanningSequence": "GR_IR",
    "SequenceName": "_tfl3d1",
    "SequenceVariant": "SP_MP",
    "SoftwareVersions": "syngo_MR_B17",
    "dataset": "ds001486",
    "modality": "T1w",
    "session_id": "T1",
    "subject_id": "093"
  },
  "cjv": 0.3130337719654058,
  "cnr": 4.0400676714208315,
  "efc": 0.63235406269071,
  "fber": 37.08232498168945,
  "fwhm_avg": 3.6131829397821402,
  "fwhm_x": 3.68788,
  "fwhm_y": 3.67361,
  "fwhm_z": 3.4780588193464212,
  "icvs_csf": 0.22885654047863735,
  "icvs_gm": 0.4516856016203505,
  "icvs_wm": 0.3194578579010122,
  "inu_med": 1.1180474758148193,
  "inu_range": 0.32213628888130175,
  "provenance": {
    "md5sum": "e6afdc8f8ef4c9357a177e08f4d53cc9",
    "settings": {
      "testing": false
    },
    "software": "mriqc",
    "version": "21.0.0rc2",
    "warnings": {
      "large_rot_frame": true,
      "small_air_mask": false
    },
    "webapi_port": null,
    "webapi_url": "https://mriqc.nimh.nih.gov/api/v1"
  },
  "qi_1": 0.0,
  "qi_2": 0.004024180467676186,
  "rpve_csf": 20.437672154628302,
  "rpve_gm": 10.966432119337341,
  "rpve_wm": 17.797411199102758,
  "size_x": 256,
  "size_y": 256,
  "size_z": 160,
  "snr_csf": 3.8667232505196933,
  "snr_gm": 10.265200047375322,
  "snr_total": 11.114655839678086,
  "snr_wm": 19.21204422113924,
  "snrd_csf": 9.362677541244908,
  "snrd_gm": 16.635502811562635,
  "snrd_total": 17.168511850976927,
  "snrd_wm": 25.507355200123232,
  "spacing_x": 1.0,
  "spacing_y": 1.0,
  "spacing_z": 0.9999313354492188,
  "summary_bg_k": 0.2553179936506682,
  "summary_bg_mad": 25.684455731300144,
  "summary_bg_mean": 94.49044036865234,
  "summary_bg_median": 93.07344055175781,
  "summary_bg_n": 3842998.0,
  "summary_bg_p05": 54.954853248596194,
  "summary_bg_p95": 139.12703018188475,
  "summary_bg_stdv": 25.809276580810547,
  "summary_csf_k": -0.055354395021947944,
  "summary_csf_mad": 97.58411970864815,
  "summary_csf_mean": 363.13958740234375,
  "summary_csf_median": 367.0614013671875,
  "summary_csf_n": 26141.0,
  "summary_csf_p05": 204.3983154296875,
  "summary_csf_p95": 513.59716796875,
  "summary_csf_stdv": 94.92646789550781,
  "summary_gm_k": 0.30743324649581627,
  "summary_gm_mad": 59.872009365428006,
  "summary_gm_mean": 655.285400390625,
  "summary_gm_median": 652.190673828125,
  "summary_gm_n": 31070.0,
  "summary_gm_p05": 555.5431610107422,
  "summary_gm_p95": 766.0060333251953,
  "summary_gm_stdv": 63.533119201660156,
  "summary_wm_k": 0.6072534655198765,
  "summary_wm_mad": 49.00699826493842,
  "summary_wm_mean": 998.2232666015625,
  "summary_wm_median": 1000.0093994140625,
  "summary_wm_n": 169814.0,
  "summary_wm_p05": 909.4681732177735,
  "summary_wm_p95": 1080.010565185547,
  "summary_wm_stdv": 52.05101776123047,
  "tpm_overlap_csf": 0.15463070571422577,
  "tpm_overlap_gm": 0.45655161142349243,
  "tpm_overlap_wm": 0.47242528200149536,
  "wm2max": 0.621005076340694
}