{
  "bids_meta": {
    "EchoTime": 0.00336,
    "FlipAngle": 9,
    "ImageType": [
      "ORIGINAL",
      "PRIMARY",
      "M",
      "ND",
      "NORM"
    ],
    "MagneticFieldStrength": 3,
    "Manufacturer": "Siemens",
    "ManufacturersModelName": "TrioTim",
    "PhaseEncodingDirection": "i-",
    "RepetitionTime": 2.3,
    "ScanningSequence": "GR_IR",
    "SequenceName": "_tfl3d1",
    "SequenceVariant": "SP_MP",
    "SoftwareVersions": "syngo_MR_B17",
    "dataset": "ds001486",
    "modality": "T1w",
    "session_id": "T1",
    "subject_id": "045"
  },
  "cjv": 0.31249664950520367,
  "cnr": 4.048552502878467,
  "efc": 0.5869205142480278,
  "fber": 49.34532165527344,
  "fwhm_avg": 3.5561696151840914,
  "fwhm_x": 3.62978,
  "fwhm_y": 3.66112,
  "fwhm_z": 3.377608845552275,
  "icvs_csf": 0.2273064744089526,
  "icvs_gm": 0.4529762521905465,
  "icvs_wm": 0.31971727340050093,
  "inu_med": 1.1204304695129395,
  "inu_range": 0.2853229999542237,
  "provenance": {
    "md5sum": "4f7de4b6cc2f03cfa5e73ff660226197",
    "settings": {
      "testing": false
    },
    "software": "mriqc",
    "version": "21.0.0rc2",
    "warnings": {
      "large_rot_frame": true,
      "small_air_mask": false
    },
    "webapi_port": null,
    "webapi_url": "https://mriqc.nimh.nih.gov/api/v1"
  },
  "qi_1": 0.0,
  "qi_2": 0.004328893449058396,
  "rpve_csf": 24.32055625305399,
  "rpve_gm": 12.982418079096044,
  "rpve_wm": 21.044423087406592,
  "size_x": 256,
  "size_y": 256,
  "size_z": 160,
  "snr_csf": 4.106569733061557,
  "snr_gm": 10.83392614172371,
  "snr_total": 11.539455234086722,
  "snr_wm": 19.6778698274749,
  "snrd_csf": 10.261929518952623,
  "snrd_gm": 18.171839161214557,
  "snrd_total": 18.61018781268299,
  "snrd_wm": 27.396794757881793,
  "spacing_x": 1.0,
  "spacing_y": 1.0,
  "spacing_z": 0.9999618530273438,
  "summary_bg_k": 0.6391164491628181,
  "summary_bg_mad": 23.91268997585395,
  "summary_bg_mean": 87.79043579101562,
  "summary_bg_median": 86.3622055053711,
  "summary_bg_n": 3548184.0,
  "summary_bg_p05": 50.68210563659668,
  "summary_bg_p95": 129.75938415527344,
  "summary_bg_stdv": 24.21904945373535,
  "summary_csf_k": 0.017599834060974207,
  "summary_csf_mad": 92.39985320478492,
  "summary_csf_mean": 372.0806884765625,
  "summary_csf_median": 374.5637512207031,
  "summary_csf_n": 19882.0,
  "summary_csf_p05": 217.37100524902345,
  "summary_csf_p95": 515.7902435302734,
  "summary_csf_stdv": 91.20856475830078,
  "summary_gm_k": 0.22398348929298306,
  "summary_gm_mad": 58.96927256539066,
  "summary_gm_mean": 665.32666015625,
  "summary_gm_median": 663.2780151367188,
  "summary_gm_n": 31107.0,
  "summary_gm_p05": 566.9651794433594,
  "summary_gm_p95": 770.1673889160155,
  "summary_gm_stdv": 61.22132873535156,
  "summary_wm_k": 0.9775509604690709,
  "summary_wm_mad": 46.25268277264324,
  "summary_wm_mean": 996.1842651367188,
  "summary_wm_median": 999.9918823242188,
  "summary_wm_n": 144751.0,
  "summary_wm_p05": 906.0121154785156,
  "summary_wm_p95": 1071.9007568359375,
  "summary_wm_stdv": 50.81792068481445,
  "tpm_overlap_csf": 0.15401503443717957,
  "tpm_overlap_gm": 0.4599803388118744,
  "tpm_overlap_wm": 0.4791823625564575,
  "wm2max": 0.5294329351145687
}