{
  "bids_meta": {
    "EchoTime": 0.00336,
    "FlipAngle": 9,
    "ImageType": [
      "ORIGINAL",
      "PRIMARY",
      "M",
      "ND",
      "NORM"
    ],
    "MagneticFieldStrength": 3,
    "Manufacturer": "Siemens",
    "ManufacturersModelName": "TrioTim",
    "PhaseEncodingDirection": "i-",
    "RepetitionTime": 2.3,
    "ScanningSequence": "GR_IR",
    "SequenceName": "_tfl3d1",
    "SequenceVariant": "SP_MP",
    "SoftwareVersions": "syngo_MR_B17",
    "dataset": "ds001486",
    "modality": "T1w",
    "session_id": "T1",
    "subject_id": "119"
  },
  "cjv": 0.30527957397723104,
  "cnr": 4.110320264672339,
  "efc": 0.6498248248268348,
  "fber": 23.319507598876953,
  "fwhm_avg": 3.6487341132067797,
  "fwhm_x": 3.75739,
  "fwhm_y": 3.70984,
  "fwhm_z": 3.478972339620338,
  "icvs_csf": 0.22811642818626204,
  "icvs_gm": 0.4497481655125309,
  "icvs_wm": 0.3221354063012071,
  "inu_med": 1.1550157070159912,
  "inu_range": 0.3221101403236388,
  "provenance": {
    "md5sum": "9dffc2d0d08ff1f02bc02679c1949961",
    "settings": {
      "testing": false
    },
    "software": "mriqc",
    "version": "21.0.0rc2",
    "warnings": {
      "large_rot_frame": true,
      "small_air_mask": false
    },
    "webapi_port": null,
    "webapi_url": "https://mriqc.nimh.nih.gov/api/v1"
  },
  "qi_1": 0.0,
  "qi_2": 0.004371447165132821,
  "rpve_csf": 20.914825977623824,
  "rpve_gm": 11.238751048783412,
  "rpve_wm": 18.163152376616058,
  "size_x": 256,
  "size_y": 256,
  "size_z": 160,
  "snr_csf": 3.7283096889349765,
  "snr_gm": 11.005004501128296,
  "snr_total": 11.20746804735476,
  "snr_wm": 18.88908995200101,
  "snrd_csf": 8.56088559046876,
  "snrd_gm": 14.75855537859753,
  "snrd_total": 15.316856347656683,
  "snrd_wm": 22.63112807390376,
  "spacing_x": 1.0,
  "spacing_y": 1.0,
  "spacing_z": 0.99993896484375,
  "summary_bg_k": 0.3586420464290203,
  "summary_bg_mad": 28.948692864459446,
  "summary_bg_mean": 106.24853515625,
  "summary_bg_median": 104.4382553100586,
  "summary_bg_n": 3713897.0,
  "summary_bg_p05": 61.281550598144534,
  "summary_bg_p95": 156.81758728027341,
  "summary_bg_stdv": 29.128873825073242,
  "summary_csf_k": 0.7149347529715864,
  "summary_csf_mad": 96.71097341919743,
  "summary_csf_mean": 376.96917724609375,
  "summary_csf_median": 378.2822265625,
  "summary_csf_n": 26205.0,
  "summary_csf_p05": 208.40043945312502,
  "summary_csf_p95": 538.1141723632812,
  "summary_csf_stdv": 101.46018981933594,
  "summary_gm_k": 0.2642607427883976,
  "summary_gm_mad": 56.74509776505806,
  "summary_gm_mean": 653.5617065429688,
  "summary_gm_median": 652.140380859375,
  "summary_gm_n": 33352.0,
  "summary_gm_p05": 558.2010711669922,
  "summary_gm_p95": 753.8051788330079,
  "summary_gm_stdv": 59.25764083862305,
  "summary_wm_k": 0.6370469042519415,
  "summary_wm_mad": 49.45176083231849,
  "summary_wm_mean": 997.490234375,
  "summary_wm_median": 1000.0079345703125,
  "summary_wm_n": 172804.0,
  "summary_wm_p05": 905.8728088378906,
  "summary_wm_p95": 1079.29736328125,
  "summary_wm_stdv": 52.940879821777344,
  "tpm_overlap_csf": 0.1401289999485016,
  "tpm_overlap_gm": 0.45802074670791626,
  "tpm_overlap_wm": 0.4740714728832245,
  "wm2max": 0.5512138711820253
}