{
  "bids_meta": {
    "EchoTime": 0.00336,
    "FlipAngle": 9,
    "ImageType": [
      "ORIGINAL",
      "PRIMARY",
      "M",
      "ND",
      "NORM"
    ],
    "MagneticFieldStrength": 3,
    "Manufacturer": "Siemens",
    "ManufacturersModelName": "TrioTim",
    "PhaseEncodingDirection": "i-",
    "RepetitionTime": 2.3,
    "ScanningSequence": "GR_IR",
    "SequenceName": "_tfl3d1",
    "SequenceVariant": "SP_MP",
    "SoftwareVersions": "syngo_MR_B17",
    "dataset": "ds001486",
    "modality": "T1w",
    "session_id": "T2",
    "subject_id": "024"
  },
  "cjv": 0.31925529011866144,
  "cnr": 4.0300266115801255,
  "efc": 0.6818551797883358,
  "fber": 70.4373136506745,
  "fwhm_avg": 3.9305101538356237,
  "fwhm_x": 4.010510239045038,
  "fwhm_y": 4.04873,
  "fwhm_z": 3.732290222461833,
  "icvs_csf": 0.24090194798259293,
  "icvs_gm": 0.40875625843572166,
  "icvs_wm": 0.35034179358168543,
  "inu_med": 1.2410919666290283,
  "inu_range": 0.5411589682102202,
  "provenance": {
    "md5sum": "85ff900e1983edb2abebf03860ff2a83",
    "settings": {
      "testing": false
    },
    "software": "mriqc",
    "version": "21.0.0rc2",
    "warnings": {
      "large_rot_frame": true,
      "small_air_mask": false
    },
    "webapi_port": null,
    "webapi_url": "https://mriqc.nimh.nih.gov/api/v1"
  },
  "qi_1": 0.0,
  "qi_2": 0.0044301987716741185,
  "rpve_csf": 19.899668083508043,
  "rpve_gm": 11.54637480600828,
  "rpve_wm": 16.359027408760618,
  "size_x": 256,
  "size_y": 256,
  "size_z": 160,
  "snr_csf": 3.63461116650238,
  "snr_gm": 9.677124373228574,
  "snr_total": 10.794222294645396,
  "snr_wm": 19.07093134420523,
  "snrd_csf": 12.120617819705208,
  "snrd_gm": 20.703340884371432,
  "snrd_total": 21.60457401585921,
  "snrd_wm": 31.989763343500993,
  "spacing_x": 0.9999999403953552,
  "spacing_y": 1.0,
  "spacing_z": 0.9999999403953552,
  "summary_bg_k": 1.3319446062872355,
  "summary_bg_mad": 20.479562658182232,
  "summary_bg_mean": 66.18128275302966,
  "summary_bg_median": 64.41758388653398,
  "summary_bg_n": 1958290.0,
  "summary_bg_p05": 35.10869004949927,
  "summary_bg_p95": 102.97958771139383,
  "summary_bg_stdv": 21.033026018705947,
  "summary_csf_k": -0.033580816171456807,
  "summary_csf_mad": 106.33619072517698,
  "summary_csf_mean": 373.45212879810487,
  "summary_csf_median": 378.89050371199846,
  "summary_csf_n": 32731.0,
  "summary_csf_p05": 199.84946643561125,
  "summary_csf_p95": 538.0085768997669,
  "summary_csf_stdv": 104.24353482814465,
  "summary_gm_k": 0.6815833713199018,
  "summary_gm_mad": 62.88275970044416,
  "summary_gm_mean": 649.1414893849912,
  "summary_gm_median": 647.1864201053977,
  "summary_gm_n": 20867.0,
  "summary_gm_p05": 541.7983674019575,
  "summary_gm_p95": 759.80429511033,
  "summary_gm_stdv": 66.87636611304478,
  "summary_wm_k": 0.5020726961962385,
  "summary_wm_mad": 49.754834919558114,
  "summary_wm_mean": 997.4761585755126,
  "summary_wm_median": 999.9999774880707,
  "summary_wm_n": 209854.0,
  "summary_wm_p05": 906.4350971398876,
  "summary_wm_p95": 1078.71782226488,
  "summary_wm_stdv": 52.4356979125866,
  "tpm_overlap_csf": 0.14967700839042664,
  "tpm_overlap_gm": 0.4432206451892853,
  "tpm_overlap_wm": 0.4821360409259796,
  "wm2max": 0.6557791133176553
}