{
  "bids_meta": {
    "EchoTime": 0.00336,
    "FlipAngle": 9,
    "ImageType": [
      "ORIGINAL",
      "PRIMARY",
      "M",
      "ND",
      "NORM"
    ],
    "MagneticFieldStrength": 3,
    "Manufacturer": "Siemens",
    "ManufacturersModelName": "TrioTim",
    "PhaseEncodingDirection": "i-",
    "RepetitionTime": 2.3,
    "ScanningSequence": "GR_IR",
    "SequenceName": "_tfl3d1",
    "SequenceVariant": "SP_MP",
    "SoftwareVersions": "syngo_MR_B17",
    "dataset": "ds001486",
    "modality": "T1w",
    "session_id": "T1",
    "subject_id": "027"
  },
  "cjv": 0.3070026751538543,
  "cnr": 4.119093232173729,
  "efc": 0.6129638698798648,
  "fber": 44.763710021972656,
  "fwhm_avg": 3.580103333333333,
  "fwhm_x": 3.60906,
  "fwhm_y": 3.67657,
  "fwhm_z": 3.45468,
  "icvs_csf": 0.2250874102042115,
  "icvs_gm": 0.46196748368465673,
  "icvs_wm": 0.31294510611113174,
  "inu_med": 1.1265819072723389,
  "inu_range": 0.32003315687179545,
  "provenance": {
    "md5sum": "f9cad5a7ab7e770dbb82131076fc3297",
    "settings": {
      "testing": false
    },
    "software": "mriqc",
    "version": "21.0.0rc2",
    "warnings": {
      "large_rot_frame": true,
      "small_air_mask": false
    },
    "webapi_port": null,
    "webapi_url": "https://mriqc.nimh.nih.gov/api/v1"
  },
  "qi_1": 0.0,
  "qi_2": 0.003390640319396216,
  "rpve_csf": 22.472693084928192,
  "rpve_gm": 11.757905545550377,
  "rpve_wm": 19.570004978816545,
  "size_x": 256,
  "size_y": 256,
  "size_z": 160,
  "snr_csf": 4.497702601634643,
  "snr_gm": 11.380679965569573,
  "snr_total": 11.677911346341041,
  "snr_wm": 19.155351471818907,
  "snrd_csf": 10.347911403476399,
  "snrd_gm": 17.495480946117155,
  "snrd_total": 18.095044468436956,
  "snrd_wm": 26.441741055717323,
  "spacing_x": 1.0,
  "spacing_y": 1.0,
  "spacing_z": 1.0,
  "summary_bg_k": 1.1005825207094215,
  "summary_bg_mad": 24.77629513545764,
  "summary_bg_mean": 91.69647979736328,
  "summary_bg_median": 90.06610870361328,
  "summary_bg_n": 3639237.0,
  "summary_bg_p05": 52.89921340942383,
  "summary_bg_p95": 135.42871093749997,
  "summary_bg_stdv": 25.32699966430664,
  "summary_csf_k": 0.5163257152862029,
  "summary_csf_mad": 81.91273192756678,
  "summary_csf_mean": 388.25506591796875,
  "summary_csf_median": 391.3428039550781,
  "summary_csf_n": 26435.0,
  "summary_csf_p05": 235.1229263305664,
  "summary_csf_p95": 523.3785522460937,
  "summary_csf_stdv": 87.00784301757812,
  "summary_gm_k": 0.3364877040698633,
  "summary_gm_mad": 54.67303809712952,
  "summary_gm_mean": 662.6672973632812,
  "summary_gm_median": 661.6533813476562,
  "summary_gm_n": 32371.0,
  "summary_gm_p05": 568.2955627441406,
  "summary_gm_p95": 760.3765258789062,
  "summary_gm_stdv": 58.13740158081055,
  "summary_wm_k": 0.5673336630836165,
  "summary_wm_mad": 49.19653136715155,
  "summary_wm_mean": 997.425537109375,
  "summary_wm_median": 999.98779296875,
  "summary_wm_n": 154292.0,
  "summary_wm_p05": 906.5013916015625,
  "summary_wm_p95": 1078.1216857910156,
  "summary_wm_stdv": 52.20392608642578,
  "tpm_overlap_csf": 0.14848482608795166,
  "tpm_overlap_gm": 0.46391841769218445,
  "tpm_overlap_wm": 0.4716704487800598,
  "wm2max": 0.5302444732508236
}