{
  "bids_meta": {
    "EchoTime": 0.00336,
    "FlipAngle": 9,
    "ImageType": [
      "ORIGINAL",
      "PRIMARY",
      "M",
      "ND",
      "NORM"
    ],
    "MagneticFieldStrength": 3,
    "Manufacturer": "Siemens",
    "ManufacturersModelName": "TrioTim",
    "PhaseEncodingDirection": "i-",
    "RepetitionTime": 2.3,
    "ScanningSequence": "GR_IR",
    "SequenceName": "_tfl3d1",
    "SequenceVariant": "SP_MP",
    "SoftwareVersions": "syngo_MR_B17",
    "dataset": "ds001486",
    "modality": "T1w",
    "session_id": "T1",
    "subject_id": "103"
  },
  "cjv": 0.30699363112910955,
  "cnr": 4.080594299428328,
  "efc": 0.6297176215239851,
  "fber": 33.72705841064453,
  "fwhm_avg": 3.666379053608077,
  "fwhm_x": 3.7884702258104217,
  "fwhm_y": 3.733,
  "fwhm_z": 3.477666935013809,
  "icvs_csf": 0.2177530533240171,
  "icvs_gm": 0.4693301927145317,
  "icvs_wm": 0.3129167539614512,
  "inu_med": 1.1372058391571045,
  "inu_range": 0.311319750547409,
  "provenance": {
    "md5sum": "bae7d2d7840c2271764b40033950331f",
    "settings": {
      "testing": false
    },
    "software": "mriqc",
    "version": "21.0.0rc2",
    "warnings": {
      "large_rot_frame": true,
      "small_air_mask": false
    },
    "webapi_port": null,
    "webapi_url": "https://mriqc.nimh.nih.gov/api/v1"
  },
  "qi_1": 0.0,
  "qi_2": 0.0037442815818303854,
  "rpve_csf": 24.76191926957507,
  "rpve_gm": 12.505800581933446,
  "rpve_wm": 20.912858897774353,
  "size_x": 256,
  "size_y": 256,
  "size_z": 160,
  "snr_csf": 4.040303889334839,
  "snr_gm": 11.52286122409594,
  "snr_total": 11.299993115292486,
  "snr_wm": 18.336814232446674,
  "snrd_csf": 9.736030823459549,
  "snrd_gm": 16.640221711092366,
  "snrd_total": 17.195550035702748,
  "snrd_wm": 25.21039757255633,
  "spacing_x": 0.9999999403953552,
  "spacing_y": 1.0,
  "spacing_z": 1.0000152587890625,
  "summary_bg_k": 0.49977125289855495,
  "summary_bg_mad": 25.98661036205142,
  "summary_bg_mean": 94.83416748046875,
  "summary_bg_median": 93.27494049072266,
  "summary_bg_n": 3649587.0,
  "summary_bg_p05": 54.712934494018555,
  "summary_bg_p95": 140.14209594726557,
  "summary_bg_stdv": 26.172752380371094,
  "summary_csf_k": -0.20508850078207708,
  "summary_csf_mad": 98.34462750252484,
  "summary_csf_mean": 379.3425598144531,
  "summary_csf_median": 386.18896484375,
  "summary_csf_n": 19506.0,
  "summary_csf_p05": 214.71307373046875,
  "summary_csf_p95": 525.28076171875,
  "summary_csf_stdv": 95.5816879272461,
  "summary_gm_k": 0.4152040166967472,
  "summary_gm_mad": 53.716775954547856,
  "summary_gm_mean": 662.2716064453125,
  "summary_gm_median": 660.05029296875,
  "summary_gm_n": 33434.0,
  "summary_gm_p05": 571.0183746337891,
  "summary_gm_p95": 760.3206481933594,
  "summary_gm_stdv": 57.280948638916016,
  "summary_wm_k": 0.5914153216766378,
  "summary_wm_mad": 50.64393264187061,
  "summary_wm_mean": 995.9850463867188,
  "summary_wm_median": 999.9945068359375,
  "summary_wm_n": 143665.0,
  "summary_wm_p05": 898.3586303710938,
  "summary_wm_p95": 1078.36123046875,
  "summary_wm_stdv": 54.534610748291016,
  "tpm_overlap_csf": 0.15828736126422882,
  "tpm_overlap_gm": 0.48030999302864075,
  "tpm_overlap_wm": 0.4894446134567261,
  "wm2max": 0.6259901489709814
}