{
  "bids_meta": {
    "EchoTime": 0.00336,
    "FlipAngle": 9,
    "ImageType": [
      "ORIGINAL",
      "PRIMARY",
      "M",
      "ND",
      "NORM"
    ],
    "MagneticFieldStrength": 3,
    "Manufacturer": "Siemens",
    "ManufacturersModelName": "TrioTim",
    "PhaseEncodingDirection": "i-",
    "RepetitionTime": 2.3,
    "ScanningSequence": "GR_IR",
    "SequenceName": "_tfl3d1",
    "SequenceVariant": "SP_MP",
    "SoftwareVersions": "syngo_MR_B17",
    "dataset": "ds001486",
    "modality": "T1w",
    "session_id": "T1",
    "subject_id": "035"
  },
  "cjv": 0.3810156497823246,
  "cnr": 3.3888095887745227,
  "efc": 0.6901923704584142,
  "fber": 36.32362356195234,
  "fwhm_avg": 3.653366637710571,
  "fwhm_x": 3.63434,
  "fwhm_y": 3.8236302279061216,
  "fwhm_z": 3.502129685225591,
  "icvs_csf": 0.24400935632172688,
  "icvs_gm": 0.4210679287830545,
  "icvs_wm": 0.33492271489521863,
  "inu_med": 1.0721005201339722,
  "inu_range": 0.31390038728714,
  "provenance": {
    "md5sum": "bdf6a819e519b6f322b5e8ef4423dc84",
    "settings": {
      "testing": false
    },
    "software": "mriqc",
    "version": "21.0.0rc2",
    "warnings": {
      "large_rot_frame": true,
      "small_air_mask": false
    },
    "webapi_port": null,
    "webapi_url": "https://mriqc.nimh.nih.gov/api/v1"
  },
  "qi_1": 0.0,
  "qi_2": 0.00419796720903056,
  "rpve_csf": 20.280703638053147,
  "rpve_gm": 11.782227979156243,
  "rpve_wm": 17.723291765819315,
  "size_x": 256,
  "size_y": 256,
  "size_z": 160,
  "snr_csf": 4.417441320174498,
  "snr_gm": 10.099305417628889,
  "snr_total": 11.089594035583255,
  "snr_wm": 18.752035368946384,
  "snrd_csf": 9.404138869830517,
  "snrd_gm": 16.227630971529695,
  "snrd_total": 16.372356142863428,
  "snrd_wm": 23.48529858723007,
  "spacing_x": 1.0,
  "spacing_y": 0.9999999403953552,
  "spacing_z": 1.0000457763671875,
  "summary_bg_k": 0.29204546559844147,
  "summary_bg_mad": 27.895594236578013,
  "summary_bg_mean": 100.97612853017021,
  "summary_bg_median": 99.10845874249935,
  "summary_bg_n": 1826535.0,
  "summary_bg_p05": 58.14144130423665,
  "summary_bg_p95": 150.03007854893804,
  "summary_bg_stdv": 28.129637687588755,
  "summary_csf_k": 6.44565169119007,
  "summary_csf_mad": 88.99829847280338,
  "summary_csf_mean": 398.19857110510503,
  "summary_csf_median": 400.4266150407493,
  "summary_csf_n": 30910.0,
  "summary_csf_p05": 247.98992932587862,
  "summary_csf_p95": 541.2131342478096,
  "summary_csf_stdv": 90.6452646831516,
  "summary_gm_k": 0.08356936771013856,
  "summary_gm_mad": 66.6574955304277,
  "summary_gm_mean": 694.0844818674354,
  "summary_gm_median": 690.9697347097099,
  "summary_gm_n": 25925.0,
  "summary_gm_p05": 586.2823229916394,
  "summary_gm_p95": 813.4879177026451,
  "summary_gm_stdv": 68.4162305908952,
  "summary_wm_k": 0.7971886043693042,
  "summary_wm_mad": 51.08786153791903,
  "summary_wm_mean": 1000.4405430444359,
  "summary_wm_median": 999.9999730624259,
  "summary_wm_n": 185198.0,
  "summary_wm_p05": 914.4560274370015,
  "summary_wm_p95": 1087.5129609145224,
  "summary_wm_stdv": 53.32739905672798,
  "tpm_overlap_csf": 0.14099553227424622,
  "tpm_overlap_gm": 0.4539848566055298,
  "tpm_overlap_wm": 0.4863751530647278,
  "wm2max": 0.5154461735966158
}