{
  "bids_meta": {
    "EchoTime": 0.00336,
    "FlipAngle": 9,
    "ImageType": [
      "ORIGINAL",
      "PRIMARY",
      "M",
      "ND",
      "NORM"
    ],
    "MagneticFieldStrength": 3,
    "Manufacturer": "Siemens",
    "ManufacturersModelName": "TrioTim",
    "PhaseEncodingDirection": "i-",
    "RepetitionTime": 2.3,
    "ScanningSequence": "GR_IR",
    "SequenceName": "_tfl3d1",
    "SequenceVariant": "SP_MP",
    "SoftwareVersions": "syngo_MR_B17",
    "dataset": "ds001486",
    "modality": "T1w",
    "session_id": "T1",
    "subject_id": "087"
  },
  "cjv": 0.3973419454798139,
  "cnr": 3.2734671384012795,
  "efc": 0.6533837497761436,
  "fber": 19.3333683013916,
  "fwhm_avg": 3.632413929511587,
  "fwhm_x": 3.68883,
  "fwhm_y": 3.69753,
  "fwhm_z": 3.5108817885347596,
  "icvs_csf": 0.23829227061417035,
  "icvs_gm": 0.4074611404426708,
  "icvs_wm": 0.35424658894315886,
  "inu_med": 1.1565954685211182,
  "inu_range": 0.33237916231155396,
  "provenance": {
    "md5sum": "72238e85a68b3a1971a6322f1bb9543c",
    "settings": {
      "testing": false
    },
    "software": "mriqc",
    "version": "21.0.0rc2",
    "warnings": {
      "large_rot_frame": true,
      "small_air_mask": false
    },
    "webapi_port": null,
    "webapi_url": "https://mriqc.nimh.nih.gov/api/v1"
  },
  "qi_1": 0.0,
  "qi_2": 0.003485754636798954,
  "rpve_csf": 20.66873355806466,
  "rpve_gm": 12.08086038031134,
  "rpve_wm": 17.198008387302437,
  "size_x": 256,
  "size_y": 256,
  "size_z": 160,
  "snr_csf": 3.4707403041389253,
  "snr_gm": 9.844115928005257,
  "snr_total": 11.008280110906503,
  "snr_wm": 19.709984100575323,
  "snrd_csf": 8.814974234115349,
  "snrd_gm": 15.597468876651805,
  "snrd_total": 15.579268823046773,
  "snrd_wm": 22.325363358373167,
  "spacing_x": 1.0,
  "spacing_y": 1.0,
  "spacing_z": 0.9998855590820312,
  "summary_bg_k": 0.17803840372536683,
  "summary_bg_mad": 29.345574456566883,
  "summary_bg_mean": 107.77809143066406,
  "summary_bg_median": 106.00328826904297,
  "summary_bg_n": 3591819.0,
  "summary_bg_p05": 62.45683631896973,
  "summary_bg_p95": 158.86026153564453,
  "summary_bg_stdv": 29.402002334594727,
  "summary_csf_k": 93.43096720583864,
  "summary_csf_mad": 95.46781001112676,
  "summary_csf_mean": 395.3050537109375,
  "summary_csf_median": 394.8498229980469,
  "summary_csf_n": 30960.0,
  "summary_csf_p05": 229.44143142700196,
  "summary_csf_p95": 552.4966156005859,
  "summary_csf_stdv": 113.76346588134766,
  "summary_gm_k": 0.025476983788300878,
  "summary_gm_mad": 70.55662694036883,
  "summary_gm_mean": 699.8860473632812,
  "summary_gm_median": 698.6586303710938,
  "summary_gm_n": 18979.0,
  "summary_gm_p05": 583.7394104003906,
  "summary_gm_p95": 819.9339721679687,
  "summary_gm_stdv": 70.9703369140625,
  "summary_wm_k": 0.4578920668545403,
  "summary_wm_mad": 49.18757277220331,
  "summary_wm_mean": 1000.6064453125,
  "summary_wm_median": 1000.021728515625,
  "summary_wm_n": 198780.0,
  "summary_wm_p05": 918.4027709960938,
  "summary_wm_p95": 1084.2331604003905,
  "summary_wm_stdv": 50.7366828918457,
  "tpm_overlap_csf": 0.1518438309431076,
  "tpm_overlap_gm": 0.45304596424102783,
  "tpm_overlap_wm": 0.491451621055603,
  "wm2max": 0.6161355358209568
}