{
  "bids_meta": {
    "EchoTime": 0.00336,
    "FlipAngle": 9,
    "ImageType": [
      "ORIGINAL",
      "PRIMARY",
      "M",
      "ND",
      "NORM"
    ],
    "MagneticFieldStrength": 3,
    "Manufacturer": "Siemens",
    "ManufacturersModelName": "TrioTim",
    "PhaseEncodingDirection": "i-",
    "RepetitionTime": 2.3,
    "ScanningSequence": "GR_IR",
    "SequenceName": "_tfl3d1",
    "SequenceVariant": "SP_MP",
    "SoftwareVersions": "syngo_MR_B17",
    "dataset": "ds001486",
    "modality": "T1w",
    "session_id": "T1",
    "subject_id": "077"
  },
  "cjv": 0.4152048993603072,
  "cnr": 2.6568209170157964,
  "efc": 0.7071652757983699,
  "fber": 2.300121784210205,
  "fwhm_avg": 3.62928084555851,
  "fwhm_x": 3.18266018970133,
  "fwhm_y": 3.99415,
  "fwhm_z": 3.7110323469742,
  "icvs_csf": 0.24590885332182272,
  "icvs_gm": 0.4249177838062899,
  "icvs_wm": 0.32917336287188736,
  "inu_med": 1.3648505210876465,
  "inu_range": 0.4732543289661406,
  "provenance": {
    "md5sum": "7514493eed0c3b68625e0f06e43e2a76",
    "settings": {
      "testing": false
    },
    "software": "mriqc",
    "version": "21.0.0rc2",
    "warnings": {
      "large_rot_frame": true,
      "small_air_mask": false
    },
    "webapi_port": null,
    "webapi_url": "https://mriqc.nimh.nih.gov/api/v1"
  },
  "qi_1": 0.0,
  "qi_2": 0.003304808853218748,
  "rpve_csf": 19.459236329969794,
  "rpve_gm": 10.719678132770232,
  "rpve_wm": 14.736701088631943,
  "size_x": 256,
  "size_y": 256,
  "size_z": 160,
  "snr_csf": 2.3786071108454685,
  "snr_gm": 8.800378866143953,
  "snr_total": 6.632858075322832,
  "snr_wm": 8.719588248979072,
  "snrd_csf": 4.027654275345026,
  "snrd_gm": 9.908197290146479,
  "snrd_total": 9.930627643497614,
  "snrd_wm": 15.856031365001337,
  "spacing_x": 0.9999999403953552,
  "spacing_y": 1.0,
  "spacing_z": 0.9999427795410156,
  "summary_bg_k": 0.3274347893256748,
  "summary_bg_mad": 41.31798439963937,
  "summary_bg_mean": 147.53775024414062,
  "summary_bg_median": 144.5416259765625,
  "summary_bg_n": 2194440.0,
  "summary_bg_p05": 84.33885841369629,
  "summary_bg_p95": 220.71534271240225,
  "summary_bg_stdv": 41.71687316894531,
  "summary_csf_k": 0.9890459815623545,
  "summary_csf_mad": 106.15423740322885,
  "summary_csf_mean": 263.97625732421875,
  "summary_csf_median": 254.01513671875,
  "summary_csf_n": 67393.0,
  "summary_csf_p05": 110.30058288574219,
  "summary_csf_p95": 453.5905883789062,
  "summary_csf_stdv": 106.79075622558594,
  "summary_gm_k": 0.05204029325896897,
  "summary_gm_mad": 69.96219249375241,
  "summary_gm_mean": 625.2178344726562,
  "summary_gm_median": 624.8878173828125,
  "summary_gm_n": 27982.0,
  "summary_gm_p05": 508.7859085083008,
  "summary_gm_p95": 742.8454254150389,
  "summary_gm_stdv": 71.00565338134766,
  "summary_wm_k": 12.103986043135855,
  "summary_wm_mad": 85.78804816954748,
  "summary_wm_mean": 1009.6834716796875,
  "summary_wm_median": 1000.00439453125,
  "summary_wm_n": 148795.0,
  "summary_wm_p05": 861.4965759277344,
  "summary_wm_p95": 1165.8503417968748,
  "summary_wm_stdv": 114.68443298339844,
  "tpm_overlap_csf": 0.10555902123451233,
  "tpm_overlap_gm": 0.4199208915233612,
  "tpm_overlap_wm": 0.42367446422576904,
  "wm2max": 0.531084158947563
}