{
  "bids_meta": {
    "EchoTime": 0.00336,
    "FlipAngle": 9,
    "ImageType": [
      "ORIGINAL",
      "PRIMARY",
      "M",
      "ND",
      "NORM"
    ],
    "MagneticFieldStrength": 3,
    "Manufacturer": "Siemens",
    "ManufacturersModelName": "TrioTim",
    "PhaseEncodingDirection": "i-",
    "RepetitionTime": 2.3,
    "ScanningSequence": "GR_IR",
    "SequenceName": "_tfl3d1",
    "SequenceVariant": "SP_MP",
    "SoftwareVersions": "syngo_MR_B17",
    "dataset": "ds001486",
    "modality": "T1w",
    "session_id": "T1",
    "subject_id": "049"
  },
  "cjv": 0.2825842697859714,
  "cnr": 4.120494132237631,
  "efc": 0.6186027495489597,
  "fber": 47.33057403564453,
  "fwhm_avg": 3.562798854521823,
  "fwhm_x": 3.693950220176591,
  "fwhm_y": 3.57462,
  "fwhm_z": 3.4198263433888783,
  "icvs_csf": 0.21882548430416005,
  "icvs_gm": 0.4542867306864258,
  "icvs_wm": 0.3268877850094142,
  "inu_med": 1.0732132196426392,
  "inu_range": 0.23197255730628974,
  "provenance": {
    "md5sum": "b57f705248710b416ca3c510c3e6cfb3",
    "settings": {
      "testing": false
    },
    "software": "mriqc",
    "version": "21.0.0rc2",
    "warnings": {
      "large_rot_frame": true,
      "small_air_mask": false
    },
    "webapi_port": null,
    "webapi_url": "https://mriqc.nimh.nih.gov/api/v1"
  },
  "qi_1": 0.0,
  "qi_2": 0.0037541057149252537,
  "rpve_csf": 20.236714260381206,
  "rpve_gm": 10.454932142766546,
  "rpve_wm": 16.740678585162648,
  "size_x": 256,
  "size_y": 256,
  "size_z": 160,
  "snr_csf": 3.9065519254260943,
  "snr_gm": 10.925180623544549,
  "snr_total": 10.105508910425575,
  "snr_wm": 15.484794182306084,
  "snrd_csf": 10.04029177061527,
  "snrd_gm": 17.76755125158373,
  "snrd_total": 18.662480560693467,
  "snrd_wm": 28.17959865988141,
  "spacing_x": 0.9999999403953552,
  "spacing_y": 1.0,
  "spacing_z": 0.9999542832374573,
  "summary_bg_k": 0.28138525680017556,
  "summary_bg_mad": 23.24825519484711,
  "summary_bg_mean": 85.156494140625,
  "summary_bg_median": 83.73700714111328,
  "summary_bg_n": 3881971.0,
  "summary_bg_p05": 49.210676193237305,
  "summary_bg_p95": 125.4973030090332,
  "summary_bg_stdv": 23.234067916870117,
  "summary_csf_k": 10.960057489513133,
  "summary_csf_mad": 88.01708685350096,
  "summary_csf_mean": 352.7269592285156,
  "summary_csf_median": 356.2911071777344,
  "summary_csf_n": 26360.0,
  "summary_csf_p05": 202.194327545166,
  "summary_csf_p95": 490.94402465820315,
  "summary_csf_stdv": 91.20174407958984,
  "summary_gm_k": 0.2629436834311387,
  "summary_gm_mad": 54.90786187380323,
  "summary_gm_mean": 631.4419555664062,
  "summary_gm_median": 630.5016479492188,
  "summary_gm_n": 41433.0,
  "summary_gm_p05": 537.8953857421875,
  "summary_gm_p95": 728.5053588867189,
  "summary_gm_stdv": 57.71017074584961,
  "summary_wm_k": 2.1073640087723415,
  "summary_wm_mad": 49.50229997654672,
  "summary_wm_mean": 990.0184936523438,
  "summary_wm_median": 999.9849243164062,
  "summary_wm_n": 181141.0,
  "summary_wm_p05": 853.6469116210938,
  "summary_wm_p95": 1074.155517578125,
  "summary_wm_stdv": 64.57833099365234,
  "tpm_overlap_csf": 0.15434065461158752,
  "tpm_overlap_gm": 0.46089255809783936,
  "tpm_overlap_wm": 0.47323912382125854,
  "wm2max": 0.6255494297187831
}