{
  "bids_meta": {
    "EchoTime": 0.00336,
    "FlipAngle": 9,
    "ImageType": [
      "ORIGINAL",
      "PRIMARY",
      "M",
      "ND",
      "NORM"
    ],
    "MagneticFieldStrength": 3,
    "Manufacturer": "Siemens",
    "ManufacturersModelName": "TrioTim",
    "PhaseEncodingDirection": "i-",
    "RepetitionTime": 2.3,
    "ScanningSequence": "GR_IR",
    "SequenceName": "_tfl3d1",
    "SequenceVariant": "SP_MP",
    "SoftwareVersions": "syngo_MR_B17",
    "dataset": "ds001486",
    "modality": "T1w",
    "session_id": "T1",
    "subject_id": "125"
  },
  "cjv": 0.2927191009360798,
  "cnr": 4.391156329936157,
  "efc": 0.6425025651727382,
  "fber": 48.67392033141115,
  "fwhm_avg": 3.4961718996574374,
  "fwhm_x": 3.52943,
  "fwhm_y": 3.59067,
  "fwhm_z": 3.368415698972313,
  "icvs_csf": 0.20313156794328163,
  "icvs_gm": 0.4683926853092963,
  "icvs_wm": 0.3284757467474221,
  "inu_med": 1.149819016456604,
  "inu_range": 0.26612237095832825,
  "provenance": {
    "md5sum": "3d5e2e2e66f2ab1f924439c7c67fae85",
    "settings": {
      "testing": false
    },
    "software": "mriqc",
    "version": "21.0.0rc2",
    "warnings": {
      "large_rot_frame": true,
      "small_air_mask": false
    },
    "webapi_port": null,
    "webapi_url": "https://mriqc.nimh.nih.gov/api/v1"
  },
  "qi_1": 0.0,
  "qi_2": 0.004964677157857201,
  "rpve_csf": 30.527890355080043,
  "rpve_gm": 14.692003692501414,
  "rpve_wm": 23.785257338603184,
  "size_x": 256,
  "size_y": 256,
  "size_z": 160,
  "snr_csf": 3.9133899277116564,
  "snr_gm": 10.750261448610743,
  "snr_total": 11.898567816530319,
  "snr_wm": 21.03205207326856,
  "snrd_csf": 10.910813055671511,
  "snrd_gm": 18.901074131666782,
  "snrd_total": 19.653469121226497,
  "snrd_wm": 29.1485201763412,
  "spacing_x": 1.0,
  "spacing_y": 1.0,
  "spacing_z": 0.9999923706054688,
  "summary_bg_k": 0.24174484685294306,
  "summary_bg_mad": 22.475384015686945,
  "summary_bg_mean": 82.28556910722325,
  "summary_bg_median": 80.9371284879744,
  "summary_bg_n": 2151761.0,
  "summary_bg_p05": 47.56406492367387,
  "summary_bg_p95": 121.57330298423767,
  "summary_bg_stdv": 22.602877566291312,
  "summary_csf_k": -0.09563209043487353,
  "summary_csf_mad": 96.44535180195884,
  "summary_csf_mean": 366.09960146328496,
  "summary_csf_median": 374.3109400551766,
  "summary_csf_n": 11814.0,
  "summary_csf_p05": 200.29797614216804,
  "summary_csf_p95": 513.818540032953,
  "summary_csf_stdv": 95.64472357630446,
  "summary_gm_k": 0.2523016805589733,
  "summary_gm_mad": 56.713069739829216,
  "summary_gm_mean": 650.9978968570316,
  "summary_gm_median": 648.4281959719956,
  "summary_gm_n": 24794.0,
  "summary_gm_p05": 554.1194940246642,
  "summary_gm_p95": 754.7694516966118,
  "summary_gm_stdv": 60.31621859868363,
  "summary_wm_k": 0.35191603872334776,
  "summary_wm_mad": 46.19326469071776,
  "summary_wm_mean": 998.3285028905714,
  "summary_wm_median": 999.9813884403557,
  "summary_wm_n": 128388.0,
  "summary_wm_p05": 917.4240275137126,
  "summary_wm_p95": 1073.0780817940831,
  "summary_wm_stdv": 47.5454078649438,
  "tpm_overlap_csf": 0.15087714791297913,
  "tpm_overlap_gm": 0.4640269875526428,
  "tpm_overlap_wm": 0.4759009778499603,
  "wm2max": 0.591118692373012
}