{
  "bids_meta": {
    "EchoTime": 0.00336,
    "FlipAngle": 9,
    "ImageType": [
      "ORIGINAL",
      "PRIMARY",
      "M",
      "ND",
      "NORM"
    ],
    "MagneticFieldStrength": 3,
    "Manufacturer": "Siemens",
    "ManufacturersModelName": "TrioTim",
    "PhaseEncodingDirection": "i-",
    "RepetitionTime": 2.3,
    "ScanningSequence": "GR_IR",
    "SequenceName": "_tfl3d1",
    "SequenceVariant": "SP_MP",
    "SoftwareVersions": "syngo_MR_B17",
    "dataset": "ds001486",
    "modality": "T1w",
    "session_id": "T1",
    "subject_id": "020"
  },
  "cjv": 0.3669092584498023,
  "cnr": 3.5174615735817136,
  "efc": 0.6451252060497087,
  "fber": 20.680286407470703,
  "fwhm_avg": 3.682448476127989,
  "fwhm_x": 3.7044,
  "fwhm_y": 3.76654,
  "fwhm_z": 3.5764054283839664,
  "icvs_csf": 0.23851196064145516,
  "icvs_gm": 0.4061331999709601,
  "icvs_wm": 0.3553548393875848,
  "inu_med": 1.1936192512512207,
  "inu_range": 0.37678816318511976,
  "provenance": {
    "md5sum": "af5954100d3692fe0a0c229a6fe372a5",
    "settings": {
      "testing": false
    },
    "software": "mriqc",
    "version": "21.0.0rc2",
    "warnings": {
      "large_rot_frame": true,
      "small_air_mask": false
    },
    "webapi_port": null,
    "webapi_url": "https://mriqc.nimh.nih.gov/api/v1"
  },
  "qi_1": 0.0,
  "qi_2": 0.0036174487731672096,
  "rpve_csf": 21.8431913730766,
  "rpve_gm": 12.81841619940016,
  "rpve_wm": 18.087863311388922,
  "size_x": 256,
  "size_y": 256,
  "size_z": 160,
  "snr_csf": 3.891336651294922,
  "snr_gm": 9.753271650036531,
  "snr_total": 11.029414571667843,
  "snr_wm": 19.443635413672073,
  "snrd_csf": 8.996413982340068,
  "snrd_gm": 15.393512211089845,
  "snrd_total": 15.68798828244646,
  "snrd_wm": 22.674038653909463,
  "spacing_x": 1.0,
  "spacing_y": 1.0,
  "spacing_z": 1.0000152587890625,
  "summary_bg_k": 0.3025347993769838,
  "summary_bg_mad": 28.893651800042573,
  "summary_bg_mean": 106.0074234008789,
  "summary_bg_median": 104.3138427734375,
  "summary_bg_n": 3856055.0,
  "summary_bg_p05": 61.509866333007814,
  "summary_bg_p95": 156.46442108154298,
  "summary_bg_stdv": 29.035795211791992,
  "summary_csf_k": 0.31790058831122314,
  "summary_csf_mad": 98.27080958505988,
  "summary_csf_mean": 392.3330078125,
  "summary_csf_median": 396.7712097167969,
  "summary_csf_n": 22228.0,
  "summary_csf_p05": 215.43877258300782,
  "summary_csf_p95": 550.6466308593749,
  "summary_csf_stdv": 101.96041107177734,
  "summary_gm_k": 0.1740192654111139,
  "summary_gm_mad": 68.13020507226524,
  "summary_gm_mean": 680.7996826171875,
  "summary_gm_median": 678.9041137695312,
  "summary_gm_n": 16468.0,
  "summary_gm_p05": 570.1394622802734,
  "summary_gm_p95": 799.0401977539062,
  "summary_gm_stdv": 69.60572052001953,
  "summary_wm_k": 0.4802179246618157,
  "summary_wm_mad": 49.68251252037936,
  "summary_wm_mean": 999.6082763671875,
  "summary_wm_median": 999.9990844726562,
  "summary_wm_n": 181970.0,
  "summary_wm_p05": 914.8775482177734,
  "summary_wm_p95": 1082.486212158203,
  "summary_wm_stdv": 51.43052291870117,
  "tpm_overlap_csf": 0.15554405748844147,
  "tpm_overlap_gm": 0.4401600658893585,
  "tpm_overlap_wm": 0.4845729470252991,
  "wm2max": 0.6028445945200938
}