{
  "bids_meta": {
    "EchoTime": 0.00336,
    "FlipAngle": 9,
    "ImageType": [
      "ORIGINAL",
      "PRIMARY",
      "M",
      "ND",
      "NORM"
    ],
    "MagneticFieldStrength": 3,
    "Manufacturer": "Siemens",
    "ManufacturersModelName": "TrioTim",
    "PhaseEncodingDirection": "i-",
    "RepetitionTime": 2.3,
    "ScanningSequence": "GR_IR",
    "SequenceName": "_tfl3d1",
    "SequenceVariant": "SP_MP",
    "SoftwareVersions": "syngo_MR_B17",
    "dataset": "ds001486",
    "modality": "T1w",
    "session_id": "T1",
    "subject_id": "047"
  },
  "cjv": 0.3113887932262649,
  "cnr": 3.9633354214465326,
  "efc": 0.6267455797269817,
  "fber": 35.09518814086914,
  "fwhm_avg": 3.7165576764886903,
  "fwhm_x": 3.73609,
  "fwhm_y": 3.85215,
  "fwhm_z": 3.5614330294660705,
  "icvs_csf": 0.22910942461174877,
  "icvs_gm": 0.4552189877201956,
  "icvs_wm": 0.31567158766805564,
  "inu_med": 1.1668875217437744,
  "inu_range": 0.34153133630752563,
  "provenance": {
    "md5sum": "7a2dfed897ccadd6ca74a40ac60aba93",
    "settings": {
      "testing": false
    },
    "software": "mriqc",
    "version": "21.0.0rc2",
    "warnings": {
      "large_rot_frame": true,
      "small_air_mask": false
    },
    "webapi_port": null,
    "webapi_url": "https://mriqc.nimh.nih.gov/api/v1"
  },
  "qi_1": 3.252615558275031e-05,
  "qi_2": 0.0033805428176171388,
  "rpve_csf": 21.62292824288368,
  "rpve_gm": 11.485941071345113,
  "rpve_wm": 18.8730647798081,
  "size_x": 256,
  "size_y": 256,
  "size_z": 160,
  "snr_csf": 4.420811900554999,
  "snr_gm": 11.540576622820028,
  "snr_total": 11.388256489657975,
  "snr_wm": 18.203380945598898,
  "snrd_csf": 9.03029056750159,
  "snrd_gm": 15.598891549159081,
  "snrd_total": 16.058552436327165,
  "snrd_wm": 23.546475192320834,
  "spacing_x": 1.0,
  "spacing_y": 1.0,
  "spacing_z": 0.9999542236328125,
  "summary_bg_k": 50.41455167284288,
  "summary_bg_mad": 27.823224128657067,
  "summary_bg_mean": 102.07494354248047,
  "summary_bg_median": 99.87922668457031,
  "summary_bg_n": 3591534.0,
  "summary_bg_p05": 58.6254638671875,
  "summary_bg_p95": 151.02759552001947,
  "summary_bg_stdv": 30.65544891357422,
  "summary_csf_k": 0.21801251930884646,
  "summary_csf_mad": 86.74559980685655,
  "summary_csf_mean": 382.4283447265625,
  "summary_csf_median": 383.51068115234375,
  "summary_csf_n": 29670.0,
  "summary_csf_p05": 239.48475875854493,
  "summary_csf_p95": 520.3277191162109,
  "summary_csf_stdv": 86.74972534179688,
  "summary_gm_k": 0.31310721952900256,
  "summary_gm_mad": 54.80805045735964,
  "summary_gm_mean": 664.4536743164062,
  "summary_gm_median": 662.4749755859375,
  "summary_gm_n": 30132.0,
  "summary_gm_p05": 572.6609069824219,
  "summary_gm_p95": 761.7397399902343,
  "summary_gm_stdv": 57.40302276611328,
  "summary_wm_k": 0.8207503809308321,
  "summary_wm_mad": 50.294637929747104,
  "summary_wm_mean": 996.5158081054688,
  "summary_wm_median": 1000.0037841796875,
  "summary_wm_n": 160765.0,
  "summary_wm_p05": 899.9009521484375,
  "summary_wm_p95": 1079.6345703125,
  "summary_wm_stdv": 54.93488693237305,
  "tpm_overlap_csf": 0.14793813228607178,
  "tpm_overlap_gm": 0.462641179561615,
  "tpm_overlap_wm": 0.4817500114440918,
  "wm2max": 0.4966542673440106
}