{
  "bids_meta": {
    "EchoTime": 0.00336,
    "FlipAngle": 9,
    "ImageType": [
      "ORIGINAL",
      "PRIMARY",
      "M",
      "ND",
      "NORM"
    ],
    "MagneticFieldStrength": 3,
    "Manufacturer": "Siemens",
    "ManufacturersModelName": "TrioTim",
    "PhaseEncodingDirection": "i-",
    "RepetitionTime": 2.3,
    "ScanningSequence": "GR_IR",
    "SequenceName": "_tfl3d1",
    "SequenceVariant": "SP_MP",
    "SoftwareVersions": "syngo_MR_B17",
    "dataset": "ds001486",
    "modality": "T1w",
    "session_id": "T1",
    "subject_id": "002"
  },
  "cjv": 0.31202414332245487,
  "cnr": 4.088964114834187,
  "efc": 0.6679647481649374,
  "fber": 36.3801530198255,
  "fwhm_avg": 3.711502954644288,
  "fwhm_x": 3.76471,
  "fwhm_y": 3.82491,
  "fwhm_z": 3.544888863932863,
  "icvs_csf": 0.2195177807439127,
  "icvs_gm": 0.45642390312497283,
  "icvs_wm": 0.32405831613111447,
  "inu_med": 1.0935719013214111,
  "inu_range": 0.3807393640279767,
  "provenance": {
    "md5sum": "bf800a24dafda97948342680dfd3d6ea",
    "settings": {
      "testing": false
    },
    "software": "mriqc",
    "version": "21.0.0rc2",
    "warnings": {
      "large_rot_frame": true,
      "small_air_mask": false
    },
    "webapi_port": null,
    "webapi_url": "https://mriqc.nimh.nih.gov/api/v1"
  },
  "qi_1": 0.0,
  "qi_2": 0.004628852405755305,
  "rpve_csf": 23.430937198024107,
  "rpve_gm": 11.978123612143447,
  "rpve_wm": 18.983510443385857,
  "size_x": 256,
  "size_y": 256,
  "size_z": 160,
  "snr_csf": 4.14075819191216,
  "snr_gm": 10.531989125990329,
  "snr_total": 10.880778961184246,
  "snr_wm": 17.96958956565025,
  "snrd_csf": 9.162026522439735,
  "snrd_gm": 16.08647522977441,
  "snrd_total": 16.731656448742058,
  "snrd_wm": 24.94646759401203,
  "spacing_x": 1.0,
  "spacing_y": 1.0,
  "spacing_z": 1.0000228881835938,
  "summary_bg_k": 0.401955223588208,
  "summary_bg_mad": 26.261687917716127,
  "summary_bg_mean": 96.49063545149556,
  "summary_bg_median": 94.95074881240726,
  "summary_bg_n": 2151572.0,
  "summary_bg_p05": 56.09841288998723,
  "summary_bg_p95": 142.32879772782326,
  "summary_bg_stdv": 26.436689382046403,
  "summary_csf_k": 0.2979274577281332,
  "summary_csf_mad": 86.86558311244565,
  "summary_csf_mean": 364.61305271004244,
  "summary_csf_median": 367.2674720361829,
  "summary_csf_n": 29923.0,
  "summary_csf_p05": 215.2061252295971,
  "summary_csf_p95": 504.4886280074714,
  "summary_csf_stdv": 88.69422412214408,
  "summary_gm_k": 0.3270494378529518,
  "summary_gm_mad": 58.23745738236389,
  "summary_gm_mean": 646.7561077178771,
  "summary_gm_median": 644.8397717624903,
  "summary_gm_n": 31255.0,
  "summary_gm_p05": 548.8379076495767,
  "summary_gm_p95": 751.0919565651566,
  "summary_gm_stdv": 61.2257996262904,
  "summary_wm_k": 0.5141280624825155,
  "summary_wm_mad": 52.58109383085581,
  "summary_wm_mean": 998.5785690791568,
  "summary_wm_median": 999.9999527446926,
  "summary_wm_n": 155405.0,
  "summary_wm_p05": 903.998088631779,
  "summary_wm_p95": 1086.8142905272543,
  "summary_wm_stdv": 55.649392084698135,
  "tpm_overlap_csf": 0.14002485573291779,
  "tpm_overlap_gm": 0.4651554822921753,
  "tpm_overlap_wm": 0.48577556014060974,
  "wm2max": 0.5573710020396649
}