{
  "bids_meta": {
    "EchoTime": 0.00336,
    "FlipAngle": 9,
    "ImageType": [
      "ORIGINAL",
      "PRIMARY",
      "M",
      "ND",
      "NORM"
    ],
    "MagneticFieldStrength": 3,
    "Manufacturer": "Siemens",
    "ManufacturersModelName": "TrioTim",
    "PhaseEncodingDirection": "i-",
    "RepetitionTime": 2.3,
    "ScanningSequence": "GR_IR",
    "SequenceName": "_tfl3d1",
    "SequenceVariant": "SP_MP",
    "SoftwareVersions": "syngo_MR_B17",
    "dataset": "ds001486",
    "modality": "T1w",
    "session_id": "T1",
    "subject_id": "073"
  },
  "cjv": 0.3118509306268964,
  "cnr": 4.041757416868237,
  "efc": 0.6466988096761017,
  "fber": 48.62941846371992,
  "fwhm_avg": 3.5479752467270895,
  "fwhm_x": 3.56385,
  "fwhm_y": 3.66369,
  "fwhm_z": 3.4163857401812687,
  "icvs_csf": 0.21450199185019644,
  "icvs_gm": 0.4707729869184817,
  "icvs_wm": 0.31472502123132184,
  "inu_med": 1.2111594676971436,
  "inu_range": 0.35403841733932495,
  "provenance": {
    "md5sum": "1492b85f2dbcbb338f30bc1221d5c3f4",
    "settings": {
      "testing": false
    },
    "software": "mriqc",
    "version": "21.0.0rc2",
    "warnings": {
      "large_rot_frame": true,
      "small_air_mask": false
    },
    "webapi_port": null,
    "webapi_url": "https://mriqc.nimh.nih.gov/api/v1"
  },
  "qi_1": 0.0,
  "qi_2": 0.004782892745381425,
  "rpve_csf": 30.891846946458532,
  "rpve_gm": 15.367383666632076,
  "rpve_wm": 25.32517991900003,
  "size_x": 256,
  "size_y": 256,
  "size_z": 160,
  "snr_csf": 4.072070863114752,
  "snr_gm": 10.993512918419961,
  "snr_total": 11.241331363044706,
  "snr_wm": 18.6584103075994,
  "snrd_csf": 11.087044016217895,
  "snrd_gm": 19.115481366102436,
  "snrd_total": 19.699256405090587,
  "snrd_wm": 28.89524383295143,
  "spacing_x": 1.0,
  "spacing_y": 1.0,
  "spacing_z": 1.000030517578125,
  "summary_bg_k": 0.4295858017521419,
  "summary_bg_mad": 22.672809324701213,
  "summary_bg_mean": 82.87579388248574,
  "summary_bg_median": 81.51055976748466,
  "summary_bg_n": 1937445.0,
  "summary_bg_p05": 47.85941123962402,
  "summary_bg_p95": 122.41540031135082,
  "summary_bg_stdv": 22.779909749763217,
  "summary_csf_k": -0.10618543831475291,
  "summary_csf_mad": 93.07493118868787,
  "summary_csf_mean": 376.3406931740542,
  "summary_csf_median": 383.6978735476732,
  "summary_csf_n": 13191.0,
  "summary_csf_p05": 211.75919965282083,
  "summary_csf_p95": 518.1716020815074,
  "summary_csf_stdv": 94.22314646358208,
  "summary_gm_k": 0.5269676695605989,
  "summary_gm_mad": 55.989089041438206,
  "summary_gm_mean": 664.959439486658,
  "summary_gm_median": 661.5441898927093,
  "summary_gm_n": 28722.0,
  "summary_gm_p05": 570.9104298576713,
  "summary_gm_p95": 769.2278651818633,
  "summary_gm_stdv": 60.17482113035933,
  "summary_wm_k": 0.655057816737751,
  "summary_wm_mad": 49.55865901291659,
  "summary_wm_mean": 995.4996911284397,
  "summary_wm_median": 999.9999637529254,
  "summary_wm_n": 114540.0,
  "summary_wm_p05": 897.8874230533838,
  "summary_wm_p95": 1074.780293814838,
  "summary_wm_stdv": 53.594898063155505,
  "tpm_overlap_csf": 0.14883428812026978,
  "tpm_overlap_gm": 0.4667680859565735,
  "tpm_overlap_wm": 0.4738549590110779,
  "wm2max": 0.658225044300059
}