{
  "bids_meta": {
    "EchoTime": 0.00336,
    "FlipAngle": 9,
    "ImageType": [
      "ORIGINAL",
      "PRIMARY",
      "M",
      "ND",
      "NORM"
    ],
    "MagneticFieldStrength": 3,
    "Manufacturer": "Siemens",
    "ManufacturersModelName": "TrioTim",
    "PhaseEncodingDirection": "i-",
    "RepetitionTime": 2.3,
    "ScanningSequence": "GR_IR",
    "SequenceName": "_tfl3d1",
    "SequenceVariant": "SP_MP",
    "SoftwareVersions": "syngo_MR_B17",
    "dataset": "ds001486",
    "modality": "T1w",
    "session_id": "T2",
    "subject_id": "006"
  },
  "cjv": 0.32414895032589947,
  "cnr": 3.8641243372837355,
  "efc": 0.6584733268081552,
  "fber": 66.79317178963723,
  "fwhm_avg": 3.6906063612225872,
  "fwhm_x": 3.7435,
  "fwhm_y": 3.80658,
  "fwhm_z": 3.521739083667763,
  "icvs_csf": 0.23736267165671318,
  "icvs_gm": 0.4278818971090955,
  "icvs_wm": 0.33475543123419127,
  "inu_med": 1.215915322303772,
  "inu_range": 0.4838411271572114,
  "provenance": {
    "md5sum": "0376e18bfbaea22ec3398c1bf0d27d9f",
    "settings": {
      "testing": false
    },
    "software": "mriqc",
    "version": "21.0.0rc2",
    "warnings": {
      "large_rot_frame": true,
      "small_air_mask": false
    },
    "webapi_port": null,
    "webapi_url": "https://mriqc.nimh.nih.gov/api/v1"
  },
  "qi_1": 0.0,
  "qi_2": 0.005206859740999671,
  "rpve_csf": 23.16829422079036,
  "rpve_gm": 13.043890527464091,
  "rpve_wm": 19.687089794105695,
  "size_x": 256,
  "size_y": 256,
  "size_z": 160,
  "snr_csf": 3.4957075135044406,
  "snr_gm": 9.436401580967342,
  "snr_total": 10.663934827065615,
  "snr_wm": 19.059695386725064,
  "snrd_csf": 11.226210955335432,
  "snrd_gm": 20.70334784403205,
  "snrd_total": 21.187573190848255,
  "snrd_wm": 31.633160773177288,
  "spacing_x": 1.0,
  "spacing_y": 1.0,
  "spacing_z": 0.9999008774757385,
  "summary_bg_k": 0.2849853876701607,
  "summary_bg_mad": 20.71042969115764,
  "summary_bg_mean": 66.47380685739247,
  "summary_bg_median": 64.86820176243782,
  "summary_bg_n": 2129417.0,
  "summary_bg_p05": 35.17984487116337,
  "summary_bg_p95": 103.1370086222887,
  "summary_bg_stdv": 20.794877774745206,
  "summary_csf_k": 0.3983013896994474,
  "summary_csf_mad": 104.62074556515996,
  "summary_csf_mean": 354.65083757498337,
  "summary_csf_median": 354.8874107003212,
  "summary_csf_n": 22359.0,
  "summary_csf_p05": 190.33497338294984,
  "summary_csf_p95": 512.4931157231331,
  "summary_csf_stdv": 101.51864053863459,
  "summary_gm_k": 0.7141531436188893,
  "summary_gm_mad": 63.09811502957119,
  "summary_gm_mean": 655.1787888498352,
  "summary_gm_median": 654.4824018031359,
  "summary_gm_n": 20991.0,
  "summary_gm_p05": 542.6448169127107,
  "summary_gm_p95": 770.1640282794833,
  "summary_gm_stdv": 69.35554897768425,
  "summary_wm_k": 0.8339917445672631,
  "summary_wm_mad": 48.90103914791767,
  "summary_wm_mean": 996.272826003963,
  "summary_wm_median": 999.9999611377716,
  "summary_wm_n": 166394.0,
  "summary_wm_p05": 903.8989214897156,
  "summary_wm_p95": 1075.3019900619984,
  "summary_wm_stdv": 52.46657598283661,
  "tpm_overlap_csf": 0.1471630334854126,
  "tpm_overlap_gm": 0.4519334137439728,
  "tpm_overlap_wm": 0.4869678318500519,
  "wm2max": 0.6571024090924578
}