{
  "bids_meta": {
    "EchoTime": 0.00336,
    "FlipAngle": 9,
    "ImageType": [
      "ORIGINAL",
      "PRIMARY",
      "M",
      "ND",
      "NORM"
    ],
    "MagneticFieldStrength": 3,
    "Manufacturer": "Siemens",
    "ManufacturersModelName": "TrioTim",
    "PhaseEncodingDirection": "i-",
    "RepetitionTime": 2.3,
    "ScanningSequence": "GR_IR",
    "SequenceName": "_tfl3d1",
    "SequenceVariant": "SP_MP",
    "SoftwareVersions": "syngo_MR_B17",
    "dataset": "ds001486",
    "modality": "T1w",
    "session_id": "T1",
    "subject_id": "101"
  },
  "cjv": 0.33197333215662966,
  "cnr": 3.830115301358654,
  "efc": 0.6191441183487691,
  "fber": 36.08329391479492,
  "fwhm_avg": 3.655851077999033,
  "fwhm_x": 3.70091,
  "fwhm_y": 3.7779,
  "fwhm_z": 3.4887432339971007,
  "icvs_csf": 0.2360353582069677,
  "icvs_gm": 0.43811933312141055,
  "icvs_wm": 0.32584530867162176,
  "inu_med": 1.1661032438278198,
  "inu_range": 0.3092486262321472,
  "provenance": {
    "md5sum": "7a77f35fc02c922aa31de8c6d45cd672",
    "settings": {
      "testing": false
    },
    "software": "mriqc",
    "version": "21.0.0rc2",
    "warnings": {
      "large_rot_frame": true,
      "small_air_mask": false
    },
    "webapi_port": null,
    "webapi_url": "https://mriqc.nimh.nih.gov/api/v1"
  },
  "qi_1": 0.0,
  "qi_2": 0.004166606251218891,
  "rpve_csf": 26.138818701053403,
  "rpve_gm": 14.572881079056248,
  "rpve_wm": 22.958623164950247,
  "size_x": 256,
  "size_y": 256,
  "size_z": 160,
  "snr_csf": 4.21933568246557,
  "snr_gm": 10.7072709688344,
  "snr_total": 11.76494893225261,
  "snr_wm": 20.36824014545786,
  "snrd_csf": 9.743325154104763,
  "snrd_gm": 16.928604266051938,
  "snrd_total": 17.22380757704433,
  "snrd_wm": 24.9994933109763,
  "spacing_x": 1.0,
  "spacing_y": 1.0,
  "spacing_z": 0.9999847412109375,
  "summary_bg_k": 0.5134654004000612,
  "summary_bg_mad": 26.20568872942215,
  "summary_bg_mean": 95.51864624023438,
  "summary_bg_median": 93.92892456054688,
  "summary_bg_n": 3590747.0,
  "summary_bg_p05": 54.97506866455078,
  "summary_bg_p95": 141.20847320556638,
  "summary_bg_stdv": 26.362747192382812,
  "summary_csf_k": 0.4135950496779581,
  "summary_csf_mad": 90.6167308466518,
  "summary_csf_mean": 386.7498779296875,
  "summary_csf_median": 389.7364807128906,
  "summary_csf_n": 18335.0,
  "summary_csf_p05": 226.19711456298828,
  "summary_csf_p95": 529.2374084472656,
  "summary_csf_stdv": 92.36663818359375,
  "summary_gm_k": 0.16773068150367632,
  "summary_gm_mad": 60.830307552316086,
  "summary_gm_mean": 680.2801513671875,
  "summary_gm_median": 677.1502075195312,
  "summary_gm_n": 21159.0,
  "summary_gm_p05": 580.4080505371094,
  "summary_gm_p95": 790.3537536621092,
  "summary_gm_stdv": 63.240596771240234,
  "summary_wm_k": 0.6134134283622301,
  "summary_wm_mad": 46.343445103280516,
  "summary_wm_mean": 997.1491088867188,
  "summary_wm_median": 999.9886474609375,
  "summary_wm_n": 139700.0,
  "summary_wm_p05": 911.9329986572266,
  "summary_wm_p95": 1072.3233581542968,
  "summary_wm_stdv": 49.09531021118164,
  "tpm_overlap_csf": 0.16134142875671387,
  "tpm_overlap_gm": 0.47796425223350525,
  "tpm_overlap_wm": 0.5031639337539673,
  "wm2max": 0.5568498727194411
}