{
  "bids_meta": {
    "EchoTime": 0.00336,
    "FlipAngle": 9,
    "ImageType": [
      "ORIGINAL",
      "PRIMARY",
      "M",
      "ND",
      "NORM"
    ],
    "MagneticFieldStrength": 3,
    "Manufacturer": "Siemens",
    "ManufacturersModelName": "TrioTim",
    "PhaseEncodingDirection": "i-",
    "RepetitionTime": 2.3,
    "ScanningSequence": "GR_IR",
    "SequenceName": "_tfl3d1",
    "SequenceVariant": "SP_MP",
    "SoftwareVersions": "syngo_MR_B17",
    "dataset": "ds001486",
    "modality": "T1w",
    "session_id": "T1",
    "subject_id": "016"
  },
  "cjv": 0.3318726797628368,
  "cnr": 3.8508437806435096,
  "efc": 0.6794461891902657,
  "fber": 34.51867860183869,
  "fwhm_avg": 3.6968549671094357,
  "fwhm_x": 3.7585302240258587,
  "fwhm_y": 3.80155,
  "fwhm_z": 3.5304846773024483,
  "icvs_csf": 0.2343013416831654,
  "icvs_gm": 0.4373233293993003,
  "icvs_wm": 0.32837532891753435,
  "inu_med": 1.2015416622161865,
  "inu_range": 0.35976273417472826,
  "provenance": {
    "md5sum": "1c2a05b3508dcede30829f7ad1a9d1b8",
    "settings": {
      "testing": false
    },
    "software": "mriqc",
    "version": "21.0.0rc2",
    "warnings": {
      "large_rot_frame": true,
      "small_air_mask": false
    },
    "webapi_port": null,
    "webapi_url": "https://mriqc.nimh.nih.gov/api/v1"
  },
  "qi_1": 0.0,
  "qi_2": 0.00426178902615828,
  "rpve_csf": 23.205483089900806,
  "rpve_gm": 12.92739703748186,
  "rpve_wm": 20.155276499523193,
  "size_x": 256,
  "size_y": 256,
  "size_z": 160,
  "snr_csf": 3.906222964423801,
  "snr_gm": 10.597303490947725,
  "snr_total": 11.029296426719517,
  "snr_wm": 18.584362824787025,
  "snrd_csf": 9.194140635217973,
  "snrd_gm": 16.432577632779417,
  "snrd_total": 16.77383691185598,
  "snrd_wm": 24.694792467570554,
  "spacing_x": 0.9999999403953552,
  "spacing_y": 1.0,
  "spacing_z": 0.9999618530273438,
  "summary_bg_k": 0.16862731607474402,
  "summary_bg_mad": 26.528267280497854,
  "summary_bg_mean": 98.0152895154743,
  "summary_bg_median": 96.3811850734055,
  "summary_bg_n": 2047658.0,
  "summary_bg_p05": 56.89586019143462,
  "summary_bg_p95": 144.35062762349844,
  "summary_bg_stdv": 26.656432727852657,
  "summary_csf_k": -0.11601770728377936,
  "summary_csf_mad": 98.00555372840105,
  "summary_csf_mean": 369.6894100773489,
  "summary_csf_median": 372.29595018550754,
  "summary_csf_n": 25395.0,
  "summary_csf_p05": 209.40893277525902,
  "summary_csf_p95": 520.478503940627,
  "summary_csf_stdv": 95.30654634940693,
  "summary_gm_k": 0.30798505624523065,
  "summary_gm_mad": 59.76311898584067,
  "summary_gm_mean": 666.929964409635,
  "summary_gm_median": 665.4001006204635,
  "summary_gm_n": 25298.0,
  "summary_gm_p05": 565.1327071459964,
  "summary_gm_p95": 772.0144987106323,
  "summary_gm_stdv": 62.788326277494484,
  "summary_wm_k": 0.44078304862529283,
  "summary_wm_mad": 51.26811204770372,
  "summary_wm_mean": 998.1838501832495,
  "summary_wm_median": 999.9598212726414,
  "summary_wm_n": 163302.0,
  "summary_wm_p05": 906.0715996846557,
  "summary_wm_p95": 1082.8307526186109,
  "summary_wm_stdv": 53.80635155515887,
  "tpm_overlap_csf": 0.15431080758571625,
  "tpm_overlap_gm": 0.4606180787086487,
  "tpm_overlap_wm": 0.4905840754508972,
  "wm2max": 0.5621891671941405
}