{
  "bids_meta": {
    "EchoTime": 0.00336,
    "FlipAngle": 9,
    "ImageType": [
      "ORIGINAL",
      "PRIMARY",
      "M",
      "ND",
      "NORM"
    ],
    "MagneticFieldStrength": 3,
    "Manufacturer": "Siemens",
    "ManufacturersModelName": "TrioTim",
    "PhaseEncodingDirection": "i-",
    "RepetitionTime": 2.3,
    "ScanningSequence": "GR_IR",
    "SequenceName": "_tfl3d1",
    "SequenceVariant": "SP_MP",
    "SoftwareVersions": "syngo_MR_B17",
    "dataset": "ds001486",
    "modality": "T1w",
    "session_id": "T1",
    "subject_id": "111"
  },
  "cjv": 0.30626452680447824,
  "cnr": 4.149772434011348,
  "efc": 0.5926720387065664,
  "fber": 61.685569763183594,
  "fwhm_avg": 3.923676214656503,
  "fwhm_x": 3.94407,
  "fwhm_y": 4.11012,
  "fwhm_z": 3.7168386439695102,
  "icvs_csf": 0.25053867217464526,
  "icvs_gm": 0.4114353707940228,
  "icvs_wm": 0.3380259570313319,
  "inu_med": 1.4442336559295654,
  "inu_range": 0.6420826315879822,
  "provenance": {
    "md5sum": "f070a62180949d630709531e11a5e643",
    "settings": {
      "testing": false
    },
    "software": "mriqc",
    "version": "21.0.0rc2",
    "warnings": {
      "large_rot_frame": true,
      "small_air_mask": false
    },
    "webapi_port": null,
    "webapi_url": "https://mriqc.nimh.nih.gov/api/v1"
  },
  "qi_1": 0.0,
  "qi_2": 0.0054443049462005455,
  "rpve_csf": 21.295650320877968,
  "rpve_gm": 12.8192856805827,
  "rpve_wm": 18.601641958706363,
  "size_x": 256,
  "size_y": 256,
  "size_z": 160,
  "snr_csf": 4.1944980054999474,
  "snr_gm": 9.925663426746826,
  "snr_total": 10.847608454529507,
  "snr_wm": 18.42266393134174,
  "snrd_csf": 11.966068388731252,
  "snrd_gm": 19.823233086136803,
  "snrd_total": 20.932573718181736,
  "snrd_wm": 31.008419679677154,
  "spacing_x": 1.0,
  "spacing_y": 1.0,
  "spacing_z": 0.9999008178710938,
  "summary_bg_k": 0.990198137440073,
  "summary_bg_mad": 21.127613247495947,
  "summary_bg_mean": 74.1720199584961,
  "summary_bg_median": 72.79398345947266,
  "summary_bg_n": 3568983.0,
  "summary_bg_p05": 41.505546188354494,
  "summary_bg_p95": 111.28453140258789,
  "summary_bg_stdv": 21.475204467773438,
  "summary_csf_k": -0.06490074411052982,
  "summary_csf_mad": 94.06879872275692,
  "summary_csf_mean": 380.82244873046875,
  "summary_csf_median": 385.89593505859375,
  "summary_csf_n": 40960.0,
  "summary_csf_p05": 220.14339752197264,
  "summary_csf_p95": 521.2285797119141,
  "summary_csf_stdv": 91.99938201904297,
  "summary_gm_k": 0.5963033283911376,
  "summary_gm_mad": 59.594700130893685,
  "summary_gm_mean": 639.7883911132812,
  "summary_gm_median": 639.2830810546875,
  "summary_gm_n": 31528.0,
  "summary_gm_p05": 534.4193817138672,
  "summary_gm_p95": 746.9221099853514,
  "summary_gm_stdv": 64.40606689453125,
  "summary_wm_k": 0.6641162270297496,
  "summary_wm_mad": 50.87893740026045,
  "summary_wm_mean": 996.42626953125,
  "summary_wm_median": 999.9962158203125,
  "summary_wm_n": 188305.0,
  "summary_wm_p05": 900.2564819335937,
  "summary_wm_p95": 1078.161376953125,
  "summary_wm_stdv": 54.280616760253906,
  "tpm_overlap_csf": 0.1423715502023697,
  "tpm_overlap_gm": 0.44595080614089966,
  "tpm_overlap_wm": 0.4815772473812103,
  "wm2max": 0.6306834149578205
}