{
  "bids_meta": {
    "EchoTime": 0.00336,
    "FlipAngle": 9,
    "ImageType": [
      "ORIGINAL",
      "PRIMARY",
      "M",
      "ND",
      "NORM"
    ],
    "MagneticFieldStrength": 3,
    "Manufacturer": "Siemens",
    "ManufacturersModelName": "TrioTim",
    "PhaseEncodingDirection": "i-",
    "RepetitionTime": 2.3,
    "ScanningSequence": "GR_IR",
    "SequenceName": "_tfl3d1",
    "SequenceVariant": "SP_MP",
    "SoftwareVersions": "syngo_MR_B17",
    "dataset": "ds001486",
    "modality": "T1w",
    "session_id": "T1",
    "subject_id": "122"
  },
  "cjv": 0.313786128600163,
  "cnr": 4.022892267547337,
  "efc": 0.611931601673569,
  "fber": 33.27126693725586,
  "fwhm_avg": 3.4441449367156207,
  "fwhm_x": 3.51442,
  "fwhm_y": 3.53292,
  "fwhm_z": 3.2850948101468624,
  "icvs_csf": 0.21197801615159775,
  "icvs_gm": 0.45484820419405136,
  "icvs_wm": 0.3331737796543509,
  "inu_med": 1.1552947759628296,
  "inu_range": 0.28333055973052956,
  "provenance": {
    "md5sum": "9426fc68dd1936a0ea53fadd321d181f",
    "settings": {
      "testing": false
    },
    "software": "mriqc",
    "version": "21.0.0rc2",
    "warnings": {
      "large_rot_frame": true,
      "small_air_mask": false
    },
    "webapi_port": null,
    "webapi_url": "https://mriqc.nimh.nih.gov/api/v1"
  },
  "qi_1": 0.0,
  "qi_2": 0.0033566687897756313,
  "rpve_csf": 24.91309190465811,
  "rpve_gm": 12.656893086644434,
  "rpve_wm": 20.035144021843635,
  "size_x": 256,
  "size_y": 256,
  "size_z": 160,
  "snr_csf": 3.6548379543788534,
  "snr_gm": 10.707734538689605,
  "snr_total": 11.460631550552455,
  "snr_wm": 20.019322158588903,
  "snrd_csf": 9.154936763705287,
  "snrd_gm": 16.16204157384227,
  "snrd_total": 16.57936685619234,
  "snrd_wm": 24.42112223102947,
  "spacing_x": 1.0,
  "spacing_y": 1.0,
  "spacing_z": 1.0000228881835938,
  "summary_bg_k": 1.7581729605977428,
  "summary_bg_mad": 26.826648308808302,
  "summary_bg_mean": 98.04170227050781,
  "summary_bg_median": 96.37081146240234,
  "summary_bg_n": 3806975.0,
  "summary_bg_p05": 56.345650100708006,
  "summary_bg_p95": 145.2450012207031,
  "summary_bg_stdv": 27.428495407104492,
  "summary_csf_k": 0.24901004900429946,
  "summary_csf_mad": 103.66533159763269,
  "summary_csf_mean": 372.612548828125,
  "summary_csf_median": 374.8780822753906,
  "summary_csf_n": 9487.0,
  "summary_csf_p05": 203.69937133789062,
  "summary_csf_p95": 533.3793151855467,
  "summary_csf_stdv": 102.5649642944336,
  "summary_gm_k": 0.3331473601675268,
  "summary_gm_mad": 58.32217243938153,
  "summary_gm_mean": 662.784912109375,
  "summary_gm_median": 661.8063354492188,
  "summary_gm_n": 21877.0,
  "summary_gm_p05": 563.025927734375,
  "summary_gm_p95": 767.9825927734375,
  "summary_gm_stdv": 61.804969787597656,
  "summary_wm_k": 0.500308282522719,
  "summary_wm_mad": 47.79853810093494,
  "summary_wm_mean": 998.0982055664062,
  "summary_wm_median": 1000.000732421875,
  "summary_wm_n": 152821.0,
  "summary_wm_p05": 913.0521850585938,
  "summary_wm_p95": 1076.2506103515625,
  "summary_wm_stdv": 49.95161437988281,
  "tpm_overlap_csf": 0.15216988325119019,
  "tpm_overlap_gm": 0.4568554759025574,
  "tpm_overlap_wm": 0.474997341632843,
  "wm2max": 0.5192226272830689
}