{
  "bids_meta": {
    "EchoTime": 0.00336,
    "FlipAngle": 9,
    "ImageType": [
      "ORIGINAL",
      "PRIMARY",
      "M",
      "ND",
      "NORM"
    ],
    "MagneticFieldStrength": 3,
    "Manufacturer": "Siemens",
    "ManufacturersModelName": "TrioTim",
    "PhaseEncodingDirection": "i-",
    "RepetitionTime": 2.3,
    "ScanningSequence": "GR_IR",
    "SequenceName": "_tfl3d1",
    "SequenceVariant": "SP_MP",
    "SoftwareVersions": "syngo_MR_B17",
    "dataset": "ds001486",
    "modality": "T1w",
    "session_id": "T1",
    "subject_id": "025"
  },
  "cjv": 0.32640003051132316,
  "cnr": 3.875271023836497,
  "efc": 0.6546681897827202,
  "fber": 36.78855895996094,
  "fwhm_avg": 3.650591569381495,
  "fwhm_x": 3.72813,
  "fwhm_y": 3.71552,
  "fwhm_z": 3.5081247081444857,
  "icvs_csf": 0.24338871917346314,
  "icvs_gm": 0.41372570028366734,
  "icvs_wm": 0.34288558054286955,
  "inu_med": 1.091707468032837,
  "inu_range": 0.30543045699596405,
  "provenance": {
    "md5sum": "11191cc5e61816ec7857e51d3f74099e",
    "settings": {
      "testing": false
    },
    "software": "mriqc",
    "version": "21.0.0rc2",
    "warnings": {
      "large_rot_frame": true,
      "small_air_mask": false
    },
    "webapi_port": null,
    "webapi_url": "https://mriqc.nimh.nih.gov/api/v1"
  },
  "qi_1": 0.0,
  "qi_2": 0.0032613365119630836,
  "rpve_csf": 16.35490155217924,
  "rpve_gm": 9.686903684428858,
  "rpve_wm": 14.415517506642697,
  "size_x": 256,
  "size_y": 256,
  "size_z": 160,
  "snr_csf": 4.019410940572478,
  "snr_gm": 10.441034729138797,
  "snr_total": 11.712805170793281,
  "snr_wm": 20.677969842668567,
  "snrd_csf": 9.144458826146053,
  "snrd_gm": 16.19754390296474,
  "snrd_total": 16.496932488419347,
  "snrd_wm": 24.14879473614725,
  "spacing_x": 1.0,
  "spacing_y": 1.0,
  "spacing_z": 0.9998931884765625,
  "summary_bg_k": 0.5364816303958988,
  "summary_bg_mad": 27.129227115456747,
  "summary_bg_mean": 99.52906799316406,
  "summary_bg_median": 97.80685424804688,
  "summary_bg_n": 3467684.0,
  "summary_bg_p05": 57.802351570129396,
  "summary_bg_p95": 147.14239044189452,
  "summary_bg_stdv": 27.45036506652832,
  "summary_csf_k": -0.04443413646382233,
  "summary_csf_mad": 96.02568615108568,
  "summary_csf_mean": 376.067626953125,
  "summary_csf_median": 378.6724548339844,
  "summary_csf_n": 26681.0,
  "summary_csf_p05": 217.56373596191406,
  "summary_csf_p95": 525.4772338867188,
  "summary_csf_stdv": 94.20916748046875,
  "summary_gm_k": 0.3546097127597867,
  "summary_gm_mad": 60.778546781504005,
  "summary_gm_mean": 672.4152221679688,
  "summary_gm_median": 670.7410278320312,
  "summary_gm_n": 28120.0,
  "summary_gm_p05": 569.3470764160156,
  "summary_gm_p95": 781.5132751464844,
  "summary_gm_stdv": 64.23971557617188,
  "summary_wm_k": 0.342033297976017,
  "summary_wm_mad": 46.69246834282984,
  "summary_wm_mean": 998.8995361328125,
  "summary_wm_median": 1000.002685546875,
  "summary_wm_n": 239288.0,
  "summary_wm_p05": 917.8097290039062,
  "summary_wm_p95": 1076.2653869628907,
  "summary_wm_stdv": 48.36067581176758,
  "tpm_overlap_csf": 0.14899851381778717,
  "tpm_overlap_gm": 0.43734055757522583,
  "tpm_overlap_wm": 0.47513628005981445,
  "wm2max": 0.6273472437154499
}