{
  "bids_meta": {
    "EchoTime": 0.00336,
    "FlipAngle": 9,
    "ImageType": [
      "ORIGINAL",
      "PRIMARY",
      "M",
      "ND",
      "NORM"
    ],
    "MagneticFieldStrength": 3,
    "Manufacturer": "Siemens",
    "ManufacturersModelName": "TrioTim",
    "PhaseEncodingDirection": "i-",
    "RepetitionTime": 2.3,
    "ScanningSequence": "GR_IR",
    "SequenceName": "_tfl3d1",
    "SequenceVariant": "SP_MP",
    "SoftwareVersions": "syngo_MR_B17",
    "dataset": "ds001486",
    "modality": "T1w",
    "session_id": "T1",
    "subject_id": "063"
  },
  "cjv": 0.35551551817303106,
  "cnr": 3.6112882746246697,
  "efc": 0.6316489614068324,
  "fber": 34.49237060546875,
  "fwhm_avg": 3.571996204533836,
  "fwhm_x": 3.59312,
  "fwhm_y": 3.70881,
  "fwhm_z": 3.4140586136015076,
  "icvs_csf": 0.2397871456846355,
  "icvs_gm": 0.41809292691093347,
  "icvs_wm": 0.34211992740443103,
  "inu_med": 1.1475075483322144,
  "inu_range": 0.30428552627563477,
  "provenance": {
    "md5sum": "efab95a8d0ea04123f9a023e98da6361",
    "settings": {
      "testing": false
    },
    "software": "mriqc",
    "version": "21.0.0rc2",
    "warnings": {
      "large_rot_frame": true,
      "small_air_mask": false
    },
    "webapi_port": null,
    "webapi_url": "https://mriqc.nimh.nih.gov/api/v1"
  },
  "qi_1": 0.0,
  "qi_2": 0.0047161049069696466,
  "rpve_csf": 19.886869851950774,
  "rpve_gm": 11.58785172393634,
  "rpve_wm": 17.407096777429132,
  "size_x": 256,
  "size_y": 256,
  "size_z": 160,
  "snr_csf": 3.558239551725376,
  "snr_gm": 9.365344509534127,
  "snr_total": 10.889149726500143,
  "snr_wm": 19.743865118240926,
  "snrd_csf": 8.946392942141834,
  "snrd_gm": 16.66080106009359,
  "snrd_total": 16.83016876918887,
  "snrd_wm": 24.88331230533118,
  "spacing_x": 1.0,
  "spacing_y": 1.0,
  "spacing_z": 0.9999008178710938,
  "summary_bg_k": 0.1878028860132841,
  "summary_bg_mad": 26.328383021598434,
  "summary_bg_mean": 96.7720718383789,
  "summary_bg_median": 95.21871948242188,
  "summary_bg_n": 3803996.0,
  "summary_bg_p05": 56.14601802825928,
  "summary_bg_p95": 142.54518508911133,
  "summary_bg_stdv": 26.39090919494629,
  "summary_csf_k": -0.07166488870154408,
  "summary_csf_mad": 102.34425556076971,
  "summary_csf_mean": 355.39581298828125,
  "summary_csf_median": 359.5343933105469,
  "summary_csf_n": 19684.0,
  "summary_csf_p05": 186.82126007080078,
  "summary_csf_p95": 514.0813262939452,
  "summary_csf_stdv": 101.04020690917969,
  "summary_gm_k": 0.1922640616389173,
  "summary_gm_mad": 68.69853290633046,
  "summary_gm_mean": 670.3499145507812,
  "summary_gm_median": 669.5582275390625,
  "summary_gm_n": 19970.0,
  "summary_gm_p05": 553.6139373779297,
  "summary_gm_p95": 790.4324066162109,
  "summary_gm_stdv": 71.49138641357422,
  "summary_wm_k": 0.5411337318163905,
  "summary_wm_mad": 48.7791875297646,
  "summary_wm_mean": 999.5330810546875,
  "summary_wm_median": 1000.0015258789062,
  "summary_wm_n": 192697.0,
  "summary_wm_p05": 916.0147827148437,
  "summary_wm_p95": 1081.0028564453125,
  "summary_wm_stdv": 50.648590087890625,
  "tpm_overlap_csf": 0.1617971658706665,
  "tpm_overlap_gm": 0.45558974146842957,
  "tpm_overlap_wm": 0.4961065948009491,
  "wm2max": 0.5963557633137572
}