{
  "bids_meta": {
    "EchoTime": 0.00336,
    "FlipAngle": 9,
    "ImageType": [
      "ORIGINAL",
      "PRIMARY",
      "M",
      "ND",
      "NORM"
    ],
    "MagneticFieldStrength": 3,
    "Manufacturer": "Siemens",
    "ManufacturersModelName": "TrioTim",
    "PhaseEncodingDirection": "i-",
    "RepetitionTime": 2.3,
    "ScanningSequence": "GR_IR",
    "SequenceName": "_tfl3d1",
    "SequenceVariant": "SP_MP",
    "SoftwareVersions": "syngo_MR_B17",
    "dataset": "ds001486",
    "modality": "T1w",
    "session_id": "T1",
    "subject_id": "061"
  },
  "cjv": 0.3158577570223763,
  "cnr": 4.009549113098853,
  "efc": 0.6227643257520394,
  "fber": 40.552188873291016,
  "fwhm_avg": 3.492382853146569,
  "fwhm_x": 3.59714,
  "fwhm_y": 3.5088,
  "fwhm_z": 3.371208559439706,
  "icvs_csf": 0.2194129860357267,
  "icvs_gm": 0.45086844561764755,
  "icvs_wm": 0.3297185683466258,
  "inu_med": 1.1094552278518677,
  "inu_range": 0.30692923963069907,
  "provenance": {
    "md5sum": "ee14f615f10049cef1664dc9ead53330",
    "settings": {
      "testing": false
    },
    "software": "mriqc",
    "version": "21.0.0rc2",
    "warnings": {
      "large_rot_frame": true,
      "small_air_mask": false
    },
    "webapi_port": null,
    "webapi_url": "https://mriqc.nimh.nih.gov/api/v1"
  },
  "qi_1": 0.0,
  "qi_2": 0.0034946917358310943,
  "rpve_csf": 23.006336201554504,
  "rpve_gm": 12.001751203589329,
  "rpve_wm": 19.092682971529108,
  "size_x": 256,
  "size_y": 256,
  "size_z": 160,
  "snr_csf": 3.8840474720275395,
  "snr_gm": 9.77808887182432,
  "snr_total": 11.130834116847142,
  "snr_wm": 19.730366006689568,
  "snrd_csf": 9.463077913720587,
  "snrd_gm": 17.057038498715073,
  "snrd_total": 17.58903103872918,
  "snrd_wm": 26.24697670375188,
  "spacing_x": 1.0,
  "spacing_y": 1.0,
  "spacing_z": 1.0000152587890625,
  "summary_bg_k": 0.8340268724299746,
  "summary_bg_mad": 24.960313951007556,
  "summary_bg_mean": 91.72599792480469,
  "summary_bg_median": 90.16529846191406,
  "summary_bg_n": 3666310.0,
  "summary_bg_p05": 53.22543735504151,
  "summary_bg_p95": 135.41159896850587,
  "summary_bg_stdv": 25.294843673706055,
  "summary_csf_k": 0.8221166605279282,
  "summary_csf_mad": 91.63540905858248,
  "summary_csf_mean": 357.1758117675781,
  "summary_csf_median": 360.5377502441406,
  "summary_csf_n": 20304.0,
  "summary_csf_p05": 199.85922164916994,
  "summary_csf_p95": 501.9604492187499,
  "summary_csf_stdv": 92.82298278808594,
  "summary_gm_k": 0.19564568136516858,
  "summary_gm_mad": 62.84309570821331,
  "summary_gm_mean": 653.258056640625,
  "summary_gm_median": 649.8632202148438,
  "summary_gm_n": 35017.0,
  "summary_gm_p05": 547.1660522460937,
  "summary_gm_p95": 769.962707519531,
  "summary_gm_stdv": 66.46022033691406,
  "summary_wm_k": 0.6003943614012259,
  "summary_wm_mad": 47.74858714728411,
  "summary_wm_mean": 997.5225219726562,
  "summary_wm_median": 999.9945068359375,
  "summary_wm_n": 165163.0,
  "summary_wm_p05": 909.979443359375,
  "summary_wm_p95": 1075.7626953125,
  "summary_wm_stdv": 50.682865142822266,
  "tpm_overlap_csf": 0.15472052991390228,
  "tpm_overlap_gm": 0.4537816643714905,
  "tpm_overlap_wm": 0.4705441892147064,
  "wm2max": 0.6091604458316933
}