{
  "bids_meta": {
    "EchoTime": 0.00336,
    "FlipAngle": 9,
    "ImageType": [
      "ORIGINAL",
      "PRIMARY",
      "M",
      "ND",
      "NORM"
    ],
    "MagneticFieldStrength": 3,
    "Manufacturer": "Siemens",
    "ManufacturersModelName": "TrioTim",
    "PhaseEncodingDirection": "i-",
    "RepetitionTime": 2.3,
    "ScanningSequence": "GR_IR",
    "SequenceName": "_tfl3d1",
    "SequenceVariant": "SP_MP",
    "SoftwareVersions": "syngo_MR_B17",
    "dataset": "ds001486",
    "modality": "T1w",
    "session_id": "T1",
    "subject_id": "127"
  },
  "cjv": 0.3591196892333691,
  "cnr": 3.4812908312068043,
  "efc": 0.6488146264323884,
  "fber": 21.15085792541504,
  "fwhm_avg": 3.44151365713966,
  "fwhm_x": 3.43168,
  "fwhm_y": 3.59484,
  "fwhm_z": 3.2980209714189797,
  "icvs_csf": 0.23650105394467502,
  "icvs_gm": 0.4406028803306864,
  "icvs_wm": 0.3228960657246386,
  "inu_med": 1.2124018669128418,
  "inu_range": 0.3095366060733795,
  "provenance": {
    "md5sum": "136cd87195eb1548a292380afbd07836",
    "settings": {
      "testing": false
    },
    "software": "mriqc",
    "version": "21.0.0rc2",
    "warnings": {
      "large_rot_frame": true,
      "small_air_mask": false
    },
    "webapi_port": null,
    "webapi_url": "https://mriqc.nimh.nih.gov/api/v1"
  },
  "qi_1": 0.0,
  "qi_2": 0.002804094793729943,
  "rpve_csf": 22.287112624123207,
  "rpve_gm": 12.413842081166854,
  "rpve_wm": 19.856730367894123,
  "size_x": 256,
  "size_y": 256,
  "size_z": 160,
  "snr_csf": 3.3724283367767827,
  "snr_gm": 10.058779625783233,
  "snr_total": 10.638947749178456,
  "snr_wm": 18.485635284975356,
  "snrd_csf": 6.811748559392667,
  "snrd_gm": 13.46537903125205,
  "snrd_total": 13.383533973185614,
  "snrd_wm": 19.873474328912128,
  "spacing_x": 1.0,
  "spacing_y": 1.0,
  "spacing_z": 0.9999542236328125,
  "summary_bg_k": 0.775928414561541,
  "summary_bg_mad": 32.965367138091935,
  "summary_bg_mean": 120.16588592529297,
  "summary_bg_median": 118.16345977783203,
  "summary_bg_n": 3600503.0,
  "summary_bg_p05": 69.39398651123047,
  "summary_bg_p95": 177.93389129638672,
  "summary_bg_stdv": 33.39744186401367,
  "summary_csf_k": -0.29369695580495625,
  "summary_csf_mad": 110.46060684759306,
  "summary_csf_mean": 343.12060546875,
  "summary_csf_median": 342.75579833984375,
  "summary_csf_n": 20908.0,
  "summary_csf_p05": 183.86695785522463,
  "summary_csf_p95": 510.3950729370116,
  "summary_csf_stdv": 101.63228607177734,
  "summary_gm_k": 0.14497347690339124,
  "summary_gm_mad": 65.00433411676303,
  "summary_gm_mean": 679.2564697265625,
  "summary_gm_median": 677.5553588867188,
  "summary_gm_n": 21928.0,
  "summary_gm_p05": 570.2577697753907,
  "summary_gm_p95": 793.6941619873046,
  "summary_gm_stdv": 67.35806274414062,
  "summary_wm_k": 0.6543026231344111,
  "summary_wm_mad": 50.79188519480376,
  "summary_wm_mean": 998.3866577148438,
  "summary_wm_median": 1000.0,
  "summary_wm_n": 157395.0,
  "summary_wm_p05": 906.9895324707031,
  "summary_wm_p95": 1083.7371826171875,
  "summary_wm_stdv": 54.09588623046875,
  "tpm_overlap_csf": 0.16474366188049316,
  "tpm_overlap_gm": 0.4602901041507721,
  "tpm_overlap_wm": 0.4869978725910187,
  "wm2max": 0.48491851054265067
}