{
  "bids_meta": {
    "EchoTime": 0.00336,
    "FlipAngle": 9,
    "ImageType": [
      "ORIGINAL",
      "PRIMARY",
      "M",
      "ND",
      "NORM"
    ],
    "MagneticFieldStrength": 3,
    "Manufacturer": "Siemens",
    "ManufacturersModelName": "TrioTim",
    "PhaseEncodingDirection": "i-",
    "RepetitionTime": 2.3,
    "ScanningSequence": "GR_IR",
    "SequenceName": "_tfl3d1",
    "SequenceVariant": "SP_MP",
    "SoftwareVersions": "syngo_MR_B17",
    "dataset": "ds001486",
    "modality": "T1w",
    "session_id": "T2",
    "subject_id": "066"
  },
  "cjv": 0.32981576862869905,
  "cnr": 3.7261130085032397,
  "efc": 0.6661186617237851,
  "fber": 52.28774837571748,
  "fwhm_avg": 3.5370126107766766,
  "fwhm_x": 3.58912,
  "fwhm_y": 3.67087,
  "fwhm_z": 3.3510478323300297,
  "icvs_csf": 0.22172726590686057,
  "icvs_gm": 0.443369463781085,
  "icvs_wm": 0.33490327031205447,
  "inu_med": 1.5473108291625977,
  "inu_range": 0.6174230873584747,
  "provenance": {
    "md5sum": "3b8f5b313b0c35e4f8ea2e859f6e3d87",
    "settings": {
      "testing": false
    },
    "software": "mriqc",
    "version": "21.0.0rc2",
    "warnings": {
      "large_rot_frame": true,
      "small_air_mask": false
    },
    "webapi_port": null,
    "webapi_url": "https://mriqc.nimh.nih.gov/api/v1"
  },
  "qi_1": 0.0,
  "qi_2": 0.002161147738872734,
  "rpve_csf": 26.93452762831126,
  "rpve_gm": 14.135761991997366,
  "rpve_wm": 21.38713093808688,
  "size_x": 256,
  "size_y": 256,
  "size_z": 160,
  "snr_csf": 3.0727088784148857,
  "snr_gm": 10.580691004583732,
  "snr_total": 10.670374235536803,
  "snr_wm": 18.35772282361179,
  "snrd_csf": 9.016019572520404,
  "snrd_gm": 17.952638334510635,
  "snrd_total": 17.96452927715042,
  "snrd_wm": 26.92492992442022,
  "spacing_x": 1.0,
  "spacing_y": 1.0,
  "spacing_z": 0.9999618530273438,
  "summary_bg_k": 39.801364928143265,
  "summary_bg_mad": 24.331961692693543,
  "summary_bg_mean": 77.87590255419966,
  "summary_bg_median": 73.93794182687998,
  "summary_bg_n": 2222388.0,
  "summary_bg_p05": 39.44781520590186,
  "summary_bg_p95": 123.85673723369837,
  "summary_bg_stdv": 32.55582181931846,
  "summary_csf_k": -0.0011586316146510178,
  "summary_csf_mad": 116.90747219536351,
  "summary_csf_mean": 345.92764812594703,
  "summary_csf_median": 334.8576729558408,
  "summary_csf_n": 17534.0,
  "summary_csf_p05": 191.1124841446057,
  "summary_csf_p95": 534.8897226838394,
  "summary_csf_stdv": 108.97489389958643,
  "summary_gm_k": 0.3614700941354747,
  "summary_gm_mad": 59.847754736325655,
  "summary_gm_mean": 665.8584820929219,
  "summary_gm_median": 666.766375977546,
  "summary_gm_n": 14792.0,
  "summary_gm_p05": 559.6247422400862,
  "summary_gm_p95": 768.8028726333752,
  "summary_gm_stdv": 63.01515063940049,
  "summary_wm_k": 0.6933837149146722,
  "summary_wm_mad": 50.05794202403099,
  "summary_wm_mean": 996.2445413926008,
  "summary_wm_median": 999.9999785348773,
  "summary_wm_n": 142286.0,
  "summary_wm_p05": 898.7092721015215,
  "summary_wm_p95": 1078.5964380837977,
  "summary_wm_stdv": 54.47279458830317,
  "tpm_overlap_csf": 0.15541206300258636,
  "tpm_overlap_gm": 0.4489305019378662,
  "tpm_overlap_wm": 0.4738631844520569,
  "wm2max": 0.6381736853589351
}