{
  "bids_meta": {
    "EchoTime": 0.00336,
    "FlipAngle": 9,
    "ImageType": [
      "ORIGINAL",
      "PRIMARY",
      "M",
      "ND",
      "NORM"
    ],
    "MagneticFieldStrength": 3,
    "Manufacturer": "Siemens",
    "ManufacturersModelName": "TrioTim",
    "PhaseEncodingDirection": "i-",
    "RepetitionTime": 2.3,
    "ScanningSequence": "GR_IR",
    "SequenceName": "_tfl3d1",
    "SequenceVariant": "SP_MP",
    "SoftwareVersions": "syngo_MR_B17",
    "dataset": "ds001486",
    "modality": "T1w",
    "session_id": "T1",
    "subject_id": "001"
  },
  "cjv": 0.4255278432939515,
  "cnr": 2.967789461895456,
  "efc": 0.7264455636954354,
  "fber": 20.624325530447482,
  "fwhm_avg": 3.8444274202137803,
  "fwhm_x": 3.93857,
  "fwhm_y": 4.00069,
  "fwhm_z": 3.5940222606413417,
  "icvs_csf": 0.24350327955454545,
  "icvs_gm": 0.4323458241649035,
  "icvs_wm": 0.324150896280551,
  "inu_med": 1.205853819847107,
  "inu_range": 0.5275956094264984,
  "provenance": {
    "md5sum": "36c4a2286f88672830397052bdfb11a0",
    "settings": {
      "testing": false
    },
    "software": "mriqc",
    "version": "21.0.0rc2",
    "warnings": {
      "large_rot_frame": true,
      "small_air_mask": false
    },
    "webapi_port": null,
    "webapi_url": "https://mriqc.nimh.nih.gov/api/v1"
  },
  "qi_1": 0.0,
  "qi_2": 0.003449229324773093,
  "rpve_csf": 18.960886992264644,
  "rpve_gm": 10.715388024485346,
  "rpve_wm": 16.13667556085378,
  "size_x": 256,
  "size_y": 256,
  "size_z": 160,
  "snr_csf": 3.7000648682125377,
  "snr_gm": 9.090486572836673,
  "snr_total": 8.889674961642555,
  "snr_wm": 13.878473443878452,
  "snrd_csf": 7.128411913365324,
  "snrd_gm": 12.591689817354482,
  "snrd_total": 12.790445169782382,
  "snrd_wm": 18.651233778627347,
  "spacing_x": 1.0,
  "spacing_y": 1.0,
  "spacing_z": 0.9999771118164062,
  "summary_bg_k": 0.6351359659602496,
  "summary_bg_mad": 35.12711483387444,
  "summary_bg_mean": 128.7999261755209,
  "summary_bg_median": 126.44648744165897,
  "summary_bg_n": 1843947.0,
  "summary_bg_p05": 74.4573003873229,
  "summary_bg_p95": 190.81003014743328,
  "summary_bg_stdv": 35.73594064067745,
  "summary_csf_k": 0.058620615194437065,
  "summary_csf_mad": 105.13088378979533,
  "summary_csf_mean": 379.42736663056365,
  "summary_csf_median": 382.2113264352083,
  "summary_csf_n": 44915.0,
  "summary_csf_p05": 206.59261276498438,
  "summary_csf_p95": 544.1042189903555,
  "summary_csf_stdv": 103.29739753096537,
  "summary_gm_k": 0.18102463897477827,
  "summary_gm_mad": 71.3186876930178,
  "summary_gm_mean": 678.5147860849307,
  "summary_gm_median": 675.1414656788111,
  "summary_gm_n": 25617.0,
  "summary_gm_p05": 560.5118543848396,
  "summary_gm_p95": 807.2894480451941,
  "summary_gm_stdv": 74.26756340651369,
  "summary_wm_k": 2.5180550214596167,
  "summary_wm_mad": 66.93562523602812,
  "summary_wm_mean": 1002.8173725451169,
  "summary_wm_median": 1000.0422097966075,
  "summary_wm_n": 185937.0,
  "summary_wm_p05": 891.4181731566787,
  "summary_wm_p95": 1122.096434481442,
  "summary_wm_stdv": 72.05688180624249,
  "tpm_overlap_csf": 0.1508968472480774,
  "tpm_overlap_gm": 0.462192565202713,
  "tpm_overlap_wm": 0.4776603877544403,
  "wm2max": 0.5846360562775939
}