{
  "bids_meta": {
    "EchoTime": 0.00336,
    "FlipAngle": 9,
    "ImageType": [
      "ORIGINAL",
      "PRIMARY",
      "M",
      "ND",
      "NORM"
    ],
    "MagneticFieldStrength": 3,
    "Manufacturer": "Siemens",
    "ManufacturersModelName": "TrioTim",
    "PhaseEncodingDirection": "i-",
    "RepetitionTime": 2.3,
    "ScanningSequence": "GR_IR",
    "SequenceName": "_tfl3d1",
    "SequenceVariant": "SP_MP",
    "SoftwareVersions": "syngo_MR_B17",
    "dataset": "ds001486",
    "modality": "T1w",
    "session_id": "T1",
    "subject_id": "123"
  },
  "cjv": 0.2977825684947405,
  "cnr": 4.330483645876511,
  "efc": 0.6577548697413041,
  "fber": 66.5529011252557,
  "fwhm_avg": 3.754186679128629,
  "fwhm_x": 3.73865,
  "fwhm_y": 3.89347,
  "fwhm_z": 3.630440037385887,
  "icvs_csf": 0.22351218247733617,
  "icvs_gm": 0.4376156707618676,
  "icvs_wm": 0.33887214676079624,
  "inu_med": 1.2539397478103638,
  "inu_range": 0.5612654089927672,
  "provenance": {
    "md5sum": "21b0e42ddd4992303edf76187d229e31",
    "settings": {
      "testing": false
    },
    "software": "mriqc",
    "version": "21.0.0rc2",
    "warnings": {
      "large_rot_frame": true,
      "small_air_mask": false
    },
    "webapi_port": null,
    "webapi_url": "https://mriqc.nimh.nih.gov/api/v1"
  },
  "qi_1": 0.0,
  "qi_2": 0.006721196543952236,
  "rpve_csf": 20.239972480354247,
  "rpve_gm": 10.75958668941017,
  "rpve_wm": 16.101835279983156,
  "size_x": 256,
  "size_y": 256,
  "size_z": 160,
  "snr_csf": 3.350798431111245,
  "snr_gm": 9.944002853991925,
  "snr_total": 10.690379546896226,
  "snr_wm": 18.77633735558551,
  "snrd_csf": 11.20413662704774,
  "snrd_gm": 20.15069207952399,
  "snrd_total": 21.10461436618198,
  "snrd_wm": 31.95901439197421,
  "spacing_x": 1.0,
  "spacing_y": 1.0,
  "spacing_z": 0.9999504089355469,
  "summary_bg_k": 0.24108250122579689,
  "summary_bg_mad": 20.49926762797658,
  "summary_bg_mean": 66.4264956489459,
  "summary_bg_median": 64.90613135322928,
  "summary_bg_n": 2146848.0,
  "summary_bg_p05": 35.35270859673619,
  "summary_bg_p95": 102.61787147819996,
  "summary_bg_stdv": 20.56743950328977,
  "summary_csf_k": -0.4282769385288967,
  "summary_csf_mad": 118.7694534369733,
  "summary_csf_mean": 349.7651126212874,
  "summary_csf_median": 350.5782965570688,
  "summary_csf_n": 27780.0,
  "summary_csf_p05": 188.32771212104709,
  "summary_csf_p95": 518.8558789044619,
  "summary_csf_stdv": 104.62341850848821,
  "summary_gm_k": 0.3606545657396345,
  "summary_gm_mad": 60.234814831021225,
  "summary_gm_mean": 628.889726595895,
  "summary_gm_median": 630.5167045742273,
  "summary_gm_n": 30326.0,
  "summary_gm_p05": 521.8783880500123,
  "summary_gm_p95": 731.5127418767661,
  "summary_gm_stdv": 63.405684622233395,
  "summary_wm_k": 0.6526395318447018,
  "summary_wm_mad": 49.79087516273932,
  "summary_wm_mean": 996.5085600082182,
  "summary_wm_median": 1000.000017683953,
  "summary_wm_n": 198183.0,
  "summary_wm_p05": 902.1985022425652,
  "summary_wm_p95": 1077.1272429265082,
  "summary_wm_stdv": 53.2583898457979,
  "tpm_overlap_csf": 0.15404991805553436,
  "tpm_overlap_gm": 0.4565023183822632,
  "tpm_overlap_wm": 0.4721376299858093,
  "wm2max": 0.7810876519513755
}