{
  "bids_meta": {
    "EchoTime": 0.00336,
    "FlipAngle": 9,
    "ImageType": [
      "ORIGINAL",
      "PRIMARY",
      "M",
      "ND",
      "NORM"
    ],
    "MagneticFieldStrength": 3,
    "Manufacturer": "Siemens",
    "ManufacturersModelName": "TrioTim",
    "PhaseEncodingDirection": "i-",
    "RepetitionTime": 2.3,
    "ScanningSequence": "GR_IR",
    "SequenceName": "_tfl3d1",
    "SequenceVariant": "SP_MP",
    "SoftwareVersions": "syngo_MR_B17",
    "dataset": "ds001486",
    "modality": "T1w",
    "session_id": "T2",
    "subject_id": "070"
  },
  "cjv": 0.3641346808776689,
  "cnr": 3.531021177610677,
  "efc": 0.7111418432951785,
  "fber": 54.95492884826619,
  "fwhm_avg": 3.714417753377051,
  "fwhm_x": 3.721809556325727,
  "fwhm_y": 3.93833,
  "fwhm_z": 3.4831137038054263,
  "icvs_csf": 0.24425543306252817,
  "icvs_gm": 0.42118976155739685,
  "icvs_wm": 0.334554805380075,
  "inu_med": 1.3855639696121216,
  "inu_range": 0.525868320465088,
  "provenance": {
    "md5sum": "f0b41c09b65df09d76898188267f23a4",
    "settings": {
      "testing": false
    },
    "software": "mriqc",
    "version": "21.0.0rc2",
    "warnings": {
      "large_rot_frame": true,
      "small_air_mask": false
    },
    "webapi_port": null,
    "webapi_url": "https://mriqc.nimh.nih.gov/api/v1"
  },
  "qi_1": 0.0,
  "qi_2": 0.002908062638576117,
  "rpve_csf": 23.692050001480276,
  "rpve_gm": 13.692456243989923,
  "rpve_wm": 20.38583028429435,
  "size_x": 256,
  "size_y": 256,
  "size_z": 160,
  "snr_csf": 3.509679015216016,
  "snr_gm": 9.569240694395532,
  "snr_total": 10.799968654439459,
  "snr_wm": 19.32098625370683,
  "snrd_csf": 11.281753442602998,
  "snrd_gm": 19.784825389339996,
  "snrd_total": 20.067433031174318,
  "snrd_wm": 29.13572026157995,
  "spacing_x": 1.0000001192092896,
  "spacing_y": 1.0,
  "spacing_z": 1.000030517578125,
  "summary_bg_k": 12.186500466656138,
  "summary_bg_mad": 22.485676594123678,
  "summary_bg_mean": 73.11185925387029,
  "summary_bg_median": 71.22383138164878,
  "summary_bg_n": 1435618.0,
  "summary_bg_p05": 38.96810743957758,
  "summary_bg_p95": 113.05830799043179,
  "summary_bg_stdv": 23.392380104253668,
  "summary_csf_k": -0.268928817087823,
  "summary_csf_mad": 118.29187280018652,
  "summary_csf_mean": 384.90773498658575,
  "summary_csf_median": 387.2138199210167,
  "summary_csf_n": 24618.0,
  "summary_csf_p05": 206.95911064743996,
  "summary_csf_p95": 560.9738446213305,
  "summary_csf_stdv": 110.32517609653782,
  "summary_gm_k": 0.4142861196146388,
  "summary_gm_mad": 67.69910046340826,
  "summary_gm_mean": 681.5591668262116,
  "summary_gm_median": 679.0573694463819,
  "summary_gm_n": 19244.0,
  "summary_gm_p05": 569.7543678991497,
  "summary_gm_p95": 802.293102145195,
  "summary_gm_stdv": 70.9606694564479,
  "summary_wm_k": 0.578870328225515,
  "summary_wm_mad": 49.16724499289245,
  "summary_wm_mean": 998.0762606078011,
  "summary_wm_median": 1000.0000085122883,
  "summary_wm_n": 160368.0,
  "summary_wm_p05": 910.0177864916623,
  "summary_wm_p95": 1078.7707359343767,
  "summary_wm_stdv": 51.75703132062182,
  "tpm_overlap_csf": 0.16099876165390015,
  "tpm_overlap_gm": 0.4534327983856201,
  "tpm_overlap_wm": 0.4929896891117096,
  "wm2max": 0.6295593283430405
}