{
  "bids_meta": {
    "EchoTime": 0.00336,
    "FlipAngle": 9,
    "ImageType": [
      "ORIGINAL",
      "PRIMARY",
      "M",
      "ND",
      "NORM"
    ],
    "MagneticFieldStrength": 3,
    "Manufacturer": "Siemens",
    "ManufacturersModelName": "TrioTim",
    "PhaseEncodingDirection": "i-",
    "RepetitionTime": 2.3,
    "ScanningSequence": "GR_IR",
    "SequenceName": "_tfl3d1",
    "SequenceVariant": "SP_MP",
    "SoftwareVersions": "syngo_MR_B17",
    "dataset": "ds001486",
    "modality": "T1w",
    "session_id": "T1",
    "subject_id": "052"
  },
  "cjv": 0.3404844572793374,
  "cnr": 3.756968132944069,
  "efc": 0.6160877965178443,
  "fber": 43.13017272949219,
  "fwhm_avg": 3.5661295158890627,
  "fwhm_x": 3.56324,
  "fwhm_y": 3.79192,
  "fwhm_z": 3.343228547667188,
  "icvs_csf": 0.21900528460591662,
  "icvs_gm": 0.43294667183606894,
  "icvs_wm": 0.34804804355801444,
  "inu_med": 1.1219732761383057,
  "inu_range": 0.29137180447578437,
  "provenance": {
    "md5sum": "cf9ca81e90c1b7e73146c6962ad0d54e",
    "settings": {
      "testing": false
    },
    "software": "mriqc",
    "version": "21.0.0rc2",
    "warnings": {
      "large_rot_frame": true,
      "small_air_mask": false
    },
    "webapi_port": null,
    "webapi_url": "https://mriqc.nimh.nih.gov/api/v1"
  },
  "qi_1": 0.0,
  "qi_2": 0.0034226098984385302,
  "rpve_csf": 25.8603785964049,
  "rpve_gm": 13.900422236914956,
  "rpve_wm": 20.597392484965386,
  "size_x": 256,
  "size_y": 256,
  "size_z": 160,
  "snr_csf": 2.745548442423836,
  "snr_gm": 9.875432667594152,
  "snr_total": 11.052043774124769,
  "snr_wm": 20.53515021235632,
  "snrd_csf": 8.48776787660649,
  "snrd_gm": 18.629948825358184,
  "snrd_total": 18.2693156492023,
  "snrd_wm": 27.690230245642233,
  "spacing_x": 1.0,
  "spacing_y": 1.0,
  "spacing_z": 0.9999465942382812,
  "summary_bg_k": 0.49087010601346037,
  "summary_bg_mad": 23.65924204945513,
  "summary_bg_mean": 86.92680358886719,
  "summary_bg_median": 85.56524658203125,
  "summary_bg_n": 3925370.0,
  "summary_bg_p05": 50.12793788909912,
  "summary_bg_p95": 128.29703369140623,
  "summary_bg_stdv": 23.924657821655273,
  "summary_csf_k": 4.386724255486349,
  "summary_csf_mad": 124.66079425828477,
  "summary_csf_mean": 315.6748046875,
  "summary_csf_median": 306.5226745605469,
  "summary_csf_n": 16095.0,
  "summary_csf_p05": 161.9998779296875,
  "summary_csf_p95": 500.6738739013672,
  "summary_csf_stdv": 111.64004516601562,
  "summary_gm_k": 0.028942581419800106,
  "summary_gm_mad": 66.37422997155106,
  "summary_gm_mean": 675.8883056640625,
  "summary_gm_median": 672.7919311523438,
  "summary_gm_n": 16313.0,
  "summary_gm_p05": 567.7560668945313,
  "summary_gm_p95": 792.0327514648437,
  "summary_gm_stdv": 68.1257553100586,
  "summary_wm_k": 0.8483383990786444,
  "summary_wm_mad": 45.031644379368984,
  "summary_wm_mean": 997.0162353515625,
  "summary_wm_median": 999.9900512695312,
  "summary_wm_n": 160828.0,
  "summary_wm_p05": 912.2864990234375,
  "summary_wm_p95": 1070.837353515625,
  "summary_wm_stdv": 48.696353912353516,
  "tpm_overlap_csf": 0.15209326148033142,
  "tpm_overlap_gm": 0.43218275904655457,
  "tpm_overlap_wm": 0.4637359082698822,
  "wm2max": 0.6743627625271277
}