{
  "bids_meta": {
    "EchoTime": 0.00336,
    "FlipAngle": 9,
    "ImageType": [
      "ORIGINAL",
      "PRIMARY",
      "M",
      "ND",
      "NORM"
    ],
    "MagneticFieldStrength": 3,
    "Manufacturer": "Siemens",
    "ManufacturersModelName": "TrioTim",
    "PhaseEncodingDirection": "i-",
    "RepetitionTime": 2.3,
    "ScanningSequence": "GR_IR",
    "SequenceName": "_tfl3d1",
    "SequenceVariant": "SP_MP",
    "SoftwareVersions": "syngo_MR_B17",
    "dataset": "ds001486",
    "modality": "T1w",
    "session_id": "T2",
    "subject_id": "049"
  },
  "cjv": 0.2851626154882184,
  "cnr": 4.436901537008856,
  "efc": 0.64125767929311,
  "fber": 95.84035863523874,
  "fwhm_avg": 3.81762451741842,
  "fwhm_x": 3.93304,
  "fwhm_y": 3.9108,
  "fwhm_z": 3.609033552255261,
  "icvs_csf": 0.23884021623282792,
  "icvs_gm": 0.41462245770337075,
  "icvs_wm": 0.34653732606380133,
  "inu_med": 1.1905224323272705,
  "inu_range": 0.4914863765239714,
  "provenance": {
    "md5sum": "566773ab4136c9d2a309cb0f9fe3f666",
    "settings": {
      "testing": false
    },
    "software": "mriqc",
    "version": "21.0.0rc2",
    "warnings": {
      "large_rot_frame": true,
      "small_air_mask": false
    },
    "webapi_port": null,
    "webapi_url": "https://mriqc.nimh.nih.gov/api/v1"
  },
  "qi_1": 0.0,
  "qi_2": 0.006184244917247623,
  "rpve_csf": 19.408578042723793,
  "rpve_gm": 11.190730762251539,
  "rpve_wm": 16.26330614088699,
  "size_x": 256,
  "size_y": 256,
  "size_z": 160,
  "snr_csf": 3.717358415181548,
  "snr_gm": 10.378312727878097,
  "snr_total": 11.378851865764341,
  "snr_wm": 20.04088445423338,
  "snrd_csf": 14.16995509749437,
  "snrd_gm": 24.09313207308944,
  "snrd_total": 25.309444314744848,
  "snrd_wm": 37.66524577365074,
  "spacing_x": 1.0,
  "spacing_y": 1.0,
  "spacing_z": 0.9999962449073792,
  "summary_bg_k": 0.5502261576856728,
  "summary_bg_mad": 17.39365662782667,
  "summary_bg_mean": 55.28602635710202,
  "summary_bg_median": 53.92704355716705,
  "summary_bg_n": 2105657.0,
  "summary_bg_p05": 29.08314049243927,
  "summary_bg_p95": 86.06637847423553,
  "summary_bg_stdv": 17.5247486400425,
  "summary_csf_k": -0.3241476567650312,
  "summary_csf_mad": 107.28524340188886,
  "summary_csf_mean": 368.65757521992134,
  "summary_csf_median": 376.2076749801636,
  "summary_csf_n": 23613.0,
  "summary_csf_p05": 198.55405068397522,
  "summary_csf_p95": 522.9510145902633,
  "summary_csf_stdv": 101.2008170226366,
  "summary_gm_k": 0.400583135677246,
  "summary_gm_mad": 57.58908160809838,
  "summary_gm_mean": 640.7173293470028,
  "summary_gm_median": 639.6647793054581,
  "summary_gm_n": 22853.0,
  "summary_gm_p05": 539.5990586280823,
  "summary_gm_p95": 744.0683243274689,
  "summary_gm_stdv": 61.63340811945802,
  "summary_wm_k": 0.977326886917496,
  "summary_wm_mad": 45.16504115965076,
  "summary_wm_mean": 996.5213299449231,
  "summary_wm_median": 999.9999606609344,
  "summary_wm_n": 203479.0,
  "summary_wm_p05": 907.2953964471817,
  "summary_wm_p95": 1071.376888513565,
  "summary_wm_stdv": 49.89787280524658,
  "tpm_overlap_csf": 0.1592044234275818,
  "tpm_overlap_gm": 0.4423863887786865,
  "tpm_overlap_wm": 0.48510003089904785,
  "wm2max": 0.7896667883820863
}