{
  "bids_meta": {
    "EchoTime": 0.00336,
    "FlipAngle": 9,
    "ImageType": [
      "ORIGINAL",
      "PRIMARY",
      "M",
      "ND",
      "NORM"
    ],
    "MagneticFieldStrength": 3,
    "Manufacturer": "Siemens",
    "ManufacturersModelName": "TrioTim",
    "PhaseEncodingDirection": "i-",
    "RepetitionTime": 2.3,
    "ScanningSequence": "GR_IR",
    "SequenceName": "_tfl3d1",
    "SequenceVariant": "SP_MP",
    "SoftwareVersions": "syngo_MR_B17",
    "dataset": "ds001486",
    "modality": "T1w",
    "session_id": "T1",
    "subject_id": "019"
  },
  "cjv": 0.3308300021070756,
  "cnr": 3.825603044846313,
  "efc": 0.6759995280407494,
  "fber": 32.454462224994096,
  "fwhm_avg": 3.5006163321867807,
  "fwhm_x": 3.5850702136868366,
  "fwhm_y": 3.5463602113795405,
  "fwhm_z": 3.3704185714939654,
  "icvs_csf": 0.22348067188752732,
  "icvs_gm": 0.4523834652140264,
  "icvs_wm": 0.3241358628984463,
  "inu_med": 1.1644749641418457,
  "inu_range": 0.34190165996551514,
  "provenance": {
    "md5sum": "a4cf4fd13731b175d2b25bd28cf1242b",
    "settings": {
      "testing": false
    },
    "software": "mriqc",
    "version": "21.0.0rc2",
    "warnings": {
      "large_rot_frame": true,
      "small_air_mask": false
    },
    "webapi_port": null,
    "webapi_url": "https://mriqc.nimh.nih.gov/api/v1"
  },
  "qi_1": 0.0,
  "qi_2": 0.004024416601236441,
  "rpve_csf": 24.53026336889568,
  "rpve_gm": 12.907381491279212,
  "rpve_wm": 20.839952011997,
  "size_x": 256,
  "size_y": 256,
  "size_z": 160,
  "snr_csf": 4.173486389228846,
  "snr_gm": 10.700613372885869,
  "snr_total": 11.511201563438524,
  "snr_wm": 19.65950492820086,
  "snrd_csf": 9.2139794889306,
  "snrd_gm": 15.138954841311676,
  "snrd_total": 15.633908954189613,
  "snrd_wm": 22.548792532326555,
  "spacing_x": 0.9999999403953552,
  "spacing_y": 0.9999999403953552,
  "spacing_z": 1.0000152587890625,
  "summary_bg_k": 0.20108491258018324,
  "summary_bg_mad": 29.054168001200022,
  "summary_bg_mean": 105.96215649514615,
  "summary_bg_median": 104.13835227489471,
  "summary_bg_n": 2356280.0,
  "summary_bg_p05": 61.24452769756317,
  "summary_bg_p95": 157.03821867704391,
  "summary_bg_stdv": 29.234939728268756,
  "summary_csf_k": 0.7195270692259919,
  "summary_csf_mad": 91.47304530628293,
  "summary_csf_mean": 403.96516771050216,
  "summary_csf_median": 408.6240929365158,
  "summary_csf_n": 22180.0,
  "summary_csf_p05": 232.2912049293518,
  "summary_csf_p95": 552.144715487957,
  "summary_csf_stdv": 97.90732332163259,
  "summary_gm_k": 0.3410299252929718,
  "summary_gm_mad": 59.339919231738,
  "summary_gm_mean": 673.6648995830434,
  "summary_gm_median": 671.386527121067,
  "summary_gm_n": 32155.0,
  "summary_gm_p05": 574.8263355791569,
  "summary_gm_p95": 782.7481088340282,
  "summary_gm_stdv": 62.74183206119829,
  "summary_wm_k": 0.32846256833037746,
  "summary_wm_mad": 49.37529128527634,
  "summary_wm_mean": 999.6721333607431,
  "summary_wm_median": 1000.0000441074371,
  "summary_wm_n": 150498.0,
  "summary_wm_p05": 916.2136033177376,
  "summary_wm_p95": 1082.3516562581062,
  "summary_wm_stdv": 50.86581404010971,
  "tpm_overlap_csf": 0.1461300551891327,
  "tpm_overlap_gm": 0.47072166204452515,
  "tpm_overlap_wm": 0.4833238124847412,
  "wm2max": 0.527105186045099
}