{
  "bids_meta": {
    "EchoTime": 0.00336,
    "FlipAngle": 9,
    "ImageType": [
      "ORIGINAL",
      "PRIMARY",
      "M",
      "ND",
      "NORM"
    ],
    "MagneticFieldStrength": 3,
    "Manufacturer": "Siemens",
    "ManufacturersModelName": "TrioTim",
    "PhaseEncodingDirection": "i-",
    "RepetitionTime": 2.3,
    "ScanningSequence": "GR_IR",
    "SequenceName": "_tfl3d1",
    "SequenceVariant": "SP_MP",
    "SoftwareVersions": "syngo_MR_B17",
    "dataset": "ds001486",
    "modality": "T1w",
    "session_id": "T1",
    "subject_id": "130"
  },
  "cjv": 0.3940236507789366,
  "cnr": 3.249756097012477,
  "efc": 0.6512109714410411,
  "fber": 14.210895538330078,
  "fwhm_avg": 3.723503231706697,
  "fwhm_x": 3.74007,
  "fwhm_y": 3.83595,
  "fwhm_z": 3.5944896951200906,
  "icvs_csf": 0.23212432441625655,
  "icvs_gm": 0.4487144893421822,
  "icvs_wm": 0.3191611862415612,
  "inu_med": 1.2117059230804443,
  "inu_range": 0.4468045234680176,
  "provenance": {
    "md5sum": "192f71d55201c8d86328e1ef269e2a46",
    "settings": {
      "testing": false
    },
    "software": "mriqc",
    "version": "21.0.0rc2",
    "warnings": {
      "large_rot_frame": true,
      "small_air_mask": false
    },
    "webapi_port": null,
    "webapi_url": "https://mriqc.nimh.nih.gov/api/v1"
  },
  "qi_1": 0.0,
  "qi_2": 0.004395754247317227,
  "rpve_csf": 23.010587571496533,
  "rpve_gm": 12.329177426537393,
  "rpve_wm": 19.71275391401473,
  "size_x": 256,
  "size_y": 256,
  "size_z": 160,
  "snr_csf": 4.44578722158175,
  "snr_gm": 9.243755660886208,
  "snr_total": 9.938222559002051,
  "snr_wm": 16.125124794538195,
  "snrd_csf": 8.765334688106066,
  "snrd_gm": 14.722384942847452,
  "snrd_total": 15.113008678367896,
  "snrd_wm": 21.85130640415017,
  "spacing_x": 1.0,
  "spacing_y": 1.0,
  "spacing_z": 0.999969482421875,
  "summary_bg_k": 0.33139023680526414,
  "summary_bg_mad": 29.98171387739312,
  "summary_bg_mean": 109.53935241699219,
  "summary_bg_median": 107.61003875732422,
  "summary_bg_n": 3485018.0,
  "summary_bg_p05": 63.18224105834961,
  "summary_bg_p95": 162.4140495300293,
  "summary_bg_stdv": 30.334299087524414,
  "summary_csf_k": 0.2708575551124657,
  "summary_csf_mad": 87.53850332791981,
  "summary_csf_mean": 399.53961181640625,
  "summary_csf_median": 401.1374816894531,
  "summary_csf_n": 36137.0,
  "summary_csf_p05": 246.02828674316407,
  "summary_csf_p95": 543.2082153320313,
  "summary_csf_stdv": 90.22742462158203,
  "summary_gm_k": 0.0717367087649774,
  "summary_gm_mad": 71.09459509155387,
  "summary_gm_mean": 679.1366577148438,
  "summary_gm_median": 673.7564086914062,
  "summary_gm_n": 30593.0,
  "summary_gm_p05": 567.3154663085937,
  "summary_gm_p95": 808.1546508789062,
  "summary_gm_stdv": 72.88654327392578,
  "summary_wm_k": 1.096161054656923,
  "summary_wm_mad": 57.45504379199201,
  "summary_wm_mean": 999.922119140625,
  "summary_wm_median": 1000.0049438476562,
  "summary_wm_n": 148318.0,
  "summary_wm_p05": 897.6837310791016,
  "summary_wm_p95": 1099.6404174804686,
  "summary_wm_stdv": 62.01512145996094,
  "tpm_overlap_csf": 0.13754799962043762,
  "tpm_overlap_gm": 0.4626917243003845,
  "tpm_overlap_wm": 0.4699001610279083,
  "wm2max": 0.6147764395300943
}