{
  "bids_meta": {
    "EchoTime": 0.00336,
    "FlipAngle": 9,
    "ImageType": [
      "ORIGINAL",
      "PRIMARY",
      "M",
      "ND",
      "NORM"
    ],
    "MagneticFieldStrength": 3,
    "Manufacturer": "Siemens",
    "ManufacturersModelName": "TrioTim",
    "PhaseEncodingDirection": "i-",
    "RepetitionTime": 2.3,
    "ScanningSequence": "GR_IR",
    "SequenceName": "_tfl3d1",
    "SequenceVariant": "SP_MP",
    "SoftwareVersions": "syngo_MR_B17",
    "dataset": "ds001486",
    "modality": "T1w",
    "session_id": "T1",
    "subject_id": "006"
  },
  "cjv": 0.3054047346164991,
  "cnr": 4.1274765057281515,
  "efc": 0.6185083065405378,
  "fber": 42.53092956542969,
  "fwhm_avg": 3.514699531607416,
  "fwhm_x": 3.55816,
  "fwhm_y": 3.6455295654190105,
  "fwhm_z": 3.3404090294032383,
  "icvs_csf": 0.22412955207261948,
  "icvs_gm": 0.4537810652288783,
  "icvs_wm": 0.32208938269850224,
  "inu_med": 1.1343328952789307,
  "inu_range": 0.28791016340255726,
  "provenance": {
    "md5sum": "c1eed559b0edbc2180b714c2ff3c52fd",
    "settings": {
      "testing": false
    },
    "software": "mriqc",
    "version": "21.0.0rc2",
    "warnings": {
      "large_rot_frame": true,
      "small_air_mask": false
    },
    "webapi_port": null,
    "webapi_url": "https://mriqc.nimh.nih.gov/api/v1"
  },
  "qi_1": 0.0,
  "qi_2": 0.003913980335556695,
  "rpve_csf": 24.261518724560606,
  "rpve_gm": 12.805974383113666,
  "rpve_wm": 20.83800248719415,
  "size_x": 256,
  "size_y": 256,
  "size_z": 160,
  "snr_csf": 4.224297821712796,
  "snr_gm": 11.46103235987732,
  "snr_total": 11.885330200842835,
  "snr_wm": 19.970660420938387,
  "snrd_csf": 10.317469829157014,
  "snrd_gm": 17.27772624958096,
  "snrd_total": 17.84354991994756,
  "snrd_wm": 25.9354536811047,
  "spacing_x": 1.0,
  "spacing_y": 1.0000001192092896,
  "spacing_z": 1.0000152587890625,
  "summary_bg_k": 8.092668265110941,
  "summary_bg_mad": 25.26026286709354,
  "summary_bg_mean": 92.83406829833984,
  "summary_bg_median": 91.34730529785156,
  "summary_bg_n": 3824137.0,
  "summary_bg_p05": 53.96080474853515,
  "summary_bg_p95": 136.97540893554685,
  "summary_bg_stdv": 25.598295211791992,
  "summary_csf_k": 0.3851010822482639,
  "summary_csf_mad": 91.41967885296009,
  "summary_csf_mean": 393.4747009277344,
  "summary_csf_median": 397.8133544921875,
  "summary_csf_n": 19804.0,
  "summary_csf_p05": 233.68125152587893,
  "summary_csf_p95": 539.6708984375,
  "summary_csf_stdv": 94.17028045654297,
  "summary_gm_k": 0.4265205670065888,
  "summary_gm_mad": 53.84558969100066,
  "summary_gm_mean": 667.1776123046875,
  "summary_gm_median": 666.1817626953125,
  "summary_gm_n": 29447.0,
  "summary_gm_p05": 573.0017761230469,
  "summary_gm_p95": 765.2641235351562,
  "summary_gm_stdv": 58.124820709228516,
  "summary_wm_k": 0.45469421031030066,
  "summary_wm_mad": 48.104080483184944,
  "summary_wm_mean": 997.4929809570312,
  "summary_wm_median": 1000.0,
  "summary_wm_n": 148372.0,
  "summary_wm_p05": 911.3763916015625,
  "summary_wm_p95": 1075.1510620117188,
  "summary_wm_stdv": 50.07328796386719,
  "tpm_overlap_csf": 0.14732448756694794,
  "tpm_overlap_gm": 0.4605858027935028,
  "tpm_overlap_wm": 0.4786977767944336,
  "wm2max": 0.5736368878832308
}