{
  "bids_meta": {
    "EchoTime": 0.00336,
    "FlipAngle": 9,
    "ImageType": [
      "ORIGINAL",
      "PRIMARY",
      "M",
      "ND",
      "NORM"
    ],
    "MagneticFieldStrength": 3,
    "Manufacturer": "Siemens",
    "ManufacturersModelName": "TrioTim",
    "PhaseEncodingDirection": "i-",
    "RepetitionTime": 2.3,
    "ScanningSequence": "GR_IR",
    "SequenceName": "_tfl3d1",
    "SequenceVariant": "SP_MP",
    "SoftwareVersions": "syngo_MR_B17",
    "dataset": "ds001486",
    "modality": "T1w",
    "session_id": "T2",
    "subject_id": "009"
  },
  "cjv": 0.28143619790731,
  "cnr": 4.55251606870813,
  "efc": 0.5740672591503363,
  "fber": 74.13982391357422,
  "fwhm_avg": 3.9595956006628157,
  "fwhm_x": 3.95792,
  "fwhm_y": 4.10096,
  "fwhm_z": 3.8199068019884477,
  "icvs_csf": 0.24130592087437538,
  "icvs_gm": 0.41728687280575055,
  "icvs_wm": 0.34140720631987403,
  "inu_med": 1.3590844869613647,
  "inu_range": 0.5119860172271726,
  "provenance": {
    "md5sum": "b6b54d83699f61194279369e689998d7",
    "settings": {
      "testing": false
    },
    "software": "mriqc",
    "version": "21.0.0rc2",
    "warnings": {
      "large_rot_frame": true,
      "small_air_mask": false
    },
    "webapi_port": null,
    "webapi_url": "https://mriqc.nimh.nih.gov/api/v1"
  },
  "qi_1": 0.0,
  "qi_2": 0.005521517361987436,
  "rpve_csf": 20.60991924899781,
  "rpve_gm": 12.110983856701354,
  "rpve_wm": 18.190474028253433,
  "size_x": 256,
  "size_y": 256,
  "size_z": 160,
  "snr_csf": 4.032622413558682,
  "snr_gm": 10.126526389216917,
  "snr_total": 11.550386423014805,
  "snr_wm": 20.49201046626882,
  "snrd_csf": 12.948855522471051,
  "snrd_gm": 22.070776972761518,
  "snrd_total": 23.351719994667317,
  "snrd_wm": 35.03552748876938,
  "spacing_x": 1.0,
  "spacing_y": 1.0,
  "spacing_z": 0.9999694228172302,
  "summary_bg_k": 0.3663177589193416,
  "summary_bg_mad": 18.698878206833122,
  "summary_bg_mean": 65.67303466796875,
  "summary_bg_median": 64.55807495117188,
  "summary_bg_n": 3875592.0,
  "summary_bg_p05": 36.762620544433595,
  "summary_bg_p95": 98.38145446777344,
  "summary_bg_stdv": 18.865812301635742,
  "summary_csf_k": -0.1414952772561069,
  "summary_csf_mad": 95.89451965232324,
  "summary_csf_mean": 365.9197082519531,
  "summary_csf_median": 369.58575439453125,
  "summary_csf_n": 26475.0,
  "summary_csf_p05": 211.4100555419922,
  "summary_csf_p95": 508.199267578125,
  "summary_csf_stdv": 91.64725494384766,
  "summary_gm_k": 0.3652495380329044,
  "summary_gm_mad": 58.66585671830513,
  "summary_gm_mean": 629.427734375,
  "summary_gm_median": 629.9432983398438,
  "summary_gm_n": 30001.0,
  "summary_gm_p05": 524.469970703125,
  "summary_gm_p95": 730.4088134765625,
  "summary_gm_stdv": 62.206207275390625,
  "summary_wm_k": 0.6979184852803635,
  "summary_wm_mad": 45.476633173894214,
  "summary_wm_mean": 996.9725341796875,
  "summary_wm_median": 999.9827270507812,
  "summary_wm_n": 194447.0,
  "summary_wm_p05": 911.5911254882812,
  "summary_wm_p95": 1071.3863159179687,
  "summary_wm_stdv": 48.79853820800781,
  "tpm_overlap_csf": 0.16063328087329865,
  "tpm_overlap_gm": 0.4602970480918884,
  "tpm_overlap_wm": 0.5076554417610168,
  "wm2max": 0.7797113579364625
}