{
  "bids_meta": {
    "EchoTime": 0.00336,
    "FlipAngle": 9,
    "ImageType": [
      "ORIGINAL",
      "PRIMARY",
      "M",
      "ND",
      "NORM"
    ],
    "MagneticFieldStrength": 3,
    "Manufacturer": "Siemens",
    "ManufacturersModelName": "TrioTim",
    "PhaseEncodingDirection": "i-",
    "RepetitionTime": 2.3,
    "ScanningSequence": "GR_IR",
    "SequenceName": "_tfl3d1",
    "SequenceVariant": "SP_MP",
    "SoftwareVersions": "syngo_MR_B17",
    "dataset": "ds001486",
    "modality": "T1w",
    "session_id": "T1",
    "subject_id": "034"
  },
  "cjv": 0.5229734958801621,
  "cnr": 2.4807865550459565,
  "efc": 0.6871966974934498,
  "fber": 6.42669677734375,
  "fwhm_avg": 4.075815058692924,
  "fwhm_x": 4.13206,
  "fwhm_y": 4.16051,
  "fwhm_z": 3.9348751760787706,
  "icvs_csf": 0.24077651762326444,
  "icvs_gm": 0.43046066469536154,
  "icvs_wm": 0.32876281768137405,
  "inu_med": 1.3579423427581787,
  "inu_range": 0.5586472809314726,
  "provenance": {
    "md5sum": "efbb63feebe2d1debc53d78de8f4b7a2",
    "settings": {
      "testing": false
    },
    "software": "mriqc",
    "version": "21.0.0rc2",
    "warnings": {
      "large_rot_frame": true,
      "small_air_mask": false
    },
    "webapi_port": null,
    "webapi_url": "https://mriqc.nimh.nih.gov/api/v1"
  },
  "qi_1": 0.0,
  "qi_2": 0.0028085871487692556,
  "rpve_csf": 21.096973287507254,
  "rpve_gm": 11.743323661771672,
  "rpve_wm": 17.289985452429445,
  "size_x": 256,
  "size_y": 256,
  "size_z": 160,
  "snr_csf": 3.0301892831337573,
  "snr_gm": 9.199324514742987,
  "snr_total": 8.115603965304112,
  "snr_wm": 12.117298098035592,
  "snrd_csf": 5.762150914014048,
  "snrd_gm": 11.908552371330897,
  "snrd_total": 11.52609481148225,
  "snrd_wm": 16.907581149101805,
  "spacing_x": 1.0,
  "spacing_y": 1.0,
  "spacing_z": 0.9999351501464844,
  "summary_bg_k": 0.3659512898145647,
  "summary_bg_mad": 38.748982873300136,
  "summary_bg_mean": 140.53831481933594,
  "summary_bg_median": 137.9427490234375,
  "summary_bg_n": 3492604.0,
  "summary_bg_p05": 81.20702934265137,
  "summary_bg_p95": 208.7809097290039,
  "summary_bg_stdv": 39.14481735229492,
  "summary_csf_k": -0.2492762641189934,
  "summary_csf_mad": 121.29159338545091,
  "summary_csf_mean": 343.9934997558594,
  "summary_csf_median": 340.8106994628906,
  "summary_csf_n": 46487.0,
  "summary_csf_p05": 168.67318725585938,
  "summary_csf_p95": 531.3198730468749,
  "summary_csf_stdv": 112.47054290771484,
  "summary_gm_k": -0.02263364456912864,
  "summary_gm_mad": 76.95776925803541,
  "summary_gm_mean": 707.1222534179688,
  "summary_gm_median": 704.3484497070312,
  "summary_gm_n": 28909.0,
  "summary_gm_p05": 585.5891723632812,
  "summary_gm_p95": 837.0671142578125,
  "summary_gm_stdv": 76.56391143798828,
  "summary_wm_k": 0.8906056238460662,
  "summary_wm_mad": 77.67228507330154,
  "summary_wm_mean": 1005.07470703125,
  "summary_wm_median": 1000.023193359375,
  "summary_wm_n": 181842.0,
  "summary_wm_p05": 878.2224639892578,
  "summary_wm_p95": 1147.953009033203,
  "summary_wm_stdv": 82.52833557128906,
  "tpm_overlap_csf": 0.14837870001792908,
  "tpm_overlap_gm": 0.45129281282424927,
  "tpm_overlap_wm": 0.4841296374797821,
  "wm2max": 0.4587781221577345
}