{
  "bids_meta": {
    "EchoTime": 0.00336,
    "FlipAngle": 9,
    "ImageType": [
      "ORIGINAL",
      "PRIMARY",
      "M",
      "ND",
      "NORM"
    ],
    "MagneticFieldStrength": 3,
    "Manufacturer": "Siemens",
    "ManufacturersModelName": "TrioTim",
    "PhaseEncodingDirection": "i-",
    "RepetitionTime": 2.3,
    "ScanningSequence": "GR_IR",
    "SequenceName": "_tfl3d1",
    "SequenceVariant": "SP_MP",
    "SoftwareVersions": "syngo_MR_B17",
    "dataset": "ds001486",
    "modality": "T1w",
    "session_id": "T2",
    "subject_id": "073"
  },
  "cjv": 0.3128738941431804,
  "cnr": 4.0806727133426675,
  "efc": 0.5836766972011875,
  "fber": 59.78337097167969,
  "fwhm_avg": 3.6415434038789942,
  "fwhm_x": 3.66667,
  "fwhm_y": 3.7812,
  "fwhm_z": 3.4767602116369822,
  "icvs_csf": 0.217427062130025,
  "icvs_gm": 0.45658361161118394,
  "icvs_wm": 0.32598932625879107,
  "inu_med": 1.611477017402649,
  "inu_range": 0.5606553316116334,
  "provenance": {
    "md5sum": "939a42e11c06d7312760be32785a6862",
    "settings": {
      "testing": false
    },
    "software": "mriqc",
    "version": "21.0.0rc2",
    "warnings": {
      "large_rot_frame": true,
      "small_air_mask": false
    },
    "webapi_port": null,
    "webapi_url": "https://mriqc.nimh.nih.gov/api/v1"
  },
  "qi_1": 0.0,
  "qi_2": 0.006731877479854291,
  "rpve_csf": 29.37848708965875,
  "rpve_gm": 15.09504717599839,
  "rpve_wm": 24.01156214451184,
  "size_x": 256,
  "size_y": 256,
  "size_z": 160,
  "snr_csf": 3.664770206205291,
  "snr_gm": 10.245071965479633,
  "snr_total": 11.34773550960047,
  "snr_wm": 20.133364357116488,
  "snrd_csf": 11.518705292432422,
  "snrd_gm": 20.152057803364162,
  "snrd_total": 20.774789985552854,
  "snrd_wm": 30.653606860861977,
  "spacing_x": 1.0,
  "spacing_y": 1.0,
  "spacing_z": 1.0000114440917969,
  "summary_bg_k": 0.39834187766672624,
  "summary_bg_mad": 21.372232659554985,
  "summary_bg_mean": 74.24786376953125,
  "summary_bg_median": 72.91344451904297,
  "summary_bg_n": 4329803.0,
  "summary_bg_p05": 41.31133346557617,
  "summary_bg_p95": 111.72653045654297,
  "summary_bg_stdv": 21.53714370727539,
  "summary_csf_k": -0.2903957325213047,
  "summary_csf_mad": 109.48891601371163,
  "summary_csf_mean": 367.824951171875,
  "summary_csf_median": 375.769775390625,
  "summary_csf_n": 11329.0,
  "summary_csf_p05": 196.23798217773438,
  "summary_csf_p95": 523.58623046875,
  "summary_csf_stdv": 102.53117370605469,
  "summary_gm_k": 0.33487779534975903,
  "summary_gm_mad": 61.05933991407376,
  "summary_gm_mean": 658.8783569335938,
  "summary_gm_median": 657.4119262695312,
  "summary_gm_n": 20242.0,
  "summary_gm_p05": 554.9276733398438,
  "summary_gm_p95": 768.6405883789063,
  "summary_gm_stdv": 64.1670150756836,
  "summary_wm_k": 0.6144511562197272,
  "summary_wm_mad": 46.12735293422586,
  "summary_wm_mean": 996.9901123046875,
  "summary_wm_median": 999.9994506835938,
  "summary_wm_n": 127313.0,
  "summary_wm_p05": 909.0155395507812,
  "summary_wm_p95": 1073.1371337890625,
  "summary_wm_stdv": 49.668575286865234,
  "tpm_overlap_csf": 0.15233567357063293,
  "tpm_overlap_gm": 0.46116065979003906,
  "tpm_overlap_wm": 0.479407399892807,
  "wm2max": 0.7818833327373288
}