{
  "bids_meta": {
    "EchoTime": 0.00336,
    "FlipAngle": 9,
    "ImageType": [
      "ORIGINAL",
      "PRIMARY",
      "M",
      "ND",
      "NORM"
    ],
    "MagneticFieldStrength": 3,
    "Manufacturer": "Siemens",
    "ManufacturersModelName": "TrioTim",
    "PhaseEncodingDirection": "i-",
    "RepetitionTime": 2.3,
    "ScanningSequence": "GR_IR",
    "SequenceName": "_tfl3d1",
    "SequenceVariant": "SP_MP",
    "SoftwareVersions": "syngo_MR_B17",
    "dataset": "ds001486",
    "modality": "T1w",
    "session_id": "T2",
    "subject_id": "010"
  },
  "cjv": 0.3015727896866271,
  "cnr": 4.21556627484581,
  "efc": 0.6644136095046943,
  "fber": 61.548323058181076,
  "fwhm_avg": 3.787005659264111,
  "fwhm_x": 3.7806895493066848,
  "fwhm_y": 4.01309,
  "fwhm_z": 3.5672374284856487,
  "icvs_csf": 0.23655792861475963,
  "icvs_gm": 0.4245008585985453,
  "icvs_wm": 0.3389412127866951,
  "inu_med": 1.2980270385742188,
  "inu_range": 0.49443393349647513,
  "provenance": {
    "md5sum": "8cde15c8c55a38b8679f59b2f2a39985",
    "settings": {
      "testing": false
    },
    "software": "mriqc",
    "version": "21.0.0rc2",
    "warnings": {
      "large_rot_frame": true,
      "small_air_mask": false
    },
    "webapi_port": null,
    "webapi_url": "https://mriqc.nimh.nih.gov/api/v1"
  },
  "qi_1": 0.0,
  "qi_2": 0.006461091376413509,
  "rpve_csf": 19.314922143477784,
  "rpve_gm": 10.932609468617493,
  "rpve_wm": 16.171147757071378,
  "size_x": 256,
  "size_y": 256,
  "size_z": 160,
  "snr_csf": 3.3997641629945443,
  "snr_gm": 9.768681418198799,
  "snr_total": 10.543961214271759,
  "snr_wm": 18.463438061621936,
  "snrd_csf": 10.5381150273835,
  "snrd_gm": 19.26793002198872,
  "snrd_total": 20.088569455045917,
  "snrd_wm": 30.459663315765532,
  "spacing_x": 1.0000001192092896,
  "spacing_y": 1.0,
  "spacing_z": 0.999992311000824,
  "summary_bg_k": 0.2897693934744283,
  "summary_bg_mad": 21.50832640321296,
  "summary_bg_mean": 68.72882422361751,
  "summary_bg_median": 67.00919681787491,
  "summary_bg_n": 1908848.0,
  "summary_bg_p05": 36.138336170464754,
  "summary_bg_p95": 107.07655161619186,
  "summary_bg_stdv": 21.687278158039685,
  "summary_csf_k": -0.2787044864073591,
  "summary_csf_mad": 110.10214706406634,
  "summary_csf_mean": 340.9195796354258,
  "summary_csf_median": 345.9695193953812,
  "summary_csf_n": 28243.0,
  "summary_csf_p05": 177.2419161450118,
  "summary_csf_p95": 501.01463909447193,
  "summary_csf_stdv": 101.76099808183272,
  "summary_gm_k": 0.4758542855841168,
  "summary_gm_mad": 60.49216800903645,
  "summary_gm_mean": 633.6320592180737,
  "summary_gm_median": 632.5719990842044,
  "summary_gm_n": 30546.0,
  "summary_gm_p05": 527.6974249407649,
  "summary_gm_p95": 742.1419663680717,
  "summary_gm_stdv": 64.75404586382943,
  "summary_wm_k": 0.7899115432832842,
  "summary_wm_mad": 50.314120693230315,
  "summary_wm_mean": 997.034769124301,
  "summary_wm_median": 1000.0000048317015,
  "summary_wm_n": 208923.0,
  "summary_wm_p05": 902.9402919150889,
  "summary_wm_p95": 1079.4438979662955,
  "summary_wm_stdv": 54.160964402464494,
  "tpm_overlap_csf": 0.15481871366500854,
  "tpm_overlap_gm": 0.4533635973930359,
  "tpm_overlap_wm": 0.4822099804878235,
  "wm2max": 0.613583226831829
}