{
  "bids_meta": {
    "EchoTime": 0.00336,
    "FlipAngle": 9,
    "ImageType": [
      "ORIGINAL",
      "PRIMARY",
      "M",
      "ND",
      "NORM"
    ],
    "MagneticFieldStrength": 3,
    "Manufacturer": "Siemens",
    "ManufacturersModelName": "TrioTim",
    "PhaseEncodingDirection": "i-",
    "RepetitionTime": 2.3,
    "ScanningSequence": "GR_IR",
    "SequenceName": "_tfl3d1",
    "SequenceVariant": "SP_MP",
    "SoftwareVersions": "syngo_MR_B17",
    "dataset": "ds001486",
    "modality": "T1w",
    "session_id": "T1",
    "subject_id": "054"
  },
  "cjv": 0.3514557654066189,
  "cnr": 3.5613532899189364,
  "efc": 0.6783176771791536,
  "fber": 25.525861740112305,
  "fwhm_avg": 3.726601288656299,
  "fwhm_x": 3.69335,
  "fwhm_y": 3.90208,
  "fwhm_z": 3.584373865968895,
  "icvs_csf": 0.23876753805701184,
  "icvs_gm": 0.40985586310489164,
  "icvs_wm": 0.3513765988380965,
  "inu_med": 1.1270833015441895,
  "inu_range": 0.31790587306022633,
  "provenance": {
    "md5sum": "26e2480465136ede0c225a7a7a7141fe",
    "settings": {
      "testing": false
    },
    "software": "mriqc",
    "version": "21.0.0rc2",
    "warnings": {
      "large_rot_frame": true,
      "small_air_mask": false
    },
    "webapi_port": null,
    "webapi_url": "https://mriqc.nimh.nih.gov/api/v1"
  },
  "qi_1": 0.0,
  "qi_2": 0.003616852573625388,
  "rpve_csf": 18.935742151149,
  "rpve_gm": 11.180526555683372,
  "rpve_wm": 15.992259781282744,
  "size_x": 256,
  "size_y": 256,
  "size_z": 160,
  "snr_csf": 3.2763445964923803,
  "snr_gm": 10.465739012053147,
  "snr_total": 11.238275614992162,
  "snr_wm": 19.972743236430958,
  "snrd_csf": 7.649221283998789,
  "snrd_gm": 14.429640496113059,
  "snrd_total": 14.372823179634715,
  "snrd_wm": 21.039607758792297,
  "spacing_x": 1.0,
  "spacing_y": 1.0,
  "spacing_z": 0.9999542832374573,
  "summary_bg_k": 0.3182773321934813,
  "summary_bg_mad": 31.13856031822887,
  "summary_bg_mean": 114.8179702758789,
  "summary_bg_median": 112.91160583496094,
  "summary_bg_n": 3327997.0,
  "summary_bg_p05": 66.87098693847656,
  "summary_bg_p95": 169.17874755859367,
  "summary_bg_stdv": 31.321640014648438,
  "summary_csf_k": -0.3500023452982699,
  "summary_csf_mad": 120.6184092696051,
  "summary_csf_mean": 361.55462646484375,
  "summary_csf_median": 363.566650390625,
  "summary_csf_n": 28812.0,
  "summary_csf_p05": 182.9784118652344,
  "summary_csf_p95": 540.1152709960936,
  "summary_csf_stdv": 110.9652328491211,
  "summary_gm_k": 0.4605278481220254,
  "summary_gm_mad": 61.57631418618817,
  "summary_gm_mean": 687.4254150390625,
  "summary_gm_median": 685.8392333984375,
  "summary_gm_n": 30336.0,
  "summary_gm_p05": 581.2395782470703,
  "summary_gm_p95": 797.6691436767578,
  "summary_gm_stdv": 65.53076934814453,
  "summary_wm_k": 0.2289565942518892,
  "summary_wm_mad": 48.84090229496363,
  "summary_wm_mean": 999.1690673828125,
  "summary_wm_median": 1000.01025390625,
  "summary_wm_n": 226660.0,
  "summary_wm_p05": 915.8097229003906,
  "summary_wm_p95": 1080.0657653808594,
  "summary_wm_stdv": 50.06863784790039,
  "tpm_overlap_csf": 0.16270729899406433,
  "tpm_overlap_gm": 0.4442240297794342,
  "tpm_overlap_wm": 0.4778563380241394,
  "wm2max": 0.6465284662361591
}