{
  "bids_meta": {
    "EchoTime": 0.00336,
    "FlipAngle": 9,
    "ImageType": [
      "ORIGINAL",
      "PRIMARY",
      "M",
      "ND",
      "NORM"
    ],
    "MagneticFieldStrength": 3,
    "Manufacturer": "Siemens",
    "ManufacturersModelName": "TrioTim",
    "PhaseEncodingDirection": "i-",
    "RepetitionTime": 2.3,
    "ScanningSequence": "GR_IR",
    "SequenceName": "_tfl3d1",
    "SequenceVariant": "SP_MP",
    "SoftwareVersions": "syngo_MR_B17",
    "dataset": "ds001486",
    "modality": "T1w",
    "session_id": "T2",
    "subject_id": "088"
  },
  "cjv": 0.30115678106631016,
  "cnr": 4.2656161639787005,
  "efc": 0.6366358652416921,
  "fber": 72.02186111629753,
  "fwhm_avg": 3.6503798061190493,
  "fwhm_x": 3.72128,
  "fwhm_y": 3.80674,
  "fwhm_z": 3.4231194183571487,
  "icvs_csf": 0.23183642020921888,
  "icvs_gm": 0.43026681088674523,
  "icvs_wm": 0.3378967689040359,
  "inu_med": 1.19111967086792,
  "inu_range": 0.4393476933240892,
  "provenance": {
    "md5sum": "e3d037739ec6a5ec228412bc9aa36e24",
    "settings": {
      "testing": false
    },
    "software": "mriqc",
    "version": "21.0.0rc2",
    "warnings": {
      "large_rot_frame": true,
      "small_air_mask": false
    },
    "webapi_port": null,
    "webapi_url": "https://mriqc.nimh.nih.gov/api/v1"
  },
  "qi_1": 0.0,
  "qi_2": 0.006741314869942626,
  "rpve_csf": 24.13106162023707,
  "rpve_gm": 13.327584516887901,
  "rpve_wm": 19.96970504398366,
  "size_x": 256,
  "size_y": 256,
  "size_z": 160,
  "snr_csf": 3.6425410071517823,
  "snr_gm": 9.890362790452796,
  "snr_total": 11.10770859701792,
  "snr_wm": 19.790221993449187,
  "snrd_csf": 12.02540753096159,
  "snrd_gm": 20.916871567074615,
  "snrd_total": 21.881078254528887,
  "snrd_wm": 32.70095566555047,
  "spacing_x": 1.0,
  "spacing_y": 1.0,
  "spacing_z": 1.0000381469726562,
  "summary_bg_k": 0.28878480810985385,
  "summary_bg_mad": 20.034165881558412,
  "summary_bg_mean": 64.07552546132914,
  "summary_bg_median": 62.62777292728424,
  "summary_bg_n": 2380773.0,
  "summary_bg_p05": 33.80703029036522,
  "summary_bg_p95": 99.17726142704487,
  "summary_bg_stdv": 20.03058587795805,
  "summary_csf_k": -0.011616353872427432,
  "summary_csf_mad": 106.75031561981677,
  "summary_csf_mean": 365.4799804902802,
  "summary_csf_median": 367.73871444165707,
  "summary_csf_n": 20732.0,
  "summary_csf_p05": 203.11892070695757,
  "summary_csf_p95": 525.7267455972732,
  "summary_csf_stdv": 100.95420881889542,
  "summary_gm_k": 0.3970127666776362,
  "summary_gm_mad": 61.58103387209652,
  "summary_gm_mean": 640.991746859203,
  "summary_gm_median": 639.6409801840782,
  "summary_gm_n": 17004.0,
  "summary_gm_p05": 537.0231802761555,
  "summary_gm_p95": 749.9800465233624,
  "summary_gm_stdv": 64.67125472692499,
  "summary_wm_k": 0.8431358905967623,
  "summary_wm_mad": 46.943525220625794,
  "summary_wm_mean": 998.071531601838,
  "summary_wm_median": 999.9999888986349,
  "summary_wm_n": 158380.0,
  "summary_wm_p05": 911.7426974326372,
  "summary_wm_p95": 1076.639230132103,
  "summary_wm_stdv": 50.52984409474715,
  "tpm_overlap_csf": 0.145478755235672,
  "tpm_overlap_gm": 0.46070724725723267,
  "tpm_overlap_wm": 0.49048739671707153,
  "wm2max": 0.6425825056071772
}