{
  "bids_meta": {
    "EchoTime": 0.00336,
    "FlipAngle": 9,
    "ImageType": [
      "ORIGINAL",
      "PRIMARY",
      "M",
      "ND",
      "NORM"
    ],
    "MagneticFieldStrength": 3,
    "Manufacturer": "Siemens",
    "ManufacturersModelName": "TrioTim",
    "PhaseEncodingDirection": "i-",
    "RepetitionTime": 2.3,
    "ScanningSequence": "GR_IR",
    "SequenceName": "_tfl3d1",
    "SequenceVariant": "SP_MP",
    "SoftwareVersions": "syngo_MR_B17",
    "dataset": "ds001486",
    "modality": "T1w",
    "session_id": "T2",
    "subject_id": "076"
  },
  "cjv": 0.4639126779651325,
  "cnr": 2.7851733220934425,
  "efc": 0.6710285652349549,
  "fber": 6.624881744384766,
  "fwhm_avg": 3.5485287509410157,
  "fwhm_x": 3.57509,
  "fwhm_y": 3.69125,
  "fwhm_z": 3.379246252823048,
  "icvs_csf": 0.2248026965325743,
  "icvs_gm": 0.44633607024074323,
  "icvs_wm": 0.32886123322668254,
  "inu_med": 1.3121932744979858,
  "inu_range": 0.43085021972656223,
  "provenance": {
    "md5sum": "7a727eac65c8c40c5dd5fb7416f29576",
    "settings": {
      "testing": false
    },
    "software": "mriqc",
    "version": "21.0.0rc2",
    "warnings": {
      "large_rot_frame": true,
      "small_air_mask": false
    },
    "webapi_port": null,
    "webapi_url": "https://mriqc.nimh.nih.gov/api/v1"
  },
  "qi_1": 0.0,
  "qi_2": 0.0040359265957518676,
  "rpve_csf": 27.144846607854177,
  "rpve_gm": 14.174628665387777,
  "rpve_wm": 21.62446778255012,
  "size_x": 256,
  "size_y": 256,
  "size_z": 160,
  "snr_csf": 3.5782716348499184,
  "snr_gm": 10.217221017743464,
  "snr_total": 9.75147233882251,
  "snr_wm": 15.458924363874145,
  "snrd_csf": 8.55755409797339,
  "snrd_gm": 14.362998077523777,
  "snrd_total": 14.305212077479695,
  "snrd_wm": 19.995084056941916,
  "spacing_x": 1.0,
  "spacing_y": 1.0,
  "spacing_z": 0.99993896484375,
  "summary_bg_k": 0.37535382337027245,
  "summary_bg_mad": 32.765382341772515,
  "summary_bg_mean": 120.24365234375,
  "summary_bg_median": 118.22813415527344,
  "summary_bg_n": 3266746.0,
  "summary_bg_p05": 69.39427185058594,
  "summary_bg_p95": 177.87761688232422,
  "summary_bg_stdv": 33.17982864379883,
  "summary_csf_k": -0.24100244851661046,
  "summary_csf_mad": 121.61989421850379,
  "summary_csf_mean": 417.8279724121094,
  "summary_csf_median": 427.98956298828125,
  "summary_csf_n": 20524.0,
  "summary_csf_p05": 208.56897201538087,
  "summary_csf_p95": 603.3031433105468,
  "summary_csf_stdv": 119.60498809814453,
  "summary_gm_k": -0.0016902952703796714,
  "summary_gm_mad": 70.01965418862248,
  "summary_gm_mean": 721.8411865234375,
  "summary_gm_median": 718.337646484375,
  "summary_gm_n": 20189.0,
  "summary_gm_p05": 612.4140380859375,
  "summary_gm_p95": 843.5339721679686,
  "summary_gm_stdv": 70.30481719970703,
  "summary_wm_k": 0.5999601797202758,
  "summary_wm_mad": 60.65430283338338,
  "summary_wm_mean": 1001.6063232421875,
  "summary_wm_median": 1000.0155639648438,
  "summary_wm_n": 128461.0,
  "summary_wm_p05": 897.5374145507812,
  "summary_wm_p95": 1110.18994140625,
  "summary_wm_stdv": 64.68830871582031,
  "tpm_overlap_csf": 0.16820016503334045,
  "tpm_overlap_gm": 0.48093917965888977,
  "tpm_overlap_wm": 0.4983446002006531,
  "wm2max": 0.57998563591005
}