{
  "bids_meta": {
    "EchoTime": 0.00336,
    "FlipAngle": 9,
    "ImageType": [
      "ORIGINAL",
      "PRIMARY",
      "M",
      "ND",
      "NORM"
    ],
    "MagneticFieldStrength": 3,
    "Manufacturer": "Siemens",
    "ManufacturersModelName": "TrioTim",
    "PhaseEncodingDirection": "i-",
    "RepetitionTime": 2.3,
    "ScanningSequence": "GR_IR",
    "SequenceName": "_tfl3d1",
    "SequenceVariant": "SP_MP",
    "SoftwareVersions": "syngo_MR_B17",
    "dataset": "ds001486",
    "modality": "T1w",
    "session_id": "T2",
    "subject_id": "055"
  },
  "cjv": 0.31851059273484117,
  "cnr": 4.006220073382687,
  "efc": 0.6178166815938729,
  "fber": 45.954689025878906,
  "fwhm_avg": 3.800758528138528,
  "fwhm_x": 3.92419,
  "fwhm_y": 3.86935,
  "fwhm_z": 3.608735584415584,
  "icvs_csf": 0.22759055953289709,
  "icvs_gm": 0.4376622311591483,
  "icvs_wm": 0.3347472093079546,
  "inu_med": 1.6080262660980225,
  "inu_range": 0.659113621711731,
  "provenance": {
    "md5sum": "727eae8bb189d327039514c60b678834",
    "settings": {
      "testing": false
    },
    "software": "mriqc",
    "version": "21.0.0rc2",
    "warnings": {
      "large_rot_frame": true,
      "small_air_mask": false
    },
    "webapi_port": null,
    "webapi_url": "https://mriqc.nimh.nih.gov/api/v1"
  },
  "qi_1": 0.0,
  "qi_2": 0.004487186393302397,
  "rpve_csf": 25.42028408466358,
  "rpve_gm": 13.680230796608173,
  "rpve_wm": 20.681428911740184,
  "size_x": 256,
  "size_y": 256,
  "size_z": 160,
  "snr_csf": 3.7488474266021306,
  "snr_gm": 10.434321542763632,
  "snr_total": 10.78492668511978,
  "snr_wm": 18.171611085993582,
  "snrd_csf": 10.486797420032909,
  "snrd_gm": 17.407074130601913,
  "snrd_total": 18.197089238105217,
  "snrd_wm": 26.697396163680832,
  "spacing_x": 1.0,
  "spacing_y": 1.0,
  "spacing_z": 0.9998626708984375,
  "summary_bg_k": 0.33897384881350234,
  "summary_bg_mad": 24.539491871263802,
  "summary_bg_mean": 86.21432495117188,
  "summary_bg_median": 84.68962860107422,
  "summary_bg_n": 4729360.0,
  "summary_bg_p05": 48.288519287109374,
  "summary_bg_p95": 129.17149658203124,
  "summary_bg_stdv": 24.739471435546875,
  "summary_csf_k": 0.19538060706595717,
  "summary_csf_mad": 102.63201648941032,
  "summary_csf_mean": 387.5368347167969,
  "summary_csf_median": 392.80474853515625,
  "summary_csf_n": 22068.0,
  "summary_csf_p05": 206.01834945678712,
  "summary_csf_p95": 550.9096405029296,
  "summary_csf_stdv": 104.77776336669922,
  "summary_gm_k": 0.1871856950937998,
  "summary_gm_mad": 60.395408488464895,
  "summary_gm_mean": 653.2987670898438,
  "summary_gm_median": 652.01806640625,
  "summary_gm_n": 21577.0,
  "summary_gm_p05": 551.6149536132813,
  "summary_gm_p95": 756.9150390625,
  "summary_gm_stdv": 62.48637771606445,
  "summary_wm_k": 0.768442640702478,
  "summary_wm_mad": 50.44254523725122,
  "summary_wm_mean": 997.6671142578125,
  "summary_wm_median": 1000.00634765625,
  "summary_wm_n": 152826.0,
  "summary_wm_p05": 902.4426879882812,
  "summary_wm_p95": 1082.7818908691406,
  "summary_wm_stdv": 55.031063079833984,
  "tpm_overlap_csf": 0.13922590017318726,
  "tpm_overlap_gm": 0.45505303144454956,
  "tpm_overlap_wm": 0.4889673590660095,
  "wm2max": 0.6852721732470132
}