{
  "bids_meta": {
    "EchoTime": 0.00336,
    "FlipAngle": 9,
    "ImageType": [
      "ORIGINAL",
      "PRIMARY",
      "M",
      "ND",
      "NORM"
    ],
    "MagneticFieldStrength": 3,
    "Manufacturer": "Siemens",
    "ManufacturersModelName": "TrioTim",
    "PhaseEncodingDirection": "i-",
    "RepetitionTime": 2.3,
    "ScanningSequence": "GR_IR",
    "SequenceName": "_tfl3d1",
    "SequenceVariant": "SP_MP",
    "SoftwareVersions": "syngo_MR_B17",
    "dataset": "ds001486",
    "modality": "T1w",
    "session_id": "T1",
    "subject_id": "084"
  },
  "cjv": 0.3615524086750587,
  "cnr": 3.58144812463796,
  "efc": 0.6752408461039549,
  "fber": 35.39780690401043,
  "fwhm_avg": 3.6750719003438523,
  "fwhm_x": 3.70228,
  "fwhm_y": 3.78889,
  "fwhm_z": 3.534045701031557,
  "icvs_csf": 0.23463496386160418,
  "icvs_gm": 0.43708834531314084,
  "icvs_wm": 0.32827669082525496,
  "inu_med": 1.093032717704773,
  "inu_range": 0.3229091703891752,
  "provenance": {
    "md5sum": "6a1b2e6ffc4863c997784f94023fcf03",
    "settings": {
      "testing": false
    },
    "software": "mriqc",
    "version": "21.0.0rc2",
    "warnings": {
      "large_rot_frame": true,
      "small_air_mask": false
    },
    "webapi_port": null,
    "webapi_url": "https://mriqc.nimh.nih.gov/api/v1"
  },
  "qi_1": 0.0,
  "qi_2": 0.003606817267111777,
  "rpve_csf": 23.980110701107012,
  "rpve_gm": 13.415662267430465,
  "rpve_wm": 21.166287936478927,
  "size_x": 256,
  "size_y": 256,
  "size_z": 160,
  "snr_csf": 3.805081256882546,
  "snr_gm": 10.238765023982664,
  "snr_total": 10.67748276512696,
  "snr_wm": 17.988602014515674,
  "snrd_csf": 9.302768023172714,
  "snrd_gm": 16.10704000105627,
  "snrd_total": 16.418663715795848,
  "snrd_wm": 23.846183123158557,
  "spacing_x": 1.0,
  "spacing_y": 1.0,
  "spacing_z": 0.99993896484375,
  "summary_bg_k": 0.26067593344056084,
  "summary_bg_mad": 27.47342756342522,
  "summary_bg_mean": 99.8488678659451,
  "summary_bg_median": 97.97809346020222,
  "summary_bg_n": 2099897.0,
  "summary_bg_p05": 57.539940878748894,
  "summary_bg_p95": 148.33095368742943,
  "summary_bg_stdv": 27.738984661202775,
  "summary_csf_k": 0.266660504948526,
  "summary_csf_mad": 102.22297522138939,
  "summary_csf_mean": 387.12870591197407,
  "summary_csf_median": 390.11560367792845,
  "summary_csf_n": 14368.0,
  "summary_csf_p05": 218.45694483965636,
  "summary_csf_p95": 550.6602649062871,
  "summary_csf_stdv": 102.52133956058324,
  "summary_gm_k": 0.17781253986986156,
  "summary_gm_mad": 63.869300059831986,
  "summary_gm_mean": 677.5743533914417,
  "summary_gm_median": 675.4556942433119,
  "summary_gm_n": 21200.0,
  "summary_gm_p05": 572.2821207940578,
  "summary_gm_p95": 790.665463000536,
  "summary_gm_stdv": 65.96887045600825,
  "summary_wm_k": 0.33646062087054895,
  "summary_wm_mad": 53.47047934657291,
  "summary_wm_mean": 999.8367711845318,
  "summary_wm_median": 1000.0000108927488,
  "summary_wm_n": 149957.0,
  "summary_wm_p05": 908.2997890859842,
  "summary_wm_p95": 1090.747728034854,
  "summary_wm_stdv": 55.59057206285714,
  "tpm_overlap_csf": 0.14629265666007996,
  "tpm_overlap_gm": 0.46236321330070496,
  "tpm_overlap_wm": 0.4874212443828583,
  "wm2max": 0.5571970678797938
}