{
  "bids_meta": {
    "EchoTime": 0.00336,
    "FlipAngle": 9,
    "ImageType": [
      "ORIGINAL",
      "PRIMARY",
      "M",
      "ND",
      "NORM"
    ],
    "MagneticFieldStrength": 3,
    "Manufacturer": "Siemens",
    "ManufacturersModelName": "TrioTim",
    "PhaseEncodingDirection": "i-",
    "RepetitionTime": 2.3,
    "ScanningSequence": "GR_IR",
    "SequenceName": "_tfl3d1",
    "SequenceVariant": "SP_MP",
    "SoftwareVersions": "syngo_MR_B17",
    "dataset": "ds001486",
    "modality": "T1w",
    "session_id": "T1",
    "subject_id": "107"
  },
  "cjv": 0.31584809504647915,
  "cnr": 4.0412402299609225,
  "efc": 0.596891271901808,
  "fber": 58.55767059326172,
  "fwhm_avg": 4.046632383364999,
  "fwhm_x": 4.00636,
  "fwhm_y": 4.22628,
  "fwhm_z": 3.907257150094997,
  "icvs_csf": 0.25229201031446574,
  "icvs_gm": 0.42318452873658674,
  "icvs_wm": 0.3245234609489475,
  "inu_med": 1.615613579750061,
  "inu_range": 0.6328621268272399,
  "provenance": {
    "md5sum": "3b87ce3477041bb44ca8ee856540928d",
    "settings": {
      "testing": false
    },
    "software": "mriqc",
    "version": "21.0.0rc2",
    "warnings": {
      "large_rot_frame": true,
      "small_air_mask": false
    },
    "webapi_port": null,
    "webapi_url": "https://mriqc.nimh.nih.gov/api/v1"
  },
  "qi_1": 0.0,
  "qi_2": 0.005546651600273067,
  "rpve_csf": 20.619266792500014,
  "rpve_gm": 12.27603111034413,
  "rpve_wm": 18.73621466943822,
  "size_x": 256,
  "size_y": 256,
  "size_z": 160,
  "snr_csf": 4.1831500269131485,
  "snr_gm": 10.586319171041826,
  "snr_total": 11.003481987183548,
  "snr_wm": 18.240976763595665,
  "snrd_csf": 11.417698670617462,
  "snrd_gm": 19.235667711035756,
  "snrd_total": 20.02095955252909,
  "snrd_wm": 29.409512275934045,
  "spacing_x": 1.0,
  "spacing_y": 1.0,
  "spacing_z": 0.9998855590820312,
  "summary_bg_k": 0.3477996310963247,
  "summary_bg_mad": 22.276247642962474,
  "summary_bg_mean": 77.9478530883789,
  "summary_bg_median": 76.55193328857422,
  "summary_bg_n": 3831983.0,
  "summary_bg_p05": 43.57637519836426,
  "summary_bg_p95": 116.99873733520508,
  "summary_bg_stdv": 22.476045608520508,
  "summary_csf_k": -0.11190898440889852,
  "summary_csf_mad": 94.72415613956431,
  "summary_csf_mean": 383.283935546875,
  "summary_csf_median": 388.2298278808594,
  "summary_csf_n": 33897.0,
  "summary_csf_p05": 221.18899536132812,
  "summary_csf_p95": 526.3737426757812,
  "summary_csf_stdv": 92.806640625,
  "summary_gm_k": 0.47550666084488835,
  "summary_gm_mad": 58.21964629719606,
  "summary_gm_mean": 655.777587890625,
  "summary_gm_median": 654.0599975585938,
  "summary_gm_n": 25917.0,
  "summary_gm_p05": 555.5463012695312,
  "summary_gm_p95": 759.0173706054687,
  "summary_gm_stdv": 61.78232192993164,
  "summary_wm_k": 0.6362728034608067,
  "summary_wm_mad": 51.04349502564817,
  "summary_wm_mean": 998.0138549804688,
  "summary_wm_median": 999.9957275390625,
  "summary_wm_n": 175946.0,
  "summary_wm_p05": 904.2599029541016,
  "summary_wm_p95": 1084.2108459472656,
  "summary_wm_stdv": 54.82123565673828,
  "tpm_overlap_csf": 0.1477752923965454,
  "tpm_overlap_gm": 0.45932504534721375,
  "tpm_overlap_wm": 0.487834095954895,
  "wm2max": 0.5714242628688296
}