{
  "bids_meta": {
    "EchoTime": 0.00336,
    "FlipAngle": 9,
    "ImageType": [
      "ORIGINAL",
      "PRIMARY",
      "M",
      "ND",
      "NORM"
    ],
    "MagneticFieldStrength": 3,
    "Manufacturer": "Siemens",
    "ManufacturersModelName": "TrioTim",
    "PhaseEncodingDirection": "i-",
    "RepetitionTime": 2.3,
    "ScanningSequence": "GR_IR",
    "SequenceName": "_tfl3d1",
    "SequenceVariant": "SP_MP",
    "SoftwareVersions": "syngo_MR_B17",
    "dataset": "ds001486",
    "modality": "T1w",
    "session_id": "T1",
    "subject_id": "078"
  },
  "cjv": 0.3132826524561604,
  "cnr": 4.014299565243021,
  "efc": 0.6150934321316524,
  "fber": 41.54605484008789,
  "fwhm_avg": 3.5162999999999998,
  "fwhm_x": 3.48906,
  "fwhm_y": 3.74213,
  "fwhm_z": 3.31771,
  "icvs_csf": 0.22513265702600188,
  "icvs_gm": 0.4502479665704421,
  "icvs_wm": 0.32461937640355604,
  "inu_med": 1.1571638584136963,
  "inu_range": 0.25389836430549617,
  "provenance": {
    "md5sum": "2baa5296be01d0471e8ea5d33f6f3d75",
    "settings": {
      "testing": false
    },
    "software": "mriqc",
    "version": "21.0.0rc2",
    "warnings": {
      "large_rot_frame": true,
      "small_air_mask": false
    },
    "webapi_port": null,
    "webapi_url": "https://mriqc.nimh.nih.gov/api/v1"
  },
  "qi_1": 0.0,
  "qi_2": 0.0032206948234187495,
  "rpve_csf": 24.687869502993998,
  "rpve_gm": 13.264365840802617,
  "rpve_wm": 21.454056289687358,
  "size_x": 256,
  "size_y": 256,
  "size_z": 160,
  "snr_csf": 3.846815725795132,
  "snr_gm": 10.424796322810138,
  "snr_total": 11.112835738207636,
  "snr_wm": 19.066895166017634,
  "snrd_csf": 9.37627860097333,
  "snrd_gm": 17.198393027827354,
  "snrd_total": 17.602251264096495,
  "snrd_wm": 26.2320821634888,
  "spacing_x": 1.0,
  "spacing_y": 1.0,
  "spacing_z": 1.0,
  "summary_bg_k": 20.935364637814253,
  "summary_bg_mad": 24.97473027583273,
  "summary_bg_mean": 91.46337127685547,
  "summary_bg_median": 89.77692413330078,
  "summary_bg_n": 3508171.0,
  "summary_bg_p05": 52.84215545654297,
  "summary_bg_p95": 135.21018981933594,
  "summary_bg_stdv": 25.56649398803711,
  "summary_csf_k": 0.5880202669541807,
  "summary_csf_mad": 91.44198484947265,
  "summary_csf_mean": 356.10467529296875,
  "summary_csf_median": 357.43707275390625,
  "summary_csf_n": 18174.0,
  "summary_csf_p05": 201.6208564758301,
  "summary_csf_p95": 501.97563629150363,
  "summary_csf_stdv": 92.91509246826172,
  "summary_gm_k": 0.457150731607451,
  "summary_gm_mad": 58.40841022711565,
  "summary_gm_mean": 657.2283325195312,
  "summary_gm_median": 655.627197265625,
  "summary_gm_n": 34377.0,
  "summary_gm_p05": 555.6461181640625,
  "summary_gm_p95": 764.4991210937499,
  "summary_gm_stdv": 62.89021301269531,
  "summary_wm_k": 0.5094372597017709,
  "summary_wm_mad": 49.478953335166445,
  "summary_wm_mean": 997.3922119140625,
  "summary_wm_median": 1000.0042724609375,
  "summary_wm_n": 155661.0,
  "summary_wm_p05": 906.516357421875,
  "summary_wm_p95": 1078.4537353515625,
  "summary_wm_stdv": 52.44697952270508,
  "tpm_overlap_csf": 0.14542946219444275,
  "tpm_overlap_gm": 0.4560709595680237,
  "tpm_overlap_wm": 0.47680261731147766,
  "wm2max": 0.6022404166208692
}