{
  "bids_meta": {
    "EchoTime": 0.00336,
    "FlipAngle": 9,
    "ImageType": [
      "ORIGINAL",
      "PRIMARY",
      "M",
      "ND",
      "NORM"
    ],
    "MagneticFieldStrength": 3,
    "Manufacturer": "Siemens",
    "ManufacturersModelName": "TrioTim",
    "PhaseEncodingDirection": "i-",
    "RepetitionTime": 2.3,
    "ScanningSequence": "GR_IR",
    "SequenceName": "_tfl3d1",
    "SequenceVariant": "SP_MP",
    "SoftwareVersions": "syngo_MR_B17",
    "dataset": "ds001486",
    "modality": "T1w",
    "session_id": "T1",
    "subject_id": "086"
  },
  "cjv": 0.3637931307560403,
  "cnr": 3.4684751978312685,
  "efc": 0.669615095477424,
  "fber": 28.54378318786621,
  "fwhm_avg": 3.7637,
  "fwhm_x": 3.85792,
  "fwhm_y": 3.82242,
  "fwhm_z": 3.61076,
  "icvs_csf": 0.22505076075831656,
  "icvs_gm": 0.4402800666319173,
  "icvs_wm": 0.33466917260976614,
  "inu_med": 1.1405328512191772,
  "inu_range": 0.35384761691093425,
  "provenance": {
    "md5sum": "f3f9eecfae380c1bc355b471f66bf6c4",
    "settings": {
      "testing": false
    },
    "software": "mriqc",
    "version": "21.0.0rc2",
    "warnings": {
      "large_rot_frame": true,
      "small_air_mask": false
    },
    "webapi_port": null,
    "webapi_url": "https://mriqc.nimh.nih.gov/api/v1"
  },
  "qi_1": 0.0,
  "qi_2": 0.003602593467537188,
  "rpve_csf": 18.063978947514986,
  "rpve_gm": 9.628521286602801,
  "rpve_wm": 14.587668239168057,
  "size_x": 256,
  "size_y": 256,
  "size_z": 160,
  "snr_csf": 3.7620182983982553,
  "snr_gm": 10.50218780209898,
  "snr_total": 10.955412453407021,
  "snr_wm": 18.602031259723827,
  "snrd_csf": 8.409399445521036,
  "snrd_gm": 14.617933338986163,
  "snrd_total": 14.76650192222081,
  "snrd_wm": 21.27217298215523,
  "spacing_x": 1.0,
  "spacing_y": 1.0,
  "spacing_z": 1.0,
  "summary_bg_k": 0.2830228367714489,
  "summary_bg_mad": 30.797930105764898,
  "summary_bg_mean": 113.73027801513672,
  "summary_bg_median": 111.85858154296875,
  "summary_bg_n": 3541951.0,
  "summary_bg_p05": 66.09741973876953,
  "summary_bg_p95": 167.5891876220703,
  "summary_bg_stdv": 31.026811599731445,
  "summary_csf_k": 0.05224411734983603,
  "summary_csf_mad": 103.01542625502361,
  "summary_csf_mean": 388.71380615234375,
  "summary_csf_median": 395.3254699707031,
  "summary_csf_n": 44059.0,
  "summary_csf_p05": 206.0287109375,
  "summary_csf_p95": 550.285919189453,
  "summary_csf_stdv": 105.0821533203125,
  "summary_gm_k": 0.2379928839646932,
  "summary_gm_mad": 63.03375994615223,
  "summary_gm_mean": 690.8048706054688,
  "summary_gm_median": 687.1883544921875,
  "summary_gm_n": 42478.0,
  "summary_gm_p05": 587.7950012207032,
  "summary_gm_p95": 804.3178802490235,
  "summary_gm_stdv": 65.4321060180664,
  "summary_wm_k": 0.5183965157098882,
  "summary_wm_mad": 50.76636677282997,
  "summary_wm_mean": 998.8070678710938,
  "summary_wm_median": 1000.0038452148438,
  "summary_wm_n": 222615.0,
  "summary_wm_p05": 908.2039733886719,
  "summary_wm_p95": 1084.3860961914063,
  "summary_wm_stdv": 53.75765609741211,
  "tpm_overlap_csf": 0.14321373403072357,
  "tpm_overlap_gm": 0.43881499767303467,
  "tpm_overlap_wm": 0.46910616755485535,
  "wm2max": 0.5195534508040941
}