{
  "bids_meta": {
    "EchoTime": 0.00336,
    "FlipAngle": 9,
    "ImageType": [
      "ORIGINAL",
      "PRIMARY",
      "M",
      "ND",
      "NORM"
    ],
    "MagneticFieldStrength": 3,
    "Manufacturer": "Siemens",
    "ManufacturersModelName": "TrioTim",
    "PhaseEncodingDirection": "i-",
    "RepetitionTime": 2.3,
    "ScanningSequence": "GR_IR",
    "SequenceName": "_tfl3d1",
    "SequenceVariant": "SP_MP",
    "SoftwareVersions": "syngo_MR_B17",
    "dataset": "ds001486",
    "modality": "T1w",
    "session_id": "T1",
    "subject_id": "042"
  },
  "cjv": 0.43292419880060856,
  "cnr": 2.969851281394836,
  "efc": 0.6985043961337333,
  "fber": 24.171097543189433,
  "fwhm_avg": 3.6231233467367616,
  "fwhm_x": 3.53254,
  "fwhm_y": 3.76166,
  "fwhm_z": 3.575170040210284,
  "icvs_csf": 0.22502164683431058,
  "icvs_gm": 0.4652773315333585,
  "icvs_wm": 0.309701021632331,
  "inu_med": 1.2368700504302979,
  "inu_range": 0.45274633169174194,
  "provenance": {
    "md5sum": "413be8a276d009b6ad659e9a4331949f",
    "settings": {
      "testing": false
    },
    "software": "mriqc",
    "version": "21.0.0rc2",
    "warnings": {
      "large_rot_frame": true,
      "small_air_mask": false
    },
    "webapi_port": null,
    "webapi_url": "https://mriqc.nimh.nih.gov/api/v1"
  },
  "qi_1": 0.0,
  "qi_2": 0.00246627470109237,
  "rpve_csf": 24.042892221973254,
  "rpve_gm": 11.952811548304876,
  "rpve_wm": 19.176937512212568,
  "size_x": 256,
  "size_y": 256,
  "size_z": 160,
  "snr_csf": 4.186243585451472,
  "snr_gm": 10.458437948946125,
  "snr_total": 9.254168962224384,
  "snr_wm": 13.11782535227555,
  "snrd_csf": 7.741629894213805,
  "snrd_gm": 12.70434671958787,
  "snrd_total": 13.022230298273746,
  "snrd_wm": 18.62071428101956,
  "spacing_x": 1.0,
  "spacing_y": 1.0,
  "spacing_z": 0.9999160766601562,
  "summary_bg_k": 1.1570952631130371,
  "summary_bg_mad": 35.183203585141705,
  "summary_bg_mean": 124.46136945900749,
  "summary_bg_median": 120.93803978711367,
  "summary_bg_n": 1997693.0,
  "summary_bg_p05": 70.39955284446478,
  "summary_bg_p95": 190.2652815617621,
  "summary_bg_stdv": 37.13430422832512,
  "summary_csf_k": 0.20747068596790985,
  "summary_csf_mad": 98.18809566344557,
  "summary_csf_mean": 411.96405154190234,
  "summary_csf_median": 415.75365065597,
  "summary_csf_n": 31772.0,
  "summary_csf_p05": 242.8085239827633,
  "summary_csf_p95": 566.5066004060209,
  "summary_csf_stdv": 99.31268913288437,
  "summary_gm_k": 0.07533548323434092,
  "summary_gm_mad": 64.28365291587777,
  "summary_gm_mean": 684.8486346774276,
  "summary_gm_median": 682.26957372576,
  "summary_gm_n": 25041.0,
  "summary_gm_p05": 581.5189553834498,
  "summary_gm_p95": 795.748058244586,
  "summary_gm_stdv": 65.23497618579133,
  "summary_wm_k": 0.2991680628013462,
  "summary_wm_mad": 73.26953988261337,
  "summary_wm_mean": 999.0486341318417,
  "summary_wm_median": 1000.0000059343874,
  "summary_wm_n": 130506.0,
  "summary_wm_p05": 870.7282442459837,
  "summary_wm_p95": 1122.5232012160122,
  "summary_wm_stdv": 76.23185610655203,
  "tpm_overlap_csf": 0.14103087782859802,
  "tpm_overlap_gm": 0.4752621352672577,
  "tpm_overlap_wm": 0.4661918878555298,
  "wm2max": 0.46016047369776025
}